FRAMEWORK: NET45
NUGET
  remote: https://www.nuget.org/api/v2
    FAKE (4.37.2)
    FSharp.Core (4.0.0.1)
    FsUnit (2.3.1)
      FSharp.Core (>= 3.1.2.5)
      NUnit (3.4.1)
    Node.js (5.3)
    Npm.js (2.13.1)
      Node.js (>= 0.12.7)
    NUnit (3.4.1)
    Octokit (0.21.1)
GIT
  remote: https://github.com/ionide/FsAutoComplete.git
     (b4d61070e2de61e10418a21db2da2f10a9598e2e)
      build: build.cmd LocalRelease
      os: windows
     (b4d61070e2de61e10418a21db2da2f10a9598e2e)
      build: build.sh LocalRelease
      os: mono
  remote: https://github.com/fsprojects/Forge.git
     (f6314d4c194fe8ebc471f46ec8d404ead5e80a5b)
      build: build.cmd Build
      os: windows
     (f6314d4c194fe8ebc471f46ec8d404ead5e80a5b)
      build: build.sh Build
      os: mono
  remote: https://github.com/ionide/ionide-fsgrammar.git
     (58ab704e354566063876c81e118453960afd5442)
GITHUB
  remote: fsharp/FAKE
    modules/Octokit/Octokit.fsx (cd7849e12cf4a6619863671828ed1b0418e90d7f)
      Octokit (>= 0.20)
  remote: Ionide/ionide-vscode-helpers
    Fable.Import.Axios.fs (318127fa718355e06b4b1c34d15d1bcaf61279bf)
    Fable.Import.VSCode.fs (318127fa718355e06b4b1c34d15d1bcaf61279bf)
    Helpers.fs (318127fa718355e06b4b1c34d15d1bcaf61279bf)