FRAMEWORK: NET45
NUGET
  remote: https://www.nuget.org/api/v2
    FAKE (4.41.6)
    FSharp.Core (4.0.0.1)
    FsUnit (2.3.2)
      FSharp.Core (>= 3.1.2.5)
      NUnit (3.5)
    Node.js (5.3)
    Npm.js (2.13.1)
      Node.js (>= 0.12.7)
    NUnit (3.5)
    Octokit (0.23)
GIT
  remote: https://github.com/ionide/FsAutoComplete.git
     (7147250f0751e182d47dc1780812741b084669f0)
      build: build.cmd LocalRelease
      os: windows
     (7147250f0751e182d47dc1780812741b084669f0)
      build: build.sh LocalRelease
      os: mono
  remote: https://github.com/fsprojects/Forge.git
     (d921492142d47a82ed8258ab4e25dcad6e69f467)
      build: build.cmd Build
      os: windows
     (d921492142d47a82ed8258ab4e25dcad6e69f467)
      build: build.sh Build
      os: mono
  remote: https://github.com/ionide/ionide-fsgrammar.git
     (dd4f7025fc7a60f841ee30909873444147f766d4)
GITHUB
  remote: fsharp/FAKE
    modules/Octokit/Octokit.fsx (889bda9367dfb24f9abb524165a0dbe2cdd86252)
      Octokit (>= 0.20)
  remote: Ionide/ionide-vscode-helpers
    Fable.Import.Axios.fs (4d9e58acd9c8756f6dffafcc7a20abf99e328c08)
    Fable.Import.VSCode.fs (4d9e58acd9c8756f6dffafcc7a20abf99e328c08)
    Helpers.fs (4d9e58acd9c8756f6dffafcc7a20abf99e328c08)