FRAMEWORK: NET45
NUGET
  remote: https://www.nuget.org/api/v2
    FAKE (4.47.2)
    FSharp.Core (4.0.0.1)
    FsUnit (2.3.2)
      FSharp.Core (>= 3.1.2.5)
      NUnit (3.5)
    Node.js (5.3)
    Npm.js (2.13.1)
      Node.js (>= 0.12.7)
    NUnit (3.5)
    Octokit (0.23)
GIT
  remote: https://github.com/ionide/FsAutoComplete.git
     (0b2bbb27b502b891fcc69c1f5114e5e8c9171c26)
      build: build.cmd LocalRelease
      os: windows
     (0b2bbb27b502b891fcc69c1f5114e5e8c9171c26)
      build: build.sh LocalRelease
      os: mono
  remote: https://github.com/fsharp-editing/Forge.git
     (f64915f27e860ba1ffd205659baa2a48462e26dc)
      build: build.cmd Build
      os: windows
     (f64915f27e860ba1ffd205659baa2a48462e26dc)
      build: build.sh Build
      os: mono
  remote: https://github.com/ionide/ionide-fsgrammar.git
     (9f45cc48393b0b17f68ac65669b0fbb01cb36646)
GITHUB
  remote: fsharp/FAKE
    modules/Octokit/Octokit.fsx (be6e4b2b513b5f2cd64ec689fe7f1f45c39f4e92)
      Octokit (>= 0.20)
  remote: Ionide/ionide-vscode-helpers
    Fable.Import.Axios.fs (3ff47d47fb8eddc475b30ac490c1aeee55885a16)
    Fable.Import.VSCode.fs (3ff47d47fb8eddc475b30ac490c1aeee55885a16)
    Fable.Import.ws.fs (3ff47d47fb8eddc475b30ac490c1aeee55885a16)
    Helpers.fs (3ff47d47fb8eddc475b30ac490c1aeee55885a16)