RESTRICTION: == net45
NUGET
  remote: https://www.nuget.org/api/v2
    FAKE (4.63)
    Octokit (0.25)
GIT
  remote: https://github.com/fsharp/FsAutoComplete.git
     (8ee553315fad3813a7081418267c7475e5f7857f)
      build: build.cmd LocalRelease
      os: windows
     (8ee553315fad3813a7081418267c7475e5f7857f)
      build: build.sh LocalRelease
      os: mono
  remote: https://github.com/fsharp-editing/Forge.git
     (1f87695d813ee521b50c671ed430184b01a25b81)
      build: build.cmd Build
      os: windows
     (1f87695d813ee521b50c671ed430184b01a25b81)
      build: build.sh Build
      os: mono
  remote: https://github.com/ionide/ionide-fsgrammar.git
     (826aa0690b4a1fb536485cc2806fa73b451fcee7)
GITHUB
  remote: fsharp/FAKE
    modules/Octokit/Octokit.fsx (291f58cc70aba6dd871cf18e66d2d88357e4f208)
      Octokit (>= 0.20)
  remote: Ionide/ionide-vscode-helpers
    Fable.Import.Axios.fs (84f4fb08ebc2b8eab40c851cb046e440c0646c2b)
    Fable.Import.VSCode.fs (84f4fb08ebc2b8eab40c851cb046e440c0646c2b)
    Fable.Import.ws.fs (84f4fb08ebc2b8eab40c851cb046e440c0646c2b)
    Helpers.fs (84f4fb08ebc2b8eab40c851cb046e440c0646c2b)