FRAMEWORK: NET45
NUGET
  remote: https://www.nuget.org/api/v2
    FAKE (4.47)
    FSharp.Core (4.0.0.1)
    FsUnit (2.3.2)
      FSharp.Core (>= 3.1.2.5)
      NUnit (3.5)
    Node.js (5.3)
    Npm.js (2.13.1)
      Node.js (>= 0.12.7)
    NUnit (3.5)
    Octokit (0.23)
GIT
  remote: https://github.com/ionide/FsAutoComplete.git
     (b81414d8a971543e81081f8b6d2e569f3787a0b8)
      build: build.cmd LocalRelease
      os: windows
     (b81414d8a971543e81081f8b6d2e569f3787a0b8)
      build: build.sh LocalRelease
      os: mono
  remote: https://github.com/fsharp-editing/Forge.git
     (bb6c3b83688cb8111d4325f912875a4e42571165)
      build: build.cmd Build
      os: windows
     (bb6c3b83688cb8111d4325f912875a4e42571165)
      build: build.sh Build
      os: mono
  remote: https://github.com/ionide/ionide-fsgrammar.git
     (a7ffcf40a20c666c2cc03f80661881c3c2e31027)
GITHUB
  remote: fsharp/FAKE
    modules/Octokit/Octokit.fsx (42a23a24b5d300644cbf8d8020d415f0111c053b)
      Octokit (>= 0.20)
  remote: Ionide/ionide-vscode-helpers
    Fable.Import.Axios.fs (d8b7eb02e5776ced8802236a4c010d6919a99fca)
    Fable.Import.VSCode.fs (d8b7eb02e5776ced8802236a4c010d6919a99fca)
    Fable.Import.ws.fs (d8b7eb02e5776ced8802236a4c010d6919a99fca)
    Helpers.fs (d8b7eb02e5776ced8802236a4c010d6919a99fca)