STORAGE: NONE
NUGET
  remote: https://www.nuget.org/api/v2
    dotnet-fable (1.2.4) - clitool: true
      Dotnet.ProjInfo (>= 0.7.4) - restriction: >= netcoreapp2.0
      Fable.Compiler (>= 1.2.4) - restriction: >= netcoreapp2.0
      Fable.Core (>= 1.2.4) - restriction: >= netcoreapp2.0
      FSharp.Core (>= 4.2.3) - restriction: >= netcoreapp2.0
      Microsoft.NETCore.App (>= 2.0) - restriction: >= netcoreapp2.0
    Dotnet.ProjInfo (0.7.4) - restriction: >= netcoreapp2.0
      FSharp.Core (>= 4.1.17) - restriction: && (< net45) (>= netstandard1.6)
      NETStandard.Library (>= 1.6.1) - restriction: && (< net45) (>= netstandard1.6)
    Fable.Compiler (1.2.4) - restriction: >= netcoreapp2.0
      Fable.Core (>= 1.2.4) - restriction: >= netstandard1.6
      FSharp.Compiler.Service (>= 14.0.2) - restriction: >= netstandard1.6
      FSharp.Core (>= 4.2.3) - restriction: >= netstandard1.6
      NETStandard.Library (>= 1.6.1) - restriction: >= netstandard1.6
      Newtonsoft.Json (>= 10.0.3) - restriction: >= netstandard1.6
      System.Collections.Immutable (>= 1.4) - restriction: >= netstandard1.6
      System.Reflection.Metadata (>= 1.5) - restriction: >= netstandard1.6
      System.Runtime.Loader (>= 4.3) - restriction: >= netstandard1.6
      System.ValueTuple (>= 4.4) - restriction: >= netstandard1.6
    Fable.Core (1.2.4)
      FSharp.Core (>= 4.2.3) - restriction: >= netstandard1.6
      NETStandard.Library (>= 1.6.1) - restriction: >= netstandard1.6
      System.ValueTuple (>= 4.4) - restriction: >= netstandard1.6
    Fable.Import.Browser (0.1)
      Fable.Core (>= 1.0.8) - restriction: >= netstandard1.6
      FSharp.Core (>= 4.2.1) - restriction: >= netstandard1.6
    Fable.Import.Node (0.1.5)
      Fable.Core (>= 1.1.15) - restriction: >= netstandard1.6
      FSharp.Core (>= 4.2.3) - restriction: >= netstandard1.6
    FSharp.Compiler.Service (16.0.2) - restriction: >= netcoreapp2.0
      FSharp.Core (>= 4.1.18) - restriction: && (< net45) (>= netstandard1.6)
      NETStandard.Library (>= 1.6.1) - restriction: && (< net45) (>= netstandard1.6)
      System.Collections.Immutable (>= 1.3) - restriction: && (< net45) (>= netstandard1.6)
      System.Diagnostics.Process (>= 4.1) - restriction: && (< net45) (>= netstandard1.6)
      System.Diagnostics.TraceSource (>= 4.0) - restriction: && (< net45) (>= netstandard1.6)
      System.Reflection.Emit (>= 4.3) - restriction: && (< net45) (>= netstandard1.6)
      System.Reflection.Metadata (>= 1.4.1) - restriction: && (< net45) (>= netstandard1.6)
      System.Reflection.TypeExtensions (>= 4.3) - restriction: && (< net45) (>= netstandard1.6)
      System.Runtime.Loader (>= 4.0) - restriction: && (< net45) (>= netstandard1.6)
      System.Security.Cryptography.Algorithms (>= 4.3) - restriction: && (< net45) (>= netstandard1.6)
      System.ValueTuple (>= 4.4) - restriction: && (< net45) (>= netstandard1.6)
    FSharp.Core (4.2.3)
      System.Collections (>= 4.0.11) - restriction: && (< net45) (>= netstandard1.6)
      System.Console (>= 4.0) - restriction: && (< net45) (>= netstandard1.6)
      System.Diagnostics.Debug (>= 4.0.11) - restriction: && (< net45) (>= netstandard1.6)
      System.Diagnostics.Tools (>= 4.0.1) - restriction: && (< net45) (>= netstandard1.6)
      System.Globalization (>= 4.0.11) - restriction: && (< net45) (>= netstandard1.6)
      System.IO (>= 4.1) - restriction: && (< net45) (>= netstandard1.6)
      System.Linq (>= 4.1) - restriction: && (< net45) (>= netstandard1.6)
      System.Linq.Expressions (>= 4.1) - restriction: && (< net45) (>= netstandard1.6)
      System.Linq.Queryable (>= 4.0.1) - restriction: && (< net45) (>= netstandard1.6)
      System.Net.Requests (>= 4.0.11) - restriction: && (< net45) (>= netstandard1.6)
      System.Reflection (>= 4.1) - restriction: && (< net45) (>= netstandard1.6)
      System.Reflection.Extensions (>= 4.0.1) - restriction: && (< net45) (>= netstandard1.6)
      System.Resources.ResourceManager (>= 4.0.1) - restriction: && (< net45) (>= netstandard1.6)
      System.Runtime (>= 4.1) - restriction: && (< net45) (>= netstandard1.6)
      System.Runtime.Extensions (>= 4.1) - restriction: && (< net45) (>= netstandard1.6)
      System.Runtime.Numerics (>= 4.0.1) - restriction: && (< net45) (>= netstandard1.6)
      System.Text.RegularExpressions (>= 4.1) - restriction: && (< net45) (>= netstandard1.6)
      System.Threading (>= 4.0.11) - restriction: && (< net45) (>= netstandard1.6)
      System.Threading.Tasks (>= 4.0.11) - restriction: && (< net45) (>= netstandard1.6)
      System.Threading.Tasks.Parallel (>= 4.0.1) - restriction: && (< net45) (>= netstandard1.6)
      System.Threading.Thread (>= 4.0) - restriction: && (< net45) (>= netstandard1.6)
      System.Threading.ThreadPool (>= 4.0.10) - restriction: && (< net45) (>= netstandard1.6)
      System.Threading.Timer (>= 4.0.1) - restriction: && (< net45) (>= netstandard1.6)
    Microsoft.CSharp (4.4) - restriction: >= netcoreapp2.0
    Microsoft.NETCore.App (2.0) - restriction: >= netcoreapp2.0
      Microsoft.NETCore.DotNetHostPolicy (>= 2.0) - restriction: >= netcoreapp2.0
      Microsoft.NETCore.Platforms (>= 2.0) - restriction: >= netcoreapp2.0
      NETStandard.Library (>= 2.0) - restriction: >= netcoreapp2.0
    Microsoft.NETCore.DotNetAppHost (2.0) - restriction: >= netcoreapp2.0
    Microsoft.NETCore.DotNetHostPolicy (2.0) - restriction: >= netcoreapp2.0
      Microsoft.NETCore.DotNetHostResolver (>= 2.0)
    Microsoft.NETCore.DotNetHostResolver (2.0) - restriction: >= netcoreapp2.0
      Microsoft.NETCore.DotNetAppHost (>= 2.0)
    Microsoft.NETCore.Platforms (2.0) - restriction: || (&& (>= monoandroid) (< netstandard1.0) (>= netstandard1.6)) (&& (< monoandroid) (< netstandard1.0) (>= netstandard1.6)) (&& (< monoandroid) (< netstandard1.1) (>= netstandard1.6)) (>= monotouch) (&& (>= net45) (>= netstandard1.6) (< portable-net451+win81+wpa81)) (&& (< net45) (>= netstandard1.6)) (&& (< net45) (>= netstandard2.0)) (&& (>= net451) (< netstandard1.3) (>= netstandard1.6)) (&& (>= net46) (< netstandard1.3) (>= netstandard1.6)) (&& (>= net46) (< netstandard1.4) (>= netstandard1.6)) (&& (>= net461) (>= netstandard1.6)) (>= netcoreapp1.1) (&& (< netstandard1.0) (>= netstandard1.6) (< portable-net451+win81+wpa81)) (&& (< netstandard1.1) (>= netstandard1.6) (< portable-net451+win81+wpa81)) (&& (< netstandard1.3) (>= netstandard1.6) (>= wpa81)) (&& (>= netstandard1.6) (< portable-net45+win8+wp8+wpa81)) (&& (>= netstandard1.6) (< portable-net45+win8+wpa81)) (&& (>= netstandard1.6) (>= uap10.0)) (>= xamarinios) (>= xamarinmac) (>= xamarintvos) (>= xamarinwatchos)
    Microsoft.NETCore.Targets (2.0) - restriction: || (&& (< monoandroid) (< net45) (< netstandard1.2) (>= netstandard1.6)) (&& (< monoandroid) (< net45) (< netstandard1.3) (>= netstandard1.6)) (&& (< monoandroid) (< net45) (< netstandard1.4) (>= netstandard1.6)) (&& (< monoandroid) (< net45) (< netstandard1.5) (>= netstandard1.6)) (&& (< monoandroid) (< netstandard1.1) (>= netstandard1.6)) (&& (< monotouch) (< net45) (>= netstandard1.6) (< xamarinios) (< xamarinmac) (< xamarintvos) (< xamarinwatchos)) (&& (< net45) (>= net46) (< netstandard1.4) (>= netstandard1.6)) (&& (< net45) (>= netstandard1.6) (< portable-net451+win81+wpa81)) (>= netcoreapp1.1) (&& (< netstandard1.1) (>= netstandard1.6) (< portable-net451+win81+wpa81)) (&& (>= netstandard1.6) (< portable-net45+win8+wp8+wpa81)) (&& (>= netstandard1.6) (< portable-net45+win8+wpa81)) (&& (>= netstandard1.6) (>= uap10.0))
    Microsoft.Win32.Primitives (4.3) - restriction: || (&& (< monoandroid) (< net45) (< netstandard1.4) (>= netstandard1.6)) (&& (< monoandroid) (< net45) (< netstandard1.5) (>= netstandard1.6)) (&& (< monotouch) (< net45) (>= netstandard1.6) (< netstandard2.0) (< xamarinios) (< xamarinmac) (< xamarintvos) (< xamarinwatchos)) (&& (>= net46) (< netstandard1.4) (>= netstandard1.6)) (>= netcoreapp2.0) (&& (>= netstandard1.6) (>= uap10.0))
      Microsoft.NETCore.Platforms (>= 1.1) - restriction: && (< monotouch) (< net46) (>= netstandard1.3) (< xamarinios) (< xamarinmac) (< xamarintvos) (< xamarinwatchos)
      Microsoft.NETCore.Targets (>= 1.1) - restriction: && (< monotouch) (< net46) (>= netstandard1.3) (< xamarinios) (< xamarinmac) (< xamarintvos) (< xamarinwatchos)
      System.Runtime (>= 4.3) - restriction: && (< monotouch) (< net46) (>= netstandard1.3) (< xamarinios) (< xamarinmac) (< xamarintvos) (< xamarinwatchos)
    Microsoft.Win32.Registry (4.4) - restriction: >= netcoreapp2.0
      Microsoft.NETCore.Platforms (>= 2.0) - restriction: >= netcoreapp2.0
      System.Security.AccessControl (>= 4.4) - restriction: || (&& (>= monoandroid) (< netstandard1.3)) (>= monotouch) (&& (< net46) (>= netstandard2.0)) (>= net461) (>= netcoreapp2.0) (>= xamarinios) (>= xamarinmac) (>= xamarintvos) (>= xamarinwatchos)
      System.Security.Principal.Windows (>= 4.4) - restriction: || (&& (>= monoandroid) (< netstandard1.3)) (>= monotouch) (&& (< net46) (>= netstandard2.0)) (>= net461) (>= netcoreapp2.0) (>= xamarinios) (>= xamarinmac) (>= xamarintvos) (>= xamarinwatchos)
    NETStandard.Library (2.0.1) - restriction: >= netstandard1.6
      Microsoft.NETCore.Platforms (>= 1.1) - restriction: || (&& (>= monoandroid) (< netstandard1.0)) (&& (< monoandroid) (< net45) (>= netstandard1.2) (< netstandard1.3) (< wpa81)) (&& (< monoandroid) (< net45) (>= netstandard1.3) (< netstandard1.4) (< wpa81)) (&& (< monoandroid) (< net45) (>= netstandard1.4) (< netstandard1.5) (< wpa81)) (&& (< monoandroid) (< net45) (>= netstandard1.5) (< netstandard1.6)) (&& (< monoandroid) (< netstandard1.0) (>= portable-net451+win81+wpa81)) (>= monotouch) (&& (>= net45) (< portable-net451+win81+wpa81)) (&& (< net45) (>= netstandard1.1) (< portable-net451+win81+wpa81)) (&& (< net45) (>= netstandard1.6) (< netstandard2.0)) (&& (< net45) (>= netstandard2.0)) (&& (>= net451) (< netstandard1.3)) (&& (>= net46) (< netstandard1.4)) (>= net461) (>= netcoreapp2.0) (&& (>= netstandard1.0) (< portable-net45+win8+wpa81)) (&& (< netstandard1.0) (>= portable-net45+win8+wp8+wpa81) (< portable-net45+win8+wpa81)) (&& (< netstandard1.0) (>= portable-net45+win8+wpa81) (< portable-net451+win81+wpa81)) (&& (< netstandard1.3) (>= wpa81)) (>= uap10.0) (>= xamarinios) (>= xamarinmac) (>= xamarintvos) (>= xamarinwatchos)
      Microsoft.Win32.Primitives (>= 4.3) - restriction: || (&& (< monoandroid) (< net45) (>= netstandard1.3) (< netstandard1.4) (< wpa81)) (&& (< monoandroid) (< net45) (>= netstandard1.4) (< netstandard1.5) (< wpa81)) (&& (< monoandroid) (< net45) (>= netstandard1.5) (< netstandard1.6)) (&& (< monotouch) (< net45) (>= netstandard1.6) (< netstandard2.0) (< xamarinios) (< xamarinmac) (< xamarintvos) (< xamarinwatchos)) (&& (>= net46) (< netstandard1.4)) (&& (>= uap10.0) (< uap10.1))
      System.AppContext (>= 4.3) - restriction: || (&& (< monoandroid) (< net45) (>= netstandard1.3) (< netstandard1.4) (< wpa81)) (&& (< monoandroid) (< net45) (>= netstandard1.4) (< netstandard1.5) (< wpa81)) (&& (< monoandroid) (< net45) (>= netstandard1.5) (< netstandard1.6)) (&& (< monotouch) (< net45) (>= netstandard1.6) (< netstandard2.0) (< xamarinios) (< xamarinmac) (< xamarintvos) (< xamarinwatchos)) (&& (>= net46) (< netstandard1.4)) (&& (>= uap10.0) (< uap10.1))
      System.Collections (>= 4.3) - restriction: || (&& (< monoandroid) (< net45) (>= netstandard1.2) (< netstandard1.3) (< wpa81)) (&& (< monoandroid) (< net45) (>= netstandard1.3) (< netstandard1.4) (< wpa81)) (&& (< monoandroid) (< net45) (>= netstandard1.4) (< netstandard1.5) (< wpa81)) (&& (< monoandroid) (< net45) (>= netstandard1.5) (< netstandard1.6)) (&& (< monotouch) (< net45) (>= netstandard1.6) (< netstandard2.0) (< xamarinios) (< xamarinmac) (< xamarintvos) (< xamarinwatchos)) (&& (< net45) (>= netstandard1.1) (< portable-net451+win81+wpa81)) (&& (>= netstandard1.0) (< portable-net45+win8+wpa81)) (&& (>= uap10.0) (< uap10.1))
      System.Collections.Concurrent (>= 4.3) - restriction: || (&& (< monoandroid) (< net45) (>= netstandard1.2) (< netstandard1.3) (< wpa81)) (&& (< monoandroid) (< net45) (>= netstandard1.3) (< netstandard1.4) (< wpa81)) (&& (< monoandroid) (< net45) (>= netstandard1.4) (< netstandard1.5) (< wpa81)) (&& (< monoandroid) (< net45) (>= netstandard1.5) (< netstandard1.6)) (&& (< monotouch) (< net45) (>= netstandard1.6) (< netstandard2.0) (< xamarinios) (< xamarinmac) (< xamarintvos) (< xamarinwatchos)) (&& (< net45) (>= netstandard1.1) (< portable-net451+win81+wpa81)) (&& (>= uap10.0) (< uap10.1))
      System.Console (>= 4.3) - restriction: || (&& (< monoandroid) (< net45) (>= netstandard1.3) (< netstandard1.4) (< wpa81)) (&& (< monoandroid) (< net45) (>= netstandard1.4) (< netstandard1.5) (< wpa81)) (&& (< monoandroid) (< net45) (>= netstandard1.5) (< netstandard1.6)) (&& (< monotouch) (< net45) (>= netstandard1.6) (< netstandard2.0) (< xamarinios) (< xamarinmac) (< xamarintvos) (< xamarinwatchos)) (&& (>= net46) (< netstandard1.4)) (&& (>= uap10.0) (< uap10.1))
      System.Diagnostics.Debug (>= 4.3) - restriction: || (&& (< monoandroid) (< net45) (>= netstandard1.2) (< netstandard1.3) (< wpa81)) (&& (< monoandroid) (< net45) (>= netstandard1.3) (< netstandard1.4) (< wpa81)) (&& (< monoandroid) (< net45) (>= netstandard1.4) (< netstandard1.5) (< wpa81)) (&& (< monoandroid) (< net45) (>= netstandard1.5) (< netstandard1.6)) (&& (< monotouch) (< net45) (>= netstandard1.6) (< netstandard2.0) (< xamarinios) (< xamarinmac) (< xamarintvos) (< xamarinwatchos)) (&& (< net45) (>= netstandard1.1) (< portable-net451+win81+wpa81)) (&& (>= netstandard1.0) (< portable-net45+win8+wpa81)) (&& (>= uap10.0) (< uap10.1))
      System.Diagnostics.Tools (>= 4.3) - restriction: || (&& (< monoandroid) (< net45) (>= netstandard1.2) (< netstandard1.3) (< wpa81)) (&& (< monoandroid) (< net45) (>= netstandard1.3) (< netstandard1.4) (< wpa81)) (&& (< monoandroid) (< net45) (>= netstandard1.4) (< netstandard1.5) (< wpa81)) (&& (< monoandroid) (< net45) (>= netstandard1.5) (< netstandard1.6)) (&& (< monotouch) (< net45) (>= netstandard1.6) (< netstandard2.0) (< xamarinios) (< xamarinmac) (< xamarintvos) (< xamarinwatchos)) (&& (< net45) (>= netstandard1.1) (< portable-net451+win81+wpa81)) (&& (>= netstandard1.0) (< portable-net45+win8+wpa81)) (&& (>= uap10.0) (< uap10.1))
      System.Diagnostics.Tracing (>= 4.3) - restriction: || (&& (< monoandroid) (< net45) (>= netstandard1.2) (< netstandard1.3) (< wpa81)) (&& (< monoandroid) (< net45) (>= netstandard1.3) (< netstandard1.4) (< wpa81)) (&& (< monoandroid) (< net45) (>= netstandard1.4) (< netstandard1.5) (< wpa81)) (&& (< monoandroid) (< net45) (>= netstandard1.5) (< netstandard1.6)) (&& (< monotouch) (< net45) (>= netstandard1.6) (< netstandard2.0) (< xamarinios) (< xamarinmac) (< xamarintvos) (< xamarinwatchos)) (&& (< net45) (>= netstandard1.1) (< portable-net451+win81+wpa81)) (&& (>= uap10.0) (< uap10.1))
      System.Globalization (>= 4.3) - restriction: || (&& (< monoandroid) (< net45) (>= netstandard1.2) (< netstandard1.3) (< wpa81)) (&& (< monoandroid) (< net45) (>= netstandard1.3) (< netstandard1.4) (< wpa81)) (&& (< monoandroid) (< net45) (>= netstandard1.4) (< netstandard1.5) (< wpa81)) (&& (< monoandroid) (< net45) (>= netstandard1.5) (< netstandard1.6)) (&& (< monotouch) (< net45) (>= netstandard1.6) (< netstandard2.0) (< xamarinios) (< xamarinmac) (< xamarintvos) (< xamarinwatchos)) (&& (< net45) (>= netstandard1.1) (< portable-net451+win81+wpa81)) (&& (>= netstandard1.0) (< portable-net45+win8+wpa81)) (&& (>= uap10.0) (< uap10.1))
      System.Globalization.Calendars (>= 4.3) - restriction: || (&& (< monoandroid) (< net45) (>= netstandard1.3) (< netstandard1.4) (< wpa81)) (&& (< monoandroid) (< net45) (>= netstandard1.4) (< netstandard1.5) (< wpa81)) (&& (< monoandroid) (< net45) (>= netstandard1.5) (< netstandard1.6)) (&& (< monotouch) (< net45) (>= netstandard1.6) (< netstandard2.0) (< xamarinios) (< xamarinmac) (< xamarintvos) (< xamarinwatchos)) (&& (>= net46) (< netstandard1.4)) (&& (>= uap10.0) (< uap10.1))
      System.IO (>= 4.3) - restriction: || (&& (< monoandroid) (< net45) (>= netstandard1.2) (< netstandard1.3) (< wpa81)) (&& (< monoandroid) (< net45) (>= netstandard1.3) (< netstandard1.4) (< wpa81)) (&& (< monoandroid) (< net45) (>= netstandard1.4) (< netstandard1.5) (< wpa81)) (&& (< monoandroid) (< net45) (>= netstandard1.5) (< netstandard1.6)) (&& (< monotouch) (< net45) (>= netstandard1.6) (< netstandard2.0) (< xamarinios) (< xamarinmac) (< xamarintvos) (< xamarinwatchos)) (&& (< net45) (>= netstandard1.1) (< portable-net451+win81+wpa81)) (&& (>= netstandard1.0) (< portable-net45+win8+wpa81)) (&& (>= uap10.0) (< uap10.1))
      System.IO.Compression (>= 4.3) - restriction: || (&& (< monoandroid) (< net45) (>= netstandard1.2) (< netstandard1.3) (< wpa81)) (&& (< monoandroid) (< net45) (>= netstandard1.3) (< netstandard1.4) (< wpa81)) (&& (< monoandroid) (< net45) (>= netstandard1.4) (< netstandard1.5) (< wpa81)) (&& (< monoandroid) (< net45) (>= netstandard1.5) (< netstandard1.6)) (&& (< monotouch) (< net45) (>= netstandard1.6) (< netstandard2.0) (< xamarinios) (< xamarinmac) (< xamarintvos) (< xamarinwatchos)) (&& (< net45) (>= netstandard1.1) (< portable-net451+win81+wpa81)) (&& (>= net46) (< netstandard1.4)) (&& (>= uap10.0) (< uap10.1))
      System.IO.Compression.ZipFile (>= 4.3) - restriction: || (&& (< monoandroid) (< net45) (>= netstandard1.3) (< netstandard1.4) (< wpa81)) (&& (< monoandroid) (< net45) (>= netstandard1.4) (< netstandard1.5) (< wpa81)) (&& (< monoandroid) (< net45) (>= netstandard1.5) (< netstandard1.6)) (&& (< monotouch) (< net45) (>= netstandard1.6) (< netstandard2.0) (< xamarinios) (< xamarinmac) (< xamarintvos) (< xamarinwatchos)) (&& (>= net46) (< netstandard1.4)) (&& (>= uap10.0) (< uap10.1))
      System.IO.FileSystem (>= 4.3) - restriction: || (&& (< monoandroid) (< net45) (>= netstandard1.3) (< netstandard1.4) (< wpa81)) (&& (< monoandroid) (< net45) (>= netstandard1.4) (< netstandard1.5) (< wpa81)) (&& (< monoandroid) (< net45) (>= netstandard1.5) (< netstandard1.6)) (&& (< monotouch) (< net45) (>= netstandard1.6) (< netstandard2.0) (< xamarinios) (< xamarinmac) (< xamarintvos) (< xamarinwatchos)) (&& (>= net46) (< netstandard1.4)) (&& (>= uap10.0) (< uap10.1))
      System.IO.FileSystem.Primitives (>= 4.3) - restriction: || (&& (< monoandroid) (< net45) (>= netstandard1.3) (< netstandard1.4) (< wpa81)) (&& (< monoandroid) (< net45) (>= netstandard1.4) (< netstandard1.5) (< wpa81)) (&& (< monoandroid) (< net45) (>= netstandard1.5) (< netstandard1.6)) (&& (< monotouch) (< net45) (>= netstandard1.6) (< netstandard2.0) (< xamarinios) (< xamarinmac) (< xamarintvos) (< xamarinwatchos)) (&& (>= net46) (< netstandard1.4)) (&& (>= uap10.0) (< uap10.1))
      System.Linq (>= 4.3) - restriction: || (&& (< monoandroid) (< net45) (>= netstandard1.2) (< netstandard1.3) (< wpa81)) (&& (< monoandroid) (< net45) (>= netstandard1.3) (< netstandard1.4) (< wpa81)) (&& (< monoandroid) (< net45) (>= netstandard1.4) (< netstandard1.5) (< wpa81)) (&& (< monoandroid) (< net45) (>= netstandard1.5) (< netstandard1.6)) (&& (< monotouch) (< net45) (>= netstandard1.6) (< netstandard2.0) (< xamarinios) (< xamarinmac) (< xamarintvos) (< xamarinwatchos)) (&& (< net45) (>= netstandard1.1) (< portable-net451+win81+wpa81)) (&& (>= netstandard1.0) (< portable-net45+win8+wpa81)) (&& (>= uap10.0) (< uap10.1))
      System.Linq.Expressions (>= 4.3) - restriction: || (&& (< monoandroid) (< net45) (>= netstandard1.2) (< netstandard1.3) (< wpa81)) (&& (< monoandroid) (< net45) (>= netstandard1.3) (< netstandard1.4) (< wpa81)) (&& (< monoandroid) (< net45) (>= netstandard1.4) (< netstandard1.5) (< wpa81)) (&& (< monoandroid) (< net45) (>= netstandard1.5) (< netstandard1.6)) (&& (< monotouch) (< net45) (>= netstandard1.6) (< netstandard2.0) (< xamarinios) (< xamarinmac) (< xamarintvos) (< xamarinwatchos)) (&& (< net45) (>= netstandard1.1) (< portable-net451+win81+wpa81)) (&& (>= netstandard1.0) (< portable-net45+win8+wpa81)) (&& (>= uap10.0) (< uap10.1))
      System.Net.Http (>= 4.3.2) - restriction: || (&& (< monoandroid) (< net45) (>= netstandard1.2) (< netstandard1.3) (< wpa81)) (&& (< monoandroid) (< net45) (>= netstandard1.3) (< netstandard1.4) (< wpa81)) (&& (< monoandroid) (< net45) (>= netstandard1.4) (< netstandard1.5) (< wpa81)) (&& (< monoandroid) (< net45) (>= netstandard1.5) (< netstandard1.6)) (&& (< monotouch) (< net45) (>= netstandard1.6) (< netstandard2.0) (< xamarinios) (< xamarinmac) (< xamarintvos) (< xamarinwatchos)) (&& (< net45) (>= netstandard1.1) (< portable-net451+win81+wpa81)) (&& (>= net46) (< netstandard1.4)) (&& (>= uap10.0) (< uap10.1))
      System.Net.Primitives (>= 4.3) - restriction: || (&& (< monoandroid) (< net45) (>= netstandard1.2) (< netstandard1.3) (< wpa81)) (&& (< monoandroid) (< net45) (>= netstandard1.3) (< netstandard1.4) (< wpa81)) (&& (< monoandroid) (< net45) (>= netstandard1.4) (< netstandard1.5) (< wpa81)) (&& (< monoandroid) (< net45) (>= netstandard1.5) (< netstandard1.6)) (&& (< monotouch) (< net45) (>= netstandard1.6) (< netstandard2.0) (< xamarinios) (< xamarinmac) (< xamarintvos) (< xamarinwatchos)) (&& (< net45) (>= netstandard1.1) (< portable-net451+win81+wpa81)) (&& (>= netstandard1.0) (< portable-net45+win8+wpa81)) (&& (>= uap10.0) (< uap10.1))
      System.Net.Sockets (>= 4.3) - restriction: || (&& (< monoandroid) (< net45) (>= netstandard1.3) (< netstandard1.4) (< wpa81)) (&& (< monoandroid) (< net45) (>= netstandard1.4) (< netstandard1.5) (< wpa81)) (&& (< monoandroid) (< net45) (>= netstandard1.5) (< netstandard1.6)) (&& (< monotouch) (< net45) (>= netstandard1.6) (< netstandard2.0) (< xamarinios) (< xamarinmac) (< xamarintvos) (< xamarinwatchos)) (&& (>= net46) (< netstandard1.4)) (&& (>= uap10.0) (< uap10.1))
      System.ObjectModel (>= 4.3) - restriction: || (&& (< monoandroid) (< net45) (>= netstandard1.2) (< netstandard1.3) (< wpa81)) (&& (< monoandroid) (< net45) (>= netstandard1.3) (< netstandard1.4) (< wpa81)) (&& (< monoandroid) (< net45) (>= netstandard1.4) (< netstandard1.5) (< wpa81)) (&& (< monoandroid) (< net45) (>= netstandard1.5) (< netstandard1.6)) (&& (< monotouch) (< net45) (>= netstandard1.6) (< netstandard2.0) (< xamarinios) (< xamarinmac) (< xamarintvos) (< xamarinwatchos)) (&& (< net45) (>= netstandard1.1) (< portable-net451+win81+wpa81)) (&& (>= netstandard1.0) (< portable-net45+win8+wpa81)) (&& (>= uap10.0) (< uap10.1))
      System.Reflection (>= 4.3) - restriction: || (&& (< monoandroid) (< net45) (>= netstandard1.2) (< netstandard1.3) (< wpa81)) (&& (< monoandroid) (< net45) (>= netstandard1.3) (< netstandard1.4) (< wpa81)) (&& (< monoandroid) (< net45) (>= netstandard1.4) (< netstandard1.5) (< wpa81)) (&& (< monoandroid) (< net45) (>= netstandard1.5) (< netstandard1.6)) (&& (< monotouch) (< net45) (>= netstandard1.6) (< netstandard2.0) (< xamarinios) (< xamarinmac) (< xamarintvos) (< xamarinwatchos)) (&& (< net45) (>= netstandard1.1) (< portable-net451+win81+wpa81)) (&& (>= netstandard1.0) (< portable-net45+win8+wpa81)) (&& (>= uap10.0) (< uap10.1))
      System.Reflection.Extensions (>= 4.3) - restriction: || (&& (< monoandroid) (< net45) (>= netstandard1.2) (< netstandard1.3) (< wpa81)) (&& (< monoandroid) (< net45) (>= netstandard1.3) (< netstandard1.4) (< wpa81)) (&& (< monoandroid) (< net45) (>= netstandard1.4) (< netstandard1.5) (< wpa81)) (&& (< monoandroid) (< net45) (>= netstandard1.5) (< netstandard1.6)) (&& (< monotouch) (< net45) (>= netstandard1.6) (< netstandard2.0) (< xamarinios) (< xamarinmac) (< xamarintvos) (< xamarinwatchos)) (&& (< net45) (>= netstandard1.1) (< portable-net451+win81+wpa81)) (&& (>= netstandard1.0) (< portable-net45+win8+wpa81)) (&& (>= uap10.0) (< uap10.1))
      System.Reflection.Primitives (>= 4.3) - restriction: || (&& (< monoandroid) (< net45) (>= netstandard1.2) (< netstandard1.3) (< wpa81)) (&& (< monoandroid) (< net45) (>= netstandard1.3) (< netstandard1.4) (< wpa81)) (&& (< monoandroid) (< net45) (>= netstandard1.4) (< netstandard1.5) (< wpa81)) (&& (< monoandroid) (< net45) (>= netstandard1.5) (< netstandard1.6)) (&& (< monotouch) (< net45) (>= netstandard1.6) (< netstandard2.0) (< xamarinios) (< xamarinmac) (< xamarintvos) (< xamarinwatchos)) (&& (< net45) (>= netstandard1.1) (< portable-net451+win81+wpa81)) (&& (>= netstandard1.0) (< portable-net45+win8+wpa81)) (&& (>= uap10.0) (< uap10.1))
      System.Resources.ResourceManager (>= 4.3) - restriction: || (&& (< monoandroid) (< net45) (>= netstandard1.2) (< netstandard1.3) (< wpa81)) (&& (< monoandroid) (< net45) (>= netstandard1.3) (< netstandard1.4) (< wpa81)) (&& (< monoandroid) (< net45) (>= netstandard1.4) (< netstandard1.5) (< wpa81)) (&& (< monoandroid) (< net45) (>= netstandard1.5) (< netstandard1.6)) (&& (< monotouch) (< net45) (>= netstandard1.6) (< netstandard2.0) (< xamarinios) (< xamarinmac) (< xamarintvos) (< xamarinwatchos)) (&& (< net45) (>= netstandard1.1) (< portable-net451+win81+wpa81)) (&& (>= netstandard1.0) (< portable-net45+win8+wpa81)) (&& (>= uap10.0) (< uap10.1))
      System.Runtime (>= 4.3) - restriction: || (&& (< monoandroid) (< net45) (>= netstandard1.2) (< netstandard1.3) (< wpa81)) (&& (< monoandroid) (< net45) (>= netstandard1.3) (< netstandard1.4) (< wpa81)) (&& (< monoandroid) (< net45) (>= netstandard1.4) (< netstandard1.5) (< wpa81)) (&& (< monoandroid) (< net45) (>= netstandard1.5) (< netstandard1.6)) (&& (< monotouch) (< net45) (>= netstandard1.6) (< netstandard2.0) (< xamarinios) (< xamarinmac) (< xamarintvos) (< xamarinwatchos)) (&& (< net45) (>= netstandard1.1) (< portable-net451+win81+wpa81)) (&& (>= netstandard1.0) (< portable-net45+win8+wpa81)) (&& (>= uap10.0) (< uap10.1))
      System.Runtime.Extensions (>= 4.3) - restriction: || (&& (< monoandroid) (< net45) (>= netstandard1.2) (< netstandard1.3) (< wpa81)) (&& (< monoandroid) (< net45) (>= netstandard1.3) (< netstandard1.4) (< wpa81)) (&& (< monoandroid) (< net45) (>= netstandard1.4) (< netstandard1.5) (< wpa81)) (&& (< monoandroid) (< net45) (>= netstandard1.5) (< netstandard1.6)) (&& (< monotouch) (< net45) (>= netstandard1.6) (< netstandard2.0) (< xamarinios) (< xamarinmac) (< xamarintvos) (< xamarinwatchos)) (&& (< net45) (>= netstandard1.1) (< portable-net451+win81+wpa81)) (&& (>= netstandard1.0) (< portable-net45+win8+wpa81)) (&& (>= uap10.0) (< uap10.1))
      System.Runtime.Handles (>= 4.3) - restriction: || (&& (< monoandroid) (< net45) (>= netstandard1.3) (< netstandard1.4) (< wpa81)) (&& (< monoandroid) (< net45) (>= netstandard1.4) (< netstandard1.5) (< wpa81)) (&& (< monoandroid) (< net45) (>= netstandard1.5) (< netstandard1.6)) (&& (< monotouch) (< net45) (>= netstandard1.6) (< netstandard2.0) (< xamarinios) (< xamarinmac) (< xamarintvos) (< xamarinwatchos)) (&& (>= uap10.0) (< uap10.1))
      System.Runtime.InteropServices (>= 4.3) - restriction: || (&& (< monoandroid) (< net45) (>= netstandard1.2) (< netstandard1.3) (< wpa81)) (&& (< monoandroid) (< net45) (>= netstandard1.3) (< netstandard1.4) (< wpa81)) (&& (< monoandroid) (< net45) (>= netstandard1.4) (< netstandard1.5) (< wpa81)) (&& (< monoandroid) (< net45) (>= netstandard1.5) (< netstandard1.6)) (&& (< monotouch) (< net45) (>= netstandard1.6) (< netstandard2.0) (< xamarinios) (< xamarinmac) (< xamarintvos) (< xamarinwatchos)) (&& (< net45) (>= netstandard1.1) (< portable-net451+win81+wpa81)) (&& (>= uap10.0) (< uap10.1))
      System.Runtime.InteropServices.RuntimeInformation (>= 4.3) - restriction: || (&& (< monoandroid) (< net45) (>= netstandard1.2) (< netstandard1.3) (< wpa81)) (&& (< monoandroid) (< net45) (>= netstandard1.3) (< netstandard1.4) (< wpa81)) (&& (< monoandroid) (< net45) (>= netstandard1.4) (< netstandard1.5) (< wpa81)) (&& (< monoandroid) (< net45) (>= netstandard1.5) (< netstandard1.6)) (&& (< monoandroid) (< netstandard1.0) (>= portable-net451+win81+wpa81)) (&& (< monotouch) (< net45) (>= netstandard1.6) (< netstandard2.0) (< xamarinios) (< xamarinmac) (< xamarintvos) (< xamarinwatchos)) (&& (>= net45) (< portable-net451+win81+wpa81)) (&& (< net45) (>= netstandard1.1) (< portable-net451+win81+wpa81)) (&& (>= net451) (< netstandard1.3)) (&& (>= net46) (< netstandard1.4)) (&& (< netstandard1.0) (>= portable-net45+win8+wpa81) (< portable-net451+win81+wpa81)) (&& (< netstandard1.3) (>= wpa81)) (&& (>= uap10.0) (< uap10.1))
      System.Runtime.Numerics (>= 4.3) - restriction: || (&& (< monoandroid) (< net45) (>= netstandard1.2) (< netstandard1.3) (< wpa81)) (&& (< monoandroid) (< net45) (>= netstandard1.3) (< netstandard1.4) (< wpa81)) (&& (< monoandroid) (< net45) (>= netstandard1.4) (< netstandard1.5) (< wpa81)) (&& (< monoandroid) (< net45) (>= netstandard1.5) (< netstandard1.6)) (&& (< monotouch) (< net45) (>= netstandard1.6) (< netstandard2.0) (< xamarinios) (< xamarinmac) (< xamarintvos) (< xamarinwatchos)) (&& (< net45) (>= netstandard1.1) (< portable-net451+win81+wpa81)) (&& (>= uap10.0) (< uap10.1))
      System.Security.Cryptography.Algorithms (>= 4.3) - restriction: || (&& (< monoandroid) (< net45) (>= netstandard1.3) (< netstandard1.4) (< wpa81)) (&& (< monoandroid) (< net45) (>= netstandard1.4) (< netstandard1.5) (< wpa81)) (&& (< monoandroid) (< net45) (>= netstandard1.5) (< netstandard1.6)) (&& (< monotouch) (< net45) (>= netstandard1.6) (< netstandard2.0) (< xamarinios) (< xamarinmac) (< xamarintvos) (< xamarinwatchos)) (&& (>= net46) (< netstandard1.4)) (&& (>= uap10.0) (< uap10.1))
      System.Security.Cryptography.Encoding (>= 4.3) - restriction: || (&& (< monoandroid) (< net45) (>= netstandard1.3) (< netstandard1.4) (< wpa81)) (&& (< monoandroid) (< net45) (>= netstandard1.4) (< netstandard1.5) (< wpa81)) (&& (< monoandroid) (< net45) (>= netstandard1.5) (< netstandard1.6)) (&& (< monotouch) (< net45) (>= netstandard1.6) (< netstandard2.0) (< xamarinios) (< xamarinmac) (< xamarintvos) (< xamarinwatchos)) (&& (>= net46) (< netstandard1.4)) (&& (>= uap10.0) (< uap10.1))
      System.Security.Cryptography.Primitives (>= 4.3) - restriction: || (&& (< monoandroid) (< net45) (>= netstandard1.3) (< netstandard1.4) (< wpa81)) (&& (< monoandroid) (< net45) (>= netstandard1.4) (< netstandard1.5) (< wpa81)) (&& (< monoandroid) (< net45) (>= netstandard1.5) (< netstandard1.6)) (&& (< monotouch) (< net45) (>= netstandard1.6) (< netstandard2.0) (< xamarinios) (< xamarinmac) (< xamarintvos) (< xamarinwatchos)) (&& (>= net46) (< netstandard1.4)) (&& (>= uap10.0) (< uap10.1))
      System.Security.Cryptography.X509Certificates (>= 4.3) - restriction: || (&& (< monoandroid) (< net45) (>= netstandard1.3) (< netstandard1.4) (< wpa81)) (&& (< monoandroid) (< net45) (>= netstandard1.4) (< netstandard1.5) (< wpa81)) (&& (< monoandroid) (< net45) (>= netstandard1.5) (< netstandard1.6)) (&& (< monotouch) (< net45) (>= netstandard1.6) (< netstandard2.0) (< xamarinios) (< xamarinmac) (< xamarintvos) (< xamarinwatchos)) (&& (>= net46) (< netstandard1.4)) (&& (>= uap10.0) (< uap10.1))
      System.Text.Encoding (>= 4.3) - restriction: || (&& (< monoandroid) (< net45) (>= netstandard1.2) (< netstandard1.3) (< wpa81)) (&& (< monoandroid) (< net45) (>= netstandard1.3) (< netstandard1.4) (< wpa81)) (&& (< monoandroid) (< net45) (>= netstandard1.4) (< netstandard1.5) (< wpa81)) (&& (< monoandroid) (< net45) (>= netstandard1.5) (< netstandard1.6)) (&& (< monotouch) (< net45) (>= netstandard1.6) (< netstandard2.0) (< xamarinios) (< xamarinmac) (< xamarintvos) (< xamarinwatchos)) (&& (< net45) (>= netstandard1.1) (< portable-net451+win81+wpa81)) (&& (>= netstandard1.0) (< portable-net45+win8+wpa81)) (&& (>= uap10.0) (< uap10.1))
      System.Text.Encoding.Extensions (>= 4.3) - restriction: || (&& (< monoandroid) (< net45) (>= netstandard1.2) (< netstandard1.3) (< wpa81)) (&& (< monoandroid) (< net45) (>= netstandard1.3) (< netstandard1.4) (< wpa81)) (&& (< monoandroid) (< net45) (>= netstandard1.4) (< netstandard1.5) (< wpa81)) (&& (< monoandroid) (< net45) (>= netstandard1.5) (< netstandard1.6)) (&& (< monotouch) (< net45) (>= netstandard1.6) (< netstandard2.0) (< xamarinios) (< xamarinmac) (< xamarintvos) (< xamarinwatchos)) (&& (< net45) (>= netstandard1.1) (< portable-net451+win81+wpa81)) (&& (>= netstandard1.0) (< portable-net45+win8+wpa81)) (&& (>= uap10.0) (< uap10.1))
      System.Text.RegularExpressions (>= 4.3) - restriction: || (&& (< monoandroid) (< net45) (>= netstandard1.2) (< netstandard1.3) (< wpa81)) (&& (< monoandroid) (< net45) (>= netstandard1.3) (< netstandard1.4) (< wpa81)) (&& (< monoandroid) (< net45) (>= netstandard1.4) (< netstandard1.5) (< wpa81)) (&& (< monoandroid) (< net45) (>= netstandard1.5) (< netstandard1.6)) (&& (< monotouch) (< net45) (>= netstandard1.6) (< netstandard2.0) (< xamarinios) (< xamarinmac) (< xamarintvos) (< xamarinwatchos)) (&& (< net45) (>= netstandard1.1) (< portable-net451+win81+wpa81)) (&& (>= netstandard1.0) (< portable-net45+win8+wpa81)) (&& (>= uap10.0) (< uap10.1))
      System.Threading (>= 4.3) - restriction: || (&& (< monoandroid) (< net45) (>= netstandard1.2) (< netstandard1.3) (< wpa81)) (&& (< monoandroid) (< net45) (>= netstandard1.3) (< netstandard1.4) (< wpa81)) (&& (< monoandroid) (< net45) (>= netstandard1.4) (< netstandard1.5) (< wpa81)) (&& (< monoandroid) (< net45) (>= netstandard1.5) (< netstandard1.6)) (&& (< monotouch) (< net45) (>= netstandard1.6) (< netstandard2.0) (< xamarinios) (< xamarinmac) (< xamarintvos) (< xamarinwatchos)) (&& (< net45) (>= netstandard1.1) (< portable-net451+win81+wpa81)) (&& (>= netstandard1.0) (< portable-net45+win8+wpa81)) (&& (>= uap10.0) (< uap10.1))
      System.Threading.Tasks (>= 4.3) - restriction: || (&& (< monoandroid) (< net45) (>= netstandard1.2) (< netstandard1.3) (< wpa81)) (&& (< monoandroid) (< net45) (>= netstandard1.3) (< netstandard1.4) (< wpa81)) (&& (< monoandroid) (< net45) (>= netstandard1.4) (< netstandard1.5) (< wpa81)) (&& (< monoandroid) (< net45) (>= netstandard1.5) (< netstandard1.6)) (&& (< monotouch) (< net45) (>= netstandard1.6) (< netstandard2.0) (< xamarinios) (< xamarinmac) (< xamarintvos) (< xamarinwatchos)) (&& (< net45) (>= netstandard1.1) (< portable-net451+win81+wpa81)) (&& (>= netstandard1.0) (< portable-net45+win8+wpa81)) (&& (>= uap10.0) (< uap10.1))
      System.Threading.Timer (>= 4.3) - restriction: || (&& (< monoandroid) (< net45) (>= netstandard1.2) (< netstandard1.3) (< wpa81)) (&& (< monoandroid) (< net45) (>= netstandard1.3) (< netstandard1.4) (< wpa81)) (&& (< monoandroid) (< net45) (>= netstandard1.4) (< netstandard1.5) (< wpa81)) (&& (< monoandroid) (< net45) (>= netstandard1.5) (< netstandard1.6)) (&& (< monotouch) (< net45) (>= netstandard1.6) (< netstandard2.0) (< xamarinios) (< xamarinmac) (< xamarintvos) (< xamarinwatchos)) (&& (>= uap10.0) (< uap10.1))
      System.Xml.ReaderWriter (>= 4.3) - restriction: || (&& (< monoandroid) (< net45) (>= netstandard1.2) (< netstandard1.3) (< wpa81)) (&& (< monoandroid) (< net45) (>= netstandard1.3) (< netstandard1.4) (< wpa81)) (&& (< monoandroid) (< net45) (>= netstandard1.4) (< netstandard1.5) (< wpa81)) (&& (< monoandroid) (< net45) (>= netstandard1.5) (< netstandard1.6)) (&& (< monotouch) (< net45) (>= netstandard1.6) (< netstandard2.0) (< xamarinios) (< xamarinmac) (< xamarintvos) (< xamarinwatchos)) (&& (< net45) (>= netstandard1.1) (< portable-net451+win81+wpa81)) (&& (>= net46) (< netstandard1.4)) (&& (>= netstandard1.0) (< portable-net45+win8+wpa81)) (&& (>= uap10.0) (< uap10.1))
      System.Xml.XDocument (>= 4.3) - restriction: || (&& (< monoandroid) (< net45) (>= netstandard1.2) (< netstandard1.3) (< wpa81)) (&& (< monoandroid) (< net45) (>= netstandard1.3) (< netstandard1.4) (< wpa81)) (&& (< monoandroid) (< net45) (>= netstandard1.4) (< netstandard1.5) (< wpa81)) (&& (< monoandroid) (< net45) (>= netstandard1.5) (< netstandard1.6)) (&& (< monotouch) (< net45) (>= netstandard1.6) (< netstandard2.0) (< xamarinios) (< xamarinmac) (< xamarintvos) (< xamarinwatchos)) (&& (< net45) (>= netstandard1.1) (< portable-net451+win81+wpa81)) (&& (>= netstandard1.0) (< portable-net45+win8+wpa81)) (&& (>= uap10.0) (< uap10.1))
    Newtonsoft.Json (10.0.3) - restriction: >= netcoreapp2.0
      Microsoft.CSharp (>= 4.3) - restriction: || (&& (< net20) (>= netstandard1.0) (< netstandard1.3)) (&& (< net20) (>= netstandard1.3))
      NETStandard.Library (>= 1.6.1) - restriction: || (&& (< net20) (>= netstandard1.0) (< netstandard1.3)) (&& (< net20) (>= netstandard1.3))
      System.ComponentModel.TypeConverter (>= 4.3) - restriction: || (&& (< net20) (>= netstandard1.0) (< netstandard1.3)) (&& (< net20) (>= netstandard1.3))
      System.Runtime.Serialization.Formatters (>= 4.3) - restriction: && (< net20) (>= netstandard1.3)
      System.Runtime.Serialization.Primitives (>= 4.3) - restriction: || (&& (< net20) (>= netstandard1.0) (< netstandard1.3)) (&& (< net20) (>= netstandard1.3))
      System.Xml.XmlDocument (>= 4.3) - restriction: && (< net20) (>= netstandard1.3)
    runtime.debian.8-x64.runtime.native.System.Security.Cryptography.OpenSsl (4.3.2) - restriction: || (&& (< monoandroid) (< net45) (< netstandard1.3) (>= netstandard1.6)) (&& (< monoandroid) (< net45) (< netstandard1.4) (>= netstandard1.6)) (&& (< monoandroid) (< net45) (< netstandard1.5) (>= netstandard1.6)) (&& (< monotouch) (< net45) (>= netstandard1.6) (< xamarinios) (< xamarinmac) (< xamarintvos) (< xamarinwatchos)) (&& (< net45) (>= net46) (< netstandard1.4) (>= netstandard1.6)) (&& (< net45) (>= netstandard1.6) (< portable-net451+win81+wpa81)) (&& (>= netstandard1.6) (< portable-net45+win8+wp8+wpa81)) (&& (>= netstandard1.6) (>= uap10.0))
    runtime.fedora.23-x64.runtime.native.System.Security.Cryptography.OpenSsl (4.3.2) - restriction: || (&& (< monoandroid) (< net45) (< netstandard1.3) (>= netstandard1.6)) (&& (< monoandroid) (< net45) (< netstandard1.4) (>= netstandard1.6)) (&& (< monoandroid) (< net45) (< netstandard1.5) (>= netstandard1.6)) (&& (< monotouch) (< net45) (>= netstandard1.6) (< xamarinios) (< xamarinmac) (< xamarintvos) (< xamarinwatchos)) (&& (< net45) (>= net46) (< netstandard1.4) (>= netstandard1.6)) (&& (< net45) (>= netstandard1.6) (< portable-net451+win81+wpa81)) (&& (>= netstandard1.6) (< portable-net45+win8+wp8+wpa81)) (&& (>= netstandard1.6) (>= uap10.0))
    runtime.fedora.24-x64.runtime.native.System.Security.Cryptography.OpenSsl (4.3.2) - restriction: || (&& (< monoandroid) (< net45) (< netstandard1.3) (>= netstandard1.6)) (&& (< monoandroid) (< net45) (< netstandard1.4) (>= netstandard1.6)) (&& (< monoandroid) (< net45) (< netstandard1.5) (>= netstandard1.6)) (&& (< monotouch) (< net45) (>= netstandard1.6) (< xamarinios) (< xamarinmac) (< xamarintvos) (< xamarinwatchos)) (&& (< net45) (>= net46) (< netstandard1.4) (>= netstandard1.6)) (&& (< net45) (>= netstandard1.6) (< portable-net451+win81+wpa81)) (&& (>= netstandard1.6) (< portable-net45+win8+wp8+wpa81)) (&& (>= netstandard1.6) (>= uap10.0))
    runtime.native.System (4.3) - restriction: || (&& (< monoandroid) (< net45) (< netstandard1.3) (>= netstandard1.6)) (&& (< monoandroid) (< net45) (< netstandard1.4) (>= netstandard1.6)) (&& (< monoandroid) (< net45) (< netstandard1.5) (>= netstandard1.6)) (&& (< monoandroid) (< netstandard1.0) (>= netstandard1.6)) (&& (< monotouch) (< net45) (>= netstandard1.6) (< xamarinios) (< xamarinmac) (< xamarintvos) (< xamarinwatchos)) (&& (< net45) (>= net451) (< netstandard1.3) (>= netstandard1.6)) (&& (< net45) (>= net46) (< netstandard1.4) (>= netstandard1.6)) (&& (< net45) (>= netstandard1.6) (< portable-net451+win81+wpa81)) (>= netcoreapp2.0) (&& (< netstandard1.0) (>= netstandard1.6) (< portable-net451+win81+wpa81)) (&& (< netstandard1.3) (>= netstandard1.6) (>= wpa81)) (&& (>= netstandard1.6) (< portable-net45+win8+wp8+wpa81)) (&& (>= netstandard1.6) (>= uap10.0))
      Microsoft.NETCore.Platforms (>= 1.1)
      Microsoft.NETCore.Targets (>= 1.1)
    runtime.native.System.IO.Compression (4.3.1) - restriction: || (&& (< monoandroid) (< net45) (< netstandard1.3) (>= netstandard1.6)) (&& (< monoandroid) (< net45) (< netstandard1.4) (>= netstandard1.6)) (&& (< monoandroid) (< net45) (< netstandard1.5) (>= netstandard1.6)) (&& (< monotouch) (< net45) (>= netstandard1.6) (< netstandard2.0) (< xamarinios) (< xamarinmac) (< xamarintvos) (< xamarinwatchos)) (&& (< net45) (>= net46) (< netstandard1.4) (>= netstandard1.6)) (&& (< net45) (>= netstandard1.6) (< portable-net451+win81+wpa81)) (&& (>= netstandard1.6) (< portable-net45+win8+wpa81)) (&& (>= netstandard1.6) (>= uap10.0))
      Microsoft.NETCore.Platforms (>= 1.1)
      Microsoft.NETCore.Targets (>= 1.1.1)
    runtime.native.System.Net.Http (4.3) - restriction: || (&& (< monoandroid) (< net45) (< netstandard1.3) (>= netstandard1.6)) (&& (< monoandroid) (< net45) (< netstandard1.4) (>= netstandard1.6)) (&& (< monoandroid) (< net45) (< netstandard1.5) (>= netstandard1.6)) (&& (< monotouch) (< net45) (>= netstandard1.6) (< xamarinios) (< xamarinmac) (< xamarintvos) (< xamarinwatchos)) (&& (< net45) (>= net46) (< netstandard1.4) (>= netstandard1.6)) (&& (< net45) (>= netstandard1.6) (< portable-net451+win81+wpa81)) (&& (>= netstandard1.6) (< portable-net45+win8+wp8+wpa81)) (&& (>= netstandard1.6) (>= uap10.0))
      Microsoft.NETCore.Platforms (>= 1.1)
      Microsoft.NETCore.Targets (>= 1.1)
    runtime.native.System.Security.Cryptography.Apple (4.3.1) - restriction: || (&& (< monoandroid) (< net45) (< netstandard1.3) (>= netstandard1.6)) (&& (< monoandroid) (< net45) (< netstandard1.4) (>= netstandard1.6)) (&& (< monoandroid) (< net45) (< netstandard1.5) (>= netstandard1.6)) (&& (< monotouch) (< net45) (>= netstandard1.6) (< xamarinios) (< xamarinmac) (< xamarintvos) (< xamarinwatchos)) (&& (< net45) (>= netstandard1.6) (< portable-net451+win81+wpa81)) (>= netcoreapp2.0) (&& (>= netstandard1.6) (< portable-net45+win8+wp8+wpa81)) (&& (>= netstandard1.6) (>= uap10.0))
      runtime.osx.10.10-x64.runtime.native.System.Security.Cryptography.Apple (>= 4.3.1)
    runtime.native.System.Security.Cryptography.OpenSsl (4.3.2) - restriction: || (&& (< monoandroid) (< net45) (< netstandard1.3) (>= netstandard1.6)) (&& (< monoandroid) (< net45) (< netstandard1.4) (>= netstandard1.6)) (&& (< monoandroid) (< net45) (< netstandard1.5) (>= netstandard1.6)) (&& (< monotouch) (< net45) (>= netstandard1.6) (< xamarinios) (< xamarinmac) (< xamarintvos) (< xamarinwatchos)) (&& (< net45) (>= net46) (< netstandard1.4) (>= netstandard1.6)) (&& (< net45) (>= netstandard1.6) (< portable-net451+win81+wpa81)) (>= netcoreapp2.0) (&& (>= netstandard1.6) (< portable-net45+win8+wp8+wpa81)) (&& (>= netstandard1.6) (>= uap10.0))
      runtime.debian.8-x64.runtime.native.System.Security.Cryptography.OpenSsl (>= 4.3.2)
      runtime.fedora.23-x64.runtime.native.System.Security.Cryptography.OpenSsl (>= 4.3.2)
      runtime.fedora.24-x64.runtime.native.System.Security.Cryptography.OpenSsl (>= 4.3.2)
      runtime.opensuse.13.2-x64.runtime.native.System.Security.Cryptography.OpenSsl (>= 4.3.2)
      runtime.opensuse.42.1-x64.runtime.native.System.Security.Cryptography.OpenSsl (>= 4.3.2)
      runtime.osx.10.10-x64.runtime.native.System.Security.Cryptography.OpenSsl (>= 4.3.2)
      runtime.rhel.7-x64.runtime.native.System.Security.Cryptography.OpenSsl (>= 4.3.2)
      runtime.ubuntu.14.04-x64.runtime.native.System.Security.Cryptography.OpenSsl (>= 4.3.2)
      runtime.ubuntu.16.04-x64.runtime.native.System.Security.Cryptography.OpenSsl (>= 4.3.2)
      runtime.ubuntu.16.10-x64.runtime.native.System.Security.Cryptography.OpenSsl (>= 4.3.2)
    runtime.opensuse.13.2-x64.runtime.native.System.Security.Cryptography.OpenSsl (4.3.2) - restriction: || (&& (< monoandroid) (< net45) (< netstandard1.3) (>= netstandard1.6)) (&& (< monoandroid) (< net45) (< netstandard1.4) (>= netstandard1.6)) (&& (< monoandroid) (< net45) (< netstandard1.5) (>= netstandard1.6)) (&& (< monotouch) (< net45) (>= netstandard1.6) (< xamarinios) (< xamarinmac) (< xamarintvos) (< xamarinwatchos)) (&& (< net45) (>= net46) (< netstandard1.4) (>= netstandard1.6)) (&& (< net45) (>= netstandard1.6) (< portable-net451+win81+wpa81)) (&& (>= netstandard1.6) (< portable-net45+win8+wp8+wpa81)) (&& (>= netstandard1.6) (>= uap10.0))
    runtime.opensuse.42.1-x64.runtime.native.System.Security.Cryptography.OpenSsl (4.3.2) - restriction: || (&& (< monoandroid) (< net45) (< netstandard1.3) (>= netstandard1.6)) (&& (< monoandroid) (< net45) (< netstandard1.4) (>= netstandard1.6)) (&& (< monoandroid) (< net45) (< netstandard1.5) (>= netstandard1.6)) (&& (< monotouch) (< net45) (>= netstandard1.6) (< xamarinios) (< xamarinmac) (< xamarintvos) (< xamarinwatchos)) (&& (< net45) (>= net46) (< netstandard1.4) (>= netstandard1.6)) (&& (< net45) (>= netstandard1.6) (< portable-net451+win81+wpa81)) (&& (>= netstandard1.6) (< portable-net45+win8+wp8+wpa81)) (&& (>= netstandard1.6) (>= uap10.0))
    runtime.osx.10.10-x64.runtime.native.System.Security.Cryptography.Apple (4.3.1) - restriction: || (&& (< monoandroid) (< net45) (< netstandard1.3) (>= netstandard1.6)) (&& (< monoandroid) (< net45) (< netstandard1.4) (>= netstandard1.6)) (&& (< monoandroid) (< net45) (< netstandard1.5) (>= netstandard1.6)) (&& (< monotouch) (< net45) (>= netstandard1.6) (< xamarinios) (< xamarinmac) (< xamarintvos) (< xamarinwatchos)) (&& (< net45) (>= netstandard1.6) (< portable-net451+win81+wpa81)) (>= netcoreapp2.0) (&& (>= netstandard1.6) (< portable-net45+win8+wp8+wpa81)) (&& (>= netstandard1.6) (>= uap10.0))
    runtime.osx.10.10-x64.runtime.native.System.Security.Cryptography.OpenSsl (4.3.2) - restriction: || (&& (< monoandroid) (< net45) (< netstandard1.3) (>= netstandard1.6)) (&& (< monoandroid) (< net45) (< netstandard1.4) (>= netstandard1.6)) (&& (< monoandroid) (< net45) (< netstandard1.5) (>= netstandard1.6)) (&& (< monotouch) (< net45) (>= netstandard1.6) (< xamarinios) (< xamarinmac) (< xamarintvos) (< xamarinwatchos)) (&& (< net45) (>= net46) (< netstandard1.4) (>= netstandard1.6)) (&& (< net45) (>= netstandard1.6) (< portable-net451+win81+wpa81)) (&& (>= netstandard1.6) (< portable-net45+win8+wp8+wpa81)) (&& (>= netstandard1.6) (>= uap10.0))
    runtime.rhel.7-x64.runtime.native.System.Security.Cryptography.OpenSsl (4.3.2) - restriction: || (&& (< monoandroid) (< net45) (< netstandard1.3) (>= netstandard1.6)) (&& (< monoandroid) (< net45) (< netstandard1.4) (>= netstandard1.6)) (&& (< monoandroid) (< net45) (< netstandard1.5) (>= netstandard1.6)) (&& (< monotouch) (< net45) (>= netstandard1.6) (< xamarinios) (< xamarinmac) (< xamarintvos) (< xamarinwatchos)) (&& (< net45) (>= net46) (< netstandard1.4) (>= netstandard1.6)) (&& (< net45) (>= netstandard1.6) (< portable-net451+win81+wpa81)) (&& (>= netstandard1.6) (< portable-net45+win8+wp8+wpa81)) (&& (>= netstandard1.6) (>= uap10.0))
    runtime.ubuntu.14.04-x64.runtime.native.System.Security.Cryptography.OpenSsl (4.3.2) - restriction: || (&& (< monoandroid) (< net45) (< netstandard1.3) (>= netstandard1.6)) (&& (< monoandroid) (< net45) (< netstandard1.4) (>= netstandard1.6)) (&& (< monoandroid) (< net45) (< netstandard1.5) (>= netstandard1.6)) (&& (< monotouch) (< net45) (>= netstandard1.6) (< xamarinios) (< xamarinmac) (< xamarintvos) (< xamarinwatchos)) (&& (< net45) (>= net46) (< netstandard1.4) (>= netstandard1.6)) (&& (< net45) (>= netstandard1.6) (< portable-net451+win81+wpa81)) (&& (>= netstandard1.6) (< portable-net45+win8+wp8+wpa81)) (&& (>= netstandard1.6) (>= uap10.0))
    runtime.ubuntu.16.04-x64.runtime.native.System.Security.Cryptography.OpenSsl (4.3.2) - restriction: || (&& (< monoandroid) (< net45) (< netstandard1.3) (>= netstandard1.6)) (&& (< monoandroid) (< net45) (< netstandard1.4) (>= netstandard1.6)) (&& (< monoandroid) (< net45) (< netstandard1.5) (>= netstandard1.6)) (&& (< monotouch) (< net45) (>= netstandard1.6) (< xamarinios) (< xamarinmac) (< xamarintvos) (< xamarinwatchos)) (&& (< net45) (>= net46) (< netstandard1.4) (>= netstandard1.6)) (&& (< net45) (>= netstandard1.6) (< portable-net451+win81+wpa81)) (&& (>= netstandard1.6) (< portable-net45+win8+wp8+wpa81)) (&& (>= netstandard1.6) (>= uap10.0))
    runtime.ubuntu.16.10-x64.runtime.native.System.Security.Cryptography.OpenSsl (4.3.2) - restriction: || (&& (< monoandroid) (< net45) (< netstandard1.3) (>= netstandard1.6)) (&& (< monoandroid) (< net45) (< netstandard1.4) (>= netstandard1.6)) (&& (< monoandroid) (< net45) (< netstandard1.5) (>= netstandard1.6)) (&& (< monotouch) (< net45) (>= netstandard1.6) (< xamarinios) (< xamarinmac) (< xamarintvos) (< xamarinwatchos)) (&& (< net45) (>= net46) (< netstandard1.4) (>= netstandard1.6)) (&& (< net45) (>= netstandard1.6) (< portable-net451+win81+wpa81)) (&& (>= netstandard1.6) (< portable-net45+win8+wp8+wpa81)) (&& (>= netstandard1.6) (>= uap10.0))
    System.AppContext (4.3) - restriction: || (&& (< monoandroid) (< net45) (< netstandard1.4) (>= netstandard1.6)) (&& (< monoandroid) (< net45) (< netstandard1.5) (>= netstandard1.6)) (&& (< monotouch) (< net45) (>= netstandard1.6) (< netstandard2.0) (< xamarinios) (< xamarinmac) (< xamarintvos) (< xamarinwatchos)) (&& (>= net46) (< netstandard1.4) (>= netstandard1.6)) (&& (>= netstandard1.6) (>= uap10.0))
      System.Runtime (>= 4.3) - restriction: || (&& (< monoandroid) (< net46) (>= netstandard1.3) (< netstandard1.6)) (&& (< monoandroid) (< netstandard1.3)) (&& (< monotouch) (< net46) (>= netstandard1.6) (< xamarinios) (< xamarinmac) (< xamarintvos) (< xamarinwatchos))
    System.Buffers (4.4) - restriction: || (&& (< monoandroid) (< net45) (< netstandard1.3) (>= netstandard1.6)) (&& (< monoandroid) (< net45) (< netstandard1.4) (>= netstandard1.6)) (&& (< monoandroid) (< net45) (< netstandard1.5) (>= netstandard1.6)) (&& (< monotouch) (< net45) (>= netstandard1.6) (< netstandard2.0) (< xamarinios) (< xamarinmac) (< xamarintvos) (< xamarinwatchos)) (&& (< net45) (>= net46) (< netstandard1.4) (>= netstandard1.6)) (&& (< net45) (>= netstandard1.6) (< portable-net451+win81+wpa81)) (&& (>= netstandard1.6) (< portable-net45+win8+wpa81)) (&& (>= netstandard1.6) (>= uap10.0))
      System.Diagnostics.Debug (>= 4.3) - restriction: && (>= netstandard1.1) (< netstandard2.0) (< xamarinmac)
      System.Diagnostics.Tracing (>= 4.3) - restriction: && (>= netstandard1.1) (< netstandard2.0) (< xamarinmac)
      System.Resources.ResourceManager (>= 4.3) - restriction: && (>= netstandard1.1) (< netstandard2.0) (< xamarinmac)
      System.Runtime (>= 4.3) - restriction: && (>= netstandard1.1) (< netstandard2.0) (< xamarinmac)
      System.Threading (>= 4.3) - restriction: && (>= netstandard1.1) (< netstandard2.0) (< xamarinmac)
    System.Collections (4.3) - restriction: || (&& (< net45) (>= netstandard1.6)) (>= netcoreapp2.0) (&& (>= netstandard1.6) (< portable-net45+win8+wp8+wpa81)) (&& (>= netstandard1.6) (< portable-net45+win8+wpa81)) (&& (>= netstandard1.6) (>= uap10.0))
      Microsoft.NETCore.Platforms (>= 1.1) - restriction: || (&& (< monoandroid) (< net45) (>= netstandard1.0) (< netstandard1.3) (< win8) (< wp8) (< wpa81)) (&& (< monotouch) (< net45) (>= netstandard1.3) (< win8) (< wpa81) (< xamarinios) (< xamarinmac) (< xamarintvos) (< xamarinwatchos)) (< portable-net45+win8+wp8+wpa81)
      Microsoft.NETCore.Targets (>= 1.1) - restriction: || (&& (< monoandroid) (< net45) (>= netstandard1.0) (< netstandard1.3) (< win8) (< wp8) (< wpa81)) (&& (< monotouch) (< net45) (>= netstandard1.3) (< win8) (< wpa81) (< xamarinios) (< xamarinmac) (< xamarintvos) (< xamarinwatchos)) (< portable-net45+win8+wp8+wpa81)
      System.Runtime (>= 4.3) - restriction: || (&& (< monoandroid) (< net45) (>= netstandard1.0) (< netstandard1.3) (< win8) (< wp8) (< wpa81)) (&& (< monotouch) (< net45) (>= netstandard1.3) (< win8) (< wpa81) (< xamarinios) (< xamarinmac) (< xamarintvos) (< xamarinwatchos)) (< portable-net45+win8+wp8+wpa81)
    System.Collections.Concurrent (4.3) - restriction: || (&& (< monoandroid) (< net45) (< netstandard1.3) (>= netstandard1.6)) (&& (< monoandroid) (< net45) (< netstandard1.4) (>= netstandard1.6)) (&& (< monoandroid) (< net45) (< netstandard1.5) (>= netstandard1.6)) (&& (< monotouch) (< net45) (>= netstandard1.6) (< xamarinios) (< xamarinmac) (< xamarintvos) (< xamarinwatchos)) (&& (< net45) (>= netstandard1.6) (< portable-net451+win81+wpa81)) (&& (>= netstandard1.6) (< portable-net45+win8+wpa81)) (&& (>= netstandard1.6) (>= uap10.0))
      System.Collections (>= 4.3) - restriction: || (&& (< monotouch) (< net45) (>= netstandard1.3) (< win8) (< wpa81) (< xamarinios) (< xamarinmac) (< xamarintvos) (< xamarinwatchos)) (< portable-net45+win8+wpa81)
      System.Diagnostics.Debug (>= 4.3) - restriction: || (&& (< monotouch) (< net45) (>= netstandard1.3) (< win8) (< wpa81) (< xamarinios) (< xamarinmac) (< xamarintvos) (< xamarinwatchos)) (< portable-net45+win8+wpa81)
      System.Diagnostics.Tracing (>= 4.3) - restriction: || (&& (< monotouch) (< net45) (>= netstandard1.3) (< win8) (< wpa81) (< xamarinios) (< xamarinmac) (< xamarintvos) (< xamarinwatchos)) (< portable-net45+win8+wpa81)
      System.Globalization (>= 4.3) - restriction: || (&& (< monotouch) (< net45) (>= netstandard1.3) (< win8) (< wpa81) (< xamarinios) (< xamarinmac) (< xamarintvos) (< xamarinwatchos)) (< portable-net45+win8+wpa81)
      System.Reflection (>= 4.3) - restriction: && (< monotouch) (< net45) (>= netstandard1.3) (< win8) (< wpa81) (< xamarinios) (< xamarinmac) (< xamarintvos) (< xamarinwatchos)
      System.Resources.ResourceManager (>= 4.3) - restriction: || (&& (< monotouch) (< net45) (>= netstandard1.3) (< win8) (< wpa81) (< xamarinios) (< xamarinmac) (< xamarintvos) (< xamarinwatchos)) (< portable-net45+win8+wpa81)
      System.Runtime (>= 4.3) - restriction: || (&& (< monoandroid) (< net45) (>= netstandard1.1) (< netstandard1.3) (< win8) (< wpa81)) (&& (< monotouch) (< net45) (>= netstandard1.3) (< win8) (< wpa81) (< xamarinios) (< xamarinmac) (< xamarintvos) (< xamarinwatchos)) (< portable-net45+win8+wpa81)
      System.Runtime.Extensions (>= 4.3) - restriction: || (&& (< monotouch) (< net45) (>= netstandard1.3) (< win8) (< wpa81) (< xamarinios) (< xamarinmac) (< xamarintvos) (< xamarinwatchos)) (< portable-net45+win8+wpa81)
      System.Threading (>= 4.3) - restriction: || (&& (< monotouch) (< net45) (>= netstandard1.3) (< win8) (< wpa81) (< xamarinios) (< xamarinmac) (< xamarintvos) (< xamarinwatchos)) (< portable-net45+win8+wpa81)
      System.Threading.Tasks (>= 4.3) - restriction: || (&& (< monoandroid) (< net45) (>= netstandard1.1) (< netstandard1.3) (< win8) (< wpa81)) (&& (< monotouch) (< net45) (>= netstandard1.3) (< win8) (< wpa81) (< xamarinios) (< xamarinmac) (< xamarintvos) (< xamarinwatchos)) (< portable-net45+win8+wpa81)
    System.Collections.Immutable (1.4) - restriction: >= netcoreapp2.0
    System.Collections.NonGeneric (4.3) - restriction: >= netcoreapp2.0
      System.Diagnostics.Debug (>= 4.3) - restriction: && (< monotouch) (< net46) (>= netstandard1.3) (< xamarinios) (< xamarinmac) (< xamarintvos) (< xamarinwatchos)
      System.Globalization (>= 4.3) - restriction: && (< monotouch) (< net46) (>= netstandard1.3) (< xamarinios) (< xamarinmac) (< xamarintvos) (< xamarinwatchos)
      System.Resources.ResourceManager (>= 4.3) - restriction: && (< monotouch) (< net46) (>= netstandard1.3) (< xamarinios) (< xamarinmac) (< xamarintvos) (< xamarinwatchos)
      System.Runtime (>= 4.3) - restriction: && (< monotouch) (< net46) (>= netstandard1.3) (< xamarinios) (< xamarinmac) (< xamarintvos) (< xamarinwatchos)
      System.Runtime.Extensions (>= 4.3) - restriction: && (< monotouch) (< net46) (>= netstandard1.3) (< xamarinios) (< xamarinmac) (< xamarintvos) (< xamarinwatchos)
      System.Threading (>= 4.3) - restriction: && (< monotouch) (< net46) (>= netstandard1.3) (< xamarinios) (< xamarinmac) (< xamarintvos) (< xamarinwatchos)
    System.Collections.Specialized (4.3) - restriction: >= netcoreapp2.0
      System.Collections.NonGeneric (>= 4.3) - restriction: && (< monotouch) (< net46) (>= netstandard1.3) (< xamarinios) (< xamarinmac) (< xamarintvos) (< xamarinwatchos)
      System.Globalization (>= 4.3) - restriction: && (< monotouch) (< net46) (>= netstandard1.3) (< xamarinios) (< xamarinmac) (< xamarintvos) (< xamarinwatchos)
      System.Globalization.Extensions (>= 4.3) - restriction: && (< monotouch) (< net46) (>= netstandard1.3) (< xamarinios) (< xamarinmac) (< xamarintvos) (< xamarinwatchos)
      System.Resources.ResourceManager (>= 4.3) - restriction: && (< monotouch) (< net46) (>= netstandard1.3) (< xamarinios) (< xamarinmac) (< xamarintvos) (< xamarinwatchos)
      System.Runtime (>= 4.3) - restriction: && (< monotouch) (< net46) (>= netstandard1.3) (< xamarinios) (< xamarinmac) (< xamarintvos) (< xamarinwatchos)
      System.Runtime.Extensions (>= 4.3) - restriction: && (< monotouch) (< net46) (>= netstandard1.3) (< xamarinios) (< xamarinmac) (< xamarintvos) (< xamarinwatchos)
      System.Threading (>= 4.3) - restriction: && (< monotouch) (< net46) (>= netstandard1.3) (< xamarinios) (< xamarinmac) (< xamarintvos) (< xamarinwatchos)
    System.ComponentModel (4.3) - restriction: >= netcoreapp2.0
      System.Runtime (>= 4.3) - restriction: || (&& (< monoandroid) (< net45) (>= netstandard1.0) (< netstandard1.3) (< win8) (< wp8) (< wpa81)) (&& (< monotouch) (< net45) (>= netstandard1.3) (< win8) (< wpa81) (< xamarinios) (< xamarinmac) (< xamarintvos) (< xamarinwatchos)) (< portable-net45+win8+wp8+wpa81)
    System.ComponentModel.Primitives (4.3) - restriction: >= netcoreapp2.0
      System.ComponentModel (>= 4.3) - restriction: && (< monotouch) (< net45) (>= netstandard1.0) (< win8) (< wp8) (< wpa81) (< xamarinios) (< xamarinmac) (< xamarintvos) (< xamarinwatchos)
      System.Resources.ResourceManager (>= 4.3) - restriction: && (< monotouch) (< net45) (>= netstandard1.0) (< win8) (< wp8) (< wpa81) (< xamarinios) (< xamarinmac) (< xamarintvos) (< xamarinwatchos)
      System.Runtime (>= 4.3) - restriction: && (< monotouch) (< net45) (>= netstandard1.0) (< win8) (< wp8) (< wpa81) (< xamarinios) (< xamarinmac) (< xamarintvos) (< xamarinwatchos)
    System.ComponentModel.TypeConverter (4.3) - restriction: >= netcoreapp2.0
      System.Collections (>= 4.3) - restriction: || (&& (< monoandroid) (< net45) (>= netstandard1.0) (< netstandard1.5) (< win8) (< wp8) (< wpa81)) (&& (< monotouch) (< net45) (>= netstandard1.5) (< xamarinios) (< xamarinmac) (< xamarintvos) (< xamarinwatchos))
      System.Collections.NonGeneric (>= 4.3) - restriction: || (&& (< monotouch) (< net45) (>= netstandard1.5) (< xamarinios) (< xamarinmac) (< xamarintvos) (< xamarinwatchos)) (>= net462)
      System.Collections.Specialized (>= 4.3) - restriction: && (< monotouch) (< net45) (>= netstandard1.5) (< xamarinios) (< xamarinmac) (< xamarintvos) (< xamarinwatchos)
      System.ComponentModel (>= 4.3) - restriction: || (&& (< monoandroid) (< net45) (>= netstandard1.0) (< netstandard1.5) (< win8) (< wp8) (< wpa81)) (&& (< monotouch) (< net45) (>= netstandard1.5) (< xamarinios) (< xamarinmac) (< xamarintvos) (< xamarinwatchos))
      System.ComponentModel.Primitives (>= 4.3) - restriction: || (&& (< monoandroid) (< net45) (>= netstandard1.0) (< netstandard1.5) (< win8)) (&& (< monotouch) (< net45) (>= netstandard1.5) (< xamarinios) (< xamarinmac) (< xamarintvos) (< xamarinwatchos)) (&& (>= net45) (< netstandard1.5)) (>= net462) (&& (< netstandard1.0) (>= win8)) (>= wp8) (>= wpa81)
      System.Globalization (>= 4.3) - restriction: || (&& (< monoandroid) (< net45) (>= netstandard1.0) (< netstandard1.5) (< win8) (< wp8) (< wpa81)) (&& (< monotouch) (< net45) (>= netstandard1.5) (< xamarinios) (< xamarinmac) (< xamarintvos) (< xamarinwatchos))
      System.Linq (>= 4.3) - restriction: && (< monotouch) (< net45) (>= netstandard1.5) (< xamarinios) (< xamarinmac) (< xamarintvos) (< xamarinwatchos)
      System.Reflection (>= 4.3) - restriction: || (&& (< monoandroid) (< net45) (>= netstandard1.0) (< netstandard1.5) (< win8) (< wp8) (< wpa81)) (&& (< monotouch) (< net45) (>= netstandard1.5) (< xamarinios) (< xamarinmac) (< xamarintvos) (< xamarinwatchos))
      System.Reflection.Extensions (>= 4.3) - restriction: || (&& (< monoandroid) (< net45) (>= netstandard1.0) (< netstandard1.5) (< win8) (< wp8) (< wpa81)) (&& (< monotouch) (< net45) (>= netstandard1.5) (< xamarinios) (< xamarinmac) (< xamarintvos) (< xamarinwatchos))
      System.Reflection.Primitives (>= 4.3) - restriction: || (&& (< monoandroid) (< net45) (>= netstandard1.0) (< netstandard1.5) (< win8) (< wp8) (< wpa81)) (&& (< monotouch) (< net45) (>= netstandard1.5) (< xamarinios) (< xamarinmac) (< xamarintvos) (< xamarinwatchos))
      System.Reflection.TypeExtensions (>= 4.3) - restriction: && (< monotouch) (< net45) (>= netstandard1.5) (< xamarinios) (< xamarinmac) (< xamarintvos) (< xamarinwatchos)
      System.Resources.ResourceManager (>= 4.3) - restriction: || (&& (< monoandroid) (< net45) (>= netstandard1.0) (< netstandard1.5) (< win8) (< wp8) (< wpa81)) (&& (< monotouch) (< net45) (>= netstandard1.5) (< xamarinios) (< xamarinmac) (< xamarintvos) (< xamarinwatchos))
      System.Runtime (>= 4.3) - restriction: || (&& (< monoandroid) (< net45) (>= netstandard1.0) (< netstandard1.5) (< win8) (< wp8) (< wpa81)) (&& (< monotouch) (< net45) (>= netstandard1.5) (< xamarinios) (< xamarinmac) (< xamarintvos) (< xamarinwatchos))
      System.Runtime.Extensions (>= 4.3) - restriction: || (&& (< monoandroid) (< net45) (>= netstandard1.0) (< netstandard1.5) (< win8) (< wp8) (< wpa81)) (&& (< monotouch) (< net45) (>= netstandard1.5) (< xamarinios) (< xamarinmac) (< xamarintvos) (< xamarinwatchos))
      System.Threading (>= 4.3) - restriction: || (&& (< monoandroid) (< net45) (>= netstandard1.0) (< netstandard1.5) (< win8) (< wp8) (< wpa81)) (&& (< monotouch) (< net45) (>= netstandard1.5) (< xamarinios) (< xamarinmac) (< xamarintvos) (< xamarinwatchos))
    System.Console (4.3) - restriction: || (&& (< net45) (>= netstandard1.6)) (&& (>= net46) (< netstandard1.4) (>= netstandard1.6)) (&& (>= netstandard1.6) (>= uap10.0))
      Microsoft.NETCore.Platforms (>= 1.1) - restriction: && (< monotouch) (< net46) (>= netstandard1.3) (< xamarinios) (< xamarinmac) (< xamarintvos) (< xamarinwatchos)
      Microsoft.NETCore.Targets (>= 1.1) - restriction: && (< monotouch) (< net46) (>= netstandard1.3) (< xamarinios) (< xamarinmac) (< xamarintvos) (< xamarinwatchos)
      System.IO (>= 4.3) - restriction: && (< monotouch) (< net46) (>= netstandard1.3) (< xamarinios) (< xamarinmac) (< xamarintvos) (< xamarinwatchos)
      System.Runtime (>= 4.3) - restriction: && (< monotouch) (< net46) (>= netstandard1.3) (< xamarinios) (< xamarinmac) (< xamarintvos) (< xamarinwatchos)
      System.Text.Encoding (>= 4.3) - restriction: && (< monotouch) (< net46) (>= netstandard1.3) (< xamarinios) (< xamarinmac) (< xamarintvos) (< xamarinwatchos)
    System.Diagnostics.Debug (4.3) - restriction: || (&& (< net45) (>= netstandard1.6)) (>= netcoreapp2.0) (&& (>= netstandard1.6) (< portable-net45+win8+wp8+wpa81)) (&& (>= netstandard1.6) (< portable-net45+win8+wpa81)) (&& (>= netstandard1.6) (>= uap10.0))
      Microsoft.NETCore.Platforms (>= 1.1) - restriction: || (&& (< monoandroid) (< net45) (>= netstandard1.0) (< netstandard1.3) (< win8) (< wp8) (< wpa81)) (&& (< monotouch) (< net45) (>= netstandard1.3) (< win8) (< wpa81) (< xamarinios) (< xamarinmac) (< xamarintvos) (< xamarinwatchos)) (< portable-net45+win8+wp8+wpa81)
      Microsoft.NETCore.Targets (>= 1.1) - restriction: || (&& (< monoandroid) (< net45) (>= netstandard1.0) (< netstandard1.3) (< win8) (< wp8) (< wpa81)) (&& (< monotouch) (< net45) (>= netstandard1.3) (< win8) (< wpa81) (< xamarinios) (< xamarinmac) (< xamarintvos) (< xamarinwatchos)) (< portable-net45+win8+wp8+wpa81)
      System.Runtime (>= 4.3) - restriction: || (&& (< monoandroid) (< net45) (>= netstandard1.0) (< netstandard1.3) (< win8) (< wp8) (< wpa81)) (&& (< monotouch) (< net45) (>= netstandard1.3) (< win8) (< wpa81) (< xamarinios) (< xamarinmac) (< xamarintvos) (< xamarinwatchos)) (< portable-net45+win8+wp8+wpa81)
    System.Diagnostics.DiagnosticSource (4.4.1) - restriction: || (&& (< monoandroid) (< net45) (< netstandard1.3) (>= netstandard1.6)) (&& (< monoandroid) (< net45) (< netstandard1.4) (>= netstandard1.6)) (&& (< monoandroid) (< net45) (< netstandard1.5) (>= netstandard1.6)) (&& (< monotouch) (< net45) (>= netstandard1.6) (< xamarinios) (< xamarinmac) (< xamarintvos) (< xamarinwatchos)) (&& (< net45) (>= net46) (< netstandard1.4) (>= netstandard1.6)) (&& (< net45) (>= netstandard1.6) (< portable-net451+win81+wpa81)) (&& (>= netstandard1.6) (< portable-net45+win8+wp8+wpa81)) (&& (>= netstandard1.6) (< portable-net45+win8+wpa81)) (&& (>= netstandard1.6) (>= uap10.0))
      System.Collections (>= 4.3) - restriction: || (&& (< net45) (< netcoreapp2.0) (>= netstandard1.3) (< xamarinmac)) (&& (< net45) (>= netstandard1.1) (< netstandard1.3))
      System.Diagnostics.Debug (>= 4.3) - restriction: && (< net45) (< netcoreapp2.0) (>= netstandard1.3) (< xamarinmac)
      System.Diagnostics.Tracing (>= 4.3) - restriction: || (&& (< net45) (< netcoreapp2.0) (>= netstandard1.3) (< xamarinmac)) (&& (< net45) (>= netstandard1.1) (< netstandard1.3))
      System.Reflection (>= 4.3) - restriction: || (&& (< net45) (< netcoreapp2.0) (>= netstandard1.3) (< xamarinmac)) (&& (< net45) (>= netstandard1.1) (< netstandard1.3))
      System.Runtime (>= 4.3) - restriction: || (&& (< net45) (< netcoreapp2.0) (>= netstandard1.3) (< xamarinmac)) (&& (< net45) (>= netstandard1.1) (< netstandard1.3))
      System.Runtime.Extensions (>= 4.3) - restriction: && (< net45) (< netcoreapp2.0) (>= netstandard1.3) (< xamarinmac)
      System.Threading (>= 4.3) - restriction: || (&& (< net45) (< netcoreapp2.0) (>= netstandard1.3) (< xamarinmac)) (&& (< net45) (>= netstandard1.1) (< netstandard1.3))
    System.Diagnostics.Process (4.3) - restriction: >= netcoreapp2.0
      Microsoft.NETCore.Platforms (>= 1.1) - restriction: && (< monotouch) (< net46) (>= netstandard1.4) (< xamarinios) (< xamarinmac) (< xamarintvos) (< xamarinwatchos)
      Microsoft.Win32.Primitives (>= 4.3) - restriction: && (< monotouch) (< net46) (>= netstandard1.4) (< xamarinios) (< xamarinmac) (< xamarintvos) (< xamarinwatchos)
      Microsoft.Win32.Registry (>= 4.3) - restriction: && (< monotouch) (< net46) (>= netstandard1.4) (< xamarinios) (< xamarinmac) (< xamarintvos) (< xamarinwatchos)
      runtime.native.System (>= 4.3) - restriction: && (< monotouch) (< net46) (>= netstandard1.4) (< xamarinios) (< xamarinmac) (< xamarintvos) (< xamarinwatchos)
      System.Collections (>= 4.3) - restriction: && (< monotouch) (< net46) (>= netstandard1.4) (< xamarinios) (< xamarinmac) (< xamarintvos) (< xamarinwatchos)
      System.Diagnostics.Debug (>= 4.3) - restriction: && (< monotouch) (< net46) (>= netstandard1.4) (< xamarinios) (< xamarinmac) (< xamarintvos) (< xamarinwatchos)
      System.Globalization (>= 4.3) - restriction: && (< monotouch) (< net46) (>= netstandard1.4) (< xamarinios) (< xamarinmac) (< xamarintvos) (< xamarinwatchos)
      System.IO (>= 4.3) - restriction: || (&& (< monoandroid) (< net46) (>= netstandard1.3) (< netstandard1.4)) (&& (< monotouch) (< net46) (>= netstandard1.4) (< xamarinios) (< xamarinmac) (< xamarintvos) (< xamarinwatchos))
      System.IO.FileSystem (>= 4.3) - restriction: && (< monotouch) (< net46) (>= netstandard1.4) (< xamarinios) (< xamarinmac) (< xamarintvos) (< xamarinwatchos)
      System.IO.FileSystem.Primitives (>= 4.3) - restriction: && (< monotouch) (< net46) (>= netstandard1.4) (< xamarinios) (< xamarinmac) (< xamarintvos) (< xamarinwatchos)
      System.Resources.ResourceManager (>= 4.3) - restriction: && (< monotouch) (< net46) (>= netstandard1.4) (< xamarinios) (< xamarinmac) (< xamarintvos) (< xamarinwatchos)
      System.Runtime (>= 4.3) - restriction: || (&& (< monoandroid) (< net46) (>= netstandard1.3) (< netstandard1.4)) (&& (< monotouch) (< net46) (>= netstandard1.4) (< xamarinios) (< xamarinmac) (< xamarintvos) (< xamarinwatchos))
      System.Runtime.Extensions (>= 4.3) - restriction: && (< monotouch) (< net46) (>= netstandard1.4) (< xamarinios) (< xamarinmac) (< xamarintvos) (< xamarinwatchos)
      System.Runtime.Handles (>= 4.3) - restriction: || (&& (< monoandroid) (< net46) (>= netstandard1.3) (< netstandard1.4)) (&& (< monotouch) (< net46) (>= netstandard1.4) (< xamarinios) (< xamarinmac) (< xamarintvos) (< xamarinwatchos))
      System.Runtime.InteropServices (>= 4.3) - restriction: && (< monotouch) (< net46) (>= netstandard1.4) (< xamarinios) (< xamarinmac) (< xamarintvos) (< xamarinwatchos)
      System.Text.Encoding (>= 4.3) - restriction: || (&& (< monoandroid) (< net46) (>= netstandard1.3) (< netstandard1.4)) (&& (< monotouch) (< net46) (>= netstandard1.4) (< xamarinios) (< xamarinmac) (< xamarintvos) (< xamarinwatchos))
      System.Text.Encoding.Extensions (>= 4.3) - restriction: && (< monotouch) (< net46) (>= netstandard1.4) (< xamarinios) (< xamarinmac) (< xamarintvos) (< xamarinwatchos)
      System.Threading (>= 4.3) - restriction: && (< monotouch) (< net46) (>= netstandard1.4) (< xamarinios) (< xamarinmac) (< xamarintvos) (< xamarinwatchos)
      System.Threading.Tasks (>= 4.3) - restriction: && (< monotouch) (< net46) (>= netstandard1.4) (< xamarinios) (< xamarinmac) (< xamarintvos) (< xamarinwatchos)
      System.Threading.Thread (>= 4.3) - restriction: && (< monotouch) (< net46) (>= netstandard1.4) (< xamarinios) (< xamarinmac) (< xamarintvos) (< xamarinwatchos)
      System.Threading.ThreadPool (>= 4.3) - restriction: && (< monotouch) (< net46) (>= netstandard1.4) (< xamarinios) (< xamarinmac) (< xamarintvos) (< xamarinwatchos)
    System.Diagnostics.Tools (4.3) - restriction: || (&& (< net45) (>= netstandard1.6)) (&& (>= netstandard1.6) (< portable-net45+win8+wpa81)) (&& (>= netstandard1.6) (>= uap10.0))
      Microsoft.NETCore.Platforms (>= 1.1) - restriction: || (&& (< monotouch) (< net45) (>= netstandard1.0) (< win8) (< wp8) (< wpa81) (< xamarinios) (< xamarinmac) (< xamarintvos) (< xamarinwatchos)) (< portable-net45+win8+wp8+wpa81)
      Microsoft.NETCore.Targets (>= 1.1) - restriction: || (&& (< monotouch) (< net45) (>= netstandard1.0) (< win8) (< wp8) (< wpa81) (< xamarinios) (< xamarinmac) (< xamarintvos) (< xamarinwatchos)) (< portable-net45+win8+wp8+wpa81)
      System.Runtime (>= 4.3) - restriction: || (&& (< monotouch) (< net45) (>= netstandard1.0) (< win8) (< wp8) (< wpa81) (< xamarinios) (< xamarinmac) (< xamarintvos) (< xamarinwatchos)) (< portable-net45+win8+wp8+wpa81)
    System.Diagnostics.TraceSource (4.3) - restriction: >= netcoreapp2.0
      Microsoft.NETCore.Platforms (>= 1.1) - restriction: && (< monotouch) (< net46) (>= netstandard1.3) (< xamarinios) (< xamarinmac) (< xamarintvos) (< xamarinwatchos)
      runtime.native.System (>= 4.3) - restriction: && (< monotouch) (< net46) (>= netstandard1.3) (< xamarinios) (< xamarinmac) (< xamarintvos) (< xamarinwatchos)
      System.Collections (>= 4.3) - restriction: && (< monotouch) (< net46) (>= netstandard1.3) (< xamarinios) (< xamarinmac) (< xamarintvos) (< xamarinwatchos)
      System.Diagnostics.Debug (>= 4.3) - restriction: && (< monotouch) (< net46) (>= netstandard1.3) (< xamarinios) (< xamarinmac) (< xamarintvos) (< xamarinwatchos)
      System.Globalization (>= 4.3) - restriction: && (< monotouch) (< net46) (>= netstandard1.3) (< xamarinios) (< xamarinmac) (< xamarintvos) (< xamarinwatchos)
      System.Resources.ResourceManager (>= 4.3) - restriction: && (< monotouch) (< net46) (>= netstandard1.3) (< xamarinios) (< xamarinmac) (< xamarintvos) (< xamarinwatchos)
      System.Runtime (>= 4.3) - restriction: && (< monotouch) (< net46) (>= netstandard1.3) (< xamarinios) (< xamarinmac) (< xamarintvos) (< xamarinwatchos)
      System.Runtime.Extensions (>= 4.3) - restriction: && (< monotouch) (< net46) (>= netstandard1.3) (< xamarinios) (< xamarinmac) (< xamarintvos) (< xamarinwatchos)
      System.Threading (>= 4.3) - restriction: && (< monotouch) (< net46) (>= netstandard1.3) (< xamarinios) (< xamarinmac) (< xamarintvos) (< xamarinwatchos)
    System.Diagnostics.Tracing (4.3) - restriction: || (&& (< monoandroid) (< net45) (< netstandard1.4) (>= netstandard1.6)) (&& (< monoandroid) (< net45) (< netstandard1.5) (>= netstandard1.6)) (&& (< monotouch) (< net45) (>= netstandard1.6) (< xamarinios) (< xamarinmac) (< xamarintvos) (< xamarinwatchos)) (&& (< net45) (>= net46) (< netstandard1.4) (>= netstandard1.6)) (&& (< net45) (< netstandard1.3) (>= netstandard1.6)) (&& (< net45) (>= netstandard1.6) (< portable-net451+win81+wpa81)) (&& (>= netstandard1.6) (< portable-net45+win8+wp8+wpa81)) (&& (>= netstandard1.6) (< portable-net45+win8+wpa81)) (&& (>= netstandard1.6) (>= uap10.0))
      Microsoft.NETCore.Platforms (>= 1.1) - restriction: || (&& (< monoandroid) (< net45) (>= netstandard1.1) (< netstandard1.2) (< win8)) (&& (< monoandroid) (< net45) (>= netstandard1.2) (< netstandard1.3) (< win8) (< wpa81)) (&& (< monoandroid) (< net45) (>= netstandard1.3) (< netstandard1.5) (< win8) (< wpa81)) (&& (< monotouch) (< net45) (>= netstandard1.5) (< xamarinios) (< xamarinmac) (< xamarintvos) (< xamarinwatchos)) (< portable-net45+win8+wpa81)
      Microsoft.NETCore.Targets (>= 1.1) - restriction: || (&& (< monoandroid) (< net45) (>= netstandard1.1) (< netstandard1.2) (< win8)) (&& (< monoandroid) (< net45) (>= netstandard1.2) (< netstandard1.3) (< win8) (< wpa81)) (&& (< monoandroid) (< net45) (>= netstandard1.3) (< netstandard1.5) (< win8) (< wpa81)) (&& (< monotouch) (< net45) (>= netstandard1.5) (< xamarinios) (< xamarinmac) (< xamarintvos) (< xamarinwatchos)) (< portable-net45+win8+wpa81)
      System.Runtime (>= 4.3) - restriction: || (&& (< monoandroid) (< net45) (>= netstandard1.1) (< netstandard1.2) (< win8)) (&& (< monoandroid) (< net45) (>= netstandard1.2) (< netstandard1.3) (< win8) (< wpa81)) (&& (< monoandroid) (< net45) (>= netstandard1.3) (< netstandard1.5) (< win8) (< wpa81)) (&& (< monotouch) (< net45) (>= netstandard1.5) (< xamarinios) (< xamarinmac) (< xamarintvos) (< xamarinwatchos)) (< portable-net45+win8+wpa81)
    System.Globalization (4.3) - restriction: || (&& (< net45) (>= netstandard1.6)) (>= netcoreapp2.0) (&& (>= netstandard1.6) (< portable-net45+win8+wp8+wpa81)) (&& (>= netstandard1.6) (< portable-net45+win8+wpa81)) (&& (>= netstandard1.6) (>= uap10.0))
      Microsoft.NETCore.Platforms (>= 1.1) - restriction: || (&& (< monoandroid) (< net45) (>= netstandard1.0) (< netstandard1.3) (< win8) (< wp8) (< wpa81)) (&& (< monotouch) (< net45) (>= netstandard1.3) (< win8) (< wpa81) (< xamarinios) (< xamarinmac) (< xamarintvos) (< xamarinwatchos)) (< portable-net45+win8+wp8+wpa81)
      Microsoft.NETCore.Targets (>= 1.1) - restriction: || (&& (< monoandroid) (< net45) (>= netstandard1.0) (< netstandard1.3) (< win8) (< wp8) (< wpa81)) (&& (< monotouch) (< net45) (>= netstandard1.3) (< win8) (< wpa81) (< xamarinios) (< xamarinmac) (< xamarintvos) (< xamarinwatchos)) (< portable-net45+win8+wp8+wpa81)
      System.Runtime (>= 4.3) - restriction: || (&& (< monoandroid) (< net45) (>= netstandard1.0) (< netstandard1.3) (< win8) (< wp8) (< wpa81)) (&& (< monotouch) (< net45) (>= netstandard1.3) (< win8) (< wpa81) (< xamarinios) (< xamarinmac) (< xamarintvos) (< xamarinwatchos)) (< portable-net45+win8+wp8+wpa81)
    System.Globalization.Calendars (4.3) - restriction: || (&& (< monoandroid) (< net45) (< netstandard1.3) (>= netstandard1.6)) (&& (< monoandroid) (< net45) (< netstandard1.4) (>= netstandard1.6)) (&& (< monoandroid) (< net45) (< netstandard1.5) (>= netstandard1.6)) (&& (< monotouch) (< net45) (>= netstandard1.6) (< xamarinios) (< xamarinmac) (< xamarintvos) (< xamarinwatchos)) (&& (< net45) (>= net46) (>= netstandard1.6)) (&& (< net45) (>= netstandard1.6) (< portable-net451+win81+wpa81)) (&& (>= net46) (< netstandard1.3) (>= netstandard1.6)) (&& (>= net46) (< netstandard1.4) (>= netstandard1.6)) (&& (>= netstandard1.6) (< portable-net45+win8+wp8+wpa81)) (&& (>= netstandard1.6) (< portable-net45+win8+wpa81)) (&& (>= netstandard1.6) (>= uap10.0))
      Microsoft.NETCore.Platforms (>= 1.1) - restriction: && (< monotouch) (< net46) (>= netstandard1.3) (< xamarinios) (< xamarinmac) (< xamarintvos) (< xamarinwatchos)
      Microsoft.NETCore.Targets (>= 1.1) - restriction: && (< monotouch) (< net46) (>= netstandard1.3) (< xamarinios) (< xamarinmac) (< xamarintvos) (< xamarinwatchos)
      System.Globalization (>= 4.3) - restriction: && (< monotouch) (< net46) (>= netstandard1.3) (< xamarinios) (< xamarinmac) (< xamarintvos) (< xamarinwatchos)
      System.Runtime (>= 4.3) - restriction: && (< monotouch) (< net46) (>= netstandard1.3) (< xamarinios) (< xamarinmac) (< xamarintvos) (< xamarinwatchos)
    System.Globalization.Extensions (4.3) - restriction: || (&& (< monoandroid) (< net45) (< netstandard1.3) (>= netstandard1.6)) (&& (< monoandroid) (< net45) (< netstandard1.4) (>= netstandard1.6)) (&& (< monoandroid) (< net45) (< netstandard1.5) (>= netstandard1.6)) (&& (< monotouch) (< net45) (>= netstandard1.6) (< xamarinios) (< xamarinmac) (< xamarintvos) (< xamarinwatchos)) (&& (< net45) (>= net46) (< netstandard1.4) (>= netstandard1.6)) (&& (< net45) (>= netstandard1.6) (< portable-net451+win81+wpa81)) (>= netcoreapp2.0) (&& (>= netstandard1.6) (< portable-net45+win8+wp8+wpa81)) (&& (>= netstandard1.6) (>= uap10.0))
      Microsoft.NETCore.Platforms (>= 1.1) - restriction: && (< monotouch) (< net46) (>= netstandard1.3) (< xamarinios) (< xamarinmac) (< xamarintvos) (< xamarinwatchos)
      System.Globalization (>= 4.3) - restriction: && (< monotouch) (< net46) (>= netstandard1.3) (< xamarinios) (< xamarinmac) (< xamarintvos) (< xamarinwatchos)
      System.Resources.ResourceManager (>= 4.3) - restriction: && (< monotouch) (< net46) (>= netstandard1.3) (< xamarinios) (< xamarinmac) (< xamarintvos) (< xamarinwatchos)
      System.Runtime (>= 4.3) - restriction: && (< monotouch) (< net46) (>= netstandard1.3) (< xamarinios) (< xamarinmac) (< xamarintvos) (< xamarinwatchos)
      System.Runtime.Extensions (>= 4.3) - restriction: && (< monotouch) (< net46) (>= netstandard1.3) (< xamarinios) (< xamarinmac) (< xamarintvos) (< xamarinwatchos)
      System.Runtime.InteropServices (>= 4.3) - restriction: && (< monotouch) (< net46) (>= netstandard1.3) (< xamarinios) (< xamarinmac) (< xamarintvos) (< xamarinwatchos)
    System.IO (4.3) - restriction: || (&& (< monoandroid) (< netstandard1.1) (>= netstandard1.6)) (&& (< net45) (>= netstandard1.6)) (&& (>= net46) (< netstandard1.3) (>= netstandard1.6)) (&& (>= net463) (< netstandard1.4) (>= netstandard1.6)) (>= netcoreapp2.0) (&& (>= netstandard1.6) (< portable-net45+win8+wp8+wpa81)) (&& (>= netstandard1.6) (< portable-net45+win8+wpa81)) (&& (>= netstandard1.6) (>= uap10.0))
      Microsoft.NETCore.Platforms (>= 1.1) - restriction: || (&& (< monoandroid) (< net45) (>= netstandard1.0) (< netstandard1.3) (< win8) (< wp8) (< wpa81)) (&& (< monoandroid) (< net45) (>= netstandard1.3) (< netstandard1.5) (< win8) (< wpa81)) (&& (< monotouch) (< net45) (>= netstandard1.5) (< xamarinios) (< xamarinmac) (< xamarintvos) (< xamarinwatchos)) (< portable-net45+win8+wp8+wpa81)
      Microsoft.NETCore.Targets (>= 1.1) - restriction: || (&& (< monoandroid) (< net45) (>= netstandard1.0) (< netstandard1.3) (< win8) (< wp8) (< wpa81)) (&& (< monoandroid) (< net45) (>= netstandard1.3) (< netstandard1.5) (< win8) (< wpa81)) (&& (< monotouch) (< net45) (>= netstandard1.5) (< xamarinios) (< xamarinmac) (< xamarintvos) (< xamarinwatchos)) (< portable-net45+win8+wp8+wpa81)
      System.Runtime (>= 4.3) - restriction: || (&& (< monoandroid) (< net45) (>= netstandard1.0) (< netstandard1.3) (< win8) (< wp8) (< wpa81)) (&& (< monoandroid) (< net45) (>= netstandard1.3) (< netstandard1.5) (< win8) (< wpa81)) (&& (< monotouch) (< net45) (>= netstandard1.5) (< xamarinios) (< xamarinmac) (< xamarintvos) (< xamarinwatchos)) (< portable-net45+win8+wp8+wpa81)
      System.Text.Encoding (>= 4.3) - restriction: || (&& (< monoandroid) (< net45) (>= netstandard1.0) (< netstandard1.3) (< win8) (< wp8) (< wpa81)) (&& (< monoandroid) (< net45) (>= netstandard1.3) (< netstandard1.5) (< win8) (< wpa81)) (&& (< monotouch) (< net45) (>= netstandard1.5) (< xamarinios) (< xamarinmac) (< xamarintvos) (< xamarinwatchos)) (< portable-net45+win8+wp8+wpa81)
      System.Threading.Tasks (>= 4.3) - restriction: || (&& (< monoandroid) (< net45) (>= netstandard1.0) (< netstandard1.3) (< win8) (< wp8) (< wpa81)) (&& (< monoandroid) (< net45) (>= netstandard1.3) (< netstandard1.5) (< win8) (< wpa81)) (&& (< monotouch) (< net45) (>= netstandard1.5) (< xamarinios) (< xamarinmac) (< xamarintvos) (< xamarinwatchos)) (< portable-net45+win8+wp8+wpa81)
    System.IO.Compression (4.3) - restriction: || (&& (< monoandroid) (< net45) (< netstandard1.3) (>= netstandard1.6)) (&& (< monoandroid) (< net45) (< netstandard1.4) (>= netstandard1.6)) (&& (< monoandroid) (< net45) (< netstandard1.5) (>= netstandard1.6)) (&& (< monotouch) (< net45) (>= netstandard1.6) (< netstandard2.0) (< xamarinios) (< xamarinmac) (< xamarintvos) (< xamarinwatchos)) (&& (< net45) (>= netstandard1.6) (< portable-net451+win81+wpa81)) (&& (>= net46) (< netstandard1.4) (>= netstandard1.6)) (&& (>= netstandard1.6) (>= uap10.0))
      Microsoft.NETCore.Platforms (>= 1.1) - restriction: && (< monotouch) (< net45) (>= netstandard1.3) (< win8) (< wpa81) (< xamarinios) (< xamarinmac) (< xamarintvos) (< xamarinwatchos)
      runtime.native.System (>= 4.3) - restriction: && (< monotouch) (< net45) (>= netstandard1.3) (< win8) (< wpa81) (< xamarinios) (< xamarinmac) (< xamarintvos) (< xamarinwatchos)
      runtime.native.System.IO.Compression (>= 4.3) - restriction: || (&& (< monotouch) (< net45) (>= netstandard1.3) (< win8) (< wpa81) (< xamarinios) (< xamarinmac) (< xamarintvos) (< xamarinwatchos)) (< portable-net45+win8+wpa81)
      System.Buffers (>= 4.3) - restriction: || (&& (< monotouch) (< net45) (>= netstandard1.3) (< win8) (< wpa81) (< xamarinios) (< xamarinmac) (< xamarintvos) (< xamarinwatchos)) (< portable-net45+win8+wpa81)
      System.Collections (>= 4.3) - restriction: || (&& (< monotouch) (< net45) (>= netstandard1.3) (< win8) (< wpa81) (< xamarinios) (< xamarinmac) (< xamarintvos) (< xamarinwatchos)) (< portable-net45+win8+wpa81)
      System.Diagnostics.Debug (>= 4.3) - restriction: || (&& (< monotouch) (< net45) (>= netstandard1.3) (< win8) (< wpa81) (< xamarinios) (< xamarinmac) (< xamarintvos) (< xamarinwatchos)) (< portable-net45+win8+wpa81)
      System.IO (>= 4.3) - restriction: || (&& (< monoandroid) (< net45) (>= netstandard1.1) (< netstandard1.3) (< win8) (< wpa81)) (&& (< monotouch) (< net45) (>= netstandard1.3) (< win8) (< wpa81) (< xamarinios) (< xamarinmac) (< xamarintvos) (< xamarinwatchos)) (< portable-net45+win8+wpa81)
      System.Resources.ResourceManager (>= 4.3) - restriction: || (&& (< monotouch) (< net45) (>= netstandard1.3) (< win8) (< wpa81) (< xamarinios) (< xamarinmac) (< xamarintvos) (< xamarinwatchos)) (< portable-net45+win8+wpa81)
      System.Runtime (>= 4.3) - restriction: || (&& (< monoandroid) (< net45) (>= netstandard1.1) (< netstandard1.3) (< win8) (< wpa81)) (&& (< monotouch) (< net45) (>= netstandard1.3) (< win8) (< wpa81) (< xamarinios) (< xamarinmac) (< xamarintvos) (< xamarinwatchos)) (< portable-net45+win8+wpa81)
      System.Runtime.Extensions (>= 4.3) - restriction: || (&& (< monotouch) (< net45) (>= netstandard1.3) (< win8) (< wpa81) (< xamarinios) (< xamarinmac) (< xamarintvos) (< xamarinwatchos)) (< portable-net45+win8+wpa81)
      System.Runtime.Handles (>= 4.3) - restriction: || (&& (< monotouch) (< net45) (>= netstandard1.3) (< win8) (< wpa81) (< xamarinios) (< xamarinmac) (< xamarintvos) (< xamarinwatchos)) (< portable-net45+win8+wpa81)
      System.Runtime.InteropServices (>= 4.3) - restriction: || (&& (< monotouch) (< net45) (>= netstandard1.3) (< win8) (< wpa81) (< xamarinios) (< xamarinmac) (< xamarintvos) (< xamarinwatchos)) (< portable-net45+win8+wpa81)
      System.Text.Encoding (>= 4.3) - restriction: || (&& (< monoandroid) (< net45) (>= netstandard1.1) (< netstandard1.3) (< win8) (< wpa81)) (&& (< monotouch) (< net45) (>= netstandard1.3) (< win8) (< wpa81) (< xamarinios) (< xamarinmac) (< xamarintvos) (< xamarinwatchos)) (< portable-net45+win8+wpa81)
      System.Threading (>= 4.3) - restriction: || (&& (< monotouch) (< net45) (>= netstandard1.3) (< win8) (< wpa81) (< xamarinios) (< xamarinmac) (< xamarintvos) (< xamarinwatchos)) (< portable-net45+win8+wpa81)
      System.Threading.Tasks (>= 4.3) - restriction: || (&& (< monotouch) (< net45) (>= netstandard1.3) (< win8) (< wpa81) (< xamarinios) (< xamarinmac) (< xamarintvos) (< xamarinwatchos)) (< portable-net45+win8+wpa81)
    System.IO.Compression.ZipFile (4.3) - restriction: || (&& (< monoandroid) (< net45) (< netstandard1.4) (>= netstandard1.6)) (&& (< monoandroid) (< net45) (< netstandard1.5) (>= netstandard1.6)) (&& (< monotouch) (< net45) (>= netstandard1.6) (< netstandard2.0) (< xamarinios) (< xamarinmac) (< xamarintvos) (< xamarinwatchos)) (&& (>= net46) (< netstandard1.4) (>= netstandard1.6)) (&& (>= netstandard1.6) (>= uap10.0))
      System.Buffers (>= 4.3) - restriction: && (< monotouch) (< net46) (>= netstandard1.3) (< xamarinios) (< xamarinmac) (< xamarintvos) (< xamarinwatchos)
      System.IO (>= 4.3) - restriction: && (< monotouch) (< net46) (>= netstandard1.3) (< xamarinios) (< xamarinmac) (< xamarintvos) (< xamarinwatchos)
      System.IO.Compression (>= 4.3) - restriction: && (< monotouch) (< net46) (>= netstandard1.3) (< xamarinios) (< xamarinmac) (< xamarintvos) (< xamarinwatchos)
      System.IO.FileSystem (>= 4.3) - restriction: && (< monotouch) (< net46) (>= netstandard1.3) (< xamarinios) (< xamarinmac) (< xamarintvos) (< xamarinwatchos)
      System.IO.FileSystem.Primitives (>= 4.3) - restriction: && (< monotouch) (< net46) (>= netstandard1.3) (< xamarinios) (< xamarinmac) (< xamarintvos) (< xamarinwatchos)
      System.Resources.ResourceManager (>= 4.3) - restriction: && (< monotouch) (< net46) (>= netstandard1.3) (< xamarinios) (< xamarinmac) (< xamarintvos) (< xamarinwatchos)
      System.Runtime (>= 4.3) - restriction: && (< monotouch) (< net46) (>= netstandard1.3) (< xamarinios) (< xamarinmac) (< xamarintvos) (< xamarinwatchos)
      System.Runtime.Extensions (>= 4.3) - restriction: && (< monotouch) (< net46) (>= netstandard1.3) (< xamarinios) (< xamarinmac) (< xamarintvos) (< xamarinwatchos)
      System.Text.Encoding (>= 4.3) - restriction: && (< monotouch) (< net46) (>= netstandard1.3) (< xamarinios) (< xamarinmac) (< xamarintvos) (< xamarinwatchos)
    System.IO.FileSystem (4.3) - restriction: || (&& (< monoandroid) (< net45) (< netstandard1.3) (>= netstandard1.6)) (&& (< monoandroid) (< net45) (< netstandard1.4) (>= netstandard1.6)) (&& (< monoandroid) (< net45) (< netstandard1.5) (>= netstandard1.6)) (&& (< monotouch) (< net45) (>= netstandard1.6) (< xamarinios) (< xamarinmac) (< xamarintvos) (< xamarinwatchos)) (&& (< net45) (>= netstandard1.6) (< portable-net451+win81+wpa81)) (&& (>= net46) (< netstandard1.4) (>= netstandard1.6)) (>= netcoreapp2.0) (&& (>= netstandard1.6) (< portable-net45+win8+wp8+wpa81)) (&& (>= netstandard1.6) (< portable-net45+win8+wpa81)) (&& (>= netstandard1.6) (>= uap10.0))
      Microsoft.NETCore.Platforms (>= 1.1) - restriction: && (< monotouch) (< net46) (>= netstandard1.3) (< xamarinios) (< xamarinmac) (< xamarintvos) (< xamarinwatchos)
      Microsoft.NETCore.Targets (>= 1.1) - restriction: && (< monotouch) (< net46) (>= netstandard1.3) (< xamarinios) (< xamarinmac) (< xamarintvos) (< xamarinwatchos)
      System.IO (>= 4.3) - restriction: && (< monotouch) (< net46) (>= netstandard1.3) (< xamarinios) (< xamarinmac) (< xamarintvos) (< xamarinwatchos)
      System.IO.FileSystem.Primitives (>= 4.3) - restriction: || (&& (< monotouch) (>= netstandard1.3) (< xamarinios) (< xamarinmac) (< xamarintvos) (< xamarinwatchos)) (>= net46)
      System.Runtime (>= 4.3) - restriction: && (< monotouch) (< net46) (>= netstandard1.3) (< xamarinios) (< xamarinmac) (< xamarintvos) (< xamarinwatchos)
      System.Runtime.Handles (>= 4.3) - restriction: && (< monotouch) (< net46) (>= netstandard1.3) (< xamarinios) (< xamarinmac) (< xamarintvos) (< xamarinwatchos)
      System.Text.Encoding (>= 4.3) - restriction: && (< monotouch) (< net46) (>= netstandard1.3) (< xamarinios) (< xamarinmac) (< xamarintvos) (< xamarinwatchos)
      System.Threading.Tasks (>= 4.3) - restriction: && (< monotouch) (< net46) (>= netstandard1.3) (< xamarinios) (< xamarinmac) (< xamarintvos) (< xamarinwatchos)
    System.IO.FileSystem.Primitives (4.3) - restriction: || (&& (< monoandroid) (< net45) (< netstandard1.3) (>= netstandard1.6)) (&& (< monoandroid) (< net45) (< netstandard1.4) (>= netstandard1.6)) (&& (< monoandroid) (< net45) (< netstandard1.5) (>= netstandard1.6)) (&& (< monotouch) (< net45) (>= netstandard1.6) (< xamarinios) (< xamarinmac) (< xamarintvos) (< xamarinwatchos)) (&& (< net45) (>= net46) (>= netstandard1.6)) (&& (< net45) (>= netstandard1.6) (< portable-net451+win81+wpa81)) (&& (>= net46) (< netstandard1.4) (>= netstandard1.6)) (>= netcoreapp2.0) (&& (>= netstandard1.6) (< portable-net45+win8+wp8+wpa81)) (&& (>= netstandard1.6) (< portable-net45+win8+wpa81)) (&& (>= netstandard1.6) (>= uap10.0))
      System.Runtime (>= 4.3) - restriction: && (< monotouch) (< net46) (>= netstandard1.3) (< xamarinios) (< xamarinmac) (< xamarintvos) (< xamarinwatchos)
    System.Linq (4.3) - restriction: || (&& (< net45) (>= netstandard1.6)) (>= netcoreapp2.0) (&& (>= netstandard1.6) (< portable-net45+win8+wp8+wpa81)) (&& (>= netstandard1.6) (< portable-net45+win8+wpa81)) (&& (>= netstandard1.6) (>= uap10.0))
      System.Collections (>= 4.3) - restriction: || (&& (< monoandroid) (< net45) (>= netstandard1.0) (< netstandard1.6) (< win8) (< wp8) (< wpa81)) (&& (< monotouch) (< net45) (>= netstandard1.6) (< xamarinios) (< xamarinmac) (< xamarintvos) (< xamarinwatchos)) (< portable-net45+win8+wp8+wpa81)
      System.Diagnostics.Debug (>= 4.3) - restriction: || (&& (< monotouch) (< net45) (>= netstandard1.6) (< xamarinios) (< xamarinmac) (< xamarintvos) (< xamarinwatchos)) (< portable-net45+win8+wp8+wpa81)
      System.Resources.ResourceManager (>= 4.3) - restriction: || (&& (< monotouch) (< net45) (>= netstandard1.6) (< xamarinios) (< xamarinmac) (< xamarintvos) (< xamarinwatchos)) (< portable-net45+win8+wp8+wpa81)
      System.Runtime (>= 4.3) - restriction: || (&& (< monoandroid) (< net45) (>= netstandard1.0) (< netstandard1.6) (< win8) (< wp8) (< wpa81)) (&& (< monotouch) (< net45) (>= netstandard1.6) (< xamarinios) (< xamarinmac) (< xamarintvos) (< xamarinwatchos)) (< portable-net45+win8+wp8+wpa81)
      System.Runtime.Extensions (>= 4.3) - restriction: || (&& (< monotouch) (< net45) (>= netstandard1.6) (< xamarinios) (< xamarinmac) (< xamarintvos) (< xamarinwatchos)) (< portable-net45+win8+wp8+wpa81)
    System.Linq.Expressions (4.3) - restriction: || (&& (< net45) (>= netstandard1.6)) (&& (>= netstandard1.6) (< portable-net45+win8+wp8+wpa81)) (&& (>= netstandard1.6) (< portable-net45+win8+wpa81)) (&& (>= netstandard1.6) (>= uap10.0))
      System.Collections (>= 4.3) - restriction: || (&& (< monotouch) (< net45) (>= netstandard1.6) (< xamarinios) (< xamarinmac) (< xamarintvos) (< xamarinwatchos)) (< portable-net45+win8+wp8+wpa81)
      System.Diagnostics.Debug (>= 4.3) - restriction: || (&& (< monotouch) (< net45) (>= netstandard1.6) (< xamarinios) (< xamarinmac) (< xamarintvos) (< xamarinwatchos)) (< portable-net45+win8+wp8+wpa81)
      System.Globalization (>= 4.3) - restriction: || (&& (< monotouch) (< net45) (>= netstandard1.6) (< xamarinios) (< xamarinmac) (< xamarintvos) (< xamarinwatchos)) (< portable-net45+win8+wp8+wpa81)
      System.IO (>= 4.3) - restriction: || (&& (< monotouch) (< net45) (>= netstandard1.6) (< xamarinios) (< xamarinmac) (< xamarintvos) (< xamarinwatchos)) (< portable-net45+win8+wp8+wpa81)
      System.Linq (>= 4.3) - restriction: || (&& (< monotouch) (< net45) (>= netstandard1.6) (< xamarinios) (< xamarinmac) (< xamarintvos) (< xamarinwatchos)) (< portable-net45+win8+wp8+wpa81)
      System.ObjectModel (>= 4.3) - restriction: && (< monotouch) (< net45) (>= netstandard1.6) (< xamarinios) (< xamarinmac) (< xamarintvos) (< xamarinwatchos)
      System.Reflection (>= 4.3) - restriction: || (&& (< monoandroid) (< net45) (>= netstandard1.0) (< netstandard1.3) (< win8) (< wp8) (< wpa81)) (&& (< monoandroid) (< net45) (>= netstandard1.3) (< netstandard1.6) (< win8) (< wpa81)) (&& (< monotouch) (< net45) (>= netstandard1.6) (< xamarinios) (< xamarinmac) (< xamarintvos) (< xamarinwatchos)) (< portable-net45+win8+wp8+wpa81)
      System.Reflection.Emit (>= 4.3) - restriction: && (< monotouch) (< net45) (>= netstandard1.6) (< xamarinios) (< xamarinmac) (< xamarintvos) (< xamarinwatchos)
      System.Reflection.Emit.ILGeneration (>= 4.3) - restriction: || (&& (< monotouch) (< net45) (>= netstandard1.6) (< xamarinios) (< xamarinmac) (< xamarintvos) (< xamarinwatchos)) (< portable-net45+win8+wp8+wpa81)
      System.Reflection.Emit.Lightweight (>= 4.3) - restriction: || (&& (< monotouch) (< net45) (>= netstandard1.6) (< xamarinios) (< xamarinmac) (< xamarintvos) (< xamarinwatchos)) (< portable-net45+win8+wp8+wpa81)
      System.Reflection.Extensions (>= 4.3) - restriction: || (&& (< monotouch) (< net45) (>= netstandard1.6) (< xamarinios) (< xamarinmac) (< xamarintvos) (< xamarinwatchos)) (< portable-net45+win8+wp8+wpa81)
      System.Reflection.Primitives (>= 4.3) - restriction: || (&& (< monotouch) (< net45) (>= netstandard1.6) (< xamarinios) (< xamarinmac) (< xamarintvos) (< xamarinwatchos)) (< portable-net45+win8+wp8+wpa81)
      System.Reflection.TypeExtensions (>= 4.3) - restriction: || (&& (< monotouch) (< net45) (>= netstandard1.6) (< xamarinios) (< xamarinmac) (< xamarintvos) (< xamarinwatchos)) (< portable-net45+win8+wp8+wpa81)
      System.Resources.ResourceManager (>= 4.3) - restriction: || (&& (< monotouch) (< net45) (>= netstandard1.6) (< xamarinios) (< xamarinmac) (< xamarintvos) (< xamarinwatchos)) (< portable-net45+win8+wp8+wpa81)
      System.Runtime (>= 4.3) - restriction: || (&& (< monoandroid) (< net45) (>= netstandard1.0) (< netstandard1.3) (< win8) (< wp8) (< wpa81)) (&& (< monoandroid) (< net45) (>= netstandard1.3) (< netstandard1.6) (< win8) (< wpa81)) (&& (< monotouch) (< net45) (>= netstandard1.6) (< xamarinios) (< xamarinmac) (< xamarintvos) (< xamarinwatchos)) (< portable-net45+win8+wp8+wpa81)
      System.Runtime.Extensions (>= 4.3) - restriction: || (&& (< monotouch) (< net45) (>= netstandard1.6) (< xamarinios) (< xamarinmac) (< xamarintvos) (< xamarinwatchos)) (< portable-net45+win8+wp8+wpa81)
      System.Threading (>= 4.3) - restriction: || (&& (< monotouch) (< net45) (>= netstandard1.6) (< xamarinios) (< xamarinmac) (< xamarintvos) (< xamarinwatchos)) (< portable-net45+win8+wp8+wpa81)
    System.Linq.Queryable (4.3) - restriction: && (< net45) (>= netstandard1.6)
      System.Collections (>= 4.3) - restriction: || (&& (< monotouch) (< net45) (>= netstandard1.3) (< win8) (< wpa81) (< xamarinios) (< xamarinmac) (< xamarintvos) (< xamarinwatchos)) (< portable-net45+win8+wp8+wpa81)
      System.Diagnostics.Debug (>= 4.3) - restriction: || (&& (< monotouch) (< net45) (>= netstandard1.3) (< win8) (< wpa81) (< xamarinios) (< xamarinmac) (< xamarintvos) (< xamarinwatchos)) (< portable-net45+win8+wp8+wpa81)
      System.Linq (>= 4.3) - restriction: || (&& (< monoandroid) (< net45) (>= netstandard1.0) (< netstandard1.3) (< win8) (< wp8) (< wpa81)) (&& (< monotouch) (< net45) (>= netstandard1.3) (< win8) (< wpa81) (< xamarinios) (< xamarinmac) (< xamarintvos) (< xamarinwatchos)) (< portable-net45+win8+wp8+wpa81)
      System.Linq.Expressions (>= 4.3) - restriction: || (&& (< monoandroid) (< net45) (>= netstandard1.0) (< netstandard1.3) (< win8) (< wp8) (< wpa81)) (&& (< monotouch) (< net45) (>= netstandard1.3) (< win8) (< wpa81) (< xamarinios) (< xamarinmac) (< xamarintvos) (< xamarinwatchos)) (< portable-net45+win8+wp8+wpa81)
      System.Reflection (>= 4.3) - restriction: || (&& (< monotouch) (< net45) (>= netstandard1.3) (< win8) (< wpa81) (< xamarinios) (< xamarinmac) (< xamarintvos) (< xamarinwatchos)) (< portable-net45+win8+wp8+wpa81)
      System.Reflection.Extensions (>= 4.3) - restriction: || (&& (< monotouch) (< net45) (>= netstandard1.3) (< win8) (< wpa81) (< xamarinios) (< xamarinmac) (< xamarintvos) (< xamarinwatchos)) (< portable-net45+win8+wp8+wpa81)
      System.Resources.ResourceManager (>= 4.3) - restriction: || (&& (< monotouch) (< net45) (>= netstandard1.3) (< win8) (< wpa81) (< xamarinios) (< xamarinmac) (< xamarintvos) (< xamarinwatchos)) (< portable-net45+win8+wp8+wpa81)
      System.Runtime (>= 4.3) - restriction: || (&& (< monoandroid) (< net45) (>= netstandard1.0) (< netstandard1.3) (< win8) (< wp8) (< wpa81)) (&& (< monotouch) (< net45) (>= netstandard1.3) (< win8) (< wpa81) (< xamarinios) (< xamarinmac) (< xamarintvos) (< xamarinwatchos)) (< portable-net45+win8+wp8+wpa81)
    System.Net.Http (4.3.3) - restriction: || (&& (< monoandroid) (< net45) (< netstandard1.3) (>= netstandard1.6)) (&& (< monoandroid) (< net45) (< netstandard1.4) (>= netstandard1.6)) (&& (< monoandroid) (< net45) (< netstandard1.5) (>= netstandard1.6)) (&& (< monotouch) (< net45) (>= netstandard1.6) (< xamarinios) (< xamarinmac) (< xamarintvos) (< xamarinwatchos)) (&& (< net45) (>= netstandard1.6) (< portable-net451+win81+wpa81)) (&& (>= net46) (< netstandard1.4) (>= netstandard1.6)) (&& (>= netstandard1.6) (< portable-net45+win8+wp8+wpa81)) (&& (>= netstandard1.6) (>= uap10.0))
      Microsoft.NETCore.Platforms (>= 1.1) - restriction: || (&& (< monoandroid) (< net45) (>= netstandard1.3) (< netstandard1.6) (< win8) (< wpa81)) (&& (< monotouch) (< net45) (>= netstandard1.6) (< xamarinios) (< xamarinmac) (< xamarintvos) (< xamarinwatchos)) (< portable-net45+win8+wpa81)
      runtime.native.System (>= 4.3) - restriction: && (< monotouch) (< net45) (>= netstandard1.6) (< xamarinios) (< xamarinmac) (< xamarintvos) (< xamarinwatchos)
      runtime.native.System.Net.Http (>= 4.3) - restriction: && (< monotouch) (< net45) (>= netstandard1.6) (< xamarinios) (< xamarinmac) (< xamarintvos) (< xamarinwatchos)
      runtime.native.System.Security.Cryptography.OpenSsl (>= 4.3.2) - restriction: && (< monotouch) (< net45) (>= netstandard1.6) (< xamarinios) (< xamarinmac) (< xamarintvos) (< xamarinwatchos)
      System.Collections (>= 4.3) - restriction: || (&& (< monoandroid) (< net45) (>= netstandard1.3) (< netstandard1.6) (< win8) (< wpa81)) (&& (< monotouch) (< net45) (>= netstandard1.6) (< xamarinios) (< xamarinmac) (< xamarintvos) (< xamarinwatchos)) (< portable-net45+win8+wpa81)
      System.Diagnostics.Debug (>= 4.3) - restriction: || (&& (< monoandroid) (< net45) (>= netstandard1.3) (< netstandard1.6) (< win8) (< wpa81)) (&& (< monotouch) (< net45) (>= netstandard1.6) (< xamarinios) (< xamarinmac) (< xamarintvos) (< xamarinwatchos)) (< portable-net45+win8+wpa81)
      System.Diagnostics.DiagnosticSource (>= 4.3) - restriction: || (&& (< monoandroid) (< net45) (>= netstandard1.3) (< netstandard1.6) (< win8) (< wpa81)) (&& (< monotouch) (< net45) (>= netstandard1.6) (< xamarinios) (< xamarinmac) (< xamarintvos) (< xamarinwatchos)) (< portable-net45+win8+wpa81)
      System.Diagnostics.Tracing (>= 4.3) - restriction: || (&& (< monoandroid) (< net45) (>= netstandard1.3) (< netstandard1.6) (< win8) (< wpa81)) (&& (< monotouch) (< net45) (>= netstandard1.6) (< xamarinios) (< xamarinmac) (< xamarintvos) (< xamarinwatchos)) (< portable-net45+win8+wpa81)
      System.Globalization (>= 4.3) - restriction: || (&& (< monoandroid) (< net45) (>= netstandard1.3) (< netstandard1.6) (< win8) (< wpa81)) (&& (< monotouch) (< net45) (>= netstandard1.6) (< xamarinios) (< xamarinmac) (< xamarintvos) (< xamarinwatchos)) (< portable-net45+win8+wpa81)
      System.Globalization.Extensions (>= 4.3) - restriction: && (< monotouch) (< net45) (>= netstandard1.6) (< xamarinios) (< xamarinmac) (< xamarintvos) (< xamarinwatchos)
      System.IO (>= 4.3) - restriction: || (&& (< monoandroid) (< net45) (>= netstandard1.1) (< netstandard1.3) (< win8) (< wpa81)) (&& (< monoandroid) (< net45) (>= netstandard1.3) (< netstandard1.6) (< win8) (< wpa81)) (&& (< monotouch) (< net45) (>= netstandard1.6) (< xamarinios) (< xamarinmac) (< xamarintvos) (< xamarinwatchos)) (< portable-net45+win8+wpa81)
      System.IO.FileSystem (>= 4.3) - restriction: && (< monotouch) (< net45) (>= netstandard1.6) (< xamarinios) (< xamarinmac) (< xamarintvos) (< xamarinwatchos)
      System.Net.Primitives (>= 4.3) - restriction: || (&& (< monoandroid) (< net45) (>= netstandard1.1) (< netstandard1.3) (< win8) (< wpa81)) (&& (< monoandroid) (< net45) (>= netstandard1.3) (< netstandard1.6) (< win8) (< wpa81)) (&& (< monotouch) (< net45) (>= netstandard1.6) (< xamarinios) (< xamarinmac) (< xamarintvos) (< xamarinwatchos)) (< portable-net45+win8+wpa81)
      System.Resources.ResourceManager (>= 4.3) - restriction: || (&& (< monoandroid) (< net45) (>= netstandard1.3) (< netstandard1.6) (< win8) (< wpa81)) (&& (< monotouch) (< net45) (>= netstandard1.6) (< xamarinios) (< xamarinmac) (< xamarintvos) (< xamarinwatchos)) (< portable-net45+win8+wpa81)
      System.Runtime (>= 4.3) - restriction: || (&& (< monoandroid) (< net45) (>= netstandard1.1) (< netstandard1.3) (< win8) (< wpa81)) (&& (< monoandroid) (< net45) (>= netstandard1.3) (< netstandard1.6) (< win8) (< wpa81)) (&& (< monotouch) (< net45) (>= netstandard1.6) (< xamarinios) (< xamarinmac) (< xamarintvos) (< xamarinwatchos)) (< portable-net45+win8+wpa81)
      System.Runtime.Extensions (>= 4.3) - restriction: || (&& (< monoandroid) (< net45) (>= netstandard1.3) (< netstandard1.6) (< win8) (< wpa81)) (&& (< monotouch) (< net45) (>= netstandard1.6) (< xamarinios) (< xamarinmac) (< xamarintvos) (< xamarinwatchos)) (< portable-net45+win8+wpa81)
      System.Runtime.Handles (>= 4.3) - restriction: || (&& (< monoandroid) (< net45) (>= netstandard1.3) (< netstandard1.6) (< win8) (< wpa81)) (&& (< monotouch) (< net45) (>= netstandard1.6) (< xamarinios) (< xamarinmac) (< xamarintvos) (< xamarinwatchos))
      System.Runtime.InteropServices (>= 4.3) - restriction: || (&& (< monoandroid) (< net45) (>= netstandard1.3) (< netstandard1.6) (< win8) (< wpa81)) (&& (< monotouch) (< net45) (>= netstandard1.6) (< xamarinios) (< xamarinmac) (< xamarintvos) (< xamarinwatchos)) (< portable-net45+win8+wpa81)
      System.Security.Cryptography.Algorithms (>= 4.3) - restriction: && (< monotouch) (< net45) (>= netstandard1.6) (< xamarinios) (< xamarinmac) (< xamarintvos) (< xamarinwatchos)
      System.Security.Cryptography.Encoding (>= 4.3) - restriction: || (&& (< monoandroid) (< net45) (>= netstandard1.3) (< netstandard1.6) (< win8) (< wpa81)) (&& (< monotouch) (< net45) (>= netstandard1.6) (< xamarinios) (< xamarinmac) (< xamarintvos) (< xamarinwatchos))
      System.Security.Cryptography.OpenSsl (>= 4.3) - restriction: && (< monotouch) (< net45) (>= netstandard1.6) (< xamarinios) (< xamarinmac) (< xamarintvos) (< xamarinwatchos)
      System.Security.Cryptography.Primitives (>= 4.3) - restriction: && (< monotouch) (< net45) (>= netstandard1.6) (< xamarinios) (< xamarinmac) (< xamarintvos) (< xamarinwatchos)
      System.Security.Cryptography.X509Certificates (>= 4.3) - restriction: || (&& (< monoandroid) (< net45) (>= netstandard1.3) (< netstandard1.6) (< win8) (< wpa81)) (&& (< monotouch) (< net45) (>= netstandard1.6) (< xamarinios) (< xamarinmac) (< xamarintvos) (< xamarinwatchos)) (>= net46) (< portable-net45+win8+wpa81)
      System.Text.Encoding (>= 4.3) - restriction: || (&& (< monoandroid) (< net45) (>= netstandard1.1) (< netstandard1.3) (< win8) (< wpa81)) (&& (< monoandroid) (< net45) (>= netstandard1.3) (< netstandard1.6) (< win8) (< wpa81)) (&& (< monotouch) (< net45) (>= netstandard1.6) (< xamarinios) (< xamarinmac) (< xamarintvos) (< xamarinwatchos)) (< portable-net45+win8+wpa81)
      System.Threading (>= 4.3) - restriction: || (&& (< monoandroid) (< net45) (>= netstandard1.3) (< netstandard1.6) (< win8) (< wpa81)) (&& (< monotouch) (< net45) (>= netstandard1.6) (< xamarinios) (< xamarinmac) (< xamarintvos) (< xamarinwatchos)) (< portable-net45+win8+wpa81)
      System.Threading.Tasks (>= 4.3) - restriction: || (&& (< monoandroid) (< net45) (>= netstandard1.1) (< netstandard1.3) (< win8) (< wpa81)) (&& (< monoandroid) (< net45) (>= netstandard1.3) (< netstandard1.6) (< win8) (< wpa81)) (&& (< monotouch) (< net45) (>= netstandard1.6) (< xamarinios) (< xamarinmac) (< xamarintvos) (< xamarinwatchos)) (< portable-net45+win8+wpa81)
    System.Net.Primitives (4.3) - restriction: || (&& (< monoandroid) (< net45) (< netstandard1.3) (>= netstandard1.6)) (&& (< monoandroid) (< net45) (< netstandard1.4) (>= netstandard1.6)) (&& (< monoandroid) (< net45) (< netstandard1.5) (>= netstandard1.6)) (&& (< monoandroid) (< netstandard1.1) (>= netstandard1.6)) (&& (< monotouch) (< net45) (>= netstandard1.6) (< xamarinios) (< xamarinmac) (< xamarintvos) (< xamarinwatchos)) (&& (< net45) (>= net46) (< netstandard1.3) (>= netstandard1.6)) (&& (< net45) (>= net46) (< netstandard1.4) (>= netstandard1.6)) (&& (< net45) (>= netstandard1.6) (< portable-net451+win81+wpa81)) (&& (>= netstandard1.6) (< portable-net45+win8+wp8+wpa81)) (&& (>= netstandard1.6) (< portable-net45+win8+wpa81)) (&& (>= netstandard1.6) (>= uap10.0))
      Microsoft.NETCore.Platforms (>= 1.1) - restriction: || (&& (< monoandroid) (< net45) (>= netstandard1.1) (< netstandard1.3) (< win8) (< wpa81)) (&& (< monoandroid) (>= netstandard1.0) (< netstandard1.1) (< win8) (< wp8)) (&& (< monotouch) (< net45) (>= netstandard1.3) (< win8) (< wpa81) (< xamarinios) (< xamarinmac) (< xamarintvos) (< xamarinwatchos)) (< portable-net45+win8+wp8+wpa81)
      Microsoft.NETCore.Targets (>= 1.1) - restriction: || (&& (< monoandroid) (< net45) (>= netstandard1.1) (< netstandard1.3) (< win8) (< wpa81)) (&& (< monoandroid) (>= netstandard1.0) (< netstandard1.1) (< win8) (< wp8)) (&& (< monotouch) (< net45) (>= netstandard1.3) (< win8) (< wpa81) (< xamarinios) (< xamarinmac) (< xamarintvos) (< xamarinwatchos)) (< portable-net45+win8+wp8+wpa81)
      System.Runtime (>= 4.3) - restriction: || (&& (< monoandroid) (< net45) (>= netstandard1.1) (< netstandard1.3) (< win8) (< wpa81)) (&& (< monoandroid) (>= netstandard1.0) (< netstandard1.1) (< win8) (< wp8)) (&& (< monotouch) (< net45) (>= netstandard1.3) (< win8) (< wpa81) (< xamarinios) (< xamarinmac) (< xamarintvos) (< xamarinwatchos)) (< portable-net45+win8+wp8+wpa81)
      System.Runtime.Handles (>= 4.3) - restriction: || (&& (< monotouch) (< net45) (>= netstandard1.3) (< win8) (< wpa81) (< xamarinios) (< xamarinmac) (< xamarintvos) (< xamarinwatchos)) (< portable-net45+win8+wp8+wpa81)
    System.Net.Requests (4.3) - restriction: && (< net45) (>= netstandard1.6)
      Microsoft.NETCore.Platforms (>= 1.1) - restriction: && (< monotouch) (< net45) (>= netstandard1.3) (< win8) (< wpa81) (< xamarinios) (< xamarinmac) (< xamarintvos) (< xamarinwatchos)
      System.Collections (>= 4.3) - restriction: || (&& (< monotouch) (< net45) (>= netstandard1.3) (< win8) (< wpa81) (< xamarinios) (< xamarinmac) (< xamarintvos) (< xamarinwatchos)) (< portable-net45+win8+wp8+wpa81)
      System.Diagnostics.Debug (>= 4.3) - restriction: || (&& (< monotouch) (< net45) (>= netstandard1.3) (< win8) (< wpa81) (< xamarinios) (< xamarinmac) (< xamarintvos) (< xamarinwatchos)) (< portable-net45+win8+wp8+wpa81)
      System.Diagnostics.Tracing (>= 4.3) - restriction: || (&& (< monotouch) (< net45) (>= netstandard1.3) (< win8) (< wpa81) (< xamarinios) (< xamarinmac) (< xamarintvos) (< xamarinwatchos)) (< portable-net45+win8+wp8+wpa81)
      System.Globalization (>= 4.3) - restriction: || (&& (< monotouch) (< net45) (>= netstandard1.3) (< win8) (< wpa81) (< xamarinios) (< xamarinmac) (< xamarintvos) (< xamarinwatchos)) (< portable-net45+win8+wp8+wpa81)
      System.IO (>= 4.3) - restriction: || (&& (< monoandroid) (< net45) (>= netstandard1.1) (< netstandard1.3) (< win8) (< wpa81)) (&& (< monoandroid) (>= netstandard1.0) (< netstandard1.1) (< win8) (< wp8)) (&& (< monotouch) (< net45) (>= netstandard1.3) (< win8) (< wpa81) (< xamarinios) (< xamarinmac) (< xamarintvos) (< xamarinwatchos)) (< portable-net45+win8+wp8+wpa81)
      System.Net.Http (>= 4.3) - restriction: || (&& (< monotouch) (< net45) (>= netstandard1.3) (< win8) (< wpa81) (< xamarinios) (< xamarinmac) (< xamarintvos) (< xamarinwatchos)) (< portable-net45+win8+wp8+wpa81)
      System.Net.Primitives (>= 4.3) - restriction: || (&& (< monoandroid) (< net45) (>= netstandard1.1) (< netstandard1.3) (< win8) (< wpa81)) (&& (< monoandroid) (>= netstandard1.0) (< netstandard1.1) (< win8) (< wp8)) (&& (< monotouch) (< net45) (>= netstandard1.3) (< win8) (< wpa81) (< xamarinios) (< xamarinmac) (< xamarintvos) (< xamarinwatchos)) (< portable-net45+win8+wp8+wpa81)
      System.Net.WebHeaderCollection (>= 4.3) - restriction: || (&& (< monotouch) (< net45) (>= netstandard1.3) (< win8) (< wpa81) (< xamarinios) (< xamarinmac) (< xamarintvos) (< xamarinwatchos)) (< portable-net45+win8+wp8+wpa81)
      System.Resources.ResourceManager (>= 4.3) - restriction: || (&& (< monotouch) (< net45) (>= netstandard1.3) (< win8) (< wpa81) (< xamarinios) (< xamarinmac) (< xamarintvos) (< xamarinwatchos)) (< portable-net45+win8+wp8+wpa81)
      System.Runtime (>= 4.3) - restriction: || (&& (< monoandroid) (< net45) (>= netstandard1.1) (< netstandard1.3) (< win8) (< wpa81)) (&& (< monoandroid) (>= netstandard1.0) (< netstandard1.1) (< win8) (< wp8)) (&& (< monotouch) (< net45) (>= netstandard1.3) (< win8) (< wpa81) (< xamarinios) (< xamarinmac) (< xamarintvos) (< xamarinwatchos)) (< portable-net45+win8+wp8+wpa81)
      System.Threading (>= 4.3) - restriction: || (&& (< monotouch) (< net45) (>= netstandard1.3) (< win8) (< wpa81) (< xamarinios) (< xamarinmac) (< xamarintvos) (< xamarinwatchos)) (< portable-net45+win8+wp8+wpa81)
      System.Threading.Tasks (>= 4.3) - restriction: || (&& (< monoandroid) (< net45) (>= netstandard1.1) (< netstandard1.3) (< win8) (< wpa81)) (&& (< monotouch) (< net45) (>= netstandard1.3) (< win8) (< wpa81) (< xamarinios) (< xamarinmac) (< xamarintvos) (< xamarinwatchos)) (< portable-net45+win8+wp8+wpa81)
    System.Net.Sockets (4.3) - restriction: || (&& (< monoandroid) (< net45) (< netstandard1.4) (>= netstandard1.6)) (&& (< monoandroid) (< net45) (< netstandard1.5) (>= netstandard1.6)) (&& (< monotouch) (< net45) (>= netstandard1.6) (< netstandard2.0) (< xamarinios) (< xamarinmac) (< xamarintvos) (< xamarinwatchos)) (&& (>= net46) (< netstandard1.4) (>= netstandard1.6)) (&& (>= netstandard1.6) (>= uap10.0))
      Microsoft.NETCore.Platforms (>= 1.1) - restriction: && (< monotouch) (< net46) (>= netstandard1.3) (< xamarinios) (< xamarinmac) (< xamarintvos) (< xamarinwatchos)
      Microsoft.NETCore.Targets (>= 1.1) - restriction: && (< monotouch) (< net46) (>= netstandard1.3) (< xamarinios) (< xamarinmac) (< xamarintvos) (< xamarinwatchos)
      System.IO (>= 4.3) - restriction: && (< monotouch) (< net46) (>= netstandard1.3) (< xamarinios) (< xamarinmac) (< xamarintvos) (< xamarinwatchos)
      System.Net.Primitives (>= 4.3) - restriction: && (< monotouch) (< net46) (>= netstandard1.3) (< xamarinios) (< xamarinmac) (< xamarintvos) (< xamarinwatchos)
      System.Runtime (>= 4.3) - restriction: && (< monotouch) (< net46) (>= netstandard1.3) (< xamarinios) (< xamarinmac) (< xamarintvos) (< xamarinwatchos)
      System.Threading.Tasks (>= 4.3) - restriction: && (< monotouch) (< net46) (>= netstandard1.3) (< xamarinios) (< xamarinmac) (< xamarintvos) (< xamarinwatchos)
    System.Net.WebHeaderCollection (4.3) - restriction: || (&& (< monotouch) (< net45) (>= netstandard1.6) (< xamarinios) (< xamarinmac) (< xamarintvos) (< xamarinwatchos)) (&& (>= netstandard1.6) (< portable-net45+win8+wp8+wpa81))
      System.Collections (>= 4.3) - restriction: && (< monotouch) (< net46) (>= netstandard1.3) (< xamarinios) (< xamarinmac) (< xamarintvos) (< xamarinwatchos)
      System.Resources.ResourceManager (>= 4.3) - restriction: && (< monotouch) (< net46) (>= netstandard1.3) (< xamarinios) (< xamarinmac) (< xamarintvos) (< xamarinwatchos)
      System.Runtime (>= 4.3) - restriction: && (< monotouch) (< net46) (>= netstandard1.3) (< xamarinios) (< xamarinmac) (< xamarintvos) (< xamarinwatchos)
      System.Runtime.Extensions (>= 4.3) - restriction: && (< monotouch) (< net46) (>= netstandard1.3) (< xamarinios) (< xamarinmac) (< xamarintvos) (< xamarinwatchos)
    System.ObjectModel (4.3) - restriction: || (&& (< monoandroid) (< net45) (< netstandard1.3) (>= netstandard1.6)) (&& (< monoandroid) (< net45) (< netstandard1.4) (>= netstandard1.6)) (&& (< monoandroid) (< net45) (< netstandard1.5) (>= netstandard1.6)) (&& (< monotouch) (< net45) (>= netstandard1.6) (< xamarinios) (< xamarinmac) (< xamarintvos) (< xamarinwatchos)) (&& (< net45) (>= netstandard1.6) (< portable-net451+win81+wpa81)) (&& (>= netstandard1.6) (< portable-net45+win8+wpa81)) (&& (>= netstandard1.6) (>= uap10.0))
      System.Collections (>= 4.3) - restriction: || (&& (< monotouch) (< net45) (>= netstandard1.3) (< win8) (< wpa81) (< xamarinios) (< xamarinmac) (< xamarintvos) (< xamarinwatchos)) (< portable-net45+win8+wp8+wpa81)
      System.Diagnostics.Debug (>= 4.3) - restriction: || (&& (< monotouch) (< net45) (>= netstandard1.3) (< win8) (< wpa81) (< xamarinios) (< xamarinmac) (< xamarintvos) (< xamarinwatchos)) (< portable-net45+win8+wp8+wpa81)
      System.Resources.ResourceManager (>= 4.3) - restriction: || (&& (< monotouch) (< net45) (>= netstandard1.3) (< win8) (< wpa81) (< xamarinios) (< xamarinmac) (< xamarintvos) (< xamarinwatchos)) (< portable-net45+win8+wp8+wpa81)
      System.Runtime (>= 4.3) - restriction: || (&& (< monoandroid) (< net45) (>= netstandard1.0) (< netstandard1.3) (< win8) (< wp8) (< wpa81)) (&& (< monotouch) (< net45) (>= netstandard1.3) (< win8) (< wpa81) (< xamarinios) (< xamarinmac) (< xamarintvos) (< xamarinwatchos)) (< portable-net45+win8+wp8+wpa81)
      System.Threading (>= 4.3) - restriction: || (&& (< monotouch) (< net45) (>= netstandard1.3) (< win8) (< wpa81) (< xamarinios) (< xamarinmac) (< xamarintvos) (< xamarinwatchos)) (< portable-net45+win8+wp8+wpa81)
    System.Reflection (4.3) - restriction: || (&& (< net45) (>= netstandard1.6)) (>= netcoreapp2.0) (&& (>= netstandard1.6) (< portable-net45+win8+wp8+wpa81)) (&& (>= netstandard1.6) (< portable-net45+win8+wpa81)) (&& (>= netstandard1.6) (>= uap10.0))
      Microsoft.NETCore.Platforms (>= 1.1) - restriction: || (&& (< monoandroid) (< net45) (>= netstandard1.0) (< netstandard1.3) (< win8) (< wp8) (< wpa81)) (&& (< monoandroid) (< net45) (>= netstandard1.3) (< netstandard1.5) (< win8) (< wpa81)) (&& (< monotouch) (< net45) (>= netstandard1.5) (< xamarinios) (< xamarinmac) (< xamarintvos) (< xamarinwatchos)) (< portable-net45+win8+wp8+wpa81)
      Microsoft.NETCore.Targets (>= 1.1) - restriction: || (&& (< monoandroid) (< net45) (>= netstandard1.0) (< netstandard1.3) (< win8) (< wp8) (< wpa81)) (&& (< monoandroid) (< net45) (>= netstandard1.3) (< netstandard1.5) (< win8) (< wpa81)) (&& (< monotouch) (< net45) (>= netstandard1.5) (< xamarinios) (< xamarinmac) (< xamarintvos) (< xamarinwatchos)) (< portable-net45+win8+wp8+wpa81)
      System.IO (>= 4.3) - restriction: || (&& (< monoandroid) (< net45) (>= netstandard1.0) (< netstandard1.3) (< win8) (< wp8) (< wpa81)) (&& (< monoandroid) (< net45) (>= netstandard1.3) (< netstandard1.5) (< win8) (< wpa81)) (&& (< monotouch) (< net45) (>= netstandard1.5) (< xamarinios) (< xamarinmac) (< xamarintvos) (< xamarinwatchos)) (< portable-net45+win8+wp8+wpa81)
      System.Reflection.Primitives (>= 4.3) - restriction: || (&& (< monoandroid) (< net45) (>= netstandard1.0) (< netstandard1.3) (< win8) (< wp8) (< wpa81)) (&& (< monoandroid) (< net45) (>= netstandard1.3) (< netstandard1.5) (< win8) (< wpa81)) (&& (< monotouch) (< net45) (>= netstandard1.5) (< xamarinios) (< xamarinmac) (< xamarintvos) (< xamarinwatchos)) (< portable-net45+win8+wp8+wpa81)
      System.Runtime (>= 4.3) - restriction: || (&& (< monoandroid) (< net45) (>= netstandard1.0) (< netstandard1.3) (< win8) (< wp8) (< wpa81)) (&& (< monoandroid) (< net45) (>= netstandard1.3) (< netstandard1.5) (< win8) (< wpa81)) (&& (< monotouch) (< net45) (>= netstandard1.5) (< xamarinios) (< xamarinmac) (< xamarintvos) (< xamarinwatchos)) (< portable-net45+win8+wp8+wpa81)
    System.Reflection.Emit (4.3) - restriction: || (&& (< monotouch) (< net45) (>= netstandard1.6) (< xamarinios) (< xamarinmac) (< xamarintvos) (< xamarinwatchos)) (>= netcoreapp2.0)
      System.IO (>= 4.3) - restriction: && (< monotouch) (< net45) (>= netstandard1.1) (< xamarinios) (< xamarinmac) (< xamarintvos) (< xamarinwatchos)
      System.Reflection (>= 4.3) - restriction: && (< monotouch) (< net45) (>= netstandard1.1) (< xamarinios) (< xamarinmac) (< xamarintvos) (< xamarinwatchos)
      System.Reflection.Emit.ILGeneration (>= 4.3) - restriction: && (< monotouch) (< net45) (>= netstandard1.1) (< xamarinios) (< xamarinmac) (< xamarintvos) (< xamarinwatchos)
      System.Reflection.Primitives (>= 4.3) - restriction: && (< monotouch) (< net45) (>= netstandard1.1) (< xamarinios) (< xamarinmac) (< xamarintvos) (< xamarinwatchos)
      System.Runtime (>= 4.3) - restriction: && (< monotouch) (< net45) (>= netstandard1.1) (< xamarinios) (< xamarinmac) (< xamarintvos) (< xamarinwatchos)
    System.Reflection.Emit.ILGeneration (4.3) - restriction: || (&& (< monotouch) (< net45) (>= netstandard1.6) (< xamarinios) (< xamarinmac) (< xamarintvos) (< xamarinwatchos)) (&& (>= netstandard1.6) (< portable-net45+win8+wp8+wpa81))
      System.Reflection (>= 4.3) - restriction: && (< monotouch) (< net45) (>= netstandard1.0) (< wp8) (< xamarinios) (< xamarinmac) (< xamarintvos) (< xamarinwatchos)
      System.Reflection.Primitives (>= 4.3) - restriction: && (< monotouch) (< net45) (>= netstandard1.0) (< wp8) (< xamarinios) (< xamarinmac) (< xamarintvos) (< xamarinwatchos)
      System.Runtime (>= 4.3) - restriction: && (< monotouch) (< net45) (>= netstandard1.0) (< wp8) (< xamarinios) (< xamarinmac) (< xamarintvos) (< xamarinwatchos)
    System.Reflection.Emit.Lightweight (4.3) - restriction: || (&& (< monotouch) (< net45) (>= netstandard1.6) (< xamarinios) (< xamarinmac) (< xamarintvos) (< xamarinwatchos)) (&& (>= netstandard1.6) (< portable-net45+win8+wp8+wpa81))
      System.Reflection (>= 4.3) - restriction: && (< monotouch) (< net45) (>= netstandard1.0) (< wp8) (< xamarinios) (< xamarinmac) (< xamarintvos) (< xamarinwatchos)
      System.Reflection.Emit.ILGeneration (>= 4.3) - restriction: && (< monotouch) (< net45) (>= netstandard1.0) (< wp8) (< xamarinios) (< xamarinmac) (< xamarintvos) (< xamarinwatchos)
      System.Reflection.Primitives (>= 4.3) - restriction: && (< monotouch) (< net45) (>= netstandard1.0) (< wp8) (< xamarinios) (< xamarinmac) (< xamarintvos) (< xamarinwatchos)
      System.Runtime (>= 4.3) - restriction: && (< monotouch) (< net45) (>= netstandard1.0) (< wp8) (< xamarinios) (< xamarinmac) (< xamarintvos) (< xamarinwatchos)
    System.Reflection.Extensions (4.3) - restriction: || (&& (< net45) (>= netstandard1.6)) (>= netcoreapp2.0) (&& (>= netstandard1.6) (< portable-net45+win8+wp8+wpa81)) (&& (>= netstandard1.6) (< portable-net45+win8+wpa81)) (&& (>= netstandard1.6) (>= uap10.0))
      Microsoft.NETCore.Platforms (>= 1.1) - restriction: || (&& (< monotouch) (< net45) (>= netstandard1.0) (< win8) (< wp8) (< wpa81) (< xamarinios) (< xamarinmac) (< xamarintvos) (< xamarinwatchos)) (< portable-net45+win8+wp8+wpa81)
      Microsoft.NETCore.Targets (>= 1.1) - restriction: || (&& (< monotouch) (< net45) (>= netstandard1.0) (< win8) (< wp8) (< wpa81) (< xamarinios) (< xamarinmac) (< xamarintvos) (< xamarinwatchos)) (< portable-net45+win8+wp8+wpa81)
      System.Reflection (>= 4.3) - restriction: || (&& (< monotouch) (< net45) (>= netstandard1.0) (< win8) (< wp8) (< wpa81) (< xamarinios) (< xamarinmac) (< xamarintvos) (< xamarinwatchos)) (< portable-net45+win8+wp8+wpa81)
      System.Runtime (>= 4.3) - restriction: || (&& (< monotouch) (< net45) (>= netstandard1.0) (< win8) (< wp8) (< wpa81) (< xamarinios) (< xamarinmac) (< xamarintvos) (< xamarinwatchos)) (< portable-net45+win8+wp8+wpa81)
    System.Reflection.Metadata (1.5) - restriction: >= netcoreapp2.0
    System.Reflection.Primitives (4.3) - restriction: || (&& (< monoandroid) (< net45) (< netstandard1.3) (>= netstandard1.6)) (&& (< monoandroid) (< net45) (< netstandard1.4) (>= netstandard1.6)) (&& (< monoandroid) (< net45) (< netstandard1.5) (>= netstandard1.6)) (&& (< monotouch) (< net45) (>= netstandard1.6) (< xamarinios) (< xamarinmac) (< xamarintvos) (< xamarinwatchos)) (&& (< net45) (>= netstandard1.6) (< portable-net451+win81+wpa81)) (>= netcoreapp2.0) (&& (>= netstandard1.6) (< portable-net45+win8+wp8+wpa81)) (&& (>= netstandard1.6) (< portable-net45+win8+wpa81)) (&& (>= netstandard1.6) (>= uap10.0))
      Microsoft.NETCore.Platforms (>= 1.1) - restriction: || (&& (< monotouch) (< net45) (>= netstandard1.0) (< win8) (< wp8) (< wpa81) (< xamarinios) (< xamarinmac) (< xamarintvos) (< xamarinwatchos)) (< portable-net45+win8+wp8+wpa81)
      Microsoft.NETCore.Targets (>= 1.1) - restriction: || (&& (< monotouch) (< net45) (>= netstandard1.0) (< win8) (< wp8) (< wpa81) (< xamarinios) (< xamarinmac) (< xamarintvos) (< xamarinwatchos)) (< portable-net45+win8+wp8+wpa81)
      System.Runtime (>= 4.3) - restriction: || (&& (< monotouch) (< net45) (>= netstandard1.0) (< win8) (< wp8) (< wpa81) (< xamarinios) (< xamarinmac) (< xamarintvos) (< xamarinwatchos)) (< portable-net45+win8+wp8+wpa81)
    System.Reflection.TypeExtensions (4.4) - restriction: || (&& (< monotouch) (< net45) (>= netstandard1.6) (< xamarinios) (< xamarinmac) (< xamarintvos) (< xamarinwatchos)) (>= netcoreapp2.0) (&& (>= netstandard1.6) (< portable-net45+win8+wp8+wpa81))
      System.Reflection (>= 4.3) - restriction: || (&& (< monoandroid) (< net46) (>= netstandard1.3) (< netstandard1.5)) (&& (< monoandroid) (< netstandard1.3)) (&& (< monotouch) (< net46) (>= netstandard1.5) (< netstandard2.0) (< xamarinios) (< xamarinmac) (< xamarintvos) (< xamarinwatchos))
      System.Resources.ResourceManager (>= 4.3) - restriction: || (&& (< monoandroid) (< net46) (>= netstandard1.3) (< netstandard1.5)) (&& (< monoandroid) (< netstandard1.3)) (&& (< monotouch) (< net46) (>= netstandard1.5) (< netstandard2.0) (< xamarinios) (< xamarinmac) (< xamarintvos) (< xamarinwatchos))
      System.Runtime (>= 4.3) - restriction: || (&& (< monoandroid) (< net46) (>= netstandard1.3) (< netstandard1.5)) (&& (< monoandroid) (< netstandard1.3)) (&& (< monotouch) (< net46) (>= netstandard1.5) (< netstandard2.0) (< xamarinios) (< xamarinmac) (< xamarintvos) (< xamarinwatchos))
    System.Resources.ResourceManager (4.3) - restriction: || (&& (< net45) (>= netstandard1.6)) (&& (>= net46) (< netstandard1.3) (>= netstandard1.6)) (>= netcoreapp2.0) (&& (>= netstandard1.6) (< portable-net45+win8+wp8+wpa81)) (&& (>= netstandard1.6) (< portable-net45+win8+wpa81)) (&& (>= netstandard1.6) (>= uap10.0))
      Microsoft.NETCore.Platforms (>= 1.1) - restriction: || (&& (< monotouch) (< net45) (>= netstandard1.0) (< win8) (< wp8) (< wpa81) (< xamarinios) (< xamarinmac) (< xamarintvos) (< xamarinwatchos)) (< portable-net45+win8+wp8+wpa81)
      Microsoft.NETCore.Targets (>= 1.1) - restriction: || (&& (< monotouch) (< net45) (>= netstandard1.0) (< win8) (< wp8) (< wpa81) (< xamarinios) (< xamarinmac) (< xamarintvos) (< xamarinwatchos)) (< portable-net45+win8+wp8+wpa81)
      System.Globalization (>= 4.3) - restriction: || (&& (< monotouch) (< net45) (>= netstandard1.0) (< win8) (< wp8) (< wpa81) (< xamarinios) (< xamarinmac) (< xamarintvos) (< xamarinwatchos)) (< portable-net45+win8+wp8+wpa81)
      System.Reflection (>= 4.3) - restriction: || (&& (< monotouch) (< net45) (>= netstandard1.0) (< win8) (< wp8) (< wpa81) (< xamarinios) (< xamarinmac) (< xamarintvos) (< xamarinwatchos)) (< portable-net45+win8+wp8+wpa81)
      System.Runtime (>= 4.3) - restriction: || (&& (< monotouch) (< net45) (>= netstandard1.0) (< win8) (< wp8) (< wpa81) (< xamarinios) (< xamarinmac) (< xamarintvos) (< xamarinwatchos)) (< portable-net45+win8+wp8+wpa81)
    System.Runtime (4.3) - restriction: || (&& (< monoandroid) (< netstandard1.1) (>= netstandard1.6)) (&& (< net45) (>= netstandard1.6)) (&& (>= net46) (< netstandard1.3) (>= netstandard1.6)) (&& (>= net463) (< netstandard1.4) (>= netstandard1.6)) (>= netcoreapp1.1) (&& (< netstandard1.1) (>= netstandard1.6) (< portable-net451+win81+wpa81)) (&& (>= netstandard1.6) (< portable-net45+win8+wp8+wpa81)) (&& (>= netstandard1.6) (< portable-net45+win8+wpa81)) (&& (>= netstandard1.6) (>= uap10.0))
      Microsoft.NETCore.Platforms (>= 1.1) - restriction: || (&& (< monoandroid) (< net45) (>= netstandard1.0) (< netstandard1.2) (< win8) (< wp8)) (&& (< monoandroid) (< net45) (>= netstandard1.2) (< netstandard1.3) (< win8) (< wpa81)) (&& (< monoandroid) (< net45) (>= netstandard1.3) (< netstandard1.5) (< win8) (< wpa81)) (&& (< monotouch) (< net45) (>= netstandard1.5) (< xamarinios) (< xamarinmac) (< xamarintvos) (< xamarinwatchos)) (< portable-net45+win8+wp8+wpa81)
      Microsoft.NETCore.Targets (>= 1.1) - restriction: || (&& (< monoandroid) (< net45) (>= netstandard1.0) (< netstandard1.2) (< win8) (< wp8)) (&& (< monoandroid) (< net45) (>= netstandard1.2) (< netstandard1.3) (< win8) (< wpa81)) (&& (< monoandroid) (< net45) (>= netstandard1.3) (< netstandard1.5) (< win8) (< wpa81)) (&& (< monotouch) (< net45) (>= netstandard1.5) (< xamarinios) (< xamarinmac) (< xamarintvos) (< xamarinwatchos)) (< portable-net45+win8+wp8+wpa81)
    System.Runtime.Extensions (4.3) - restriction: || (&& (< net45) (>= netstandard1.6)) (&& (>= net46) (< netstandard1.3) (>= netstandard1.6)) (>= netcoreapp2.0) (&& (>= netstandard1.6) (< portable-net45+win8+wp8+wpa81)) (&& (>= netstandard1.6) (< portable-net45+win8+wpa81)) (&& (>= netstandard1.6) (>= uap10.0))
      Microsoft.NETCore.Platforms (>= 1.1) - restriction: || (&& (< monoandroid) (< net45) (>= netstandard1.0) (< netstandard1.3) (< win8) (< wp8) (< wpa81)) (&& (< monoandroid) (< net45) (>= netstandard1.3) (< netstandard1.5) (< win8) (< wpa81)) (&& (< monotouch) (< net45) (>= netstandard1.5) (< xamarinios) (< xamarinmac) (< xamarintvos) (< xamarinwatchos)) (< portable-net45+win8+wp8+wpa81)
      Microsoft.NETCore.Targets (>= 1.1) - restriction: || (&& (< monoandroid) (< net45) (>= netstandard1.0) (< netstandard1.3) (< win8) (< wp8) (< wpa81)) (&& (< monoandroid) (< net45) (>= netstandard1.3) (< netstandard1.5) (< win8) (< wpa81)) (&& (< monotouch) (< net45) (>= netstandard1.5) (< xamarinios) (< xamarinmac) (< xamarintvos) (< xamarinwatchos)) (< portable-net45+win8+wp8+wpa81)
      System.Runtime (>= 4.3) - restriction: || (&& (< monoandroid) (< net45) (>= netstandard1.0) (< netstandard1.3) (< win8) (< wp8) (< wpa81)) (&& (< monoandroid) (< net45) (>= netstandard1.3) (< netstandard1.5) (< win8) (< wpa81)) (&& (< monotouch) (< net45) (>= netstandard1.5) (< xamarinios) (< xamarinmac) (< xamarintvos) (< xamarinwatchos)) (< portable-net45+win8+wp8+wpa81)
    System.Runtime.Handles (4.3) - restriction: || (&& (< monoandroid) (< net45) (< netstandard1.3) (>= netstandard1.6)) (&& (< monoandroid) (< net45) (< netstandard1.4) (>= netstandard1.6)) (&& (< monoandroid) (< net45) (< netstandard1.5) (>= netstandard1.6)) (&& (< monoandroid) (< netstandard1.1) (>= netstandard1.6)) (&& (< monotouch) (< net45) (>= netstandard1.6) (< xamarinios) (< xamarinmac) (< xamarintvos) (< xamarinwatchos)) (&& (< net45) (>= net46) (< netstandard1.4) (>= netstandard1.6)) (&& (< net45) (>= netstandard1.6) (< portable-net451+win81+wpa81)) (&& (>= net46) (< netstandard1.3) (>= netstandard1.6)) (>= netcoreapp2.0) (&& (>= netstandard1.6) (< portable-net45+win8+wp8+wpa81)) (&& (>= netstandard1.6) (< portable-net45+win8+wpa81)) (&& (>= netstandard1.6) (>= uap10.0))
      Microsoft.NETCore.Platforms (>= 1.1) - restriction: && (< monotouch) (< net46) (>= netstandard1.3) (< xamarinios) (< xamarinmac) (< xamarintvos) (< xamarinwatchos)
      Microsoft.NETCore.Targets (>= 1.1) - restriction: && (< monotouch) (< net46) (>= netstandard1.3) (< xamarinios) (< xamarinmac) (< xamarintvos) (< xamarinwatchos)
      System.Runtime (>= 4.3) - restriction: && (< monotouch) (< net46) (>= netstandard1.3) (< xamarinios) (< xamarinmac) (< xamarintvos) (< xamarinwatchos)
    System.Runtime.InteropServices (4.3) - restriction: || (&& (< monoandroid) (< net45) (< netstandard1.3) (>= netstandard1.6)) (&& (< monoandroid) (< net45) (< netstandard1.4) (>= netstandard1.6)) (&& (< monoandroid) (< net45) (< netstandard1.5) (>= netstandard1.6)) (&& (< monotouch) (< net45) (>= netstandard1.6) (< xamarinios) (< xamarinmac) (< xamarintvos) (< xamarinwatchos)) (&& (< net45) (>= net46) (< netstandard1.4) (>= netstandard1.6)) (&& (< net45) (>= netstandard1.6) (< portable-net451+win81+wpa81)) (&& (>= net46) (< netstandard1.3) (>= netstandard1.6)) (>= netcoreapp2.0) (&& (>= netstandard1.6) (< portable-net45+win8+wp8+wpa81)) (&& (>= netstandard1.6) (< portable-net45+win8+wpa81)) (&& (>= netstandard1.6) (>= uap10.0))
      Microsoft.NETCore.Platforms (>= 1.1) - restriction: || (&& (< monoandroid) (< net45) (>= netstandard1.1) (< netstandard1.2) (< win8)) (&& (< monoandroid) (< net45) (>= netstandard1.2) (< netstandard1.3) (< win8) (< wpa81)) (&& (< monoandroid) (< net45) (>= netstandard1.3) (< netstandard1.5) (< win8) (< wpa81)) (&& (< monotouch) (< net45) (>= netstandard1.5) (< xamarinios) (< xamarinmac) (< xamarintvos) (< xamarinwatchos)) (>= netcoreapp1.1) (< portable-net45+win8+wpa81)
      Microsoft.NETCore.Targets (>= 1.1) - restriction: || (&& (< monoandroid) (< net45) (>= netstandard1.1) (< netstandard1.2) (< win8)) (&& (< monoandroid) (< net45) (>= netstandard1.2) (< netstandard1.3) (< win8) (< wpa81)) (&& (< monoandroid) (< net45) (>= netstandard1.3) (< netstandard1.5) (< win8) (< wpa81)) (&& (< monotouch) (< net45) (>= netstandard1.5) (< xamarinios) (< xamarinmac) (< xamarintvos) (< xamarinwatchos)) (>= netcoreapp1.1) (< portable-net45+win8+wpa81)
      System.Reflection (>= 4.3) - restriction: || (&& (< monoandroid) (< net45) (>= netstandard1.1) (< netstandard1.2) (< win8)) (&& (< monoandroid) (< net45) (>= netstandard1.2) (< netstandard1.3) (< win8) (< wpa81)) (&& (< monoandroid) (< net45) (>= netstandard1.3) (< netstandard1.5) (< win8) (< wpa81)) (&& (< monotouch) (< net45) (>= netstandard1.5) (< xamarinios) (< xamarinmac) (< xamarintvos) (< xamarinwatchos)) (>= netcoreapp1.1) (< portable-net45+win8+wpa81)
      System.Reflection.Primitives (>= 4.3) - restriction: || (&& (< monoandroid) (< net45) (>= netstandard1.1) (< netstandard1.2) (< win8)) (&& (< monoandroid) (< net45) (>= netstandard1.2) (< netstandard1.3) (< win8) (< wpa81)) (&& (< monoandroid) (< net45) (>= netstandard1.3) (< netstandard1.5) (< win8) (< wpa81)) (&& (< monotouch) (< net45) (>= netstandard1.5) (< xamarinios) (< xamarinmac) (< xamarintvos) (< xamarinwatchos)) (>= netcoreapp1.1) (< portable-net45+win8+wpa81)
      System.Runtime (>= 4.3) - restriction: || (&& (< monoandroid) (< net45) (>= netstandard1.1) (< netstandard1.2) (< win8)) (&& (< monoandroid) (< net45) (>= netstandard1.2) (< netstandard1.3) (< win8) (< wpa81)) (&& (< monoandroid) (< net45) (>= netstandard1.3) (< netstandard1.5) (< win8) (< wpa81)) (&& (< monotouch) (< net45) (>= netstandard1.5) (< xamarinios) (< xamarinmac) (< xamarintvos) (< xamarinwatchos)) (>= net462) (>= netcoreapp1.1) (< portable-net45+win8+wpa81)
      System.Runtime.Handles (>= 4.3) - restriction: || (&& (< monoandroid) (< net45) (>= netstandard1.3) (< netstandard1.5) (< win8) (< wpa81)) (&& (< monotouch) (< net45) (>= netstandard1.5) (< xamarinios) (< xamarinmac) (< xamarintvos) (< xamarinwatchos)) (>= netcoreapp1.1) (< portable-net45+win8+wpa81)
    System.Runtime.InteropServices.RuntimeInformation (4.3) - restriction: || (&& (< monoandroid) (< net45) (< netstandard1.3) (>= netstandard1.6)) (&& (< monoandroid) (< net45) (< netstandard1.4) (>= netstandard1.6)) (&& (< monoandroid) (< net45) (< netstandard1.5) (>= netstandard1.6)) (&& (< monoandroid) (< netstandard1.0) (>= netstandard1.6)) (&& (< monotouch) (< net45) (>= netstandard1.6) (< netstandard2.0) (< xamarinios) (< xamarinmac) (< xamarintvos) (< xamarinwatchos)) (&& (>= net45) (>= netstandard1.6) (< portable-net451+win81+wpa81)) (&& (< net45) (>= netstandard1.6) (< portable-net451+win81+wpa81)) (&& (>= net451) (< netstandard1.3) (>= netstandard1.6)) (&& (>= net46) (< netstandard1.4) (>= netstandard1.6)) (&& (< netstandard1.0) (>= netstandard1.6) (< portable-net451+win81+wpa81)) (&& (< netstandard1.3) (>= netstandard1.6) (>= wpa81)) (&& (>= netstandard1.6) (>= uap10.0))
      runtime.native.System (>= 4.3) - restriction: && (< monotouch) (< net45) (>= netstandard1.1) (< win8) (< wpa81) (< xamarinios) (< xamarinmac) (< xamarintvos) (< xamarinwatchos)
      System.Reflection (>= 4.3) - restriction: || (&& (< monoandroid) (< netstandard1.1) (< win8)) (&& (< monotouch) (< net45) (>= netstandard1.1) (< win8) (< wpa81) (< xamarinios) (< xamarinmac) (< xamarintvos) (< xamarinwatchos))
      System.Reflection.Extensions (>= 4.3) - restriction: || (&& (< monoandroid) (< netstandard1.1) (< win8)) (&& (< monotouch) (< net45) (>= netstandard1.1) (< win8) (< wpa81) (< xamarinios) (< xamarinmac) (< xamarintvos) (< xamarinwatchos))
      System.Resources.ResourceManager (>= 4.3) - restriction: || (&& (< monoandroid) (< netstandard1.1) (< win8)) (&& (< monotouch) (< net45) (>= netstandard1.1) (< win8) (< wpa81) (< xamarinios) (< xamarinmac) (< xamarintvos) (< xamarinwatchos))
      System.Runtime (>= 4.3) - restriction: || (&& (< monoandroid) (< netstandard1.1) (< win8)) (&& (< monotouch) (< net45) (>= netstandard1.1) (< win8) (< wpa81) (< xamarinios) (< xamarinmac) (< xamarintvos) (< xamarinwatchos))
      System.Runtime.InteropServices (>= 4.3) - restriction: && (< monotouch) (< net45) (>= netstandard1.1) (< win8) (< wpa81) (< xamarinios) (< xamarinmac) (< xamarintvos) (< xamarinwatchos)
      System.Threading (>= 4.3) - restriction: || (&& (< monoandroid) (< netstandard1.1) (< win8)) (&& (< monotouch) (< net45) (>= netstandard1.1) (< win8) (< wpa81) (< xamarinios) (< xamarinmac) (< xamarintvos) (< xamarinwatchos))
    System.Runtime.Loader (4.3) - restriction: >= netcoreapp2.0
      System.IO (>= 4.3) - restriction: && (< monotouch) (< net462) (>= netstandard1.5) (< xamarinios) (< xamarinmac) (< xamarintvos) (< xamarinwatchos)
      System.Reflection (>= 4.3) - restriction: && (< monotouch) (< net462) (>= netstandard1.5) (< xamarinios) (< xamarinmac) (< xamarintvos) (< xamarinwatchos)
      System.Runtime (>= 4.3) - restriction: && (< monotouch) (< net462) (>= netstandard1.5) (< xamarinios) (< xamarinmac) (< xamarintvos) (< xamarinwatchos)
    System.Runtime.Numerics (4.3) - restriction: || (&& (< net45) (>= netstandard1.6)) (&& (>= net46) (< netstandard1.3) (>= netstandard1.6)) (>= netcoreapp2.0) (&& (>= netstandard1.6) (< portable-net45+win8+wp8+wpa81)) (&& (>= netstandard1.6) (< portable-net45+win8+wpa81)) (&& (>= netstandard1.6) (>= uap10.0))
      System.Globalization (>= 4.3) - restriction: || (&& (< monotouch) (< net45) (>= netstandard1.3) (< win8) (< wpa81) (< xamarinios) (< xamarinmac) (< xamarintvos) (< xamarinwatchos)) (< portable-net45+win8+wpa81)
      System.Resources.ResourceManager (>= 4.3) - restriction: || (&& (< monotouch) (< net45) (>= netstandard1.3) (< win8) (< wpa81) (< xamarinios) (< xamarinmac) (< xamarintvos) (< xamarinwatchos)) (< portable-net45+win8+wpa81)
      System.Runtime (>= 4.3) - restriction: || (&& (< monoandroid) (< net45) (>= netstandard1.1) (< netstandard1.3) (< win8) (< wpa81)) (&& (< monotouch) (< net45) (>= netstandard1.3) (< win8) (< wpa81) (< xamarinios) (< xamarinmac) (< xamarintvos) (< xamarinwatchos)) (< portable-net45+win8+wpa81)
      System.Runtime.Extensions (>= 4.3) - restriction: || (&& (< monotouch) (< net45) (>= netstandard1.3) (< win8) (< wpa81) (< xamarinios) (< xamarinmac) (< xamarintvos) (< xamarinwatchos)) (< portable-net45+win8+wpa81)
    System.Runtime.Serialization.Formatters (4.3) - restriction: >= netcoreapp2.0
      System.Collections (>= 4.3) - restriction: && (< monotouch) (< net46) (>= netstandard1.4) (< xamarinios) (< xamarinmac) (< xamarintvos) (< xamarinwatchos)
      System.Reflection (>= 4.3) - restriction: && (< monotouch) (< net46) (>= netstandard1.4) (< xamarinios) (< xamarinmac) (< xamarintvos) (< xamarinwatchos)
      System.Resources.ResourceManager (>= 4.3) - restriction: && (< monotouch) (< net46) (>= netstandard1.4) (< xamarinios) (< xamarinmac) (< xamarintvos) (< xamarinwatchos)
      System.Runtime (>= 4.3) - restriction: || (&& (< monoandroid) (< net46) (>= netstandard1.3) (< netstandard1.4)) (&& (< monotouch) (< net46) (>= netstandard1.4) (< xamarinios) (< xamarinmac) (< xamarintvos) (< xamarinwatchos))
      System.Runtime.Serialization.Primitives (>= 4.3) - restriction: || (&& (< monoandroid) (>= netstandard1.3) (< netstandard1.4)) (&& (< monotouch) (>= netstandard1.4) (< xamarinios) (< xamarinmac) (< xamarintvos) (< xamarinwatchos)) (>= net46)
    System.Runtime.Serialization.Primitives (4.3) - restriction: >= netcoreapp2.0
      System.Resources.ResourceManager (>= 4.3) - restriction: || (&& (< monotouch) (< net45) (>= netstandard1.3) (< win8) (< wpa81) (< xamarinios) (< xamarinmac) (< xamarintvos) (< xamarinwatchos)) (< portable-net45+win8+wp8+wpa81)
      System.Runtime (>= 4.3) - restriction: || (&& (< monoandroid) (< net45) (>= netstandard1.0) (< netstandard1.3) (< win8) (< wp8) (< wpa81)) (&& (< monotouch) (< net45) (>= netstandard1.3) (< win8) (< wpa81) (< xamarinios) (< xamarinmac) (< xamarintvos) (< xamarinwatchos)) (< portable-net45+win8+wp8+wpa81)
    System.Security.AccessControl (4.4) - restriction: >= netcoreapp2.0
      Microsoft.NETCore.Platforms (>= 2.0) - restriction: >= netcoreapp2.0
      System.Security.Principal.Windows (>= 4.4) - restriction: || (&& (>= monoandroid) (< netstandard1.3)) (>= monotouch) (&& (>= net46) (< netstandard2.0)) (&& (< net46) (>= netstandard1.3) (< netstandard2.0)) (&& (< net46) (>= netstandard2.0)) (>= net461) (>= netcoreapp2.0) (>= xamarinios) (>= xamarinmac) (>= xamarintvos) (>= xamarinwatchos)
    System.Security.Cryptography.Algorithms (4.3) - restriction: || (&& (< monoandroid) (< net45) (< netstandard1.3) (>= netstandard1.6)) (&& (< monoandroid) (< net45) (< netstandard1.4) (>= netstandard1.6)) (&& (< monoandroid) (< net45) (< netstandard1.5) (>= netstandard1.6)) (&& (< monotouch) (< net45) (>= netstandard1.6) (< xamarinios) (< xamarinmac) (< xamarintvos) (< xamarinwatchos)) (&& (< net45) (>= netstandard1.6) (< portable-net451+win81+wpa81)) (&& (>= net46) (< netstandard1.4) (>= netstandard1.6)) (>= netcoreapp2.0) (&& (>= netstandard1.6) (< portable-net45+win8+wp8+wpa81)) (&& (>= netstandard1.6) (>= uap10.0))
      Microsoft.NETCore.Platforms (>= 1.1) - restriction: || (&& (< monoandroid) (< netstandard1.3)) (&& (< monotouch) (< net46) (>= netstandard1.6) (< xamarinios) (< xamarinmac) (< xamarintvos) (< xamarinwatchos))
      runtime.native.System.Security.Cryptography.Apple (>= 4.3) - restriction: && (< monotouch) (< net46) (>= netstandard1.6) (< xamarinios) (< xamarinmac) (< xamarintvos) (< xamarinwatchos)
      runtime.native.System.Security.Cryptography.OpenSsl (>= 4.3) - restriction: && (< monotouch) (< net46) (>= netstandard1.6) (< xamarinios) (< xamarinmac) (< xamarintvos) (< xamarinwatchos)
      System.Collections (>= 4.3) - restriction: && (< monotouch) (< net46) (>= netstandard1.6) (< xamarinios) (< xamarinmac) (< xamarintvos) (< xamarinwatchos)
      System.IO (>= 4.3) - restriction: || (&& (< monoandroid) (< net46) (>= netstandard1.3) (< netstandard1.4)) (&& (< monoandroid) (< net46) (>= netstandard1.4) (< netstandard1.6)) (&& (< monoandroid) (< netstandard1.3)) (&& (< monotouch) (< net46) (>= netstandard1.6) (< xamarinios) (< xamarinmac) (< xamarintvos) (< xamarinwatchos)) (>= net463)
      System.Resources.ResourceManager (>= 4.3) - restriction: || (&& (< monoandroid) (< netstandard1.3)) (&& (< monotouch) (< net46) (>= netstandard1.6) (< xamarinios) (< xamarinmac) (< xamarintvos) (< xamarinwatchos))
      System.Runtime (>= 4.3) - restriction: || (&& (< monoandroid) (< net46) (>= netstandard1.3) (< netstandard1.4)) (&& (< monoandroid) (< net46) (>= netstandard1.4) (< netstandard1.6)) (&& (< monoandroid) (< netstandard1.3)) (&& (< monotouch) (< net46) (>= netstandard1.6) (< xamarinios) (< xamarinmac) (< xamarintvos) (< xamarinwatchos)) (>= net463)
      System.Runtime.Extensions (>= 4.3) - restriction: || (&& (< monoandroid) (< netstandard1.3)) (&& (< monotouch) (< net46) (>= netstandard1.6) (< xamarinios) (< xamarinmac) (< xamarintvos) (< xamarinwatchos))
      System.Runtime.Handles (>= 4.3) - restriction: || (&& (< monoandroid) (< netstandard1.3)) (&& (< monotouch) (< net46) (>= netstandard1.6) (< xamarinios) (< xamarinmac) (< xamarintvos) (< xamarinwatchos))
      System.Runtime.InteropServices (>= 4.3) - restriction: || (&& (< monoandroid) (< netstandard1.3)) (&& (< monotouch) (< net46) (>= netstandard1.6) (< xamarinios) (< xamarinmac) (< xamarintvos) (< xamarinwatchos))
      System.Runtime.Numerics (>= 4.3) - restriction: && (< monotouch) (< net46) (>= netstandard1.6) (< xamarinios) (< xamarinmac) (< xamarintvos) (< xamarinwatchos)
      System.Security.Cryptography.Encoding (>= 4.3) - restriction: || (&& (< monoandroid) (< netstandard1.3)) (&& (< monotouch) (< net46) (>= netstandard1.6) (< xamarinios) (< xamarinmac) (< xamarintvos) (< xamarinwatchos)) (>= net463)
      System.Security.Cryptography.Primitives (>= 4.3) - restriction: || (&& (< monoandroid) (< net46) (>= netstandard1.3) (< netstandard1.4)) (&& (< monoandroid) (< net46) (>= netstandard1.4) (< netstandard1.6)) (&& (< monoandroid) (< netstandard1.3)) (&& (< monotouch) (< net46) (>= netstandard1.6) (< xamarinios) (< xamarinmac) (< xamarintvos) (< xamarinwatchos)) (&& (>= net46) (< netstandard1.4)) (&& (>= net461) (< netstandard1.6)) (>= net463)
      System.Text.Encoding (>= 4.3) - restriction: || (&& (< monoandroid) (< netstandard1.3)) (&& (< monotouch) (< net46) (>= netstandard1.6) (< xamarinios) (< xamarinmac) (< xamarintvos) (< xamarinwatchos))
    System.Security.Cryptography.Cng (4.4) - restriction: || (&& (< monoandroid) (< net45) (< netstandard1.3) (>= netstandard1.6)) (&& (< monoandroid) (< net45) (< netstandard1.4) (>= netstandard1.6)) (&& (< monoandroid) (< net45) (< netstandard1.5) (>= netstandard1.6)) (&& (< monotouch) (< net45) (>= netstandard1.6) (< xamarinios) (< xamarinmac) (< xamarintvos) (< xamarinwatchos)) (&& (< net45) (>= net46) (>= netstandard1.6)) (&& (< net45) (>= netstandard1.6) (< portable-net451+win81+wpa81)) (&& (>= net46) (< netstandard1.3) (>= netstandard1.6)) (&& (>= netstandard1.6) (< portable-net45+win8+wp8+wpa81)) (&& (>= netstandard1.6) (< portable-net45+win8+wpa81)) (&& (>= netstandard1.6) (>= uap10.0))
      System.IO (>= 4.3) - restriction: || (&& (< monoandroid) (< net46) (>= netstandard1.3) (< netstandard1.4)) (&& (< monoandroid) (< net46) (>= netstandard1.4) (< netstandard1.6)) (&& (< monotouch) (< net46) (>= netstandard1.6) (< netstandard2.0) (< xamarinios) (< xamarinmac) (< xamarintvos) (< xamarinwatchos))
      System.Resources.ResourceManager (>= 4.3) - restriction: || (&& (< monoandroid) (< net46) (>= netstandard1.3) (< netstandard1.4)) (&& (< monoandroid) (< net46) (>= netstandard1.4) (< netstandard1.6)) (&& (< monotouch) (< net46) (>= netstandard1.6) (< netstandard2.0) (< xamarinios) (< xamarinmac) (< xamarintvos) (< xamarinwatchos))
      System.Runtime (>= 4.3) - restriction: || (&& (< monoandroid) (< net46) (>= netstandard1.3) (< netstandard1.4)) (&& (< monoandroid) (< net46) (>= netstandard1.4) (< netstandard1.6)) (&& (< monotouch) (< net46) (>= netstandard1.6) (< netstandard2.0) (< xamarinios) (< xamarinmac) (< xamarintvos) (< xamarinwatchos))
      System.Runtime.Extensions (>= 4.3) - restriction: || (&& (< monoandroid) (< net46) (>= netstandard1.4) (< netstandard1.6)) (&& (< monotouch) (< net46) (>= netstandard1.6) (< netstandard2.0) (< xamarinios) (< xamarinmac) (< xamarintvos) (< xamarinwatchos))
      System.Runtime.Handles (>= 4.3) - restriction: || (&& (< monoandroid) (< net46) (>= netstandard1.3) (< netstandard1.4)) (&& (< monoandroid) (< net46) (>= netstandard1.4) (< netstandard1.6)) (&& (< monotouch) (< net46) (>= netstandard1.6) (< netstandard2.0) (< xamarinios) (< xamarinmac) (< xamarintvos) (< xamarinwatchos))
      System.Runtime.InteropServices (>= 4.3) - restriction: || (&& (< monoandroid) (< net46) (>= netstandard1.3) (< netstandard1.4)) (&& (< monoandroid) (< net46) (>= netstandard1.4) (< netstandard1.6)) (&& (< monotouch) (< net46) (>= netstandard1.6) (< netstandard2.0) (< xamarinios) (< xamarinmac) (< xamarintvos) (< xamarinwatchos))
      System.Security.Cryptography.Algorithms (>= 4.3) - restriction: || (&& (< monoandroid) (< net46) (>= netstandard1.3) (< netstandard1.4)) (&& (< monoandroid) (< net46) (>= netstandard1.4) (< netstandard1.6)) (&& (< monotouch) (< net46) (>= netstandard1.6) (< netstandard2.0) (< xamarinios) (< xamarinmac) (< xamarintvos) (< xamarinwatchos)) (&& (>= net46) (< netstandard1.4))
      System.Security.Cryptography.Encoding (>= 4.3) - restriction: || (&& (< monoandroid) (< net46) (>= netstandard1.4) (< netstandard1.6)) (&& (< monotouch) (< net46) (>= netstandard1.6) (< netstandard2.0) (< xamarinios) (< xamarinmac) (< xamarintvos) (< xamarinwatchos))
      System.Security.Cryptography.Primitives (>= 4.3) - restriction: || (&& (< monoandroid) (< net46) (>= netstandard1.3) (< netstandard1.4)) (&& (< monoandroid) (< net46) (>= netstandard1.4) (< netstandard1.6)) (&& (< monotouch) (< net46) (>= netstandard1.6) (< netstandard2.0) (< xamarinios) (< xamarinmac) (< xamarintvos) (< xamarinwatchos)) (&& (>= net46) (< netstandard1.4))
      System.Text.Encoding (>= 4.3) - restriction: || (&& (< monoandroid) (< net46) (>= netstandard1.4) (< netstandard1.6)) (&& (< monotouch) (< net46) (>= netstandard1.6) (< netstandard2.0) (< xamarinios) (< xamarinmac) (< xamarintvos) (< xamarinwatchos))
    System.Security.Cryptography.Csp (4.3) - restriction: || (&& (< monoandroid) (< net45) (< netstandard1.3) (>= netstandard1.6)) (&& (< monoandroid) (< net45) (< netstandard1.4) (>= netstandard1.6)) (&& (< monoandroid) (< net45) (< netstandard1.5) (>= netstandard1.6)) (&& (< monotouch) (< net45) (>= netstandard1.6) (< xamarinios) (< xamarinmac) (< xamarintvos) (< xamarinwatchos)) (&& (< net45) (>= net46) (>= netstandard1.6)) (&& (< net45) (>= netstandard1.6) (< portable-net451+win81+wpa81)) (&& (>= netstandard1.6) (< portable-net45+win8+wp8+wpa81)) (&& (>= netstandard1.6) (< portable-net45+win8+wpa81)) (&& (>= netstandard1.6) (>= uap10.0))
      Microsoft.NETCore.Platforms (>= 1.1) - restriction: && (< monotouch) (< net46) (>= netstandard1.3) (< xamarinios) (< xamarinmac) (< xamarintvos) (< xamarinwatchos)
      System.IO (>= 4.3) - restriction: && (< monotouch) (< net46) (>= netstandard1.3) (< xamarinios) (< xamarinmac) (< xamarintvos) (< xamarinwatchos)
      System.Reflection (>= 4.3) - restriction: && (< monotouch) (< net46) (>= netstandard1.3) (< xamarinios) (< xamarinmac) (< xamarintvos) (< xamarinwatchos)
      System.Resources.ResourceManager (>= 4.3) - restriction: && (< monotouch) (< net46) (>= netstandard1.3) (< xamarinios) (< xamarinmac) (< xamarintvos) (< xamarinwatchos)
      System.Runtime (>= 4.3) - restriction: && (< monotouch) (< net46) (>= netstandard1.3) (< xamarinios) (< xamarinmac) (< xamarintvos) (< xamarinwatchos)
      System.Runtime.Extensions (>= 4.3) - restriction: && (< monotouch) (< net46) (>= netstandard1.3) (< xamarinios) (< xamarinmac) (< xamarintvos) (< xamarinwatchos)
      System.Runtime.Handles (>= 4.3) - restriction: && (< monotouch) (< net46) (>= netstandard1.3) (< xamarinios) (< xamarinmac) (< xamarintvos) (< xamarinwatchos)
      System.Runtime.InteropServices (>= 4.3) - restriction: && (< monotouch) (< net46) (>= netstandard1.3) (< xamarinios) (< xamarinmac) (< xamarintvos) (< xamarinwatchos)
      System.Security.Cryptography.Algorithms (>= 4.3) - restriction: || (&& (< monotouch) (>= netstandard1.3) (< xamarinios) (< xamarinmac) (< xamarintvos) (< xamarinwatchos)) (>= net46)
      System.Security.Cryptography.Encoding (>= 4.3) - restriction: && (< monotouch) (< net46) (>= netstandard1.3) (< xamarinios) (< xamarinmac) (< xamarintvos) (< xamarinwatchos)
      System.Security.Cryptography.Primitives (>= 4.3) - restriction: || (&& (< monotouch) (>= netstandard1.3) (< xamarinios) (< xamarinmac) (< xamarintvos) (< xamarinwatchos)) (>= net46)
      System.Text.Encoding (>= 4.3) - restriction: && (< monotouch) (< net46) (>= netstandard1.3) (< xamarinios) (< xamarinmac) (< xamarintvos) (< xamarinwatchos)
      System.Threading (>= 4.3) - restriction: && (< monotouch) (< net46) (>= netstandard1.3) (< xamarinios) (< xamarinmac) (< xamarintvos) (< xamarinwatchos)
    System.Security.Cryptography.Encoding (4.3) - restriction: || (&& (< monoandroid) (< net45) (< netstandard1.3) (>= netstandard1.6)) (&& (< monoandroid) (< net45) (< netstandard1.4) (>= netstandard1.6)) (&& (< monoandroid) (< net45) (< netstandard1.5) (>= netstandard1.6)) (&& (< monotouch) (< net45) (>= netstandard1.6) (< xamarinios) (< xamarinmac) (< xamarintvos) (< xamarinwatchos)) (&& (< net45) (>= net463) (>= netstandard1.6)) (&& (< net45) (>= netstandard1.6) (< portable-net451+win81+wpa81)) (&& (>= net46) (< netstandard1.3) (>= netstandard1.6)) (&& (>= net46) (< netstandard1.4) (>= netstandard1.6)) (&& (>= net463) (< netstandard1.4) (>= netstandard1.6)) (>= netcoreapp2.0) (&& (>= netstandard1.6) (< portable-net45+win8+wp8+wpa81)) (&& (>= netstandard1.6) (>= uap10.0))
      Microsoft.NETCore.Platforms (>= 1.1) - restriction: && (< monotouch) (< net46) (>= netstandard1.3) (< xamarinios) (< xamarinmac) (< xamarintvos) (< xamarinwatchos)
      runtime.native.System.Security.Cryptography.OpenSsl (>= 4.3) - restriction: && (< monotouch) (< net46) (>= netstandard1.3) (< xamarinios) (< xamarinmac) (< xamarintvos) (< xamarinwatchos)
      System.Collections (>= 4.3) - restriction: && (< monotouch) (< net46) (>= netstandard1.3) (< xamarinios) (< xamarinmac) (< xamarintvos) (< xamarinwatchos)
      System.Collections.Concurrent (>= 4.3) - restriction: && (< monotouch) (< net46) (>= netstandard1.3) (< xamarinios) (< xamarinmac) (< xamarintvos) (< xamarinwatchos)
      System.Linq (>= 4.3) - restriction: && (< monotouch) (< net46) (>= netstandard1.3) (< xamarinios) (< xamarinmac) (< xamarintvos) (< xamarinwatchos)
      System.Resources.ResourceManager (>= 4.3) - restriction: && (< monotouch) (< net46) (>= netstandard1.3) (< xamarinios) (< xamarinmac) (< xamarintvos) (< xamarinwatchos)
      System.Runtime (>= 4.3) - restriction: && (< monotouch) (< net46) (>= netstandard1.3) (< xamarinios) (< xamarinmac) (< xamarintvos) (< xamarinwatchos)
      System.Runtime.Extensions (>= 4.3) - restriction: && (< monotouch) (< net46) (>= netstandard1.3) (< xamarinios) (< xamarinmac) (< xamarintvos) (< xamarinwatchos)
      System.Runtime.Handles (>= 4.3) - restriction: && (< monotouch) (< net46) (>= netstandard1.3) (< xamarinios) (< xamarinmac) (< xamarintvos) (< xamarinwatchos)
      System.Runtime.InteropServices (>= 4.3) - restriction: && (< monotouch) (< net46) (>= netstandard1.3) (< xamarinios) (< xamarinmac) (< xamarintvos) (< xamarinwatchos)
      System.Security.Cryptography.Primitives (>= 4.3) - restriction: && (< monotouch) (< net46) (>= netstandard1.3) (< xamarinios) (< xamarinmac) (< xamarintvos) (< xamarinwatchos)
      System.Text.Encoding (>= 4.3) - restriction: && (< monotouch) (< net46) (>= netstandard1.3) (< xamarinios) (< xamarinmac) (< xamarintvos) (< xamarinwatchos)
    System.Security.Cryptography.OpenSsl (4.4) - restriction: || (&& (< monoandroid) (< net45) (< netstandard1.3) (>= netstandard1.6)) (&& (< monoandroid) (< net45) (< netstandard1.4) (>= netstandard1.6)) (&& (< monoandroid) (< net45) (< netstandard1.5) (>= netstandard1.6)) (&& (< monotouch) (< net45) (>= netstandard1.6) (< xamarinios) (< xamarinmac) (< xamarintvos) (< xamarinwatchos)) (&& (< net45) (>= net46) (< netstandard1.4) (>= netstandard1.6)) (&& (< net45) (>= netstandard1.6) (< portable-net451+win81+wpa81)) (&& (>= netstandard1.6) (< portable-net45+win8+wp8+wpa81)) (&& (>= netstandard1.6) (>= uap10.0))
      Microsoft.NETCore.Platforms (>= 2.0) - restriction: >= netcoreapp2.0
      System.Collections (>= 4.3) - restriction: && (< monotouch) (< net461) (>= netstandard1.6) (< netstandard2.0) (< xamarinios) (< xamarinmac) (< xamarintvos) (< xamarinwatchos)
      System.IO (>= 4.3) - restriction: && (< monotouch) (< net461) (>= netstandard1.6) (< netstandard2.0) (< xamarinios) (< xamarinmac) (< xamarintvos) (< xamarinwatchos)
      System.Resources.ResourceManager (>= 4.3) - restriction: && (< monotouch) (< net461) (>= netstandard1.6) (< netstandard2.0) (< xamarinios) (< xamarinmac) (< xamarintvos) (< xamarinwatchos)
      System.Runtime (>= 4.3) - restriction: && (< monotouch) (< net461) (>= netstandard1.6) (< netstandard2.0) (< xamarinios) (< xamarinmac) (< xamarintvos) (< xamarinwatchos)
      System.Runtime.Extensions (>= 4.3) - restriction: && (< monotouch) (< net461) (>= netstandard1.6) (< netstandard2.0) (< xamarinios) (< xamarinmac) (< xamarintvos) (< xamarinwatchos)
      System.Runtime.Handles (>= 4.3) - restriction: && (< monotouch) (< net461) (>= netstandard1.6) (< netstandard2.0) (< xamarinios) (< xamarinmac) (< xamarintvos) (< xamarinwatchos)
      System.Runtime.InteropServices (>= 4.3) - restriction: && (< monotouch) (< net461) (>= netstandard1.6) (< netstandard2.0) (< xamarinios) (< xamarinmac) (< xamarintvos) (< xamarinwatchos)
      System.Runtime.Numerics (>= 4.3) - restriction: && (< monotouch) (< net461) (>= netstandard1.6) (< netstandard2.0) (< xamarinios) (< xamarinmac) (< xamarintvos) (< xamarinwatchos)
      System.Security.Cryptography.Algorithms (>= 4.3) - restriction: && (< monotouch) (< net461) (>= netstandard1.6) (< netstandard2.0) (< xamarinios) (< xamarinmac) (< xamarintvos) (< xamarinwatchos)
      System.Security.Cryptography.Encoding (>= 4.3) - restriction: && (< monotouch) (< net461) (>= netstandard1.6) (< netstandard2.0) (< xamarinios) (< xamarinmac) (< xamarintvos) (< xamarinwatchos)
      System.Security.Cryptography.Primitives (>= 4.3) - restriction: && (< monotouch) (< net461) (>= netstandard1.6) (< netstandard2.0) (< xamarinios) (< xamarinmac) (< xamarintvos) (< xamarinwatchos)
      System.Text.Encoding (>= 4.3) - restriction: && (< monotouch) (< net461) (>= netstandard1.6) (< netstandard2.0) (< xamarinios) (< xamarinmac) (< xamarintvos) (< xamarinwatchos)
    System.Security.Cryptography.Primitives (4.3) - restriction: || (&& (< monoandroid) (< net45) (< netstandard1.3) (>= netstandard1.6)) (&& (< monoandroid) (< net45) (< netstandard1.4) (>= netstandard1.6)) (&& (< monoandroid) (< net45) (< netstandard1.5) (>= netstandard1.6)) (&& (< monotouch) (< net45) (>= netstandard1.6) (< xamarinios) (< xamarinmac) (< xamarintvos) (< xamarinwatchos)) (&& (< net45) (>= net461) (< netstandard1.3) (>= netstandard1.6)) (&& (< net45) (>= net461) (< netstandard1.5) (>= netstandard1.6)) (&& (< net45) (>= net463) (>= netstandard1.6)) (&& (< net45) (>= netstandard1.6) (< portable-net451+win81+wpa81)) (&& (>= net46) (< netstandard1.3) (>= netstandard1.6)) (&& (>= net46) (< netstandard1.4) (>= netstandard1.6)) (&& (>= net461) (< netstandard1.4) (>= netstandard1.6)) (&& (>= net463) (< netstandard1.4) (>= netstandard1.6)) (>= netcoreapp2.0) (&& (>= netstandard1.6) (< portable-net45+win8+wp8+wpa81)) (&& (>= netstandard1.6) (>= uap10.0))
      System.Diagnostics.Debug (>= 4.3) - restriction: && (< monotouch) (< net46) (>= netstandard1.3) (< xamarinios) (< xamarinmac) (< xamarintvos) (< xamarinwatchos)
      System.Globalization (>= 4.3) - restriction: && (< monotouch) (< net46) (>= netstandard1.3) (< xamarinios) (< xamarinmac) (< xamarintvos) (< xamarinwatchos)
      System.IO (>= 4.3) - restriction: && (< monotouch) (< net46) (>= netstandard1.3) (< xamarinios) (< xamarinmac) (< xamarintvos) (< xamarinwatchos)
      System.Resources.ResourceManager (>= 4.3) - restriction: && (< monotouch) (< net46) (>= netstandard1.3) (< xamarinios) (< xamarinmac) (< xamarintvos) (< xamarinwatchos)
      System.Runtime (>= 4.3) - restriction: && (< monotouch) (< net46) (>= netstandard1.3) (< xamarinios) (< xamarinmac) (< xamarintvos) (< xamarinwatchos)
      System.Threading (>= 4.3) - restriction: && (< monotouch) (< net46) (>= netstandard1.3) (< xamarinios) (< xamarinmac) (< xamarintvos) (< xamarinwatchos)
      System.Threading.Tasks (>= 4.3) - restriction: && (< monotouch) (< net46) (>= netstandard1.3) (< xamarinios) (< xamarinmac) (< xamarintvos) (< xamarinwatchos)
    System.Security.Cryptography.X509Certificates (4.3.1) - restriction: || (&& (< monoandroid) (< net45) (< netstandard1.3) (>= netstandard1.6)) (&& (< monoandroid) (< net45) (< netstandard1.4) (>= netstandard1.6)) (&& (< monoandroid) (< net45) (< netstandard1.5) (>= netstandard1.6)) (&& (< monotouch) (< net45) (>= netstandard1.6) (< xamarinios) (< xamarinmac) (< xamarintvos) (< xamarinwatchos)) (&& (< net45) (>= net46) (>= netstandard1.6)) (&& (< net45) (>= netstandard1.6) (< portable-net451+win81+wpa81)) (&& (>= net46) (< netstandard1.4) (>= netstandard1.6)) (&& (>= netstandard1.6) (< portable-net45+win8+wp8+wpa81)) (&& (>= netstandard1.6) (< portable-net45+win8+wpa81)) (&& (>= netstandard1.6) (>= uap10.0))
      Microsoft.NETCore.Platforms (>= 1.1) - restriction: || (&& (< monoandroid) (< netstandard1.3)) (&& (< monotouch) (< net46) (>= netstandard1.6) (< xamarinios) (< xamarinmac) (< xamarintvos) (< xamarinwatchos))
      runtime.native.System (>= 4.3) - restriction: && (< monotouch) (< net46) (>= netstandard1.6) (< xamarinios) (< xamarinmac) (< xamarintvos) (< xamarinwatchos)
      runtime.native.System.Net.Http (>= 4.3) - restriction: && (< monotouch) (< net46) (>= netstandard1.6) (< xamarinios) (< xamarinmac) (< xamarintvos) (< xamarinwatchos)
      runtime.native.System.Security.Cryptography.OpenSsl (>= 4.3.2) - restriction: && (< monotouch) (< net46) (>= netstandard1.6) (< xamarinios) (< xamarinmac) (< xamarintvos) (< xamarinwatchos)
      System.Collections (>= 4.3) - restriction: || (&& (< monoandroid) (< netstandard1.3)) (&& (< monotouch) (< net46) (>= netstandard1.6) (< xamarinios) (< xamarinmac) (< xamarintvos) (< xamarinwatchos))
      System.Diagnostics.Debug (>= 4.3) - restriction: && (< monotouch) (< net46) (>= netstandard1.6) (< xamarinios) (< xamarinmac) (< xamarintvos) (< xamarinwatchos)
      System.Globalization (>= 4.3) - restriction: || (&& (< monoandroid) (< netstandard1.3)) (&& (< monotouch) (< net46) (>= netstandard1.6) (< xamarinios) (< xamarinmac) (< xamarintvos) (< xamarinwatchos))
      System.Globalization.Calendars (>= 4.3) - restriction: || (&& (< monoandroid) (< netstandard1.3)) (&& (< monotouch) (< net46) (>= netstandard1.6) (< xamarinios) (< xamarinmac) (< xamarintvos) (< xamarinwatchos))
      System.IO (>= 4.3) - restriction: || (&& (< monoandroid) (< netstandard1.3)) (&& (< monotouch) (< net46) (>= netstandard1.6) (< xamarinios) (< xamarinmac) (< xamarintvos) (< xamarinwatchos))
      System.IO.FileSystem (>= 4.3) - restriction: || (&& (< monoandroid) (< netstandard1.3)) (&& (< monotouch) (< net46) (>= netstandard1.6) (< xamarinios) (< xamarinmac) (< xamarintvos) (< xamarinwatchos))
      System.IO.FileSystem.Primitives (>= 4.3) - restriction: && (< monotouch) (< net46) (>= netstandard1.6) (< xamarinios) (< xamarinmac) (< xamarintvos) (< xamarinwatchos)
      System.Resources.ResourceManager (>= 4.3) - restriction: || (&& (< monoandroid) (< netstandard1.3)) (&& (< monotouch) (< net46) (>= netstandard1.6) (< xamarinios) (< xamarinmac) (< xamarintvos) (< xamarinwatchos))
      System.Runtime (>= 4.3) - restriction: || (&& (< monoandroid) (< net46) (>= netstandard1.3) (< netstandard1.4)) (&& (< monoandroid) (< net46) (>= netstandard1.4) (< netstandard1.6)) (&& (< monoandroid) (< netstandard1.3)) (&& (< monotouch) (< net46) (>= netstandard1.6) (< xamarinios) (< xamarinmac) (< xamarintvos) (< xamarinwatchos))
      System.Runtime.Extensions (>= 4.3) - restriction: || (&& (< monoandroid) (< netstandard1.3)) (&& (< monotouch) (< net46) (>= netstandard1.6) (< xamarinios) (< xamarinmac) (< xamarintvos) (< xamarinwatchos))
      System.Runtime.Handles (>= 4.3) - restriction: || (&& (< monoandroid) (< net46) (>= netstandard1.3) (< netstandard1.4)) (&& (< monoandroid) (< net46) (>= netstandard1.4) (< netstandard1.6)) (&& (< monoandroid) (< netstandard1.3)) (&& (< monotouch) (< net46) (>= netstandard1.6) (< xamarinios) (< xamarinmac) (< xamarintvos) (< xamarinwatchos))
      System.Runtime.InteropServices (>= 4.3) - restriction: || (&& (< monoandroid) (< netstandard1.3)) (&& (< monotouch) (< net46) (>= netstandard1.6) (< xamarinios) (< xamarinmac) (< xamarintvos) (< xamarinwatchos))
      System.Runtime.Numerics (>= 4.3) - restriction: || (&& (< monoandroid) (< netstandard1.3)) (&& (< monotouch) (< net46) (>= netstandard1.6) (< xamarinios) (< xamarinmac) (< xamarintvos) (< xamarinwatchos))
      System.Security.Cryptography.Algorithms (>= 4.3) - restriction: || (&& (< monoandroid) (< net46) (>= netstandard1.3) (< netstandard1.4)) (&& (< monoandroid) (< net46) (>= netstandard1.4) (< netstandard1.6)) (&& (< monoandroid) (< netstandard1.3)) (&& (< monotouch) (< net46) (>= netstandard1.6) (< xamarinios) (< xamarinmac) (< xamarintvos) (< xamarinwatchos)) (&& (>= net46) (< netstandard1.4)) (>= net461)
      System.Security.Cryptography.Cng (>= 4.3) - restriction: || (&& (< monoandroid) (< netstandard1.3)) (&& (< monotouch) (< net46) (>= netstandard1.6) (< xamarinios) (< xamarinmac) (< xamarintvos) (< xamarinwatchos))
      System.Security.Cryptography.Csp (>= 4.3) - restriction: && (< monotouch) (< net46) (>= netstandard1.6) (< xamarinios) (< xamarinmac) (< xamarintvos) (< xamarinwatchos)
      System.Security.Cryptography.Encoding (>= 4.3) - restriction: || (&& (< monoandroid) (< net46) (>= netstandard1.3) (< netstandard1.4)) (&& (< monoandroid) (< net46) (>= netstandard1.4) (< netstandard1.6)) (&& (< monoandroid) (< netstandard1.3)) (&& (< monotouch) (< net46) (>= netstandard1.6) (< xamarinios) (< xamarinmac) (< xamarintvos) (< xamarinwatchos)) (&& (>= net46) (< netstandard1.4)) (>= net461)
      System.Security.Cryptography.OpenSsl (>= 4.3) - restriction: && (< monotouch) (< net46) (>= netstandard1.6) (< xamarinios) (< xamarinmac) (< xamarintvos) (< xamarinwatchos)
      System.Security.Cryptography.Primitives (>= 4.3) - restriction: || (&& (< monoandroid) (< netstandard1.3)) (&& (< monotouch) (< net46) (>= netstandard1.6) (< xamarinios) (< xamarinmac) (< xamarintvos) (< xamarinwatchos))
      System.Text.Encoding (>= 4.3) - restriction: || (&& (< monoandroid) (< netstandard1.3)) (&& (< monotouch) (< net46) (>= netstandard1.6) (< xamarinios) (< xamarinmac) (< xamarintvos) (< xamarinwatchos))
      System.Threading (>= 4.3) - restriction: || (&& (< monoandroid) (< netstandard1.3)) (&& (< monotouch) (< net46) (>= netstandard1.6) (< xamarinios) (< xamarinmac) (< xamarintvos) (< xamarinwatchos))
    System.Security.Principal.Windows (4.4) - restriction: >= netcoreapp2.0
      Microsoft.NETCore.Platforms (>= 2.0) - restriction: >= netcoreapp2.0
    System.Text.Encoding (4.3) - restriction: || (&& (< monoandroid) (< net45) (< netstandard1.3) (>= netstandard1.6)) (&& (< monoandroid) (< net45) (< netstandard1.4) (>= netstandard1.6)) (&& (< monoandroid) (< net45) (< netstandard1.5) (>= netstandard1.6)) (&& (< monotouch) (< net45) (>= netstandard1.6) (< xamarinios) (< xamarinmac) (< xamarintvos) (< xamarinwatchos)) (&& (< net45) (>= net46) (< netstandard1.4) (>= netstandard1.6)) (&& (< net45) (>= netstandard1.6) (< portable-net451+win81+wpa81)) (&& (>= net46) (< netstandard1.3) (>= netstandard1.6)) (>= netcoreapp2.0) (&& (>= netstandard1.6) (< portable-net45+win8+wp8+wpa81)) (&& (>= netstandard1.6) (< portable-net45+win8+wpa81)) (&& (>= netstandard1.6) (>= uap10.0))
      Microsoft.NETCore.Platforms (>= 1.1) - restriction: || (&& (< monoandroid) (< net45) (>= netstandard1.0) (< netstandard1.3) (< win8) (< wp8) (< wpa81)) (&& (< monotouch) (< net45) (>= netstandard1.3) (< win8) (< wpa81) (< xamarinios) (< xamarinmac) (< xamarintvos) (< xamarinwatchos)) (< portable-net45+win8+wp8+wpa81)
      Microsoft.NETCore.Targets (>= 1.1) - restriction: || (&& (< monoandroid) (< net45) (>= netstandard1.0) (< netstandard1.3) (< win8) (< wp8) (< wpa81)) (&& (< monotouch) (< net45) (>= netstandard1.3) (< win8) (< wpa81) (< xamarinios) (< xamarinmac) (< xamarintvos) (< xamarinwatchos)) (< portable-net45+win8+wp8+wpa81)
      System.Runtime (>= 4.3) - restriction: || (&& (< monoandroid) (< net45) (>= netstandard1.0) (< netstandard1.3) (< win8) (< wp8) (< wpa81)) (&& (< monotouch) (< net45) (>= netstandard1.3) (< win8) (< wpa81) (< xamarinios) (< xamarinmac) (< xamarintvos) (< xamarinwatchos)) (< portable-net45+win8+wp8+wpa81)
    System.Text.Encoding.Extensions (4.3) - restriction: || (&& (< monoandroid) (< net45) (< netstandard1.3) (>= netstandard1.6)) (&& (< monoandroid) (< net45) (< netstandard1.4) (>= netstandard1.6)) (&& (< monoandroid) (< net45) (< netstandard1.5) (>= netstandard1.6)) (&& (< monotouch) (< net45) (>= netstandard1.6) (< netstandard2.0) (< xamarinios) (< xamarinmac) (< xamarintvos) (< xamarinwatchos)) (&& (< net45) (>= net46) (< netstandard1.4) (>= netstandard1.6)) (&& (< net45) (>= netstandard1.6) (< portable-net451+win81+wpa81)) (>= netcoreapp2.0) (&& (>= netstandard1.6) (< portable-net45+win8+wp8+wpa81)) (&& (>= netstandard1.6) (< portable-net45+win8+wpa81)) (&& (>= netstandard1.6) (>= uap10.0))
      Microsoft.NETCore.Platforms (>= 1.1) - restriction: || (&& (< monoandroid) (< net45) (>= netstandard1.0) (< netstandard1.3) (< win8) (< wp8) (< wpa81)) (&& (< monotouch) (< net45) (>= netstandard1.3) (< win8) (< wpa81) (< xamarinios) (< xamarinmac) (< xamarintvos) (< xamarinwatchos)) (< portable-net45+win8+wp8+wpa81)
      Microsoft.NETCore.Targets (>= 1.1) - restriction: || (&& (< monoandroid) (< net45) (>= netstandard1.0) (< netstandard1.3) (< win8) (< wp8) (< wpa81)) (&& (< monotouch) (< net45) (>= netstandard1.3) (< win8) (< wpa81) (< xamarinios) (< xamarinmac) (< xamarintvos) (< xamarinwatchos)) (< portable-net45+win8+wp8+wpa81)
      System.Runtime (>= 4.3) - restriction: || (&& (< monoandroid) (< net45) (>= netstandard1.0) (< netstandard1.3) (< win8) (< wp8) (< wpa81)) (&& (< monotouch) (< net45) (>= netstandard1.3) (< win8) (< wpa81) (< xamarinios) (< xamarinmac) (< xamarintvos) (< xamarinwatchos)) (< portable-net45+win8+wp8+wpa81)
      System.Text.Encoding (>= 4.3) - restriction: || (&& (< monoandroid) (< net45) (>= netstandard1.0) (< netstandard1.3) (< win8) (< wp8) (< wpa81)) (&& (< monotouch) (< net45) (>= netstandard1.3) (< win8) (< wpa81) (< xamarinios) (< xamarinmac) (< xamarintvos) (< xamarinwatchos)) (< portable-net45+win8+wp8+wpa81)
    System.Text.RegularExpressions (4.3) - restriction: || (&& (< net45) (>= netstandard1.6)) (>= netcoreapp2.0) (&& (>= netstandard1.6) (< portable-net45+win8+wp8+wpa81)) (&& (>= netstandard1.6) (< portable-net45+win8+wpa81)) (&& (>= netstandard1.6) (>= uap10.0))
      System.Collections (>= 4.3) - restriction: || (&& (< monotouch) (< net45) (< netcoreapp1.1) (>= netstandard1.6) (< xamarinios) (< xamarinmac) (< xamarintvos) (< xamarinwatchos)) (< portable-net45+win8+wp8+wpa81)
      System.Globalization (>= 4.3) - restriction: || (&& (< monotouch) (< net45) (< netcoreapp1.1) (>= netstandard1.6) (< xamarinios) (< xamarinmac) (< xamarintvos) (< xamarinwatchos)) (< portable-net45+win8+wp8+wpa81)
      System.Resources.ResourceManager (>= 4.3) - restriction: || (&& (< monotouch) (< net45) (< netcoreapp1.1) (>= netstandard1.6) (< xamarinios) (< xamarinmac) (< xamarintvos) (< xamarinwatchos)) (< portable-net45+win8+wp8+wpa81)
      System.Runtime (>= 4.3) - restriction: || (&& (< monoandroid) (< net45) (>= netstandard1.0) (< netstandard1.3) (< win8) (< wp8) (< wpa81)) (&& (< monoandroid) (< net45) (>= netstandard1.3) (< netstandard1.6) (< win8) (< wpa81)) (&& (< monotouch) (< net45) (>= netstandard1.6) (< xamarinios) (< xamarinmac) (< xamarintvos) (< xamarinwatchos)) (>= netcoreapp1.1) (< portable-net45+win8+wp8+wpa81)
      System.Runtime.Extensions (>= 4.3) - restriction: || (&& (< monotouch) (< net45) (< netcoreapp1.1) (>= netstandard1.6) (< xamarinios) (< xamarinmac) (< xamarintvos) (< xamarinwatchos)) (< portable-net45+win8+wp8+wpa81)
      System.Threading (>= 4.3) - restriction: || (&& (< monotouch) (< net45) (< netcoreapp1.1) (>= netstandard1.6) (< xamarinios) (< xamarinmac) (< xamarintvos) (< xamarinwatchos)) (< portable-net45+win8+wp8+wpa81)
    System.Threading (4.3) - restriction: || (&& (< monoandroid) (< netstandard1.0) (>= netstandard1.6)) (&& (< monoandroid) (< netstandard1.1) (>= netstandard1.6)) (&& (< net45) (>= netstandard1.6)) (&& (>= net451) (< netstandard1.1) (>= netstandard1.6)) (&& (>= net46) (< netstandard1.1) (>= netstandard1.6)) (&& (>= net46) (< netstandard1.3) (>= netstandard1.6)) (>= netcoreapp2.0) (&& (< netstandard1.0) (>= netstandard1.6) (< portable-net451+win81+wpa81)) (&& (< netstandard1.1) (>= netstandard1.6) (< portable-net451+win81+wpa81)) (&& (< netstandard1.1) (>= netstandard1.6) (>= wpa81)) (&& (< netstandard1.3) (>= netstandard1.6) (>= wpa81)) (&& (>= netstandard1.6) (< portable-net45+win8+wp8+wpa81)) (&& (>= netstandard1.6) (< portable-net45+win8+wpa81)) (&& (>= netstandard1.6) (>= uap10.0))
      System.Runtime (>= 4.3) - restriction: || (&& (< monoandroid) (< net45) (>= netstandard1.0) (< netstandard1.3) (< win8) (< wp8) (< wpa81)) (&& (< monotouch) (< net45) (>= netstandard1.3) (< win8) (< wpa81) (< xamarinios) (< xamarinmac) (< xamarintvos) (< xamarinwatchos)) (< portable-net45+win8+wp8+wpa81)
      System.Threading.Tasks (>= 4.3) - restriction: || (&& (< monoandroid) (< net45) (>= netstandard1.0) (< netstandard1.3) (< win8) (< wp8) (< wpa81)) (&& (< monotouch) (< net45) (>= netstandard1.3) (< win8) (< wpa81) (< xamarinios) (< xamarinmac) (< xamarintvos) (< xamarinwatchos)) (< portable-net45+win8+wp8+wpa81)
    System.Threading.Tasks (4.3) - restriction: || (&& (< net45) (>= netstandard1.6)) (>= netcoreapp2.0) (&& (>= netstandard1.6) (< portable-net45+win8+wp8+wpa81)) (&& (>= netstandard1.6) (< portable-net45+win8+wpa81)) (&& (>= netstandard1.6) (>= uap10.0))
      Microsoft.NETCore.Platforms (>= 1.1) - restriction: || (&& (< monoandroid) (< net45) (>= netstandard1.0) (< netstandard1.3) (< win8) (< wp8) (< wpa81)) (&& (< monotouch) (< net45) (>= netstandard1.3) (< win8) (< wpa81) (< xamarinios) (< xamarinmac) (< xamarintvos) (< xamarinwatchos)) (< portable-net45+win8+wp8+wpa81)
      Microsoft.NETCore.Targets (>= 1.1) - restriction: || (&& (< monoandroid) (< net45) (>= netstandard1.0) (< netstandard1.3) (< win8) (< wp8) (< wpa81)) (&& (< monotouch) (< net45) (>= netstandard1.3) (< win8) (< wpa81) (< xamarinios) (< xamarinmac) (< xamarintvos) (< xamarinwatchos)) (< portable-net45+win8+wp8+wpa81)
      System.Runtime (>= 4.3) - restriction: || (&& (< monoandroid) (< net45) (>= netstandard1.0) (< netstandard1.3) (< win8) (< wp8) (< wpa81)) (&& (< monotouch) (< net45) (>= netstandard1.3) (< win8) (< wpa81) (< xamarinios) (< xamarinmac) (< xamarintvos) (< xamarinwatchos)) (< portable-net45+win8+wp8+wpa81)
    System.Threading.Tasks.Extensions (4.4) - restriction: || (&& (< monoandroid) (< net45) (< netstandard1.3) (>= netstandard1.6)) (&& (< monoandroid) (< net45) (< netstandard1.4) (>= netstandard1.6)) (&& (< monoandroid) (< net45) (< netstandard1.5) (>= netstandard1.6)) (&& (< monotouch) (< net45) (>= netstandard1.6) (< netstandard2.0) (< xamarinios) (< xamarinmac) (< xamarintvos) (< xamarinwatchos)) (&& (< net45) (>= net46) (< netstandard1.4) (>= netstandard1.6)) (&& (< net45) (>= netstandard1.6) (< portable-net451+win81+wpa81)) (>= netcoreapp2.0) (&& (>= netstandard1.6) (< portable-net45+win8+wp8+wpa81)) (&& (>= netstandard1.6) (< portable-net45+win8+wpa81)) (&& (>= netstandard1.6) (>= uap10.0))
      System.Collections (>= 4.3) - restriction: && (>= netstandard1.0) (< netstandard2.0) (< xamarinmac)
      System.Runtime (>= 4.3) - restriction: && (>= netstandard1.0) (< netstandard2.0) (< xamarinmac)
      System.Threading.Tasks (>= 4.3) - restriction: && (>= netstandard1.0) (< netstandard2.0) (< xamarinmac)
    System.Threading.Tasks.Parallel (4.3) - restriction: && (< net45) (>= netstandard1.6)
      System.Collections.Concurrent (>= 4.3) - restriction: || (&& (< monoandroid) (< net45) (>= netstandard1.1) (< netstandard1.3) (< win8) (< wpa81)) (&& (< monotouch) (< net45) (>= netstandard1.3) (< win8) (< wpa81) (< xamarinios) (< xamarinmac) (< xamarintvos) (< xamarinwatchos)) (< portable-net45+win8+wpa81)
      System.Diagnostics.Debug (>= 4.3) - restriction: || (&& (< monotouch) (< net45) (>= netstandard1.3) (< win8) (< wpa81) (< xamarinios) (< xamarinmac) (< xamarintvos) (< xamarinwatchos)) (< portable-net45+win8+wpa81)
      System.Diagnostics.Tracing (>= 4.3) - restriction: || (&& (< monotouch) (< net45) (>= netstandard1.3) (< win8) (< wpa81) (< xamarinios) (< xamarinmac) (< xamarintvos) (< xamarinwatchos)) (< portable-net45+win8+wpa81)
      System.Resources.ResourceManager (>= 4.3) - restriction: || (&& (< monotouch) (< net45) (>= netstandard1.3) (< win8) (< wpa81) (< xamarinios) (< xamarinmac) (< xamarintvos) (< xamarinwatchos)) (< portable-net45+win8+wpa81)
      System.Runtime (>= 4.3) - restriction: || (&& (< monoandroid) (< net45) (>= netstandard1.1) (< netstandard1.3) (< win8) (< wpa81)) (&& (< monotouch) (< net45) (>= netstandard1.3) (< win8) (< wpa81) (< xamarinios) (< xamarinmac) (< xamarintvos) (< xamarinwatchos)) (< portable-net45+win8+wpa81)
      System.Runtime.Extensions (>= 4.3) - restriction: || (&& (< monotouch) (< net45) (>= netstandard1.3) (< win8) (< wpa81) (< xamarinios) (< xamarinmac) (< xamarintvos) (< xamarinwatchos)) (< portable-net45+win8+wpa81)
      System.Threading (>= 4.3) - restriction: || (&& (< monotouch) (< net45) (>= netstandard1.3) (< win8) (< wpa81) (< xamarinios) (< xamarinmac) (< xamarintvos) (< xamarinwatchos)) (< portable-net45+win8+wpa81)
      System.Threading.Tasks (>= 4.3) - restriction: || (&& (< monoandroid) (< net45) (>= netstandard1.1) (< netstandard1.3) (< win8) (< wpa81)) (&& (< monotouch) (< net45) (>= netstandard1.3) (< win8) (< wpa81) (< xamarinios) (< xamarinmac) (< xamarintvos) (< xamarinwatchos)) (< portable-net45+win8+wpa81)
    System.Threading.Thread (4.3) - restriction: || (&& (< net45) (>= netstandard1.6)) (>= netcoreapp2.0)
      System.Runtime (>= 4.3) - restriction: && (< monotouch) (< net46) (>= netstandard1.3) (< xamarinios) (< xamarinmac) (< xamarintvos) (< xamarinwatchos)
    System.Threading.ThreadPool (4.3) - restriction: || (&& (< net45) (>= netstandard1.6)) (>= netcoreapp2.0)
      System.Runtime (>= 4.3) - restriction: && (< monotouch) (< net46) (>= netstandard1.3) (< xamarinios) (< xamarinmac) (< xamarintvos) (< xamarinwatchos)
      System.Runtime.Handles (>= 4.3) - restriction: && (< monotouch) (< net46) (>= netstandard1.3) (< xamarinios) (< xamarinmac) (< xamarintvos) (< xamarinwatchos)
    System.Threading.Timer (4.3) - restriction: || (&& (< net45) (>= netstandard1.6)) (&& (>= netstandard1.6) (>= uap10.0))
      Microsoft.NETCore.Platforms (>= 1.1) - restriction: || (&& (< monotouch) (< net451) (>= netstandard1.2) (< win81) (< wpa81) (< xamarinios) (< xamarinmac) (< xamarintvos) (< xamarinwatchos)) (< portable-net451+win81+wpa81)
      Microsoft.NETCore.Targets (>= 1.1) - restriction: || (&& (< monotouch) (< net451) (>= netstandard1.2) (< win81) (< wpa81) (< xamarinios) (< xamarinmac) (< xamarintvos) (< xamarinwatchos)) (< portable-net451+win81+wpa81)
      System.Runtime (>= 4.3) - restriction: || (&& (< monotouch) (< net451) (>= netstandard1.2) (< win81) (< wpa81) (< xamarinios) (< xamarinmac) (< xamarintvos) (< xamarinwatchos)) (< portable-net451+win81+wpa81)
    System.ValueTuple (4.4) - restriction: >= netstandard1.6
      NETStandard.Library (>= 1.6.1) - restriction: && (< monotouch) (< net461) (>= netstandard1.0) (< netstandard2.0) (< xamarinios) (< xamarinmac) (< xamarintvos) (< xamarinwatchos)
    System.Xml.ReaderWriter (4.3) - restriction: || (&& (< monoandroid) (< net45) (< netstandard1.3) (>= netstandard1.6)) (&& (< monoandroid) (< net45) (< netstandard1.4) (>= netstandard1.6)) (&& (< monoandroid) (< net45) (< netstandard1.5) (>= netstandard1.6)) (&& (< monotouch) (< net45) (>= netstandard1.6) (< netstandard2.0) (< xamarinios) (< xamarinmac) (< xamarintvos) (< xamarinwatchos)) (&& (< net45) (>= netstandard1.6) (< portable-net451+win81+wpa81)) (&& (>= net46) (< netstandard1.4) (>= netstandard1.6)) (>= netcoreapp2.0) (&& (>= netstandard1.6) (< portable-net45+win8+wpa81)) (&& (>= netstandard1.6) (>= uap10.0))
      System.Collections (>= 4.3) - restriction: || (&& (< monotouch) (< net45) (>= netstandard1.3) (< win8) (< wpa81) (< xamarinios) (< xamarinmac) (< xamarintvos) (< xamarinwatchos)) (< portable-net45+win8+wp8+wpa81)
      System.Diagnostics.Debug (>= 4.3) - restriction: || (&& (< monotouch) (< net45) (>= netstandard1.3) (< win8) (< wpa81) (< xamarinios) (< xamarinmac) (< xamarintvos) (< xamarinwatchos)) (< portable-net45+win8+wp8+wpa81)
      System.Globalization (>= 4.3) - restriction: || (&& (< monotouch) (< net45) (>= netstandard1.3) (< win8) (< wpa81) (< xamarinios) (< xamarinmac) (< xamarintvos) (< xamarinwatchos)) (< portable-net45+win8+wp8+wpa81)
      System.IO (>= 4.3) - restriction: || (&& (< monoandroid) (< net45) (>= netstandard1.0) (< netstandard1.3) (< win8) (< wp8) (< wpa81)) (&& (< monotouch) (< net45) (>= netstandard1.3) (< win8) (< wpa81) (< xamarinios) (< xamarinmac) (< xamarintvos) (< xamarinwatchos)) (< portable-net45+win8+wp8+wpa81)
      System.IO.FileSystem (>= 4.3) - restriction: || (&& (< monotouch) (< net45) (>= netstandard1.3) (< win8) (< wpa81) (< xamarinios) (< xamarinmac) (< xamarintvos) (< xamarinwatchos)) (< portable-net45+win8+wp8+wpa81)
      System.IO.FileSystem.Primitives (>= 4.3) - restriction: || (&& (< monotouch) (< net45) (>= netstandard1.3) (< win8) (< wpa81) (< xamarinios) (< xamarinmac) (< xamarintvos) (< xamarinwatchos)) (< portable-net45+win8+wp8+wpa81)
      System.Resources.ResourceManager (>= 4.3) - restriction: || (&& (< monotouch) (< net45) (>= netstandard1.3) (< win8) (< wpa81) (< xamarinios) (< xamarinmac) (< xamarintvos) (< xamarinwatchos)) (< portable-net45+win8+wp8+wpa81)
      System.Runtime (>= 4.3) - restriction: || (&& (< monoandroid) (< net45) (>= netstandard1.0) (< netstandard1.3) (< win8) (< wp8) (< wpa81)) (&& (< monotouch) (< net45) (>= netstandard1.3) (< win8) (< wpa81) (< xamarinios) (< xamarinmac) (< xamarintvos) (< xamarinwatchos)) (< portable-net45+win8+wp8+wpa81)
      System.Runtime.Extensions (>= 4.3) - restriction: || (&& (< monotouch) (< net45) (>= netstandard1.3) (< win8) (< wpa81) (< xamarinios) (< xamarinmac) (< xamarintvos) (< xamarinwatchos)) (< portable-net45+win8+wp8+wpa81)
      System.Runtime.InteropServices (>= 4.3) - restriction: || (&& (< monotouch) (< net45) (>= netstandard1.3) (< win8) (< wpa81) (< xamarinios) (< xamarinmac) (< xamarintvos) (< xamarinwatchos)) (< portable-net45+win8+wp8+wpa81)
      System.Text.Encoding (>= 4.3) - restriction: || (&& (< monoandroid) (< net45) (>= netstandard1.0) (< netstandard1.3) (< win8) (< wp8) (< wpa81)) (&& (< monotouch) (< net45) (>= netstandard1.3) (< win8) (< wpa81) (< xamarinios) (< xamarinmac) (< xamarintvos) (< xamarinwatchos)) (< portable-net45+win8+wp8+wpa81)
      System.Text.Encoding.Extensions (>= 4.3) - restriction: || (&& (< monotouch) (< net45) (>= netstandard1.3) (< win8) (< wpa81) (< xamarinios) (< xamarinmac) (< xamarintvos) (< xamarinwatchos)) (< portable-net45+win8+wp8+wpa81)
      System.Text.RegularExpressions (>= 4.3) - restriction: || (&& (< monotouch) (< net45) (>= netstandard1.3) (< win8) (< wpa81) (< xamarinios) (< xamarinmac) (< xamarintvos) (< xamarinwatchos)) (< portable-net45+win8+wp8+wpa81)
      System.Threading.Tasks (>= 4.3) - restriction: || (&& (< monoandroid) (< net45) (>= netstandard1.0) (< netstandard1.3) (< win8) (< wp8) (< wpa81)) (&& (< monotouch) (< net45) (>= netstandard1.3) (< win8) (< wpa81) (< xamarinios) (< xamarinmac) (< xamarintvos) (< xamarinwatchos)) (< portable-net45+win8+wp8+wpa81)
      System.Threading.Tasks.Extensions (>= 4.3) - restriction: || (&& (< monotouch) (< net45) (>= netstandard1.3) (< win8) (< wpa81) (< xamarinios) (< xamarinmac) (< xamarintvos) (< xamarinwatchos)) (< portable-net45+win8+wp8+wpa81)
    System.Xml.XDocument (4.3) - restriction: || (&& (< monoandroid) (< net45) (< netstandard1.3) (>= netstandard1.6)) (&& (< monoandroid) (< net45) (< netstandard1.4) (>= netstandard1.6)) (&& (< monoandroid) (< net45) (< netstandard1.5) (>= netstandard1.6)) (&& (< monotouch) (< net45) (>= netstandard1.6) (< netstandard2.0) (< xamarinios) (< xamarinmac) (< xamarintvos) (< xamarinwatchos)) (&& (< net45) (>= netstandard1.6) (< portable-net451+win81+wpa81)) (&& (>= netstandard1.6) (< portable-net45+win8+wpa81)) (&& (>= netstandard1.6) (>= uap10.0))
      System.Collections (>= 4.3) - restriction: || (&& (< monotouch) (< net45) (>= netstandard1.3) (< win8) (< wpa81) (< xamarinios) (< xamarinmac) (< xamarintvos) (< xamarinwatchos)) (< portable-net45+win8+wp8+wpa81)
      System.Diagnostics.Debug (>= 4.3) - restriction: || (&& (< monotouch) (< net45) (>= netstandard1.3) (< win8) (< wpa81) (< xamarinios) (< xamarinmac) (< xamarintvos) (< xamarinwatchos)) (< portable-net45+win8+wp8+wpa81)
      System.Diagnostics.Tools (>= 4.3) - restriction: || (&& (< monotouch) (< net45) (>= netstandard1.3) (< win8) (< wpa81) (< xamarinios) (< xamarinmac) (< xamarintvos) (< xamarinwatchos)) (< portable-net45+win8+wp8+wpa81)
      System.Globalization (>= 4.3) - restriction: || (&& (< monotouch) (< net45) (>= netstandard1.3) (< win8) (< wpa81) (< xamarinios) (< xamarinmac) (< xamarintvos) (< xamarinwatchos)) (< portable-net45+win8+wp8+wpa81)
      System.IO (>= 4.3) - restriction: || (&& (< monoandroid) (< net45) (>= netstandard1.0) (< netstandard1.3) (< win8) (< wp8) (< wpa81)) (&& (< monotouch) (< net45) (>= netstandard1.3) (< win8) (< wpa81) (< xamarinios) (< xamarinmac) (< xamarintvos) (< xamarinwatchos)) (< portable-net45+win8+wp8+wpa81)
      System.Reflection (>= 4.3) - restriction: || (&& (< monotouch) (< net45) (>= netstandard1.3) (< win8) (< wpa81) (< xamarinios) (< xamarinmac) (< xamarintvos) (< xamarinwatchos)) (< portable-net45+win8+wp8+wpa81)
      System.Resources.ResourceManager (>= 4.3) - restriction: || (&& (< monotouch) (< net45) (>= netstandard1.3) (< win8) (< wpa81) (< xamarinios) (< xamarinmac) (< xamarintvos) (< xamarinwatchos)) (< portable-net45+win8+wp8+wpa81)
      System.Runtime (>= 4.3) - restriction: || (&& (< monoandroid) (< net45) (>= netstandard1.0) (< netstandard1.3) (< win8) (< wp8) (< wpa81)) (&& (< monotouch) (< net45) (>= netstandard1.3) (< win8) (< wpa81) (< xamarinios) (< xamarinmac) (< xamarintvos) (< xamarinwatchos)) (< portable-net45+win8+wp8+wpa81)
      System.Runtime.Extensions (>= 4.3) - restriction: || (&& (< monotouch) (< net45) (>= netstandard1.3) (< win8) (< wpa81) (< xamarinios) (< xamarinmac) (< xamarintvos) (< xamarinwatchos)) (< portable-net45+win8+wp8+wpa81)
      System.Text.Encoding (>= 4.3) - restriction: || (&& (< monotouch) (< net45) (>= netstandard1.3) (< win8) (< wpa81) (< xamarinios) (< xamarinmac) (< xamarintvos) (< xamarinwatchos)) (< portable-net45+win8+wp8+wpa81)
      System.Threading (>= 4.3) - restriction: || (&& (< monotouch) (< net45) (>= netstandard1.3) (< win8) (< wpa81) (< xamarinios) (< xamarinmac) (< xamarintvos) (< xamarinwatchos)) (< portable-net45+win8+wp8+wpa81)
      System.Xml.ReaderWriter (>= 4.3) - restriction: || (&& (< monoandroid) (< net45) (>= netstandard1.0) (< netstandard1.3) (< win8) (< wp8) (< wpa81)) (&& (< monotouch) (< net45) (>= netstandard1.3) (< win8) (< wpa81) (< xamarinios) (< xamarinmac) (< xamarintvos) (< xamarinwatchos)) (< portable-net45+win8+wp8+wpa81)
    System.Xml.XmlDocument (4.3) - restriction: >= netcoreapp2.0
      System.Collections (>= 4.3) - restriction: && (< monotouch) (< net46) (>= netstandard1.3) (< xamarinios) (< xamarinmac) (< xamarintvos) (< xamarinwatchos)
      System.Diagnostics.Debug (>= 4.3) - restriction: && (< monotouch) (< net46) (>= netstandard1.3) (< xamarinios) (< xamarinmac) (< xamarintvos) (< xamarinwatchos)
      System.Globalization (>= 4.3) - restriction: && (< monotouch) (< net46) (>= netstandard1.3) (< xamarinios) (< xamarinmac) (< xamarintvos) (< xamarinwatchos)
      System.IO (>= 4.3) - restriction: && (< monotouch) (< net46) (>= netstandard1.3) (< xamarinios) (< xamarinmac) (< xamarintvos) (< xamarinwatchos)
      System.Resources.ResourceManager (>= 4.3) - restriction: && (< monotouch) (< net46) (>= netstandard1.3) (< xamarinios) (< xamarinmac) (< xamarintvos) (< xamarinwatchos)
      System.Runtime (>= 4.3) - restriction: && (< monotouch) (< net46) (>= netstandard1.3) (< xamarinios) (< xamarinmac) (< xamarintvos) (< xamarinwatchos)
      System.Runtime.Extensions (>= 4.3) - restriction: && (< monotouch) (< net46) (>= netstandard1.3) (< xamarinios) (< xamarinmac) (< xamarintvos) (< xamarinwatchos)
      System.Text.Encoding (>= 4.3) - restriction: && (< monotouch) (< net46) (>= netstandard1.3) (< xamarinios) (< xamarinmac) (< xamarintvos) (< xamarinwatchos)
      System.Threading (>= 4.3) - restriction: && (< monotouch) (< net46) (>= netstandard1.3) (< xamarinios) (< xamarinmac) (< xamarintvos) (< xamarinwatchos)
      System.Xml.ReaderWriter (>= 4.3) - restriction: && (< monotouch) (< net46) (>= netstandard1.3) (< xamarinios) (< xamarinmac) (< xamarintvos) (< xamarinwatchos)
GIT
  remote: https://github.com/fsharp/FsAutoComplete.git
     (cdf83317d788145aff55ae1967be22feb4aad4ca)
      build: build.cmd LocalRelease
      os: windows
     (cdf83317d788145aff55ae1967be22feb4aad4ca)
      build: build.sh LocalRelease
      os: mono
  remote: https://github.com/fsharp-editing/Forge.git
     (2d4d697e3cb9a00d26efb3a1031e4fd04c6725a2)
      build: build.cmd Build
      os: windows
     (2d4d697e3cb9a00d26efb3a1031e4fd04c6725a2)
      build: build.sh Build
      os: mono
  remote: https://github.com/ionide/ionide-fsgrammar.git
     (826aa0690b4a1fb536485cc2806fa73b451fcee7)
GITHUB
  remote: ionide/ionide-vscode-helpers
    src/Fable.Import.Axios.fs (bbc00708d6222fd0f9aa6f11c22b3a7dc7c90944)
    src/Fable.Import.VSCode.fs (bbc00708d6222fd0f9aa6f11c22b3a7dc7c90944)
    src/Fable.Import.ws.fs (bbc00708d6222fd0f9aa6f11c22b3a7dc7c90944)
    src/Helpers.fs (bbc00708d6222fd0f9aa6f11c22b3a7dc7c90944)
GROUP build
NUGET
  remote: https://www.nuget.org/api/v2
    FAKE (4.63.2)
    Microsoft.NETCore.Platforms (2.0) - restriction: || (&& (>= monoandroid) (< netstandard1.0) (>= netstandard1.1)) (&& (< monoandroid) (< net45) (>= netstandard1.2) (< netstandard1.3) (< wpa81)) (&& (< monoandroid) (< net45) (< netstandard1.2) (>= netstandard1.3) (< win8)) (&& (< monoandroid) (< net45) (< netstandard1.2) (>= netstandard1.4) (< win8)) (&& (< monoandroid) (< net45) (< netstandard1.2) (>= netstandard1.5)) (&& (< monoandroid) (< net45) (< netstandard1.2) (>= netstandard1.6)) (&& (< monoandroid) (< net45) (>= netstandard1.3) (< netstandard1.4) (< wpa81)) (&& (< monoandroid) (< net45) (< netstandard1.3) (>= netstandard1.4) (< wpa81)) (&& (< monoandroid) (< net45) (< netstandard1.3) (>= netstandard1.5)) (&& (< monoandroid) (< net45) (< netstandard1.3) (>= netstandard1.6)) (&& (< monoandroid) (< net45) (>= netstandard1.4) (< netstandard1.5) (< wpa81)) (&& (< monoandroid) (< net45) (< netstandard1.4) (>= netstandard1.5)) (&& (< monoandroid) (< net45) (< netstandard1.4) (>= netstandard1.6)) (&& (< monoandroid) (< net45) (>= netstandard1.5) (< netstandard1.6)) (&& (< monoandroid) (< net45) (< netstandard1.5) (>= netstandard1.6)) (&& (< monoandroid) (< netstandard1.0) (>= netstandard1.1) (>= portable-net451+win81+wpa81)) (&& (< monoandroid) (< netstandard1.1) (>= netstandard1.2) (< win8)) (&& (< monoandroid) (< netstandard1.1) (>= netstandard1.3) (< win8)) (&& (< monoandroid) (< netstandard1.1) (>= netstandard1.4) (< win8)) (&& (< monoandroid) (< netstandard1.1) (>= netstandard1.5)) (&& (< monoandroid) (< netstandard1.1) (>= netstandard1.6)) (>= monotouch) (&& (< net45) (>= net451) (< netstandard1.3)) (&& (< net45) (>= net46) (< netstandard1.3)) (&& (< net45) (>= net46) (< netstandard1.4)) (&& (< net45) (>= net461)) (&& (< net45) (>= netstandard1.1) (< portable-net451+win81+wpa81)) (&& (< net45) (>= netstandard1.2) (< portable-net451+win81+wpa81)) (&& (< net45) (>= netstandard1.3) (< portable-net451+win81+wpa81)) (&& (< net45) (>= netstandard1.4) (< portable-net451+win81+wpa81)) (&& (< net45) (>= netstandard1.5) (< portable-net451+win81+wpa81)) (&& (< net45) (>= netstandard1.6) (< netstandard2.0)) (&& (< net45) (>= netstandard1.6) (< portable-net451+win81+wpa81)) (&& (< net45) (>= netstandard2.0)) (&& (>= net46) (< portable-net45+win8+wpa81)) (&& (>= netcoreapp1.1) (< netstandard1.3)) (&& (>= netcoreapp1.1) (< netstandard1.4)) (&& (>= netcoreapp1.1) (< netstandard1.5)) (&& (>= netcoreapp1.1) (< netstandard1.6)) (&& (>= netcoreapp1.1) (< netstandard2.0)) (&& (>= netcoreapp1.1) (< portable-net451+win81+wpa81)) (>= netcoreapp2.0) (&& (< netstandard1.0) (>= netstandard1.1) (< portable-net451+win81+wpa81)) (&& (>= netstandard1.1) (< portable-net45+win8+wp8+wpa81)) (&& (>= netstandard1.1) (< portable-net45+win8+wpa81)) (&& (>= netstandard1.2) (< portable-net45+win8+wp8+wpa81)) (&& (>= netstandard1.2) (< portable-net45+win8+wpa81)) (&& (>= netstandard1.3) (< portable-net45+win8+wp8+wpa81)) (&& (>= netstandard1.3) (< portable-net45+win8+wpa81)) (&& (< netstandard1.3) (>= wpa81)) (&& (>= netstandard1.4) (< portable-net45+win8+wp8+wpa81)) (&& (>= netstandard1.4) (< portable-net45+win8+wpa81)) (&& (>= netstandard1.5) (< portable-net45+win8+wp8+wpa81)) (&& (>= netstandard1.5) (< portable-net45+win8+wpa81)) (&& (>= netstandard1.6) (< portable-net45+win8+wp8+wpa81)) (&& (>= netstandard1.6) (< portable-net45+win8+wpa81)) (>= uap10.0) (>= xamarinios) (>= xamarinmac) (>= xamarintvos) (>= xamarinwatchos)
    Microsoft.NETCore.Targets (2.0) - restriction: || (&& (< monoandroid) (< net45) (>= netstandard1.2) (< netstandard1.3) (< win8) (< wpa81)) (&& (< monoandroid) (< net45) (>= netstandard1.2) (< netstandard1.3) (< win81) (< wpa81)) (&& (< monoandroid) (< net45) (< netstandard1.2) (>= netstandard1.3) (< win8)) (&& (< monoandroid) (< net45) (< netstandard1.2) (>= netstandard1.4) (< win8)) (&& (< monoandroid) (< net45) (< netstandard1.2) (>= netstandard1.5)) (&& (< monoandroid) (< net45) (< netstandard1.2) (>= netstandard1.6)) (&& (< monoandroid) (< net45) (>= netstandard1.3) (< netstandard1.4) (< wpa81)) (&& (< monoandroid) (< net45) (< netstandard1.3) (>= netstandard1.4) (< win8) (< wpa81)) (&& (< monoandroid) (< net45) (< netstandard1.3) (>= netstandard1.5)) (&& (< monoandroid) (< net45) (< netstandard1.3) (>= netstandard1.6)) (&& (< monoandroid) (< net45) (>= netstandard1.4) (< netstandard1.5) (< wpa81)) (&& (< monoandroid) (< net45) (< netstandard1.4) (>= netstandard1.5)) (&& (< monoandroid) (< net45) (< netstandard1.4) (>= netstandard1.6)) (&& (< monoandroid) (< net45) (>= netstandard1.5) (< netstandard1.6)) (&& (< monoandroid) (< net45) (< netstandard1.5) (>= netstandard1.6)) (&& (< monoandroid) (< netstandard1.0) (>= netstandard1.1) (>= portable-net451+win81+wpa81) (< win8)) (&& (< monoandroid) (< netstandard1.1) (>= netstandard1.2) (< win8)) (&& (< monoandroid) (< netstandard1.1) (>= netstandard1.3) (< win8)) (&& (< monoandroid) (< netstandard1.1) (>= netstandard1.4) (< win8)) (&& (< monoandroid) (< netstandard1.1) (>= netstandard1.5)) (&& (< monoandroid) (< netstandard1.1) (>= netstandard1.6)) (&& (< monotouch) (< net45) (>= netstandard1.6) (< netstandard2.0) (< xamarinios) (< xamarinmac) (< xamarintvos) (< xamarinwatchos)) (&& (< net45) (>= net451) (< netstandard1.3)) (&& (< net45) (>= net46) (< netstandard1.4)) (&& (< net45) (>= netstandard1.1) (< portable-net451+win81+wpa81) (< win8)) (&& (< net45) (>= netstandard1.2) (< portable-net451+win81+wpa81)) (&& (< net45) (>= netstandard1.3) (< portable-net451+win81+wpa81)) (&& (< net45) (>= netstandard1.4) (< portable-net451+win81+wpa81)) (&& (< net45) (>= netstandard1.5) (< portable-net451+win81+wpa81)) (&& (< net45) (>= netstandard1.6) (< portable-net451+win81+wpa81)) (&& (>= net46) (< portable-net45+win8+wpa81)) (&& (>= netcoreapp1.1) (< netstandard1.3)) (&& (>= netcoreapp1.1) (< netstandard1.4)) (&& (>= netcoreapp1.1) (< netstandard1.5)) (&& (>= netcoreapp1.1) (< netstandard1.6)) (&& (>= netcoreapp1.1) (< netstandard2.0)) (&& (>= netcoreapp1.1) (< portable-net451+win81+wpa81)) (&& (>= netcoreapp1.1) (>= uap10.0)) (&& (< netstandard1.0) (>= netstandard1.1) (< portable-net451+win81+wpa81) (< win8)) (&& (>= netstandard1.1) (< portable-net45+win8+wp8+wpa81)) (&& (>= netstandard1.1) (< portable-net45+win8+wpa81)) (&& (< netstandard1.1) (>= uap10.0) (< win8)) (&& (>= netstandard1.2) (< portable-net45+win8+wp8+wpa81)) (&& (>= netstandard1.2) (< portable-net45+win8+wpa81)) (&& (< netstandard1.2) (>= uap10.0) (< win8)) (&& (>= netstandard1.3) (< portable-net45+win8+wp8+wpa81)) (&& (>= netstandard1.3) (< portable-net45+win8+wpa81)) (&& (>= netstandard1.4) (< portable-net45+win8+wp8+wpa81)) (&& (>= netstandard1.4) (< portable-net45+win8+wpa81)) (&& (>= netstandard1.5) (< portable-net45+win8+wp8+wpa81)) (&& (>= netstandard1.5) (< portable-net45+win8+wpa81)) (&& (>= netstandard1.5) (>= uap10.0)) (&& (>= netstandard1.6) (< portable-net45+win8+wp8+wpa81)) (&& (>= netstandard1.6) (< portable-net45+win8+wpa81)) (&& (>= netstandard1.6) (>= uap10.0)) (&& (< portable-net45+win8+wp8+wpa81) (>= uap10.0)) (&& (< portable-net45+win8+wpa81) (>= uap10.0)) (&& (< portable-net451+win81+wpa81) (>= uap10.0)) (&& (>= uap10.0) (< uap10.1)) (&& (>= uap10.0) (< win8) (< wpa81)) (&& (>= uap10.0) (< win81) (< wpa81))
    Microsoft.Win32.Primitives (4.3) - restriction: || (&& (< monoandroid) (< net45) (>= netstandard1.3) (< netstandard1.4) (< wpa81)) (&& (< monoandroid) (< net45) (>= netstandard1.4) (< netstandard1.5) (< wpa81)) (&& (< monoandroid) (< net45) (>= netstandard1.5) (< netstandard1.6)) (&& (< monotouch) (< net45) (>= netstandard1.6) (< netstandard2.0) (< xamarinios) (< xamarinmac) (< xamarintvos) (< xamarinwatchos)) (&& (< net45) (>= net46) (< netstandard1.4)) (&& (< net45) (>= netstandard1.3) (< portable-net451+win81+wpa81) (< win8)) (&& (>= uap10.0) (< uap10.1)) (&& (>= uap10.0) (< win8) (< wpa81))
      Microsoft.NETCore.Platforms (>= 1.1) - restriction: && (< monotouch) (< net46) (>= netstandard1.3) (< xamarinios) (< xamarinmac) (< xamarintvos) (< xamarinwatchos)
      Microsoft.NETCore.Targets (>= 1.1) - restriction: && (< monotouch) (< net46) (>= netstandard1.3) (< xamarinios) (< xamarinmac) (< xamarintvos) (< xamarinwatchos)
      System.Runtime (>= 4.3) - restriction: && (< monotouch) (< net46) (>= netstandard1.3) (< xamarinios) (< xamarinmac) (< xamarintvos) (< xamarinwatchos)
    NETStandard.Library (2.0.1) - restriction: && (< net45) (>= netstandard1.1)
      Microsoft.NETCore.Platforms (>= 1.1) - restriction: || (&& (>= monoandroid) (< netstandard1.0)) (&& (< monoandroid) (< net45) (>= netstandard1.2) (< netstandard1.3) (< wpa81)) (&& (< monoandroid) (< net45) (>= netstandard1.3) (< netstandard1.4) (< wpa81)) (&& (< monoandroid) (< net45) (>= netstandard1.4) (< netstandard1.5) (< wpa81)) (&& (< monoandroid) (< net45) (>= netstandard1.5) (< netstandard1.6)) (&& (< monoandroid) (< netstandard1.0) (>= portable-net451+win81+wpa81)) (>= monotouch) (&& (>= net45) (< portable-net451+win81+wpa81)) (&& (< net45) (>= netstandard1.1) (< portable-net451+win81+wpa81)) (&& (< net45) (>= netstandard1.6) (< netstandard2.0)) (&& (< net45) (>= netstandard2.0)) (&& (>= net451) (< netstandard1.3)) (&& (>= net46) (< netstandard1.4)) (>= net461) (>= netcoreapp2.0) (&& (>= netstandard1.0) (< portable-net45+win8+wpa81)) (&& (< netstandard1.0) (>= portable-net45+win8+wp8+wpa81) (< portable-net45+win8+wpa81)) (&& (< netstandard1.0) (>= portable-net45+win8+wpa81) (< portable-net451+win81+wpa81)) (&& (< netstandard1.3) (>= wpa81)) (>= uap10.0) (>= xamarinios) (>= xamarinmac) (>= xamarintvos) (>= xamarinwatchos)
      Microsoft.Win32.Primitives (>= 4.3) - restriction: || (&& (< monoandroid) (< net45) (>= netstandard1.3) (< netstandard1.4) (< wpa81)) (&& (< monoandroid) (< net45) (>= netstandard1.4) (< netstandard1.5) (< wpa81)) (&& (< monoandroid) (< net45) (>= netstandard1.5) (< netstandard1.6)) (&& (< monotouch) (< net45) (>= netstandard1.6) (< netstandard2.0) (< xamarinios) (< xamarinmac) (< xamarintvos) (< xamarinwatchos)) (&& (>= net46) (< netstandard1.4)) (&& (>= uap10.0) (< uap10.1))
      System.AppContext (>= 4.3) - restriction: || (&& (< monoandroid) (< net45) (>= netstandard1.3) (< netstandard1.4) (< wpa81)) (&& (< monoandroid) (< net45) (>= netstandard1.4) (< netstandard1.5) (< wpa81)) (&& (< monoandroid) (< net45) (>= netstandard1.5) (< netstandard1.6)) (&& (< monotouch) (< net45) (>= netstandard1.6) (< netstandard2.0) (< xamarinios) (< xamarinmac) (< xamarintvos) (< xamarinwatchos)) (&& (>= net46) (< netstandard1.4)) (&& (>= uap10.0) (< uap10.1))
      System.Collections (>= 4.3) - restriction: || (&& (< monoandroid) (< net45) (>= netstandard1.2) (< netstandard1.3) (< wpa81)) (&& (< monoandroid) (< net45) (>= netstandard1.3) (< netstandard1.4) (< wpa81)) (&& (< monoandroid) (< net45) (>= netstandard1.4) (< netstandard1.5) (< wpa81)) (&& (< monoandroid) (< net45) (>= netstandard1.5) (< netstandard1.6)) (&& (< monotouch) (< net45) (>= netstandard1.6) (< netstandard2.0) (< xamarinios) (< xamarinmac) (< xamarintvos) (< xamarinwatchos)) (&& (< net45) (>= netstandard1.1) (< portable-net451+win81+wpa81)) (&& (>= netstandard1.0) (< portable-net45+win8+wpa81)) (&& (>= uap10.0) (< uap10.1))
      System.Collections.Concurrent (>= 4.3) - restriction: || (&& (< monoandroid) (< net45) (>= netstandard1.2) (< netstandard1.3) (< wpa81)) (&& (< monoandroid) (< net45) (>= netstandard1.3) (< netstandard1.4) (< wpa81)) (&& (< monoandroid) (< net45) (>= netstandard1.4) (< netstandard1.5) (< wpa81)) (&& (< monoandroid) (< net45) (>= netstandard1.5) (< netstandard1.6)) (&& (< monotouch) (< net45) (>= netstandard1.6) (< netstandard2.0) (< xamarinios) (< xamarinmac) (< xamarintvos) (< xamarinwatchos)) (&& (< net45) (>= netstandard1.1) (< portable-net451+win81+wpa81)) (&& (>= uap10.0) (< uap10.1))
      System.Console (>= 4.3) - restriction: || (&& (< monoandroid) (< net45) (>= netstandard1.3) (< netstandard1.4) (< wpa81)) (&& (< monoandroid) (< net45) (>= netstandard1.4) (< netstandard1.5) (< wpa81)) (&& (< monoandroid) (< net45) (>= netstandard1.5) (< netstandard1.6)) (&& (< monotouch) (< net45) (>= netstandard1.6) (< netstandard2.0) (< xamarinios) (< xamarinmac) (< xamarintvos) (< xamarinwatchos)) (&& (>= net46) (< netstandard1.4)) (&& (>= uap10.0) (< uap10.1))
      System.Diagnostics.Debug (>= 4.3) - restriction: || (&& (< monoandroid) (< net45) (>= netstandard1.2) (< netstandard1.3) (< wpa81)) (&& (< monoandroid) (< net45) (>= netstandard1.3) (< netstandard1.4) (< wpa81)) (&& (< monoandroid) (< net45) (>= netstandard1.4) (< netstandard1.5) (< wpa81)) (&& (< monoandroid) (< net45) (>= netstandard1.5) (< netstandard1.6)) (&& (< monotouch) (< net45) (>= netstandard1.6) (< netstandard2.0) (< xamarinios) (< xamarinmac) (< xamarintvos) (< xamarinwatchos)) (&& (< net45) (>= netstandard1.1) (< portable-net451+win81+wpa81)) (&& (>= netstandard1.0) (< portable-net45+win8+wpa81)) (&& (>= uap10.0) (< uap10.1))
      System.Diagnostics.Tools (>= 4.3) - restriction: || (&& (< monoandroid) (< net45) (>= netstandard1.2) (< netstandard1.3) (< wpa81)) (&& (< monoandroid) (< net45) (>= netstandard1.3) (< netstandard1.4) (< wpa81)) (&& (< monoandroid) (< net45) (>= netstandard1.4) (< netstandard1.5) (< wpa81)) (&& (< monoandroid) (< net45) (>= netstandard1.5) (< netstandard1.6)) (&& (< monotouch) (< net45) (>= netstandard1.6) (< netstandard2.0) (< xamarinios) (< xamarinmac) (< xamarintvos) (< xamarinwatchos)) (&& (< net45) (>= netstandard1.1) (< portable-net451+win81+wpa81)) (&& (>= netstandard1.0) (< portable-net45+win8+wpa81)) (&& (>= uap10.0) (< uap10.1))
      System.Diagnostics.Tracing (>= 4.3) - restriction: || (&& (< monoandroid) (< net45) (>= netstandard1.2) (< netstandard1.3) (< wpa81)) (&& (< monoandroid) (< net45) (>= netstandard1.3) (< netstandard1.4) (< wpa81)) (&& (< monoandroid) (< net45) (>= netstandard1.4) (< netstandard1.5) (< wpa81)) (&& (< monoandroid) (< net45) (>= netstandard1.5) (< netstandard1.6)) (&& (< monotouch) (< net45) (>= netstandard1.6) (< netstandard2.0) (< xamarinios) (< xamarinmac) (< xamarintvos) (< xamarinwatchos)) (&& (< net45) (>= netstandard1.1) (< portable-net451+win81+wpa81)) (&& (>= uap10.0) (< uap10.1))
      System.Globalization (>= 4.3) - restriction: || (&& (< monoandroid) (< net45) (>= netstandard1.2) (< netstandard1.3) (< wpa81)) (&& (< monoandroid) (< net45) (>= netstandard1.3) (< netstandard1.4) (< wpa81)) (&& (< monoandroid) (< net45) (>= netstandard1.4) (< netstandard1.5) (< wpa81)) (&& (< monoandroid) (< net45) (>= netstandard1.5) (< netstandard1.6)) (&& (< monotouch) (< net45) (>= netstandard1.6) (< netstandard2.0) (< xamarinios) (< xamarinmac) (< xamarintvos) (< xamarinwatchos)) (&& (< net45) (>= netstandard1.1) (< portable-net451+win81+wpa81)) (&& (>= netstandard1.0) (< portable-net45+win8+wpa81)) (&& (>= uap10.0) (< uap10.1))
      System.Globalization.Calendars (>= 4.3) - restriction: || (&& (< monoandroid) (< net45) (>= netstandard1.3) (< netstandard1.4) (< wpa81)) (&& (< monoandroid) (< net45) (>= netstandard1.4) (< netstandard1.5) (< wpa81)) (&& (< monoandroid) (< net45) (>= netstandard1.5) (< netstandard1.6)) (&& (< monotouch) (< net45) (>= netstandard1.6) (< netstandard2.0) (< xamarinios) (< xamarinmac) (< xamarintvos) (< xamarinwatchos)) (&& (>= net46) (< netstandard1.4)) (&& (>= uap10.0) (< uap10.1))
      System.IO (>= 4.3) - restriction: || (&& (< monoandroid) (< net45) (>= netstandard1.2) (< netstandard1.3) (< wpa81)) (&& (< monoandroid) (< net45) (>= netstandard1.3) (< netstandard1.4) (< wpa81)) (&& (< monoandroid) (< net45) (>= netstandard1.4) (< netstandard1.5) (< wpa81)) (&& (< monoandroid) (< net45) (>= netstandard1.5) (< netstandard1.6)) (&& (< monotouch) (< net45) (>= netstandard1.6) (< netstandard2.0) (< xamarinios) (< xamarinmac) (< xamarintvos) (< xamarinwatchos)) (&& (< net45) (>= netstandard1.1) (< portable-net451+win81+wpa81)) (&& (>= netstandard1.0) (< portable-net45+win8+wpa81)) (&& (>= uap10.0) (< uap10.1))
      System.IO.Compression (>= 4.3) - restriction: || (&& (< monoandroid) (< net45) (>= netstandard1.2) (< netstandard1.3) (< wpa81)) (&& (< monoandroid) (< net45) (>= netstandard1.3) (< netstandard1.4) (< wpa81)) (&& (< monoandroid) (< net45) (>= netstandard1.4) (< netstandard1.5) (< wpa81)) (&& (< monoandroid) (< net45) (>= netstandard1.5) (< netstandard1.6)) (&& (< monotouch) (< net45) (>= netstandard1.6) (< netstandard2.0) (< xamarinios) (< xamarinmac) (< xamarintvos) (< xamarinwatchos)) (&& (< net45) (>= netstandard1.1) (< portable-net451+win81+wpa81)) (&& (>= net46) (< netstandard1.4)) (&& (>= uap10.0) (< uap10.1))
      System.IO.Compression.ZipFile (>= 4.3) - restriction: || (&& (< monoandroid) (< net45) (>= netstandard1.3) (< netstandard1.4) (< wpa81)) (&& (< monoandroid) (< net45) (>= netstandard1.4) (< netstandard1.5) (< wpa81)) (&& (< monoandroid) (< net45) (>= netstandard1.5) (< netstandard1.6)) (&& (< monotouch) (< net45) (>= netstandard1.6) (< netstandard2.0) (< xamarinios) (< xamarinmac) (< xamarintvos) (< xamarinwatchos)) (&& (>= net46) (< netstandard1.4)) (&& (>= uap10.0) (< uap10.1))
      System.IO.FileSystem (>= 4.3) - restriction: || (&& (< monoandroid) (< net45) (>= netstandard1.3) (< netstandard1.4) (< wpa81)) (&& (< monoandroid) (< net45) (>= netstandard1.4) (< netstandard1.5) (< wpa81)) (&& (< monoandroid) (< net45) (>= netstandard1.5) (< netstandard1.6)) (&& (< monotouch) (< net45) (>= netstandard1.6) (< netstandard2.0) (< xamarinios) (< xamarinmac) (< xamarintvos) (< xamarinwatchos)) (&& (>= net46) (< netstandard1.4)) (&& (>= uap10.0) (< uap10.1))
      System.IO.FileSystem.Primitives (>= 4.3) - restriction: || (&& (< monoandroid) (< net45) (>= netstandard1.3) (< netstandard1.4) (< wpa81)) (&& (< monoandroid) (< net45) (>= netstandard1.4) (< netstandard1.5) (< wpa81)) (&& (< monoandroid) (< net45) (>= netstandard1.5) (< netstandard1.6)) (&& (< monotouch) (< net45) (>= netstandard1.6) (< netstandard2.0) (< xamarinios) (< xamarinmac) (< xamarintvos) (< xamarinwatchos)) (&& (>= net46) (< netstandard1.4)) (&& (>= uap10.0) (< uap10.1))
      System.Linq (>= 4.3) - restriction: || (&& (< monoandroid) (< net45) (>= netstandard1.2) (< netstandard1.3) (< wpa81)) (&& (< monoandroid) (< net45) (>= netstandard1.3) (< netstandard1.4) (< wpa81)) (&& (< monoandroid) (< net45) (>= netstandard1.4) (< netstandard1.5) (< wpa81)) (&& (< monoandroid) (< net45) (>= netstandard1.5) (< netstandard1.6)) (&& (< monotouch) (< net45) (>= netstandard1.6) (< netstandard2.0) (< xamarinios) (< xamarinmac) (< xamarintvos) (< xamarinwatchos)) (&& (< net45) (>= netstandard1.1) (< portable-net451+win81+wpa81)) (&& (>= netstandard1.0) (< portable-net45+win8+wpa81)) (&& (>= uap10.0) (< uap10.1))
      System.Linq.Expressions (>= 4.3) - restriction: || (&& (< monoandroid) (< net45) (>= netstandard1.2) (< netstandard1.3) (< wpa81)) (&& (< monoandroid) (< net45) (>= netstandard1.3) (< netstandard1.4) (< wpa81)) (&& (< monoandroid) (< net45) (>= netstandard1.4) (< netstandard1.5) (< wpa81)) (&& (< monoandroid) (< net45) (>= netstandard1.5) (< netstandard1.6)) (&& (< monotouch) (< net45) (>= netstandard1.6) (< netstandard2.0) (< xamarinios) (< xamarinmac) (< xamarintvos) (< xamarinwatchos)) (&& (< net45) (>= netstandard1.1) (< portable-net451+win81+wpa81)) (&& (>= netstandard1.0) (< portable-net45+win8+wpa81)) (&& (>= uap10.0) (< uap10.1))
      System.Net.Http (>= 4.3.2) - restriction: || (&& (< monoandroid) (< net45) (>= netstandard1.2) (< netstandard1.3) (< wpa81)) (&& (< monoandroid) (< net45) (>= netstandard1.3) (< netstandard1.4) (< wpa81)) (&& (< monoandroid) (< net45) (>= netstandard1.4) (< netstandard1.5) (< wpa81)) (&& (< monoandroid) (< net45) (>= netstandard1.5) (< netstandard1.6)) (&& (< monotouch) (< net45) (>= netstandard1.6) (< netstandard2.0) (< xamarinios) (< xamarinmac) (< xamarintvos) (< xamarinwatchos)) (&& (< net45) (>= netstandard1.1) (< portable-net451+win81+wpa81)) (&& (>= net46) (< netstandard1.4)) (&& (>= uap10.0) (< uap10.1))
      System.Net.Primitives (>= 4.3) - restriction: || (&& (< monoandroid) (< net45) (>= netstandard1.2) (< netstandard1.3) (< wpa81)) (&& (< monoandroid) (< net45) (>= netstandard1.3) (< netstandard1.4) (< wpa81)) (&& (< monoandroid) (< net45) (>= netstandard1.4) (< netstandard1.5) (< wpa81)) (&& (< monoandroid) (< net45) (>= netstandard1.5) (< netstandard1.6)) (&& (< monotouch) (< net45) (>= netstandard1.6) (< netstandard2.0) (< xamarinios) (< xamarinmac) (< xamarintvos) (< xamarinwatchos)) (&& (< net45) (>= netstandard1.1) (< portable-net451+win81+wpa81)) (&& (>= netstandard1.0) (< portable-net45+win8+wpa81)) (&& (>= uap10.0) (< uap10.1))
      System.Net.Sockets (>= 4.3) - restriction: || (&& (< monoandroid) (< net45) (>= netstandard1.3) (< netstandard1.4) (< wpa81)) (&& (< monoandroid) (< net45) (>= netstandard1.4) (< netstandard1.5) (< wpa81)) (&& (< monoandroid) (< net45) (>= netstandard1.5) (< netstandard1.6)) (&& (< monotouch) (< net45) (>= netstandard1.6) (< netstandard2.0) (< xamarinios) (< xamarinmac) (< xamarintvos) (< xamarinwatchos)) (&& (>= net46) (< netstandard1.4)) (&& (>= uap10.0) (< uap10.1))
      System.ObjectModel (>= 4.3) - restriction: || (&& (< monoandroid) (< net45) (>= netstandard1.2) (< netstandard1.3) (< wpa81)) (&& (< monoandroid) (< net45) (>= netstandard1.3) (< netstandard1.4) (< wpa81)) (&& (< monoandroid) (< net45) (>= netstandard1.4) (< netstandard1.5) (< wpa81)) (&& (< monoandroid) (< net45) (>= netstandard1.5) (< netstandard1.6)) (&& (< monotouch) (< net45) (>= netstandard1.6) (< netstandard2.0) (< xamarinios) (< xamarinmac) (< xamarintvos) (< xamarinwatchos)) (&& (< net45) (>= netstandard1.1) (< portable-net451+win81+wpa81)) (&& (>= netstandard1.0) (< portable-net45+win8+wpa81)) (&& (>= uap10.0) (< uap10.1))
      System.Reflection (>= 4.3) - restriction: || (&& (< monoandroid) (< net45) (>= netstandard1.2) (< netstandard1.3) (< wpa81)) (&& (< monoandroid) (< net45) (>= netstandard1.3) (< netstandard1.4) (< wpa81)) (&& (< monoandroid) (< net45) (>= netstandard1.4) (< netstandard1.5) (< wpa81)) (&& (< monoandroid) (< net45) (>= netstandard1.5) (< netstandard1.6)) (&& (< monotouch) (< net45) (>= netstandard1.6) (< netstandard2.0) (< xamarinios) (< xamarinmac) (< xamarintvos) (< xamarinwatchos)) (&& (< net45) (>= netstandard1.1) (< portable-net451+win81+wpa81)) (&& (>= netstandard1.0) (< portable-net45+win8+wpa81)) (&& (>= uap10.0) (< uap10.1))
      System.Reflection.Extensions (>= 4.3) - restriction: || (&& (< monoandroid) (< net45) (>= netstandard1.2) (< netstandard1.3) (< wpa81)) (&& (< monoandroid) (< net45) (>= netstandard1.3) (< netstandard1.4) (< wpa81)) (&& (< monoandroid) (< net45) (>= netstandard1.4) (< netstandard1.5) (< wpa81)) (&& (< monoandroid) (< net45) (>= netstandard1.5) (< netstandard1.6)) (&& (< monotouch) (< net45) (>= netstandard1.6) (< netstandard2.0) (< xamarinios) (< xamarinmac) (< xamarintvos) (< xamarinwatchos)) (&& (< net45) (>= netstandard1.1) (< portable-net451+win81+wpa81)) (&& (>= netstandard1.0) (< portable-net45+win8+wpa81)) (&& (>= uap10.0) (< uap10.1))
      System.Reflection.Primitives (>= 4.3) - restriction: || (&& (< monoandroid) (< net45) (>= netstandard1.2) (< netstandard1.3) (< wpa81)) (&& (< monoandroid) (< net45) (>= netstandard1.3) (< netstandard1.4) (< wpa81)) (&& (< monoandroid) (< net45) (>= netstandard1.4) (< netstandard1.5) (< wpa81)) (&& (< monoandroid) (< net45) (>= netstandard1.5) (< netstandard1.6)) (&& (< monotouch) (< net45) (>= netstandard1.6) (< netstandard2.0) (< xamarinios) (< xamarinmac) (< xamarintvos) (< xamarinwatchos)) (&& (< net45) (>= netstandard1.1) (< portable-net451+win81+wpa81)) (&& (>= netstandard1.0) (< portable-net45+win8+wpa81)) (&& (>= uap10.0) (< uap10.1))
      System.Resources.ResourceManager (>= 4.3) - restriction: || (&& (< monoandroid) (< net45) (>= netstandard1.2) (< netstandard1.3) (< wpa81)) (&& (< monoandroid) (< net45) (>= netstandard1.3) (< netstandard1.4) (< wpa81)) (&& (< monoandroid) (< net45) (>= netstandard1.4) (< netstandard1.5) (< wpa81)) (&& (< monoandroid) (< net45) (>= netstandard1.5) (< netstandard1.6)) (&& (< monotouch) (< net45) (>= netstandard1.6) (< netstandard2.0) (< xamarinios) (< xamarinmac) (< xamarintvos) (< xamarinwatchos)) (&& (< net45) (>= netstandard1.1) (< portable-net451+win81+wpa81)) (&& (>= netstandard1.0) (< portable-net45+win8+wpa81)) (&& (>= uap10.0) (< uap10.1))
      System.Runtime (>= 4.3) - restriction: || (&& (< monoandroid) (< net45) (>= netstandard1.2) (< netstandard1.3) (< wpa81)) (&& (< monoandroid) (< net45) (>= netstandard1.3) (< netstandard1.4) (< wpa81)) (&& (< monoandroid) (< net45) (>= netstandard1.4) (< netstandard1.5) (< wpa81)) (&& (< monoandroid) (< net45) (>= netstandard1.5) (< netstandard1.6)) (&& (< monotouch) (< net45) (>= netstandard1.6) (< netstandard2.0) (< xamarinios) (< xamarinmac) (< xamarintvos) (< xamarinwatchos)) (&& (< net45) (>= netstandard1.1) (< portable-net451+win81+wpa81)) (&& (>= netstandard1.0) (< portable-net45+win8+wpa81)) (&& (>= uap10.0) (< uap10.1))
      System.Runtime.Extensions (>= 4.3) - restriction: || (&& (< monoandroid) (< net45) (>= netstandard1.2) (< netstandard1.3) (< wpa81)) (&& (< monoandroid) (< net45) (>= netstandard1.3) (< netstandard1.4) (< wpa81)) (&& (< monoandroid) (< net45) (>= netstandard1.4) (< netstandard1.5) (< wpa81)) (&& (< monoandroid) (< net45) (>= netstandard1.5) (< netstandard1.6)) (&& (< monotouch) (< net45) (>= netstandard1.6) (< netstandard2.0) (< xamarinios) (< xamarinmac) (< xamarintvos) (< xamarinwatchos)) (&& (< net45) (>= netstandard1.1) (< portable-net451+win81+wpa81)) (&& (>= netstandard1.0) (< portable-net45+win8+wpa81)) (&& (>= uap10.0) (< uap10.1))
      System.Runtime.Handles (>= 4.3) - restriction: || (&& (< monoandroid) (< net45) (>= netstandard1.3) (< netstandard1.4) (< wpa81)) (&& (< monoandroid) (< net45) (>= netstandard1.4) (< netstandard1.5) (< wpa81)) (&& (< monoandroid) (< net45) (>= netstandard1.5) (< netstandard1.6)) (&& (< monotouch) (< net45) (>= netstandard1.6) (< netstandard2.0) (< xamarinios) (< xamarinmac) (< xamarintvos) (< xamarinwatchos)) (&& (>= uap10.0) (< uap10.1))
      System.Runtime.InteropServices (>= 4.3) - restriction: || (&& (< monoandroid) (< net45) (>= netstandard1.2) (< netstandard1.3) (< wpa81)) (&& (< monoandroid) (< net45) (>= netstandard1.3) (< netstandard1.4) (< wpa81)) (&& (< monoandroid) (< net45) (>= netstandard1.4) (< netstandard1.5) (< wpa81)) (&& (< monoandroid) (< net45) (>= netstandard1.5) (< netstandard1.6)) (&& (< monotouch) (< net45) (>= netstandard1.6) (< netstandard2.0) (< xamarinios) (< xamarinmac) (< xamarintvos) (< xamarinwatchos)) (&& (< net45) (>= netstandard1.1) (< portable-net451+win81+wpa81)) (&& (>= uap10.0) (< uap10.1))
      System.Runtime.InteropServices.RuntimeInformation (>= 4.3) - restriction: || (&& (< monoandroid) (< net45) (>= netstandard1.2) (< netstandard1.3) (< wpa81)) (&& (< monoandroid) (< net45) (>= netstandard1.3) (< netstandard1.4) (< wpa81)) (&& (< monoandroid) (< net45) (>= netstandard1.4) (< netstandard1.5) (< wpa81)) (&& (< monoandroid) (< net45) (>= netstandard1.5) (< netstandard1.6)) (&& (< monoandroid) (< netstandard1.0) (>= portable-net451+win81+wpa81)) (&& (< monotouch) (< net45) (>= netstandard1.6) (< netstandard2.0) (< xamarinios) (< xamarinmac) (< xamarintvos) (< xamarinwatchos)) (&& (>= net45) (< portable-net451+win81+wpa81)) (&& (< net45) (>= netstandard1.1) (< portable-net451+win81+wpa81)) (&& (>= net451) (< netstandard1.3)) (&& (>= net46) (< netstandard1.4)) (&& (< netstandard1.0) (>= portable-net45+win8+wpa81) (< portable-net451+win81+wpa81)) (&& (< netstandard1.3) (>= wpa81)) (&& (>= uap10.0) (< uap10.1))
      System.Runtime.Numerics (>= 4.3) - restriction: || (&& (< monoandroid) (< net45) (>= netstandard1.2) (< netstandard1.3) (< wpa81)) (&& (< monoandroid) (< net45) (>= netstandard1.3) (< netstandard1.4) (< wpa81)) (&& (< monoandroid) (< net45) (>= netstandard1.4) (< netstandard1.5) (< wpa81)) (&& (< monoandroid) (< net45) (>= netstandard1.5) (< netstandard1.6)) (&& (< monotouch) (< net45) (>= netstandard1.6) (< netstandard2.0) (< xamarinios) (< xamarinmac) (< xamarintvos) (< xamarinwatchos)) (&& (< net45) (>= netstandard1.1) (< portable-net451+win81+wpa81)) (&& (>= uap10.0) (< uap10.1))
      System.Security.Cryptography.Algorithms (>= 4.3) - restriction: || (&& (< monoandroid) (< net45) (>= netstandard1.3) (< netstandard1.4) (< wpa81)) (&& (< monoandroid) (< net45) (>= netstandard1.4) (< netstandard1.5) (< wpa81)) (&& (< monoandroid) (< net45) (>= netstandard1.5) (< netstandard1.6)) (&& (< monotouch) (< net45) (>= netstandard1.6) (< netstandard2.0) (< xamarinios) (< xamarinmac) (< xamarintvos) (< xamarinwatchos)) (&& (>= net46) (< netstandard1.4)) (&& (>= uap10.0) (< uap10.1))
      System.Security.Cryptography.Encoding (>= 4.3) - restriction: || (&& (< monoandroid) (< net45) (>= netstandard1.3) (< netstandard1.4) (< wpa81)) (&& (< monoandroid) (< net45) (>= netstandard1.4) (< netstandard1.5) (< wpa81)) (&& (< monoandroid) (< net45) (>= netstandard1.5) (< netstandard1.6)) (&& (< monotouch) (< net45) (>= netstandard1.6) (< netstandard2.0) (< xamarinios) (< xamarinmac) (< xamarintvos) (< xamarinwatchos)) (&& (>= net46) (< netstandard1.4)) (&& (>= uap10.0) (< uap10.1))
      System.Security.Cryptography.Primitives (>= 4.3) - restriction: || (&& (< monoandroid) (< net45) (>= netstandard1.3) (< netstandard1.4) (< wpa81)) (&& (< monoandroid) (< net45) (>= netstandard1.4) (< netstandard1.5) (< wpa81)) (&& (< monoandroid) (< net45) (>= netstandard1.5) (< netstandard1.6)) (&& (< monotouch) (< net45) (>= netstandard1.6) (< netstandard2.0) (< xamarinios) (< xamarinmac) (< xamarintvos) (< xamarinwatchos)) (&& (>= net46) (< netstandard1.4)) (&& (>= uap10.0) (< uap10.1))
      System.Security.Cryptography.X509Certificates (>= 4.3) - restriction: || (&& (< monoandroid) (< net45) (>= netstandard1.3) (< netstandard1.4) (< wpa81)) (&& (< monoandroid) (< net45) (>= netstandard1.4) (< netstandard1.5) (< wpa81)) (&& (< monoandroid) (< net45) (>= netstandard1.5) (< netstandard1.6)) (&& (< monotouch) (< net45) (>= netstandard1.6) (< netstandard2.0) (< xamarinios) (< xamarinmac) (< xamarintvos) (< xamarinwatchos)) (&& (>= net46) (< netstandard1.4)) (&& (>= uap10.0) (< uap10.1))
      System.Text.Encoding (>= 4.3) - restriction: || (&& (< monoandroid) (< net45) (>= netstandard1.2) (< netstandard1.3) (< wpa81)) (&& (< monoandroid) (< net45) (>= netstandard1.3) (< netstandard1.4) (< wpa81)) (&& (< monoandroid) (< net45) (>= netstandard1.4) (< netstandard1.5) (< wpa81)) (&& (< monoandroid) (< net45) (>= netstandard1.5) (< netstandard1.6)) (&& (< monotouch) (< net45) (>= netstandard1.6) (< netstandard2.0) (< xamarinios) (< xamarinmac) (< xamarintvos) (< xamarinwatchos)) (&& (< net45) (>= netstandard1.1) (< portable-net451+win81+wpa81)) (&& (>= netstandard1.0) (< portable-net45+win8+wpa81)) (&& (>= uap10.0) (< uap10.1))
      System.Text.Encoding.Extensions (>= 4.3) - restriction: || (&& (< monoandroid) (< net45) (>= netstandard1.2) (< netstandard1.3) (< wpa81)) (&& (< monoandroid) (< net45) (>= netstandard1.3) (< netstandard1.4) (< wpa81)) (&& (< monoandroid) (< net45) (>= netstandard1.4) (< netstandard1.5) (< wpa81)) (&& (< monoandroid) (< net45) (>= netstandard1.5) (< netstandard1.6)) (&& (< monotouch) (< net45) (>= netstandard1.6) (< netstandard2.0) (< xamarinios) (< xamarinmac) (< xamarintvos) (< xamarinwatchos)) (&& (< net45) (>= netstandard1.1) (< portable-net451+win81+wpa81)) (&& (>= netstandard1.0) (< portable-net45+win8+wpa81)) (&& (>= uap10.0) (< uap10.1))
      System.Text.RegularExpressions (>= 4.3) - restriction: || (&& (< monoandroid) (< net45) (>= netstandard1.2) (< netstandard1.3) (< wpa81)) (&& (< monoandroid) (< net45) (>= netstandard1.3) (< netstandard1.4) (< wpa81)) (&& (< monoandroid) (< net45) (>= netstandard1.4) (< netstandard1.5) (< wpa81)) (&& (< monoandroid) (< net45) (>= netstandard1.5) (< netstandard1.6)) (&& (< monotouch) (< net45) (>= netstandard1.6) (< netstandard2.0) (< xamarinios) (< xamarinmac) (< xamarintvos) (< xamarinwatchos)) (&& (< net45) (>= netstandard1.1) (< portable-net451+win81+wpa81)) (&& (>= netstandard1.0) (< portable-net45+win8+wpa81)) (&& (>= uap10.0) (< uap10.1))
      System.Threading (>= 4.3) - restriction: || (&& (< monoandroid) (< net45) (>= netstandard1.2) (< netstandard1.3) (< wpa81)) (&& (< monoandroid) (< net45) (>= netstandard1.3) (< netstandard1.4) (< wpa81)) (&& (< monoandroid) (< net45) (>= netstandard1.4) (< netstandard1.5) (< wpa81)) (&& (< monoandroid) (< net45) (>= netstandard1.5) (< netstandard1.6)) (&& (< monotouch) (< net45) (>= netstandard1.6) (< netstandard2.0) (< xamarinios) (< xamarinmac) (< xamarintvos) (< xamarinwatchos)) (&& (< net45) (>= netstandard1.1) (< portable-net451+win81+wpa81)) (&& (>= netstandard1.0) (< portable-net45+win8+wpa81)) (&& (>= uap10.0) (< uap10.1))
      System.Threading.Tasks (>= 4.3) - restriction: || (&& (< monoandroid) (< net45) (>= netstandard1.2) (< netstandard1.3) (< wpa81)) (&& (< monoandroid) (< net45) (>= netstandard1.3) (< netstandard1.4) (< wpa81)) (&& (< monoandroid) (< net45) (>= netstandard1.4) (< netstandard1.5) (< wpa81)) (&& (< monoandroid) (< net45) (>= netstandard1.5) (< netstandard1.6)) (&& (< monotouch) (< net45) (>= netstandard1.6) (< netstandard2.0) (< xamarinios) (< xamarinmac) (< xamarintvos) (< xamarinwatchos)) (&& (< net45) (>= netstandard1.1) (< portable-net451+win81+wpa81)) (&& (>= netstandard1.0) (< portable-net45+win8+wpa81)) (&& (>= uap10.0) (< uap10.1))
      System.Threading.Timer (>= 4.3) - restriction: || (&& (< monoandroid) (< net45) (>= netstandard1.2) (< netstandard1.3) (< wpa81)) (&& (< monoandroid) (< net45) (>= netstandard1.3) (< netstandard1.4) (< wpa81)) (&& (< monoandroid) (< net45) (>= netstandard1.4) (< netstandard1.5) (< wpa81)) (&& (< monoandroid) (< net45) (>= netstandard1.5) (< netstandard1.6)) (&& (< monotouch) (< net45) (>= netstandard1.6) (< netstandard2.0) (< xamarinios) (< xamarinmac) (< xamarintvos) (< xamarinwatchos)) (&& (>= uap10.0) (< uap10.1))
      System.Xml.ReaderWriter (>= 4.3) - restriction: || (&& (< monoandroid) (< net45) (>= netstandard1.2) (< netstandard1.3) (< wpa81)) (&& (< monoandroid) (< net45) (>= netstandard1.3) (< netstandard1.4) (< wpa81)) (&& (< monoandroid) (< net45) (>= netstandard1.4) (< netstandard1.5) (< wpa81)) (&& (< monoandroid) (< net45) (>= netstandard1.5) (< netstandard1.6)) (&& (< monotouch) (< net45) (>= netstandard1.6) (< netstandard2.0) (< xamarinios) (< xamarinmac) (< xamarintvos) (< xamarinwatchos)) (&& (< net45) (>= netstandard1.1) (< portable-net451+win81+wpa81)) (&& (>= net46) (< netstandard1.4)) (&& (>= netstandard1.0) (< portable-net45+win8+wpa81)) (&& (>= uap10.0) (< uap10.1))
      System.Xml.XDocument (>= 4.3) - restriction: || (&& (< monoandroid) (< net45) (>= netstandard1.2) (< netstandard1.3) (< wpa81)) (&& (< monoandroid) (< net45) (>= netstandard1.3) (< netstandard1.4) (< wpa81)) (&& (< monoandroid) (< net45) (>= netstandard1.4) (< netstandard1.5) (< wpa81)) (&& (< monoandroid) (< net45) (>= netstandard1.5) (< netstandard1.6)) (&& (< monotouch) (< net45) (>= netstandard1.6) (< netstandard2.0) (< xamarinios) (< xamarinmac) (< xamarintvos) (< xamarinwatchos)) (&& (< net45) (>= netstandard1.1) (< portable-net451+win81+wpa81)) (&& (>= netstandard1.0) (< portable-net45+win8+wpa81)) (&& (>= uap10.0) (< uap10.1))
    Octokit (0.27)
      NETStandard.Library (>= 1.6.1) - restriction: && (< net45) (>= netstandard1.1)
    runtime.debian.8-x64.runtime.native.System.Security.Cryptography.OpenSsl (4.3.2) - restriction: || (&& (< monoandroid) (< net45) (>= netstandard1.3) (< netstandard1.4) (< wpa81)) (&& (< monoandroid) (< net45) (< netstandard1.3) (>= netstandard1.6)) (&& (< monoandroid) (< net45) (>= netstandard1.4) (< netstandard1.5) (< wpa81)) (&& (< monoandroid) (< net45) (< netstandard1.4) (>= netstandard1.6)) (&& (< monoandroid) (< net45) (>= netstandard1.5) (< netstandard1.6)) (&& (< monoandroid) (< net45) (< netstandard1.5) (>= netstandard1.6)) (&& (< monotouch) (< net45) (>= netstandard1.6) (< netstandard2.0) (< xamarinios) (< xamarinmac) (< xamarintvos) (< xamarinwatchos)) (&& (< net45) (>= net46) (< netstandard1.4)) (&& (< net45) (>= netstandard1.6) (< portable-net451+win81+wpa81)) (&& (>= netstandard1.6) (>= uap10.0)) (&& (>= uap10.0) (< uap10.1))
    runtime.fedora.23-x64.runtime.native.System.Security.Cryptography.OpenSsl (4.3.2) - restriction: || (&& (< monoandroid) (< net45) (>= netstandard1.3) (< netstandard1.4) (< wpa81)) (&& (< monoandroid) (< net45) (< netstandard1.3) (>= netstandard1.6)) (&& (< monoandroid) (< net45) (>= netstandard1.4) (< netstandard1.5) (< wpa81)) (&& (< monoandroid) (< net45) (< netstandard1.4) (>= netstandard1.6)) (&& (< monoandroid) (< net45) (>= netstandard1.5) (< netstandard1.6)) (&& (< monoandroid) (< net45) (< netstandard1.5) (>= netstandard1.6)) (&& (< monotouch) (< net45) (>= netstandard1.6) (< netstandard2.0) (< xamarinios) (< xamarinmac) (< xamarintvos) (< xamarinwatchos)) (&& (< net45) (>= net46) (< netstandard1.4)) (&& (< net45) (>= netstandard1.6) (< portable-net451+win81+wpa81)) (&& (>= netstandard1.6) (>= uap10.0)) (&& (>= uap10.0) (< uap10.1))
    runtime.fedora.24-x64.runtime.native.System.Security.Cryptography.OpenSsl (4.3.2) - restriction: || (&& (< monoandroid) (< net45) (>= netstandard1.3) (< netstandard1.4) (< wpa81)) (&& (< monoandroid) (< net45) (< netstandard1.3) (>= netstandard1.6)) (&& (< monoandroid) (< net45) (>= netstandard1.4) (< netstandard1.5) (< wpa81)) (&& (< monoandroid) (< net45) (< netstandard1.4) (>= netstandard1.6)) (&& (< monoandroid) (< net45) (>= netstandard1.5) (< netstandard1.6)) (&& (< monoandroid) (< net45) (< netstandard1.5) (>= netstandard1.6)) (&& (< monotouch) (< net45) (>= netstandard1.6) (< netstandard2.0) (< xamarinios) (< xamarinmac) (< xamarintvos) (< xamarinwatchos)) (&& (< net45) (>= net46) (< netstandard1.4)) (&& (< net45) (>= netstandard1.6) (< portable-net451+win81+wpa81)) (&& (>= netstandard1.6) (>= uap10.0)) (&& (>= uap10.0) (< uap10.1))
    runtime.native.System (4.3) - restriction: || (&& (< monoandroid) (< net45) (>= netstandard1.2) (< netstandard1.3) (< win8) (< wpa81)) (&& (< monoandroid) (< net45) (>= netstandard1.3) (< netstandard1.4) (< win8) (< wpa81)) (&& (< monoandroid) (< net45) (< netstandard1.3) (>= netstandard1.6)) (&& (< monoandroid) (< net45) (>= netstandard1.4) (< netstandard1.5) (< win8) (< wpa81)) (&& (< monoandroid) (< net45) (< netstandard1.4) (>= netstandard1.6)) (&& (< monoandroid) (< net45) (>= netstandard1.5) (< netstandard1.6)) (&& (< monoandroid) (< net45) (< netstandard1.5) (>= netstandard1.6)) (&& (< monoandroid) (< netstandard1.0) (>= netstandard1.1) (>= portable-net451+win81+wpa81) (< win8)) (&& (< monotouch) (< net45) (>= netstandard1.6) (< netstandard2.0) (< xamarinios) (< xamarinmac) (< xamarintvos) (< xamarinwatchos)) (&& (< net45) (>= net451) (< netstandard1.3)) (&& (< net45) (>= net46) (< netstandard1.4)) (&& (< net45) (>= netstandard1.1) (< portable-net451+win81+wpa81) (< win8)) (&& (< net45) (>= netstandard1.3) (< portable-net451+win81+wpa81) (< win8)) (&& (< net45) (>= netstandard1.6) (< portable-net451+win81+wpa81)) (&& (< netstandard1.0) (>= netstandard1.1) (< portable-net451+win81+wpa81) (< win8)) (&& (>= netstandard1.6) (>= uap10.0)) (&& (>= uap10.0) (< win8) (< wpa81))
      Microsoft.NETCore.Platforms (>= 1.1)
      Microsoft.NETCore.Targets (>= 1.1)
    runtime.native.System.IO.Compression (4.3.1) - restriction: || (&& (< monoandroid) (< net45) (>= netstandard1.3) (< netstandard1.4) (< win8) (< wpa81)) (&& (< monoandroid) (< net45) (>= netstandard1.4) (< netstandard1.5) (< win8) (< wpa81)) (&& (< monoandroid) (< net45) (>= netstandard1.5) (< netstandard1.6)) (&& (< monotouch) (< net45) (>= netstandard1.6) (< netstandard2.0) (< xamarinios) (< xamarinmac) (< xamarintvos) (< xamarinwatchos)) (&& (< net45) (>= net46) (< netstandard1.4)) (&& (< net45) (>= netstandard1.3) (< portable-net451+win81+wpa81) (< win8)) (&& (>= net46) (< portable-net45+win8+wpa81)) (&& (>= netstandard1.1) (< portable-net45+win8+wpa81)) (&& (>= netstandard1.2) (< portable-net45+win8+wpa81)) (&& (>= netstandard1.3) (< portable-net45+win8+wpa81)) (&& (>= netstandard1.4) (< portable-net45+win8+wpa81)) (&& (>= netstandard1.5) (< portable-net45+win8+wpa81)) (&& (>= netstandard1.6) (< portable-net45+win8+wpa81)) (&& (< portable-net45+win8+wpa81) (>= uap10.0)) (&& (>= uap10.0) (< win8) (< wpa81))
      Microsoft.NETCore.Platforms (>= 1.1)
      Microsoft.NETCore.Targets (>= 1.1.1)
    runtime.native.System.Net.Http (4.3) - restriction: || (&& (< monoandroid) (< net45) (< netstandard1.3) (>= netstandard1.6)) (&& (< monoandroid) (< net45) (< netstandard1.4) (>= netstandard1.6)) (&& (< monoandroid) (< net45) (< netstandard1.5) (>= netstandard1.6)) (&& (< monotouch) (< net45) (>= netstandard1.6) (< netstandard2.0) (< xamarinios) (< xamarinmac) (< xamarintvos) (< xamarinwatchos)) (&& (< net45) (>= net46) (< netstandard1.4) (>= netstandard1.6)) (&& (< net45) (>= netstandard1.6) (< portable-net451+win81+wpa81)) (&& (>= netstandard1.6) (>= uap10.0))
      Microsoft.NETCore.Platforms (>= 1.1)
      Microsoft.NETCore.Targets (>= 1.1)
    runtime.native.System.Security.Cryptography.Apple (4.3.1) - restriction: || (&& (< monoandroid) (< net45) (< netstandard1.4) (>= netstandard1.6)) (&& (< monoandroid) (< net45) (< netstandard1.5) (>= netstandard1.6)) (&& (< monotouch) (< net45) (>= netstandard1.6) (< netstandard2.0) (< xamarinios) (< xamarinmac) (< xamarintvos) (< xamarinwatchos)) (&& (< net45) (>= net46) (< netstandard1.4) (>= netstandard1.6)) (&& (>= netstandard1.6) (>= uap10.0))
      runtime.osx.10.10-x64.runtime.native.System.Security.Cryptography.Apple (>= 4.3.1)
    runtime.native.System.Security.Cryptography.OpenSsl (4.3.2) - restriction: || (&& (< monoandroid) (< net45) (>= netstandard1.3) (< netstandard1.4) (< wpa81)) (&& (< monoandroid) (< net45) (< netstandard1.3) (>= netstandard1.6)) (&& (< monoandroid) (< net45) (>= netstandard1.4) (< netstandard1.5) (< wpa81)) (&& (< monoandroid) (< net45) (< netstandard1.4) (>= netstandard1.6)) (&& (< monoandroid) (< net45) (>= netstandard1.5) (< netstandard1.6)) (&& (< monoandroid) (< net45) (< netstandard1.5) (>= netstandard1.6)) (&& (< monotouch) (< net45) (>= netstandard1.6) (< netstandard2.0) (< xamarinios) (< xamarinmac) (< xamarintvos) (< xamarinwatchos)) (&& (< net45) (>= net46) (< netstandard1.4)) (&& (< net45) (>= netstandard1.6) (< portable-net451+win81+wpa81)) (&& (>= netstandard1.6) (>= uap10.0)) (&& (>= uap10.0) (< uap10.1))
      runtime.debian.8-x64.runtime.native.System.Security.Cryptography.OpenSsl (>= 4.3.2)
      runtime.fedora.23-x64.runtime.native.System.Security.Cryptography.OpenSsl (>= 4.3.2)
      runtime.fedora.24-x64.runtime.native.System.Security.Cryptography.OpenSsl (>= 4.3.2)
      runtime.opensuse.13.2-x64.runtime.native.System.Security.Cryptography.OpenSsl (>= 4.3.2)
      runtime.opensuse.42.1-x64.runtime.native.System.Security.Cryptography.OpenSsl (>= 4.3.2)
      runtime.osx.10.10-x64.runtime.native.System.Security.Cryptography.OpenSsl (>= 4.3.2)
      runtime.rhel.7-x64.runtime.native.System.Security.Cryptography.OpenSsl (>= 4.3.2)
      runtime.ubuntu.14.04-x64.runtime.native.System.Security.Cryptography.OpenSsl (>= 4.3.2)
      runtime.ubuntu.16.04-x64.runtime.native.System.Security.Cryptography.OpenSsl (>= 4.3.2)
      runtime.ubuntu.16.10-x64.runtime.native.System.Security.Cryptography.OpenSsl (>= 4.3.2)
    runtime.opensuse.13.2-x64.runtime.native.System.Security.Cryptography.OpenSsl (4.3.2) - restriction: || (&& (< monoandroid) (< net45) (>= netstandard1.3) (< netstandard1.4) (< wpa81)) (&& (< monoandroid) (< net45) (< netstandard1.3) (>= netstandard1.6)) (&& (< monoandroid) (< net45) (>= netstandard1.4) (< netstandard1.5) (< wpa81)) (&& (< monoandroid) (< net45) (< netstandard1.4) (>= netstandard1.6)) (&& (< monoandroid) (< net45) (>= netstandard1.5) (< netstandard1.6)) (&& (< monoandroid) (< net45) (< netstandard1.5) (>= netstandard1.6)) (&& (< monotouch) (< net45) (>= netstandard1.6) (< netstandard2.0) (< xamarinios) (< xamarinmac) (< xamarintvos) (< xamarinwatchos)) (&& (< net45) (>= net46) (< netstandard1.4)) (&& (< net45) (>= netstandard1.6) (< portable-net451+win81+wpa81)) (&& (>= netstandard1.6) (>= uap10.0)) (&& (>= uap10.0) (< uap10.1))
    runtime.opensuse.42.1-x64.runtime.native.System.Security.Cryptography.OpenSsl (4.3.2) - restriction: || (&& (< monoandroid) (< net45) (>= netstandard1.3) (< netstandard1.4) (< wpa81)) (&& (< monoandroid) (< net45) (< netstandard1.3) (>= netstandard1.6)) (&& (< monoandroid) (< net45) (>= netstandard1.4) (< netstandard1.5) (< wpa81)) (&& (< monoandroid) (< net45) (< netstandard1.4) (>= netstandard1.6)) (&& (< monoandroid) (< net45) (>= netstandard1.5) (< netstandard1.6)) (&& (< monoandroid) (< net45) (< netstandard1.5) (>= netstandard1.6)) (&& (< monotouch) (< net45) (>= netstandard1.6) (< netstandard2.0) (< xamarinios) (< xamarinmac) (< xamarintvos) (< xamarinwatchos)) (&& (< net45) (>= net46) (< netstandard1.4)) (&& (< net45) (>= netstandard1.6) (< portable-net451+win81+wpa81)) (&& (>= netstandard1.6) (>= uap10.0)) (&& (>= uap10.0) (< uap10.1))
    runtime.osx.10.10-x64.runtime.native.System.Security.Cryptography.Apple (4.3.1) - restriction: || (&& (< monoandroid) (< net45) (< netstandard1.4) (>= netstandard1.6)) (&& (< monoandroid) (< net45) (< netstandard1.5) (>= netstandard1.6)) (&& (< monotouch) (< net45) (>= netstandard1.6) (< netstandard2.0) (< xamarinios) (< xamarinmac) (< xamarintvos) (< xamarinwatchos)) (&& (< net45) (>= net46) (< netstandard1.4) (>= netstandard1.6)) (&& (>= netstandard1.6) (>= uap10.0))
    runtime.osx.10.10-x64.runtime.native.System.Security.Cryptography.OpenSsl (4.3.2) - restriction: || (&& (< monoandroid) (< net45) (>= netstandard1.3) (< netstandard1.4) (< wpa81)) (&& (< monoandroid) (< net45) (< netstandard1.3) (>= netstandard1.6)) (&& (< monoandroid) (< net45) (>= netstandard1.4) (< netstandard1.5) (< wpa81)) (&& (< monoandroid) (< net45) (< netstandard1.4) (>= netstandard1.6)) (&& (< monoandroid) (< net45) (>= netstandard1.5) (< netstandard1.6)) (&& (< monoandroid) (< net45) (< netstandard1.5) (>= netstandard1.6)) (&& (< monotouch) (< net45) (>= netstandard1.6) (< netstandard2.0) (< xamarinios) (< xamarinmac) (< xamarintvos) (< xamarinwatchos)) (&& (< net45) (>= net46) (< netstandard1.4)) (&& (< net45) (>= netstandard1.6) (< portable-net451+win81+wpa81)) (&& (>= netstandard1.6) (>= uap10.0)) (&& (>= uap10.0) (< uap10.1))
    runtime.rhel.7-x64.runtime.native.System.Security.Cryptography.OpenSsl (4.3.2) - restriction: || (&& (< monoandroid) (< net45) (>= netstandard1.3) (< netstandard1.4) (< wpa81)) (&& (< monoandroid) (< net45) (< netstandard1.3) (>= netstandard1.6)) (&& (< monoandroid) (< net45) (>= netstandard1.4) (< netstandard1.5) (< wpa81)) (&& (< monoandroid) (< net45) (< netstandard1.4) (>= netstandard1.6)) (&& (< monoandroid) (< net45) (>= netstandard1.5) (< netstandard1.6)) (&& (< monoandroid) (< net45) (< netstandard1.5) (>= netstandard1.6)) (&& (< monotouch) (< net45) (>= netstandard1.6) (< netstandard2.0) (< xamarinios) (< xamarinmac) (< xamarintvos) (< xamarinwatchos)) (&& (< net45) (>= net46) (< netstandard1.4)) (&& (< net45) (>= netstandard1.6) (< portable-net451+win81+wpa81)) (&& (>= netstandard1.6) (>= uap10.0)) (&& (>= uap10.0) (< uap10.1))
    runtime.ubuntu.14.04-x64.runtime.native.System.Security.Cryptography.OpenSsl (4.3.2) - restriction: || (&& (< monoandroid) (< net45) (>= netstandard1.3) (< netstandard1.4) (< wpa81)) (&& (< monoandroid) (< net45) (< netstandard1.3) (>= netstandard1.6)) (&& (< monoandroid) (< net45) (>= netstandard1.4) (< netstandard1.5) (< wpa81)) (&& (< monoandroid) (< net45) (< netstandard1.4) (>= netstandard1.6)) (&& (< monoandroid) (< net45) (>= netstandard1.5) (< netstandard1.6)) (&& (< monoandroid) (< net45) (< netstandard1.5) (>= netstandard1.6)) (&& (< monotouch) (< net45) (>= netstandard1.6) (< netstandard2.0) (< xamarinios) (< xamarinmac) (< xamarintvos) (< xamarinwatchos)) (&& (< net45) (>= net46) (< netstandard1.4)) (&& (< net45) (>= netstandard1.6) (< portable-net451+win81+wpa81)) (&& (>= netstandard1.6) (>= uap10.0)) (&& (>= uap10.0) (< uap10.1))
    runtime.ubuntu.16.04-x64.runtime.native.System.Security.Cryptography.OpenSsl (4.3.2) - restriction: || (&& (< monoandroid) (< net45) (>= netstandard1.3) (< netstandard1.4) (< wpa81)) (&& (< monoandroid) (< net45) (< netstandard1.3) (>= netstandard1.6)) (&& (< monoandroid) (< net45) (>= netstandard1.4) (< netstandard1.5) (< wpa81)) (&& (< monoandroid) (< net45) (< netstandard1.4) (>= netstandard1.6)) (&& (< monoandroid) (< net45) (>= netstandard1.5) (< netstandard1.6)) (&& (< monoandroid) (< net45) (< netstandard1.5) (>= netstandard1.6)) (&& (< monotouch) (< net45) (>= netstandard1.6) (< netstandard2.0) (< xamarinios) (< xamarinmac) (< xamarintvos) (< xamarinwatchos)) (&& (< net45) (>= net46) (< netstandard1.4)) (&& (< net45) (>= netstandard1.6) (< portable-net451+win81+wpa81)) (&& (>= netstandard1.6) (>= uap10.0)) (&& (>= uap10.0) (< uap10.1))
    runtime.ubuntu.16.10-x64.runtime.native.System.Security.Cryptography.OpenSsl (4.3.2) - restriction: || (&& (< monoandroid) (< net45) (>= netstandard1.3) (< netstandard1.4) (< wpa81)) (&& (< monoandroid) (< net45) (< netstandard1.3) (>= netstandard1.6)) (&& (< monoandroid) (< net45) (>= netstandard1.4) (< netstandard1.5) (< wpa81)) (&& (< monoandroid) (< net45) (< netstandard1.4) (>= netstandard1.6)) (&& (< monoandroid) (< net45) (>= netstandard1.5) (< netstandard1.6)) (&& (< monoandroid) (< net45) (< netstandard1.5) (>= netstandard1.6)) (&& (< monotouch) (< net45) (>= netstandard1.6) (< netstandard2.0) (< xamarinios) (< xamarinmac) (< xamarintvos) (< xamarinwatchos)) (&& (< net45) (>= net46) (< netstandard1.4)) (&& (< net45) (>= netstandard1.6) (< portable-net451+win81+wpa81)) (&& (>= netstandard1.6) (>= uap10.0)) (&& (>= uap10.0) (< uap10.1))
    System.AppContext (4.3) - restriction: || (&& (< monoandroid) (< net45) (>= netstandard1.3) (< netstandard1.4) (< wpa81)) (&& (< monoandroid) (< net45) (>= netstandard1.4) (< netstandard1.5) (< wpa81)) (&& (< monoandroid) (< net45) (>= netstandard1.5) (< netstandard1.6)) (&& (< monotouch) (< net45) (>= netstandard1.6) (< netstandard2.0) (< xamarinios) (< xamarinmac) (< xamarintvos) (< xamarinwatchos)) (&& (< net45) (>= net46) (< netstandard1.4)) (&& (>= uap10.0) (< uap10.1))
      System.Runtime (>= 4.3) - restriction: || (&& (< monoandroid) (< net46) (>= netstandard1.3) (< netstandard1.6)) (&& (< monoandroid) (< netstandard1.3)) (&& (< monotouch) (< net46) (>= netstandard1.6) (< xamarinios) (< xamarinmac) (< xamarintvos) (< xamarinwatchos))
    System.Buffers (4.4) - restriction: || (&& (< monoandroid) (< net45) (>= netstandard1.3) (< netstandard1.4) (< wpa81)) (&& (< monoandroid) (< net45) (>= netstandard1.4) (< netstandard1.5) (< wpa81)) (&& (< monoandroid) (< net45) (>= netstandard1.5) (< netstandard1.6)) (&& (< monotouch) (< net45) (>= netstandard1.6) (< netstandard2.0) (< xamarinios) (< xamarinmac) (< xamarintvos) (< xamarinwatchos)) (&& (< net45) (>= net46) (< netstandard1.4)) (&& (< net45) (>= netstandard1.3) (< portable-net451+win81+wpa81) (< win8)) (&& (>= net46) (< portable-net45+win8+wpa81)) (&& (>= netstandard1.1) (< portable-net45+win8+wpa81)) (&& (>= netstandard1.2) (< portable-net45+win8+wpa81)) (&& (>= netstandard1.3) (< portable-net45+win8+wpa81)) (&& (>= netstandard1.4) (< portable-net45+win8+wpa81)) (&& (>= netstandard1.5) (< portable-net45+win8+wpa81)) (&& (>= netstandard1.6) (< portable-net45+win8+wpa81)) (&& (< portable-net45+win8+wpa81) (>= uap10.0)) (&& (>= uap10.0) (< uap10.1)) (&& (>= uap10.0) (< win8) (< wpa81))
      System.Diagnostics.Debug (>= 4.3) - restriction: && (>= netstandard1.1) (< netstandard2.0) (< xamarinmac)
      System.Diagnostics.Tracing (>= 4.3) - restriction: && (>= netstandard1.1) (< netstandard2.0) (< xamarinmac)
      System.Resources.ResourceManager (>= 4.3) - restriction: && (>= netstandard1.1) (< netstandard2.0) (< xamarinmac)
      System.Runtime (>= 4.3) - restriction: && (>= netstandard1.1) (< netstandard2.0) (< xamarinmac)
      System.Threading (>= 4.3) - restriction: && (>= netstandard1.1) (< netstandard2.0) (< xamarinmac)
    System.Collections (4.3) - restriction: || (&& (< monoandroid) (< net45) (>= netstandard1.2) (< netstandard1.3) (< wpa81)) (&& (< monoandroid) (< net45) (>= netstandard1.3) (< netstandard1.4) (< wpa81)) (&& (< monoandroid) (< net45) (< netstandard1.3) (>= netstandard1.4) (< wpa81)) (&& (< monoandroid) (< net45) (< netstandard1.3) (>= netstandard1.5)) (&& (< monoandroid) (< net45) (< netstandard1.3) (>= netstandard1.6)) (&& (< monoandroid) (< net45) (>= netstandard1.4) (< netstandard1.5) (< wpa81)) (&& (< monoandroid) (< net45) (< netstandard1.4) (>= netstandard1.6)) (&& (< monoandroid) (< net45) (>= netstandard1.5) (< netstandard1.6)) (&& (< monoandroid) (< net45) (< netstandard1.5) (>= netstandard1.6)) (&& (< monotouch) (< net45) (>= netstandard1.6) (< netstandard2.0) (< xamarinios) (< xamarinmac) (< xamarintvos) (< xamarinwatchos)) (&& (< net45) (>= net46) (< netstandard1.3)) (&& (< net45) (>= net46) (< netstandard1.4)) (&& (< net45) (>= netstandard1.1) (< portable-net451+win81+wpa81)) (&& (< net45) (>= netstandard1.3) (< portable-net451+win81+wpa81) (< win8)) (&& (< net45) (>= netstandard1.6) (< portable-net451+win81+wpa81)) (&& (>= net46) (< portable-net45+win8+wp8+wpa81)) (&& (>= net46) (< portable-net45+win8+wpa81)) (&& (>= netstandard1.1) (< portable-net45+win8+wp8+wpa81)) (&& (>= netstandard1.1) (< portable-net45+win8+wpa81)) (&& (>= netstandard1.2) (< portable-net45+win8+wp8+wpa81)) (&& (>= netstandard1.2) (< portable-net45+win8+wpa81)) (&& (>= netstandard1.3) (< portable-net45+win8+wp8+wpa81)) (&& (>= netstandard1.3) (< portable-net45+win8+wpa81)) (&& (< netstandard1.3) (>= uap10.0)) (&& (>= netstandard1.4) (< portable-net45+win8+wp8+wpa81)) (&& (>= netstandard1.4) (< portable-net45+win8+wpa81)) (&& (>= netstandard1.5) (< portable-net45+win8+wp8+wpa81)) (&& (>= netstandard1.5) (< portable-net45+win8+wpa81)) (&& (>= netstandard1.6) (< portable-net45+win8+wp8+wpa81)) (&& (>= netstandard1.6) (< portable-net45+win8+wpa81)) (&& (>= netstandard1.6) (>= uap10.0)) (&& (< portable-net45+win8+wp8+wpa81) (>= uap10.0)) (&& (< portable-net45+win8+wpa81) (>= uap10.0)) (&& (>= uap10.0) (< uap10.1)) (&& (>= uap10.0) (< win8) (< wpa81))
      Microsoft.NETCore.Platforms (>= 1.1) - restriction: || (&& (< monoandroid) (< net45) (>= netstandard1.0) (< netstandard1.3) (< win8) (< wp8) (< wpa81)) (&& (< monotouch) (< net45) (>= netstandard1.3) (< win8) (< wpa81) (< xamarinios) (< xamarinmac) (< xamarintvos) (< xamarinwatchos)) (< portable-net45+win8+wp8+wpa81)
      Microsoft.NETCore.Targets (>= 1.1) - restriction: || (&& (< monoandroid) (< net45) (>= netstandard1.0) (< netstandard1.3) (< win8) (< wp8) (< wpa81)) (&& (< monotouch) (< net45) (>= netstandard1.3) (< win8) (< wpa81) (< xamarinios) (< xamarinmac) (< xamarintvos) (< xamarinwatchos)) (< portable-net45+win8+wp8+wpa81)
      System.Runtime (>= 4.3) - restriction: || (&& (< monoandroid) (< net45) (>= netstandard1.0) (< netstandard1.3) (< win8) (< wp8) (< wpa81)) (&& (< monotouch) (< net45) (>= netstandard1.3) (< win8) (< wpa81) (< xamarinios) (< xamarinmac) (< xamarintvos) (< xamarinwatchos)) (< portable-net45+win8+wp8+wpa81)
    System.Collections.Concurrent (4.3) - restriction: || (&& (< monoandroid) (< net45) (>= netstandard1.2) (< netstandard1.3) (< wpa81)) (&& (< monoandroid) (< net45) (>= netstandard1.3) (< netstandard1.4) (< wpa81)) (&& (< monoandroid) (< net45) (>= netstandard1.4) (< netstandard1.5) (< wpa81)) (&& (< monoandroid) (< net45) (>= netstandard1.5) (< netstandard1.6)) (&& (< monotouch) (< net45) (>= netstandard1.6) (< netstandard2.0) (< xamarinios) (< xamarinmac) (< xamarintvos) (< xamarinwatchos)) (&& (< net45) (>= net46) (< netstandard1.4)) (&& (< net45) (>= netstandard1.1) (< portable-net451+win81+wpa81)) (&& (>= uap10.0) (< uap10.1))
      System.Collections (>= 4.3) - restriction: || (&& (< monotouch) (< net45) (>= netstandard1.3) (< win8) (< wpa81) (< xamarinios) (< xamarinmac) (< xamarintvos) (< xamarinwatchos)) (< portable-net45+win8+wpa81)
      System.Diagnostics.Debug (>= 4.3) - restriction: || (&& (< monotouch) (< net45) (>= netstandard1.3) (< win8) (< wpa81) (< xamarinios) (< xamarinmac) (< xamarintvos) (< xamarinwatchos)) (< portable-net45+win8+wpa81)
      System.Diagnostics.Tracing (>= 4.3) - restriction: || (&& (< monotouch) (< net45) (>= netstandard1.3) (< win8) (< wpa81) (< xamarinios) (< xamarinmac) (< xamarintvos) (< xamarinwatchos)) (< portable-net45+win8+wpa81)
      System.Globalization (>= 4.3) - restriction: || (&& (< monotouch) (< net45) (>= netstandard1.3) (< win8) (< wpa81) (< xamarinios) (< xamarinmac) (< xamarintvos) (< xamarinwatchos)) (< portable-net45+win8+wpa81)
      System.Reflection (>= 4.3) - restriction: && (< monotouch) (< net45) (>= netstandard1.3) (< win8) (< wpa81) (< xamarinios) (< xamarinmac) (< xamarintvos) (< xamarinwatchos)
      System.Resources.ResourceManager (>= 4.3) - restriction: || (&& (< monotouch) (< net45) (>= netstandard1.3) (< win8) (< wpa81) (< xamarinios) (< xamarinmac) (< xamarintvos) (< xamarinwatchos)) (< portable-net45+win8+wpa81)
      System.Runtime (>= 4.3) - restriction: || (&& (< monoandroid) (< net45) (>= netstandard1.1) (< netstandard1.3) (< win8) (< wpa81)) (&& (< monotouch) (< net45) (>= netstandard1.3) (< win8) (< wpa81) (< xamarinios) (< xamarinmac) (< xamarintvos) (< xamarinwatchos)) (< portable-net45+win8+wpa81)
      System.Runtime.Extensions (>= 4.3) - restriction: || (&& (< monotouch) (< net45) (>= netstandard1.3) (< win8) (< wpa81) (< xamarinios) (< xamarinmac) (< xamarintvos) (< xamarinwatchos)) (< portable-net45+win8+wpa81)
      System.Threading (>= 4.3) - restriction: || (&& (< monotouch) (< net45) (>= netstandard1.3) (< win8) (< wpa81) (< xamarinios) (< xamarinmac) (< xamarintvos) (< xamarinwatchos)) (< portable-net45+win8+wpa81)
      System.Threading.Tasks (>= 4.3) - restriction: || (&& (< monoandroid) (< net45) (>= netstandard1.1) (< netstandard1.3) (< win8) (< wpa81)) (&& (< monotouch) (< net45) (>= netstandard1.3) (< win8) (< wpa81) (< xamarinios) (< xamarinmac) (< xamarintvos) (< xamarinwatchos)) (< portable-net45+win8+wpa81)
    System.Console (4.3) - restriction: || (&& (< monoandroid) (< net45) (>= netstandard1.3) (< netstandard1.4) (< wpa81)) (&& (< monoandroid) (< net45) (>= netstandard1.4) (< netstandard1.5) (< wpa81)) (&& (< monoandroid) (< net45) (>= netstandard1.5) (< netstandard1.6)) (&& (< monotouch) (< net45) (>= netstandard1.6) (< netstandard2.0) (< xamarinios) (< xamarinmac) (< xamarintvos) (< xamarinwatchos)) (&& (< net45) (>= net46) (< netstandard1.4)) (&& (>= uap10.0) (< uap10.1))
      Microsoft.NETCore.Platforms (>= 1.1) - restriction: && (< monotouch) (< net46) (>= netstandard1.3) (< xamarinios) (< xamarinmac) (< xamarintvos) (< xamarinwatchos)
      Microsoft.NETCore.Targets (>= 1.1) - restriction: && (< monotouch) (< net46) (>= netstandard1.3) (< xamarinios) (< xamarinmac) (< xamarintvos) (< xamarinwatchos)
      System.IO (>= 4.3) - restriction: && (< monotouch) (< net46) (>= netstandard1.3) (< xamarinios) (< xamarinmac) (< xamarintvos) (< xamarinwatchos)
      System.Runtime (>= 4.3) - restriction: && (< monotouch) (< net46) (>= netstandard1.3) (< xamarinios) (< xamarinmac) (< xamarintvos) (< xamarinwatchos)
      System.Text.Encoding (>= 4.3) - restriction: && (< monotouch) (< net46) (>= netstandard1.3) (< xamarinios) (< xamarinmac) (< xamarintvos) (< xamarinwatchos)
    System.Diagnostics.Debug (4.3) - restriction: || (&& (< monoandroid) (< net45) (>= netstandard1.2) (< netstandard1.3) (< wpa81)) (&& (< monoandroid) (< net45) (>= netstandard1.3) (< netstandard1.4) (< wpa81)) (&& (< monoandroid) (< net45) (< netstandard1.3) (>= netstandard1.6)) (&& (< monoandroid) (< net45) (>= netstandard1.4) (< netstandard1.5) (< wpa81)) (&& (< monoandroid) (< net45) (< netstandard1.4) (>= netstandard1.6)) (&& (< monoandroid) (< net45) (>= netstandard1.5) (< netstandard1.6)) (&& (< monoandroid) (< net45) (< netstandard1.5) (>= netstandard1.6)) (&& (< monotouch) (< net45) (>= netstandard1.6) (< netstandard2.0) (< xamarinios) (< xamarinmac) (< xamarintvos) (< xamarinwatchos)) (&& (< net45) (>= net46) (< netstandard1.4)) (&& (< net45) (>= netstandard1.1) (< portable-net451+win81+wpa81)) (&& (< net45) (>= netstandard1.3) (< portable-net451+win81+wpa81) (< win8)) (&& (< net45) (>= netstandard1.6) (< portable-net451+win81+wpa81)) (&& (>= net46) (< portable-net45+win8+wp8+wpa81)) (&& (>= net46) (< portable-net45+win8+wpa81)) (&& (>= netstandard1.1) (< portable-net45+win8+wp8+wpa81)) (&& (>= netstandard1.1) (< portable-net45+win8+wpa81)) (&& (>= netstandard1.2) (< portable-net45+win8+wp8+wpa81)) (&& (>= netstandard1.2) (< portable-net45+win8+wpa81)) (&& (>= netstandard1.3) (< portable-net45+win8+wp8+wpa81)) (&& (>= netstandard1.3) (< portable-net45+win8+wpa81)) (&& (>= netstandard1.4) (< portable-net45+win8+wp8+wpa81)) (&& (>= netstandard1.4) (< portable-net45+win8+wpa81)) (&& (>= netstandard1.5) (< portable-net45+win8+wp8+wpa81)) (&& (>= netstandard1.5) (< portable-net45+win8+wpa81)) (&& (>= netstandard1.6) (< portable-net45+win8+wp8+wpa81)) (&& (>= netstandard1.6) (< portable-net45+win8+wpa81)) (&& (>= netstandard1.6) (>= uap10.0)) (&& (< portable-net45+win8+wp8+wpa81) (>= uap10.0)) (&& (< portable-net45+win8+wpa81) (>= uap10.0)) (&& (>= uap10.0) (< uap10.1)) (&& (>= uap10.0) (< win8) (< wpa81))
      Microsoft.NETCore.Platforms (>= 1.1) - restriction: || (&& (< monoandroid) (< net45) (>= netstandard1.0) (< netstandard1.3) (< win8) (< wp8) (< wpa81)) (&& (< monotouch) (< net45) (>= netstandard1.3) (< win8) (< wpa81) (< xamarinios) (< xamarinmac) (< xamarintvos) (< xamarinwatchos)) (< portable-net45+win8+wp8+wpa81)
      Microsoft.NETCore.Targets (>= 1.1) - restriction: || (&& (< monoandroid) (< net45) (>= netstandard1.0) (< netstandard1.3) (< win8) (< wp8) (< wpa81)) (&& (< monotouch) (< net45) (>= netstandard1.3) (< win8) (< wpa81) (< xamarinios) (< xamarinmac) (< xamarintvos) (< xamarinwatchos)) (< portable-net45+win8+wp8+wpa81)
      System.Runtime (>= 4.3) - restriction: || (&& (< monoandroid) (< net45) (>= netstandard1.0) (< netstandard1.3) (< win8) (< wp8) (< wpa81)) (&& (< monotouch) (< net45) (>= netstandard1.3) (< win8) (< wpa81) (< xamarinios) (< xamarinmac) (< xamarintvos) (< xamarinwatchos)) (< portable-net45+win8+wp8+wpa81)
    System.Diagnostics.DiagnosticSource (4.4.1) - restriction: || (&& (< monoandroid) (< net45) (>= netstandard1.3) (< netstandard1.4) (< win8) (< wpa81)) (&& (< monoandroid) (< net45) (< netstandard1.3) (>= netstandard1.6)) (&& (< monoandroid) (< net45) (>= netstandard1.4) (< netstandard1.5) (< win8) (< wpa81)) (&& (< monoandroid) (< net45) (< netstandard1.4) (>= netstandard1.6)) (&& (< monoandroid) (< net45) (>= netstandard1.5) (< netstandard1.6)) (&& (< monoandroid) (< net45) (< netstandard1.5) (>= netstandard1.6)) (&& (< monotouch) (< net45) (>= netstandard1.6) (< netstandard2.0) (< xamarinios) (< xamarinmac) (< xamarintvos) (< xamarinwatchos)) (&& (< net45) (>= net46) (< netstandard1.4)) (&& (< net45) (>= netstandard1.3) (< portable-net451+win81+wpa81) (< win8)) (&& (< net45) (>= netstandard1.6) (< portable-net451+win81+wpa81)) (&& (>= net46) (< portable-net45+win8+wpa81)) (&& (>= netstandard1.1) (< portable-net45+win8+wpa81)) (&& (>= netstandard1.2) (< portable-net45+win8+wpa81)) (&& (>= netstandard1.3) (< portable-net45+win8+wpa81)) (&& (>= netstandard1.4) (< portable-net45+win8+wpa81)) (&& (>= netstandard1.5) (< portable-net45+win8+wpa81)) (&& (>= netstandard1.6) (< portable-net45+win8+wpa81)) (&& (>= netstandard1.6) (>= uap10.0)) (&& (< portable-net45+win8+wpa81) (>= uap10.0)) (&& (>= uap10.0) (< win8) (< wpa81))
      System.Collections (>= 4.3) - restriction: || (&& (< net45) (< netcoreapp2.0) (>= netstandard1.3) (< xamarinmac)) (&& (< net45) (>= netstandard1.1) (< netstandard1.3))
      System.Diagnostics.Debug (>= 4.3) - restriction: && (< net45) (< netcoreapp2.0) (>= netstandard1.3) (< xamarinmac)
      System.Diagnostics.Tracing (>= 4.3) - restriction: || (&& (< net45) (< netcoreapp2.0) (>= netstandard1.3) (< xamarinmac)) (&& (< net45) (>= netstandard1.1) (< netstandard1.3))
      System.Reflection (>= 4.3) - restriction: || (&& (< net45) (< netcoreapp2.0) (>= netstandard1.3) (< xamarinmac)) (&& (< net45) (>= netstandard1.1) (< netstandard1.3))
      System.Runtime (>= 4.3) - restriction: || (&& (< net45) (< netcoreapp2.0) (>= netstandard1.3) (< xamarinmac)) (&& (< net45) (>= netstandard1.1) (< netstandard1.3))
      System.Runtime.Extensions (>= 4.3) - restriction: && (< net45) (< netcoreapp2.0) (>= netstandard1.3) (< xamarinmac)
      System.Threading (>= 4.3) - restriction: || (&& (< net45) (< netcoreapp2.0) (>= netstandard1.3) (< xamarinmac)) (&& (< net45) (>= netstandard1.1) (< netstandard1.3))
    System.Diagnostics.Tools (4.3) - restriction: || (&& (< monoandroid) (< net45) (>= netstandard1.2) (< netstandard1.3) (< wpa81)) (&& (< monoandroid) (< net45) (>= netstandard1.3) (< netstandard1.4) (< wpa81)) (&& (< monoandroid) (< net45) (>= netstandard1.4) (< netstandard1.5) (< wpa81)) (&& (< monoandroid) (< net45) (>= netstandard1.5) (< netstandard1.6)) (&& (< monotouch) (< net45) (>= netstandard1.6) (< netstandard2.0) (< xamarinios) (< xamarinmac) (< xamarintvos) (< xamarinwatchos)) (&& (< net45) (>= netstandard1.1) (< portable-net451+win81+wpa81)) (&& (< net45) (>= netstandard1.3) (< portable-net451+win81+wpa81) (< win8)) (&& (>= netstandard1.1) (< portable-net45+win8+wp8+wpa81)) (&& (>= netstandard1.1) (< portable-net45+win8+wpa81)) (&& (>= netstandard1.2) (< portable-net45+win8+wp8+wpa81)) (&& (>= netstandard1.3) (< portable-net45+win8+wp8+wpa81)) (&& (>= netstandard1.3) (< portable-net45+win8+wpa81)) (&& (>= netstandard1.4) (< portable-net45+win8+wp8+wpa81)) (&& (>= netstandard1.5) (< portable-net45+win8+wp8+wpa81)) (&& (>= netstandard1.6) (< portable-net45+win8+wp8+wpa81)) (&& (< portable-net45+win8+wp8+wpa81) (>= uap10.0)) (&& (>= uap10.0) (< uap10.1)) (&& (>= uap10.0) (< win8) (< wpa81))
      Microsoft.NETCore.Platforms (>= 1.1) - restriction: || (&& (< monotouch) (< net45) (>= netstandard1.0) (< win8) (< wp8) (< wpa81) (< xamarinios) (< xamarinmac) (< xamarintvos) (< xamarinwatchos)) (< portable-net45+win8+wp8+wpa81)
      Microsoft.NETCore.Targets (>= 1.1) - restriction: || (&& (< monotouch) (< net45) (>= netstandard1.0) (< win8) (< wp8) (< wpa81) (< xamarinios) (< xamarinmac) (< xamarintvos) (< xamarinwatchos)) (< portable-net45+win8+wp8+wpa81)
      System.Runtime (>= 4.3) - restriction: || (&& (< monotouch) (< net45) (>= netstandard1.0) (< win8) (< wp8) (< wpa81) (< xamarinios) (< xamarinmac) (< xamarintvos) (< xamarinwatchos)) (< portable-net45+win8+wp8+wpa81)
    System.Diagnostics.Tracing (4.3) - restriction: || (&& (< monoandroid) (< net45) (>= netstandard1.2) (< netstandard1.3) (< wpa81)) (&& (< monoandroid) (< net45) (>= netstandard1.3) (< netstandard1.4) (< wpa81)) (&& (< monoandroid) (< net45) (< netstandard1.3) (>= netstandard1.6)) (&& (< monoandroid) (< net45) (>= netstandard1.4) (< netstandard1.5) (< wpa81)) (&& (< monoandroid) (< net45) (< netstandard1.4) (>= netstandard1.6)) (&& (< monoandroid) (< net45) (>= netstandard1.5) (< netstandard1.6)) (&& (< monoandroid) (< net45) (< netstandard1.5) (>= netstandard1.6)) (&& (< monotouch) (< net45) (>= netstandard1.6) (< netstandard2.0) (< xamarinios) (< xamarinmac) (< xamarintvos) (< xamarinwatchos)) (&& (< net45) (>= net46) (< netstandard1.4)) (&& (< net45) (>= netstandard1.1) (< portable-net451+win81+wpa81)) (&& (< net45) (>= netstandard1.3) (< portable-net451+win81+wpa81) (< win8)) (&& (< net45) (>= netstandard1.6) (< portable-net451+win81+wpa81)) (&& (>= net46) (< portable-net45+win8+wpa81)) (&& (>= netstandard1.1) (< portable-net45+win8+wpa81)) (&& (>= netstandard1.2) (< portable-net45+win8+wpa81)) (&& (>= netstandard1.3) (< portable-net45+win8+wpa81)) (&& (>= netstandard1.4) (< portable-net45+win8+wpa81)) (&& (>= netstandard1.5) (< portable-net45+win8+wpa81)) (&& (>= netstandard1.6) (< portable-net45+win8+wpa81)) (&& (>= netstandard1.6) (>= uap10.0)) (&& (< portable-net45+win8+wpa81) (>= uap10.0)) (&& (>= uap10.0) (< uap10.1)) (&& (>= uap10.0) (< win8) (< wpa81))
      Microsoft.NETCore.Platforms (>= 1.1) - restriction: || (&& (< monoandroid) (< net45) (>= netstandard1.1) (< netstandard1.2) (< win8)) (&& (< monoandroid) (< net45) (>= netstandard1.2) (< netstandard1.3) (< win8) (< wpa81)) (&& (< monoandroid) (< net45) (>= netstandard1.3) (< netstandard1.5) (< win8) (< wpa81)) (&& (< monotouch) (< net45) (>= netstandard1.5) (< xamarinios) (< xamarinmac) (< xamarintvos) (< xamarinwatchos)) (< portable-net45+win8+wpa81)
      Microsoft.NETCore.Targets (>= 1.1) - restriction: || (&& (< monoandroid) (< net45) (>= netstandard1.1) (< netstandard1.2) (< win8)) (&& (< monoandroid) (< net45) (>= netstandard1.2) (< netstandard1.3) (< win8) (< wpa81)) (&& (< monoandroid) (< net45) (>= netstandard1.3) (< netstandard1.5) (< win8) (< wpa81)) (&& (< monotouch) (< net45) (>= netstandard1.5) (< xamarinios) (< xamarinmac) (< xamarintvos) (< xamarinwatchos)) (< portable-net45+win8+wpa81)
      System.Runtime (>= 4.3) - restriction: || (&& (< monoandroid) (< net45) (>= netstandard1.1) (< netstandard1.2) (< win8)) (&& (< monoandroid) (< net45) (>= netstandard1.2) (< netstandard1.3) (< win8) (< wpa81)) (&& (< monoandroid) (< net45) (>= netstandard1.3) (< netstandard1.5) (< win8) (< wpa81)) (&& (< monotouch) (< net45) (>= netstandard1.5) (< xamarinios) (< xamarinmac) (< xamarintvos) (< xamarinwatchos)) (< portable-net45+win8+wpa81)
    System.Globalization (4.3) - restriction: || (&& (< monoandroid) (< net45) (>= netstandard1.2) (< netstandard1.3) (< wpa81)) (&& (< monoandroid) (< net45) (>= netstandard1.3) (< netstandard1.4) (< wpa81)) (&& (< monoandroid) (< net45) (< netstandard1.3) (>= netstandard1.4) (< wpa81)) (&& (< monoandroid) (< net45) (< netstandard1.3) (>= netstandard1.5)) (&& (< monoandroid) (< net45) (< netstandard1.3) (>= netstandard1.6)) (&& (< monoandroid) (< net45) (>= netstandard1.4) (< netstandard1.5) (< wpa81)) (&& (< monoandroid) (< net45) (< netstandard1.4) (>= netstandard1.6)) (&& (< monoandroid) (< net45) (>= netstandard1.5) (< netstandard1.6)) (&& (< monoandroid) (< net45) (< netstandard1.5) (>= netstandard1.6)) (&& (< monotouch) (< net45) (>= netstandard1.6) (< netstandard2.0) (< xamarinios) (< xamarinmac) (< xamarintvos) (< xamarinwatchos)) (&& (< net45) (>= net46) (< netstandard1.3)) (&& (< net45) (>= net46) (< netstandard1.4)) (&& (< net45) (>= netstandard1.1) (< portable-net451+win81+wpa81)) (&& (< net45) (>= netstandard1.3) (< portable-net451+win81+wpa81) (< win8)) (&& (< net45) (>= netstandard1.6) (< portable-net451+win81+wpa81)) (&& (>= net46) (< portable-net45+win8+wp8+wpa81)) (&& (>= net46) (< portable-net45+win8+wpa81)) (&& (>= netstandard1.1) (< portable-net45+win8+wp8+wpa81)) (&& (>= netstandard1.1) (< portable-net45+win8+wpa81)) (&& (>= netstandard1.2) (< portable-net45+win8+wp8+wpa81)) (&& (>= netstandard1.2) (< portable-net45+win8+wpa81)) (&& (>= netstandard1.3) (< portable-net45+win8+wp8+wpa81)) (&& (>= netstandard1.3) (< portable-net45+win8+wpa81)) (&& (< netstandard1.3) (>= uap10.0)) (&& (>= netstandard1.4) (< portable-net45+win8+wp8+wpa81)) (&& (>= netstandard1.4) (< portable-net45+win8+wpa81)) (&& (>= netstandard1.5) (< portable-net45+win8+wp8+wpa81)) (&& (>= netstandard1.5) (< portable-net45+win8+wpa81)) (&& (>= netstandard1.6) (< portable-net45+win8+wp8+wpa81)) (&& (>= netstandard1.6) (< portable-net45+win8+wpa81)) (&& (>= netstandard1.6) (>= uap10.0)) (&& (< portable-net45+win8+wp8+wpa81) (>= uap10.0)) (&& (< portable-net45+win8+wpa81) (>= uap10.0)) (&& (>= uap10.0) (< uap10.1)) (&& (>= uap10.0) (< win8) (< wpa81))
      Microsoft.NETCore.Platforms (>= 1.1) - restriction: || (&& (< monoandroid) (< net45) (>= netstandard1.0) (< netstandard1.3) (< win8) (< wp8) (< wpa81)) (&& (< monotouch) (< net45) (>= netstandard1.3) (< win8) (< wpa81) (< xamarinios) (< xamarinmac) (< xamarintvos) (< xamarinwatchos)) (< portable-net45+win8+wp8+wpa81)
      Microsoft.NETCore.Targets (>= 1.1) - restriction: || (&& (< monoandroid) (< net45) (>= netstandard1.0) (< netstandard1.3) (< win8) (< wp8) (< wpa81)) (&& (< monotouch) (< net45) (>= netstandard1.3) (< win8) (< wpa81) (< xamarinios) (< xamarinmac) (< xamarintvos) (< xamarinwatchos)) (< portable-net45+win8+wp8+wpa81)
      System.Runtime (>= 4.3) - restriction: || (&& (< monoandroid) (< net45) (>= netstandard1.0) (< netstandard1.3) (< win8) (< wp8) (< wpa81)) (&& (< monotouch) (< net45) (>= netstandard1.3) (< win8) (< wpa81) (< xamarinios) (< xamarinmac) (< xamarintvos) (< xamarinwatchos)) (< portable-net45+win8+wp8+wpa81)
    System.Globalization.Calendars (4.3) - restriction: || (&& (< monoandroid) (< net45) (>= netstandard1.3) (< netstandard1.4) (< wpa81)) (&& (< monoandroid) (< net45) (< netstandard1.3) (>= netstandard1.4) (< wpa81)) (&& (< monoandroid) (< net45) (< netstandard1.3) (>= netstandard1.5)) (&& (< monoandroid) (< net45) (< netstandard1.3) (>= netstandard1.6)) (&& (< monoandroid) (< net45) (>= netstandard1.4) (< netstandard1.5) (< wpa81)) (&& (< monoandroid) (< net45) (< netstandard1.4) (>= netstandard1.6)) (&& (< monoandroid) (< net45) (>= netstandard1.5) (< netstandard1.6)) (&& (< monoandroid) (< net45) (< netstandard1.5) (>= netstandard1.6)) (&& (< monotouch) (< net45) (>= netstandard1.6) (< netstandard2.0) (< xamarinios) (< xamarinmac) (< xamarintvos) (< xamarinwatchos)) (&& (< net45) (>= net46) (< netstandard1.3)) (&& (< net45) (>= net46) (< netstandard1.4)) (&& (< netstandard1.3) (>= uap10.0)) (&& (>= netstandard1.6) (>= uap10.0)) (&& (>= uap10.0) (< uap10.1))
      Microsoft.NETCore.Platforms (>= 1.1) - restriction: && (< monotouch) (< net46) (>= netstandard1.3) (< xamarinios) (< xamarinmac) (< xamarintvos) (< xamarinwatchos)
      Microsoft.NETCore.Targets (>= 1.1) - restriction: && (< monotouch) (< net46) (>= netstandard1.3) (< xamarinios) (< xamarinmac) (< xamarintvos) (< xamarinwatchos)
      System.Globalization (>= 4.3) - restriction: && (< monotouch) (< net46) (>= netstandard1.3) (< xamarinios) (< xamarinmac) (< xamarintvos) (< xamarinwatchos)
      System.Runtime (>= 4.3) - restriction: && (< monotouch) (< net46) (>= netstandard1.3) (< xamarinios) (< xamarinmac) (< xamarintvos) (< xamarinwatchos)
    System.Globalization.Extensions (4.3) - restriction: || (&& (< monoandroid) (< net45) (< netstandard1.3) (>= netstandard1.6)) (&& (< monoandroid) (< net45) (< netstandard1.4) (>= netstandard1.6)) (&& (< monoandroid) (< net45) (< netstandard1.5) (>= netstandard1.6)) (&& (< monotouch) (< net45) (>= netstandard1.6) (< netstandard2.0) (< xamarinios) (< xamarinmac) (< xamarintvos) (< xamarinwatchos)) (&& (< net45) (>= net46) (< netstandard1.4) (>= netstandard1.6)) (&& (< net45) (>= netstandard1.6) (< portable-net451+win81+wpa81)) (&& (>= netstandard1.6) (>= uap10.0))
      Microsoft.NETCore.Platforms (>= 1.1) - restriction: && (< monotouch) (< net46) (>= netstandard1.3) (< xamarinios) (< xamarinmac) (< xamarintvos) (< xamarinwatchos)
      System.Globalization (>= 4.3) - restriction: && (< monotouch) (< net46) (>= netstandard1.3) (< xamarinios) (< xamarinmac) (< xamarintvos) (< xamarinwatchos)
      System.Resources.ResourceManager (>= 4.3) - restriction: && (< monotouch) (< net46) (>= netstandard1.3) (< xamarinios) (< xamarinmac) (< xamarintvos) (< xamarinwatchos)
      System.Runtime (>= 4.3) - restriction: && (< monotouch) (< net46) (>= netstandard1.3) (< xamarinios) (< xamarinmac) (< xamarintvos) (< xamarinwatchos)
      System.Runtime.Extensions (>= 4.3) - restriction: && (< monotouch) (< net46) (>= netstandard1.3) (< xamarinios) (< xamarinmac) (< xamarintvos) (< xamarinwatchos)
      System.Runtime.InteropServices (>= 4.3) - restriction: && (< monotouch) (< net46) (>= netstandard1.3) (< xamarinios) (< xamarinmac) (< xamarintvos) (< xamarinwatchos)
    System.IO (4.3) - restriction: || (&& (< monoandroid) (< net45) (>= netstandard1.2) (< netstandard1.3) (< wpa81)) (&& (< monoandroid) (< net45) (>= netstandard1.3) (< netstandard1.4) (< wpa81)) (&& (< monoandroid) (< net45) (< netstandard1.3) (>= netstandard1.4) (< wpa81)) (&& (< monoandroid) (< net45) (< netstandard1.3) (>= netstandard1.5)) (&& (< monoandroid) (< net45) (< netstandard1.3) (>= netstandard1.6)) (&& (< monoandroid) (< net45) (>= netstandard1.4) (< netstandard1.5) (< wpa81)) (&& (< monoandroid) (< net45) (< netstandard1.4) (>= netstandard1.5)) (&& (< monoandroid) (< net45) (< netstandard1.4) (>= netstandard1.6)) (&& (< monoandroid) (< net45) (>= netstandard1.5) (< netstandard1.6)) (&& (< monoandroid) (< net45) (< netstandard1.5) (>= netstandard1.6)) (&& (< monotouch) (< net45) (>= netstandard1.6) (< netstandard2.0) (< xamarinios) (< xamarinmac) (< xamarintvos) (< xamarinwatchos)) (&& (< net45) (>= net46) (< netstandard1.3)) (&& (< net45) (>= net46) (< netstandard1.4)) (&& (< net45) (>= net463) (< netstandard1.4)) (&& (< net45) (>= net463) (< netstandard1.5)) (&& (< net45) (>= net463) (>= netstandard1.6) (< netstandard2.0)) (&& (< net45) (>= net463) (< netstandard1.6)) (&& (< net45) (>= netstandard1.1) (< portable-net451+win81+wpa81)) (&& (< net45) (>= netstandard1.3) (< portable-net451+win81+wpa81) (< win8)) (&& (< net45) (>= netstandard1.5) (< portable-net451+win81+wpa81)) (&& (< net45) (>= netstandard1.6) (< portable-net451+win81+wpa81)) (&& (>= net46) (< portable-net45+win8+wp8+wpa81)) (&& (>= net46) (< portable-net45+win8+wpa81)) (&& (>= net463) (>= uap10.0)) (&& (>= netstandard1.1) (< portable-net45+win8+wp8+wpa81)) (&& (>= netstandard1.1) (< portable-net45+win8+wpa81)) (&& (>= netstandard1.2) (< portable-net45+win8+wp8+wpa81)) (&& (>= netstandard1.2) (< portable-net45+win8+wpa81)) (&& (>= netstandard1.3) (< portable-net45+win8+wp8+wpa81)) (&& (>= netstandard1.3) (< portable-net45+win8+wpa81)) (&& (< netstandard1.3) (>= uap10.0)) (&& (>= netstandard1.4) (< portable-net45+win8+wp8+wpa81)) (&& (>= netstandard1.4) (< portable-net45+win8+wpa81)) (&& (< netstandard1.4) (>= uap10.0)) (&& (>= netstandard1.5) (< portable-net45+win8+wp8+wpa81)) (&& (>= netstandard1.5) (< portable-net45+win8+wpa81)) (&& (>= netstandard1.5) (>= uap10.0)) (&& (>= netstandard1.6) (< portable-net45+win8+wp8+wpa81)) (&& (>= netstandard1.6) (< portable-net45+win8+wpa81)) (&& (>= netstandard1.6) (>= uap10.0)) (&& (< portable-net45+win8+wp8+wpa81) (>= uap10.0)) (&& (< portable-net45+win8+wpa81) (>= uap10.0)) (&& (>= uap10.0) (< uap10.1)) (&& (>= uap10.0) (< win8) (< wpa81))
      Microsoft.NETCore.Platforms (>= 1.1) - restriction: || (&& (< monoandroid) (< net45) (>= netstandard1.0) (< netstandard1.3) (< win8) (< wp8) (< wpa81)) (&& (< monoandroid) (< net45) (>= netstandard1.3) (< netstandard1.5) (< win8) (< wpa81)) (&& (< monotouch) (< net45) (>= netstandard1.5) (< xamarinios) (< xamarinmac) (< xamarintvos) (< xamarinwatchos)) (< portable-net45+win8+wp8+wpa81)
      Microsoft.NETCore.Targets (>= 1.1) - restriction: || (&& (< monoandroid) (< net45) (>= netstandard1.0) (< netstandard1.3) (< win8) (< wp8) (< wpa81)) (&& (< monoandroid) (< net45) (>= netstandard1.3) (< netstandard1.5) (< win8) (< wpa81)) (&& (< monotouch) (< net45) (>= netstandard1.5) (< xamarinios) (< xamarinmac) (< xamarintvos) (< xamarinwatchos)) (< portable-net45+win8+wp8+wpa81)
      System.Runtime (>= 4.3) - restriction: || (&& (< monoandroid) (< net45) (>= netstandard1.0) (< netstandard1.3) (< win8) (< wp8) (< wpa81)) (&& (< monoandroid) (< net45) (>= netstandard1.3) (< netstandard1.5) (< win8) (< wpa81)) (&& (< monotouch) (< net45) (>= netstandard1.5) (< xamarinios) (< xamarinmac) (< xamarintvos) (< xamarinwatchos)) (< portable-net45+win8+wp8+wpa81)
      System.Text.Encoding (>= 4.3) - restriction: || (&& (< monoandroid) (< net45) (>= netstandard1.0) (< netstandard1.3) (< win8) (< wp8) (< wpa81)) (&& (< monoandroid) (< net45) (>= netstandard1.3) (< netstandard1.5) (< win8) (< wpa81)) (&& (< monotouch) (< net45) (>= netstandard1.5) (< xamarinios) (< xamarinmac) (< xamarintvos) (< xamarinwatchos)) (< portable-net45+win8+wp8+wpa81)
      System.Threading.Tasks (>= 4.3) - restriction: || (&& (< monoandroid) (< net45) (>= netstandard1.0) (< netstandard1.3) (< win8) (< wp8) (< wpa81)) (&& (< monoandroid) (< net45) (>= netstandard1.3) (< netstandard1.5) (< win8) (< wpa81)) (&& (< monotouch) (< net45) (>= netstandard1.5) (< xamarinios) (< xamarinmac) (< xamarintvos) (< xamarinwatchos)) (< portable-net45+win8+wp8+wpa81)
    System.IO.Compression (4.3) - restriction: || (&& (< monoandroid) (< net45) (>= netstandard1.2) (< netstandard1.3) (< wpa81)) (&& (< monoandroid) (< net45) (>= netstandard1.3) (< netstandard1.4) (< wpa81)) (&& (< monoandroid) (< net45) (>= netstandard1.4) (< netstandard1.5) (< wpa81)) (&& (< monoandroid) (< net45) (>= netstandard1.5) (< netstandard1.6)) (&& (< monotouch) (< net45) (>= netstandard1.6) (< netstandard2.0) (< xamarinios) (< xamarinmac) (< xamarintvos) (< xamarinwatchos)) (&& (< net45) (>= net46) (< netstandard1.4)) (&& (< net45) (>= netstandard1.1) (< portable-net451+win81+wpa81)) (&& (< net45) (>= netstandard1.3) (< portable-net451+win81+wpa81) (< win8)) (&& (>= uap10.0) (< uap10.1)) (&& (>= uap10.0) (< win8) (< wpa81))
      Microsoft.NETCore.Platforms (>= 1.1) - restriction: && (< monotouch) (< net45) (>= netstandard1.3) (< win8) (< wpa81) (< xamarinios) (< xamarinmac) (< xamarintvos) (< xamarinwatchos)
      runtime.native.System (>= 4.3) - restriction: && (< monotouch) (< net45) (>= netstandard1.3) (< win8) (< wpa81) (< xamarinios) (< xamarinmac) (< xamarintvos) (< xamarinwatchos)
      runtime.native.System.IO.Compression (>= 4.3) - restriction: || (&& (< monotouch) (< net45) (>= netstandard1.3) (< win8) (< wpa81) (< xamarinios) (< xamarinmac) (< xamarintvos) (< xamarinwatchos)) (< portable-net45+win8+wpa81)
      System.Buffers (>= 4.3) - restriction: || (&& (< monotouch) (< net45) (>= netstandard1.3) (< win8) (< wpa81) (< xamarinios) (< xamarinmac) (< xamarintvos) (< xamarinwatchos)) (< portable-net45+win8+wpa81)
      System.Collections (>= 4.3) - restriction: || (&& (< monotouch) (< net45) (>= netstandard1.3) (< win8) (< wpa81) (< xamarinios) (< xamarinmac) (< xamarintvos) (< xamarinwatchos)) (< portable-net45+win8+wpa81)
      System.Diagnostics.Debug (>= 4.3) - restriction: || (&& (< monotouch) (< net45) (>= netstandard1.3) (< win8) (< wpa81) (< xamarinios) (< xamarinmac) (< xamarintvos) (< xamarinwatchos)) (< portable-net45+win8+wpa81)
      System.IO (>= 4.3) - restriction: || (&& (< monoandroid) (< net45) (>= netstandard1.1) (< netstandard1.3) (< win8) (< wpa81)) (&& (< monotouch) (< net45) (>= netstandard1.3) (< win8) (< wpa81) (< xamarinios) (< xamarinmac) (< xamarintvos) (< xamarinwatchos)) (< portable-net45+win8+wpa81)
      System.Resources.ResourceManager (>= 4.3) - restriction: || (&& (< monotouch) (< net45) (>= netstandard1.3) (< win8) (< wpa81) (< xamarinios) (< xamarinmac) (< xamarintvos) (< xamarinwatchos)) (< portable-net45+win8+wpa81)
      System.Runtime (>= 4.3) - restriction: || (&& (< monoandroid) (< net45) (>= netstandard1.1) (< netstandard1.3) (< win8) (< wpa81)) (&& (< monotouch) (< net45) (>= netstandard1.3) (< win8) (< wpa81) (< xamarinios) (< xamarinmac) (< xamarintvos) (< xamarinwatchos)) (< portable-net45+win8+wpa81)
      System.Runtime.Extensions (>= 4.3) - restriction: || (&& (< monotouch) (< net45) (>= netstandard1.3) (< win8) (< wpa81) (< xamarinios) (< xamarinmac) (< xamarintvos) (< xamarinwatchos)) (< portable-net45+win8+wpa81)
      System.Runtime.Handles (>= 4.3) - restriction: || (&& (< monotouch) (< net45) (>= netstandard1.3) (< win8) (< wpa81) (< xamarinios) (< xamarinmac) (< xamarintvos) (< xamarinwatchos)) (< portable-net45+win8+wpa81)
      System.Runtime.InteropServices (>= 4.3) - restriction: || (&& (< monotouch) (< net45) (>= netstandard1.3) (< win8) (< wpa81) (< xamarinios) (< xamarinmac) (< xamarintvos) (< xamarinwatchos)) (< portable-net45+win8+wpa81)
      System.Text.Encoding (>= 4.3) - restriction: || (&& (< monoandroid) (< net45) (>= netstandard1.1) (< netstandard1.3) (< win8) (< wpa81)) (&& (< monotouch) (< net45) (>= netstandard1.3) (< win8) (< wpa81) (< xamarinios) (< xamarinmac) (< xamarintvos) (< xamarinwatchos)) (< portable-net45+win8+wpa81)
      System.Threading (>= 4.3) - restriction: || (&& (< monotouch) (< net45) (>= netstandard1.3) (< win8) (< wpa81) (< xamarinios) (< xamarinmac) (< xamarintvos) (< xamarinwatchos)) (< portable-net45+win8+wpa81)
      System.Threading.Tasks (>= 4.3) - restriction: || (&& (< monotouch) (< net45) (>= netstandard1.3) (< win8) (< wpa81) (< xamarinios) (< xamarinmac) (< xamarintvos) (< xamarinwatchos)) (< portable-net45+win8+wpa81)
    System.IO.Compression.ZipFile (4.3) - restriction: || (&& (< monoandroid) (< net45) (>= netstandard1.3) (< netstandard1.4) (< wpa81)) (&& (< monoandroid) (< net45) (>= netstandard1.4) (< netstandard1.5) (< wpa81)) (&& (< monoandroid) (< net45) (>= netstandard1.5) (< netstandard1.6)) (&& (< monotouch) (< net45) (>= netstandard1.6) (< netstandard2.0) (< xamarinios) (< xamarinmac) (< xamarintvos) (< xamarinwatchos)) (&& (< net45) (>= net46) (< netstandard1.4)) (&& (>= uap10.0) (< uap10.1))
      System.Buffers (>= 4.3) - restriction: && (< monotouch) (< net46) (>= netstandard1.3) (< xamarinios) (< xamarinmac) (< xamarintvos) (< xamarinwatchos)
      System.IO (>= 4.3) - restriction: && (< monotouch) (< net46) (>= netstandard1.3) (< xamarinios) (< xamarinmac) (< xamarintvos) (< xamarinwatchos)
      System.IO.Compression (>= 4.3) - restriction: && (< monotouch) (< net46) (>= netstandard1.3) (< xamarinios) (< xamarinmac) (< xamarintvos) (< xamarinwatchos)
      System.IO.FileSystem (>= 4.3) - restriction: && (< monotouch) (< net46) (>= netstandard1.3) (< xamarinios) (< xamarinmac) (< xamarintvos) (< xamarinwatchos)
      System.IO.FileSystem.Primitives (>= 4.3) - restriction: && (< monotouch) (< net46) (>= netstandard1.3) (< xamarinios) (< xamarinmac) (< xamarintvos) (< xamarinwatchos)
      System.Resources.ResourceManager (>= 4.3) - restriction: && (< monotouch) (< net46) (>= netstandard1.3) (< xamarinios) (< xamarinmac) (< xamarintvos) (< xamarinwatchos)
      System.Runtime (>= 4.3) - restriction: && (< monotouch) (< net46) (>= netstandard1.3) (< xamarinios) (< xamarinmac) (< xamarintvos) (< xamarinwatchos)
      System.Runtime.Extensions (>= 4.3) - restriction: && (< monotouch) (< net46) (>= netstandard1.3) (< xamarinios) (< xamarinmac) (< xamarintvos) (< xamarinwatchos)
      System.Text.Encoding (>= 4.3) - restriction: && (< monotouch) (< net46) (>= netstandard1.3) (< xamarinios) (< xamarinmac) (< xamarintvos) (< xamarinwatchos)
    System.IO.FileSystem (4.3) - restriction: || (&& (< monoandroid) (< net45) (>= netstandard1.3) (< netstandard1.4) (< wpa81)) (&& (< monoandroid) (< net45) (< netstandard1.3) (>= netstandard1.4) (< wpa81)) (&& (< monoandroid) (< net45) (< netstandard1.3) (>= netstandard1.5)) (&& (< monoandroid) (< net45) (< netstandard1.3) (>= netstandard1.6)) (&& (< monoandroid) (< net45) (>= netstandard1.4) (< netstandard1.5) (< wpa81)) (&& (< monoandroid) (< net45) (< netstandard1.4) (>= netstandard1.6)) (&& (< monoandroid) (< net45) (>= netstandard1.5) (< netstandard1.6)) (&& (< monoandroid) (< net45) (< netstandard1.5) (>= netstandard1.6)) (&& (< monotouch) (< net45) (>= netstandard1.6) (< netstandard2.0) (< xamarinios) (< xamarinmac) (< xamarintvos) (< xamarinwatchos)) (&& (< net45) (>= net46) (< netstandard1.3)) (&& (< net45) (>= net46) (< netstandard1.4)) (&& (< net45) (>= netstandard1.3) (< portable-net451+win81+wpa81) (< win8)) (&& (< net45) (>= netstandard1.6) (< portable-net451+win81+wpa81)) (&& (>= net46) (< portable-net45+win8+wp8+wpa81)) (&& (>= netstandard1.1) (< portable-net45+win8+wp8+wpa81)) (&& (>= netstandard1.2) (< portable-net45+win8+wp8+wpa81)) (&& (>= netstandard1.3) (< portable-net45+win8+wp8+wpa81)) (&& (>= netstandard1.3) (< portable-net45+win8+wpa81)) (&& (< netstandard1.3) (>= uap10.0)) (&& (>= netstandard1.4) (< portable-net45+win8+wp8+wpa81)) (&& (>= netstandard1.5) (< portable-net45+win8+wp8+wpa81)) (&& (>= netstandard1.6) (< portable-net45+win8+wp8+wpa81)) (&& (>= netstandard1.6) (>= uap10.0)) (&& (< portable-net45+win8+wp8+wpa81) (>= uap10.0)) (&& (>= uap10.0) (< uap10.1)) (&& (>= uap10.0) (< win8) (< wpa81))
      Microsoft.NETCore.Platforms (>= 1.1) - restriction: && (< monotouch) (< net46) (>= netstandard1.3) (< xamarinios) (< xamarinmac) (< xamarintvos) (< xamarinwatchos)
      Microsoft.NETCore.Targets (>= 1.1) - restriction: && (< monotouch) (< net46) (>= netstandard1.3) (< xamarinios) (< xamarinmac) (< xamarintvos) (< xamarinwatchos)
      System.IO (>= 4.3) - restriction: && (< monotouch) (< net46) (>= netstandard1.3) (< xamarinios) (< xamarinmac) (< xamarintvos) (< xamarinwatchos)
      System.IO.FileSystem.Primitives (>= 4.3) - restriction: || (&& (< monotouch) (>= netstandard1.3) (< xamarinios) (< xamarinmac) (< xamarintvos) (< xamarinwatchos)) (>= net46)
      System.Runtime (>= 4.3) - restriction: && (< monotouch) (< net46) (>= netstandard1.3) (< xamarinios) (< xamarinmac) (< xamarintvos) (< xamarinwatchos)
      System.Runtime.Handles (>= 4.3) - restriction: && (< monotouch) (< net46) (>= netstandard1.3) (< xamarinios) (< xamarinmac) (< xamarintvos) (< xamarinwatchos)
      System.Text.Encoding (>= 4.3) - restriction: && (< monotouch) (< net46) (>= netstandard1.3) (< xamarinios) (< xamarinmac) (< xamarintvos) (< xamarinwatchos)
      System.Threading.Tasks (>= 4.3) - restriction: && (< monotouch) (< net46) (>= netstandard1.3) (< xamarinios) (< xamarinmac) (< xamarintvos) (< xamarinwatchos)
    System.IO.FileSystem.Primitives (4.3) - restriction: || (&& (< monoandroid) (< net45) (>= netstandard1.3) (< netstandard1.4) (< wpa81)) (&& (< monoandroid) (< net45) (>= netstandard1.4) (< netstandard1.5) (< wpa81)) (&& (< monoandroid) (< net45) (< netstandard1.4) (>= netstandard1.6)) (&& (< monoandroid) (< net45) (>= netstandard1.5) (< netstandard1.6)) (&& (< monoandroid) (< net45) (< netstandard1.5) (>= netstandard1.6)) (&& (< monotouch) (< net45) (>= netstandard1.6) (< netstandard2.0) (< xamarinios) (< xamarinmac) (< xamarintvos) (< xamarinwatchos)) (&& (< net45) (>= net46) (>= netstandard1.4) (< netstandard1.5)) (&& (< net45) (>= net46) (< netstandard1.4)) (&& (< net45) (>= net46) (>= netstandard1.5) (< netstandard1.6)) (&& (< net45) (>= net46) (>= netstandard1.6) (< netstandard2.0)) (&& (< net45) (>= netstandard1.3) (< portable-net451+win81+wpa81) (< win8)) (&& (>= net46) (< portable-net45+win8+wp8+wpa81)) (&& (>= net46) (>= uap10.0)) (&& (>= netstandard1.1) (< portable-net45+win8+wp8+wpa81)) (&& (>= netstandard1.2) (< portable-net45+win8+wp8+wpa81)) (&& (>= netstandard1.3) (< portable-net45+win8+wp8+wpa81)) (&& (>= netstandard1.3) (< portable-net45+win8+wpa81)) (&& (>= netstandard1.4) (< portable-net45+win8+wp8+wpa81)) (&& (>= netstandard1.5) (< portable-net45+win8+wp8+wpa81)) (&& (>= netstandard1.6) (< portable-net45+win8+wp8+wpa81)) (&& (>= netstandard1.6) (>= uap10.0)) (&& (< portable-net45+win8+wp8+wpa81) (>= uap10.0)) (&& (>= uap10.0) (< uap10.1)) (&& (>= uap10.0) (< win8) (< wpa81))
      System.Runtime (>= 4.3) - restriction: && (< monotouch) (< net46) (>= netstandard1.3) (< xamarinios) (< xamarinmac) (< xamarintvos) (< xamarinwatchos)
    System.Linq (4.3) - restriction: || (&& (< monoandroid) (< net45) (>= netstandard1.2) (< netstandard1.3) (< wpa81)) (&& (< monoandroid) (< net45) (>= netstandard1.3) (< netstandard1.4) (< wpa81)) (&& (< monoandroid) (< net45) (< netstandard1.3) (>= netstandard1.6)) (&& (< monoandroid) (< net45) (>= netstandard1.4) (< netstandard1.5) (< wpa81)) (&& (< monoandroid) (< net45) (< netstandard1.4) (>= netstandard1.6)) (&& (< monoandroid) (< net45) (>= netstandard1.5) (< netstandard1.6)) (&& (< monoandroid) (< net45) (< netstandard1.5) (>= netstandard1.6)) (&& (< monotouch) (< net45) (>= netstandard1.6) (< netstandard2.0) (< xamarinios) (< xamarinmac) (< xamarintvos) (< xamarinwatchos)) (&& (< net45) (>= net46) (< netstandard1.4)) (&& (< net45) (>= netstandard1.1) (< portable-net451+win81+wpa81)) (&& (< net45) (>= netstandard1.6) (< portable-net451+win81+wpa81)) (&& (>= netstandard1.1) (< portable-net45+win8+wp8+wpa81)) (&& (>= netstandard1.1) (< portable-net45+win8+wpa81)) (&& (>= netstandard1.2) (< portable-net45+win8+wp8+wpa81)) (&& (>= netstandard1.3) (< portable-net45+win8+wp8+wpa81)) (&& (>= netstandard1.4) (< portable-net45+win8+wp8+wpa81)) (&& (>= netstandard1.5) (< portable-net45+win8+wp8+wpa81)) (&& (>= netstandard1.6) (< portable-net45+win8+wp8+wpa81)) (&& (>= netstandard1.6) (< portable-net45+win8+wpa81)) (&& (>= netstandard1.6) (>= uap10.0)) (&& (< portable-net45+win8+wp8+wpa81) (>= uap10.0)) (&& (>= uap10.0) (< uap10.1))
      System.Collections (>= 4.3) - restriction: || (&& (< monoandroid) (< net45) (>= netstandard1.0) (< netstandard1.6) (< win8) (< wp8) (< wpa81)) (&& (< monotouch) (< net45) (>= netstandard1.6) (< xamarinios) (< xamarinmac) (< xamarintvos) (< xamarinwatchos)) (< portable-net45+win8+wp8+wpa81)
      System.Diagnostics.Debug (>= 4.3) - restriction: || (&& (< monotouch) (< net45) (>= netstandard1.6) (< xamarinios) (< xamarinmac) (< xamarintvos) (< xamarinwatchos)) (< portable-net45+win8+wp8+wpa81)
      System.Resources.ResourceManager (>= 4.3) - restriction: || (&& (< monotouch) (< net45) (>= netstandard1.6) (< xamarinios) (< xamarinmac) (< xamarintvos) (< xamarinwatchos)) (< portable-net45+win8+wp8+wpa81)
      System.Runtime (>= 4.3) - restriction: || (&& (< monoandroid) (< net45) (>= netstandard1.0) (< netstandard1.6) (< win8) (< wp8) (< wpa81)) (&& (< monotouch) (< net45) (>= netstandard1.6) (< xamarinios) (< xamarinmac) (< xamarintvos) (< xamarinwatchos)) (< portable-net45+win8+wp8+wpa81)
      System.Runtime.Extensions (>= 4.3) - restriction: || (&& (< monotouch) (< net45) (>= netstandard1.6) (< xamarinios) (< xamarinmac) (< xamarintvos) (< xamarinwatchos)) (< portable-net45+win8+wp8+wpa81)
    System.Linq.Expressions (4.3) - restriction: || (&& (< monoandroid) (< net45) (>= netstandard1.2) (< netstandard1.3) (< wpa81)) (&& (< monoandroid) (< net45) (>= netstandard1.3) (< netstandard1.4) (< wpa81)) (&& (< monoandroid) (< net45) (>= netstandard1.4) (< netstandard1.5) (< wpa81)) (&& (< monoandroid) (< net45) (>= netstandard1.5) (< netstandard1.6)) (&& (< monotouch) (< net45) (>= netstandard1.6) (< netstandard2.0) (< xamarinios) (< xamarinmac) (< xamarintvos) (< xamarinwatchos)) (&& (< net45) (>= netstandard1.1) (< portable-net451+win81+wpa81)) (&& (>= netstandard1.1) (< portable-net45+win8+wpa81)) (&& (>= uap10.0) (< uap10.1))
      System.Collections (>= 4.3) - restriction: || (&& (< monotouch) (< net45) (>= netstandard1.6) (< xamarinios) (< xamarinmac) (< xamarintvos) (< xamarinwatchos)) (< portable-net45+win8+wp8+wpa81)
      System.Diagnostics.Debug (>= 4.3) - restriction: || (&& (< monotouch) (< net45) (>= netstandard1.6) (< xamarinios) (< xamarinmac) (< xamarintvos) (< xamarinwatchos)) (< portable-net45+win8+wp8+wpa81)
      System.Globalization (>= 4.3) - restriction: || (&& (< monotouch) (< net45) (>= netstandard1.6) (< xamarinios) (< xamarinmac) (< xamarintvos) (< xamarinwatchos)) (< portable-net45+win8+wp8+wpa81)
      System.IO (>= 4.3) - restriction: || (&& (< monotouch) (< net45) (>= netstandard1.6) (< xamarinios) (< xamarinmac) (< xamarintvos) (< xamarinwatchos)) (< portable-net45+win8+wp8+wpa81)
      System.Linq (>= 4.3) - restriction: || (&& (< monotouch) (< net45) (>= netstandard1.6) (< xamarinios) (< xamarinmac) (< xamarintvos) (< xamarinwatchos)) (< portable-net45+win8+wp8+wpa81)
      System.ObjectModel (>= 4.3) - restriction: && (< monotouch) (< net45) (>= netstandard1.6) (< xamarinios) (< xamarinmac) (< xamarintvos) (< xamarinwatchos)
      System.Reflection (>= 4.3) - restriction: || (&& (< monoandroid) (< net45) (>= netstandard1.0) (< netstandard1.3) (< win8) (< wp8) (< wpa81)) (&& (< monoandroid) (< net45) (>= netstandard1.3) (< netstandard1.6) (< win8) (< wpa81)) (&& (< monotouch) (< net45) (>= netstandard1.6) (< xamarinios) (< xamarinmac) (< xamarintvos) (< xamarinwatchos)) (< portable-net45+win8+wp8+wpa81)
      System.Reflection.Emit (>= 4.3) - restriction: && (< monotouch) (< net45) (>= netstandard1.6) (< xamarinios) (< xamarinmac) (< xamarintvos) (< xamarinwatchos)
      System.Reflection.Emit.ILGeneration (>= 4.3) - restriction: || (&& (< monotouch) (< net45) (>= netstandard1.6) (< xamarinios) (< xamarinmac) (< xamarintvos) (< xamarinwatchos)) (< portable-net45+win8+wp8+wpa81)
      System.Reflection.Emit.Lightweight (>= 4.3) - restriction: || (&& (< monotouch) (< net45) (>= netstandard1.6) (< xamarinios) (< xamarinmac) (< xamarintvos) (< xamarinwatchos)) (< portable-net45+win8+wp8+wpa81)
      System.Reflection.Extensions (>= 4.3) - restriction: || (&& (< monotouch) (< net45) (>= netstandard1.6) (< xamarinios) (< xamarinmac) (< xamarintvos) (< xamarinwatchos)) (< portable-net45+win8+wp8+wpa81)
      System.Reflection.Primitives (>= 4.3) - restriction: || (&& (< monotouch) (< net45) (>= netstandard1.6) (< xamarinios) (< xamarinmac) (< xamarintvos) (< xamarinwatchos)) (< portable-net45+win8+wp8+wpa81)
      System.Reflection.TypeExtensions (>= 4.3) - restriction: || (&& (< monotouch) (< net45) (>= netstandard1.6) (< xamarinios) (< xamarinmac) (< xamarintvos) (< xamarinwatchos)) (< portable-net45+win8+wp8+wpa81)
      System.Resources.ResourceManager (>= 4.3) - restriction: || (&& (< monotouch) (< net45) (>= netstandard1.6) (< xamarinios) (< xamarinmac) (< xamarintvos) (< xamarinwatchos)) (< portable-net45+win8+wp8+wpa81)
      System.Runtime (>= 4.3) - restriction: || (&& (< monoandroid) (< net45) (>= netstandard1.0) (< netstandard1.3) (< win8) (< wp8) (< wpa81)) (&& (< monoandroid) (< net45) (>= netstandard1.3) (< netstandard1.6) (< win8) (< wpa81)) (&& (< monotouch) (< net45) (>= netstandard1.6) (< xamarinios) (< xamarinmac) (< xamarintvos) (< xamarinwatchos)) (< portable-net45+win8+wp8+wpa81)
      System.Runtime.Extensions (>= 4.3) - restriction: || (&& (< monotouch) (< net45) (>= netstandard1.6) (< xamarinios) (< xamarinmac) (< xamarintvos) (< xamarinwatchos)) (< portable-net45+win8+wp8+wpa81)
      System.Threading (>= 4.3) - restriction: || (&& (< monotouch) (< net45) (>= netstandard1.6) (< xamarinios) (< xamarinmac) (< xamarintvos) (< xamarinwatchos)) (< portable-net45+win8+wp8+wpa81)
    System.Net.Http (4.3.3) - restriction: || (&& (< monoandroid) (< net45) (>= netstandard1.2) (< netstandard1.3) (< wpa81)) (&& (< monoandroid) (< net45) (>= netstandard1.3) (< netstandard1.4) (< wpa81)) (&& (< monoandroid) (< net45) (>= netstandard1.4) (< netstandard1.5) (< wpa81)) (&& (< monoandroid) (< net45) (>= netstandard1.5) (< netstandard1.6)) (&& (< monotouch) (< net45) (>= netstandard1.6) (< netstandard2.0) (< xamarinios) (< xamarinmac) (< xamarintvos) (< xamarinwatchos)) (&& (< net45) (>= net46) (< netstandard1.4)) (&& (< net45) (>= netstandard1.1) (< portable-net451+win81+wpa81)) (&& (>= uap10.0) (< uap10.1))
      Microsoft.NETCore.Platforms (>= 1.1) - restriction: || (&& (< monoandroid) (< net45) (>= netstandard1.3) (< netstandard1.6) (< win8) (< wpa81)) (&& (< monotouch) (< net45) (>= netstandard1.6) (< xamarinios) (< xamarinmac) (< xamarintvos) (< xamarinwatchos)) (< portable-net45+win8+wpa81)
      Microsoft.Win32.Primitives (>= 4.3) - restriction: && (< monoandroid) (< net45) (>= netstandard1.3) (< netstandard1.6) (< win8) (< wpa81)
      runtime.native.System (>= 4.3) - restriction: && (< monotouch) (< net45) (>= netstandard1.6) (< xamarinios) (< xamarinmac) (< xamarintvos) (< xamarinwatchos)
      runtime.native.System.Net.Http (>= 4.3) - restriction: && (< monotouch) (< net45) (>= netstandard1.6) (< xamarinios) (< xamarinmac) (< xamarintvos) (< xamarinwatchos)
      runtime.native.System.Security.Cryptography.OpenSsl (>= 4.3.2) - restriction: && (< monotouch) (< net45) (>= netstandard1.6) (< xamarinios) (< xamarinmac) (< xamarintvos) (< xamarinwatchos)
      System.Collections (>= 4.3) - restriction: || (&& (< monoandroid) (< net45) (>= netstandard1.3) (< netstandard1.6) (< win8) (< wpa81)) (&& (< monotouch) (< net45) (>= netstandard1.6) (< xamarinios) (< xamarinmac) (< xamarintvos) (< xamarinwatchos)) (< portable-net45+win8+wpa81)
      System.Diagnostics.Debug (>= 4.3) - restriction: || (&& (< monoandroid) (< net45) (>= netstandard1.3) (< netstandard1.6) (< win8) (< wpa81)) (&& (< monotouch) (< net45) (>= netstandard1.6) (< xamarinios) (< xamarinmac) (< xamarintvos) (< xamarinwatchos)) (< portable-net45+win8+wpa81)
      System.Diagnostics.DiagnosticSource (>= 4.3) - restriction: || (&& (< monoandroid) (< net45) (>= netstandard1.3) (< netstandard1.6) (< win8) (< wpa81)) (&& (< monotouch) (< net45) (>= netstandard1.6) (< xamarinios) (< xamarinmac) (< xamarintvos) (< xamarinwatchos)) (< portable-net45+win8+wpa81)
      System.Diagnostics.Tracing (>= 4.3) - restriction: || (&& (< monoandroid) (< net45) (>= netstandard1.3) (< netstandard1.6) (< win8) (< wpa81)) (&& (< monotouch) (< net45) (>= netstandard1.6) (< xamarinios) (< xamarinmac) (< xamarintvos) (< xamarinwatchos)) (< portable-net45+win8+wpa81)
      System.Globalization (>= 4.3) - restriction: || (&& (< monoandroid) (< net45) (>= netstandard1.3) (< netstandard1.6) (< win8) (< wpa81)) (&& (< monotouch) (< net45) (>= netstandard1.6) (< xamarinios) (< xamarinmac) (< xamarintvos) (< xamarinwatchos)) (< portable-net45+win8+wpa81)
      System.Globalization.Extensions (>= 4.3) - restriction: && (< monotouch) (< net45) (>= netstandard1.6) (< xamarinios) (< xamarinmac) (< xamarintvos) (< xamarinwatchos)
      System.IO (>= 4.3) - restriction: || (&& (< monoandroid) (< net45) (>= netstandard1.1) (< netstandard1.3) (< win8) (< wpa81)) (&& (< monoandroid) (< net45) (>= netstandard1.3) (< netstandard1.6) (< win8) (< wpa81)) (&& (< monotouch) (< net45) (>= netstandard1.6) (< xamarinios) (< xamarinmac) (< xamarintvos) (< xamarinwatchos)) (< portable-net45+win8+wpa81)
      System.IO.Compression (>= 4.3) - restriction: && (< monoandroid) (< net45) (>= netstandard1.3) (< netstandard1.6) (< win8) (< wpa81)
      System.IO.FileSystem (>= 4.3) - restriction: && (< monotouch) (< net45) (>= netstandard1.6) (< xamarinios) (< xamarinmac) (< xamarintvos) (< xamarinwatchos)
      System.Net.Primitives (>= 4.3) - restriction: || (&& (< monoandroid) (< net45) (>= netstandard1.1) (< netstandard1.3) (< win8) (< wpa81)) (&& (< monoandroid) (< net45) (>= netstandard1.3) (< netstandard1.6) (< win8) (< wpa81)) (&& (< monotouch) (< net45) (>= netstandard1.6) (< xamarinios) (< xamarinmac) (< xamarintvos) (< xamarinwatchos)) (< portable-net45+win8+wpa81)
      System.Resources.ResourceManager (>= 4.3) - restriction: || (&& (< monoandroid) (< net45) (>= netstandard1.3) (< netstandard1.6) (< win8) (< wpa81)) (&& (< monotouch) (< net45) (>= netstandard1.6) (< xamarinios) (< xamarinmac) (< xamarintvos) (< xamarinwatchos)) (< portable-net45+win8+wpa81)
      System.Runtime (>= 4.3) - restriction: || (&& (< monoandroid) (< net45) (>= netstandard1.1) (< netstandard1.3) (< win8) (< wpa81)) (&& (< monoandroid) (< net45) (>= netstandard1.3) (< netstandard1.6) (< win8) (< wpa81)) (&& (< monotouch) (< net45) (>= netstandard1.6) (< xamarinios) (< xamarinmac) (< xamarintvos) (< xamarinwatchos)) (< portable-net45+win8+wpa81)
      System.Runtime.Extensions (>= 4.3) - restriction: || (&& (< monoandroid) (< net45) (>= netstandard1.3) (< netstandard1.6) (< win8) (< wpa81)) (&& (< monotouch) (< net45) (>= netstandard1.6) (< xamarinios) (< xamarinmac) (< xamarintvos) (< xamarinwatchos)) (< portable-net45+win8+wpa81)
      System.Runtime.Handles (>= 4.3) - restriction: || (&& (< monoandroid) (< net45) (>= netstandard1.3) (< netstandard1.6) (< win8) (< wpa81)) (&& (< monotouch) (< net45) (>= netstandard1.6) (< xamarinios) (< xamarinmac) (< xamarintvos) (< xamarinwatchos))
      System.Runtime.InteropServices (>= 4.3) - restriction: || (&& (< monoandroid) (< net45) (>= netstandard1.3) (< netstandard1.6) (< win8) (< wpa81)) (&& (< monotouch) (< net45) (>= netstandard1.6) (< xamarinios) (< xamarinmac) (< xamarintvos) (< xamarinwatchos)) (< portable-net45+win8+wpa81)
      System.Security.Cryptography.Algorithms (>= 4.3) - restriction: && (< monotouch) (< net45) (>= netstandard1.6) (< xamarinios) (< xamarinmac) (< xamarintvos) (< xamarinwatchos)
      System.Security.Cryptography.Encoding (>= 4.3) - restriction: || (&& (< monoandroid) (< net45) (>= netstandard1.3) (< netstandard1.6) (< win8) (< wpa81)) (&& (< monotouch) (< net45) (>= netstandard1.6) (< xamarinios) (< xamarinmac) (< xamarintvos) (< xamarinwatchos))
      System.Security.Cryptography.OpenSsl (>= 4.3) - restriction: && (< monotouch) (< net45) (>= netstandard1.6) (< xamarinios) (< xamarinmac) (< xamarintvos) (< xamarinwatchos)
      System.Security.Cryptography.Primitives (>= 4.3) - restriction: && (< monotouch) (< net45) (>= netstandard1.6) (< xamarinios) (< xamarinmac) (< xamarintvos) (< xamarinwatchos)
      System.Security.Cryptography.X509Certificates (>= 4.3) - restriction: || (&& (< monoandroid) (< net45) (>= netstandard1.3) (< netstandard1.6) (< win8) (< wpa81)) (&& (< monotouch) (< net45) (>= netstandard1.6) (< xamarinios) (< xamarinmac) (< xamarintvos) (< xamarinwatchos)) (>= net46) (< portable-net45+win8+wpa81)
      System.Text.Encoding (>= 4.3) - restriction: || (&& (< monoandroid) (< net45) (>= netstandard1.1) (< netstandard1.3) (< win8) (< wpa81)) (&& (< monoandroid) (< net45) (>= netstandard1.3) (< netstandard1.6) (< win8) (< wpa81)) (&& (< monotouch) (< net45) (>= netstandard1.6) (< xamarinios) (< xamarinmac) (< xamarintvos) (< xamarinwatchos)) (< portable-net45+win8+wpa81)
      System.Threading (>= 4.3) - restriction: || (&& (< monoandroid) (< net45) (>= netstandard1.3) (< netstandard1.6) (< win8) (< wpa81)) (&& (< monotouch) (< net45) (>= netstandard1.6) (< xamarinios) (< xamarinmac) (< xamarintvos) (< xamarinwatchos)) (< portable-net45+win8+wpa81)
      System.Threading.Tasks (>= 4.3) - restriction: || (&& (< monoandroid) (< net45) (>= netstandard1.1) (< netstandard1.3) (< win8) (< wpa81)) (&& (< monoandroid) (< net45) (>= netstandard1.3) (< netstandard1.6) (< win8) (< wpa81)) (&& (< monotouch) (< net45) (>= netstandard1.6) (< xamarinios) (< xamarinmac) (< xamarintvos) (< xamarinwatchos)) (< portable-net45+win8+wpa81)
    System.Net.Primitives (4.3) - restriction: || (&& (< monoandroid) (< net45) (>= netstandard1.2) (< netstandard1.3) (< wpa81)) (&& (< monoandroid) (< net45) (>= netstandard1.3) (< netstandard1.4) (< wpa81)) (&& (< monoandroid) (< net45) (< netstandard1.3) (>= netstandard1.4) (< win8) (< wpa81)) (&& (< monoandroid) (< net45) (< netstandard1.3) (>= netstandard1.5)) (&& (< monoandroid) (< net45) (< netstandard1.3) (>= netstandard1.6)) (&& (< monoandroid) (< net45) (>= netstandard1.4) (< netstandard1.5) (< wpa81)) (&& (< monoandroid) (< net45) (< netstandard1.4) (>= netstandard1.6)) (&& (< monoandroid) (< net45) (>= netstandard1.5) (< netstandard1.6)) (&& (< monoandroid) (< net45) (< netstandard1.5) (>= netstandard1.6)) (&& (< monotouch) (< net45) (>= netstandard1.6) (< netstandard2.0) (< xamarinios) (< xamarinmac) (< xamarintvos) (< xamarinwatchos)) (&& (< net45) (>= net46) (< netstandard1.3)) (&& (< net45) (>= net46) (< netstandard1.4)) (&& (< net45) (>= netstandard1.1) (< portable-net451+win81+wpa81)) (&& (< net45) (>= netstandard1.3) (< portable-net451+win81+wpa81) (< win8)) (&& (< net45) (>= netstandard1.6) (< portable-net451+win81+wpa81)) (&& (>= net46) (< portable-net45+win8+wpa81)) (&& (>= netstandard1.1) (< portable-net45+win8+wpa81)) (&& (>= netstandard1.2) (< portable-net45+win8+wpa81)) (&& (>= netstandard1.3) (< portable-net45+win8+wpa81)) (&& (>= netstandard1.4) (< portable-net45+win8+wpa81)) (&& (>= netstandard1.5) (< portable-net45+win8+wpa81)) (&& (>= netstandard1.6) (< portable-net45+win8+wpa81)) (&& (>= netstandard1.6) (>= uap10.0)) (&& (< portable-net45+win8+wpa81) (>= uap10.0)) (&& (>= uap10.0) (< uap10.1)) (&& (>= uap10.0) (< win8) (< wpa81))
      Microsoft.NETCore.Platforms (>= 1.1) - restriction: || (&& (< monoandroid) (< net45) (>= netstandard1.1) (< netstandard1.3) (< win8) (< wpa81)) (&& (< monoandroid) (>= netstandard1.0) (< netstandard1.1) (< win8) (< wp8)) (&& (< monotouch) (< net45) (>= netstandard1.3) (< win8) (< wpa81) (< xamarinios) (< xamarinmac) (< xamarintvos) (< xamarinwatchos)) (< portable-net45+win8+wp8+wpa81)
      Microsoft.NETCore.Targets (>= 1.1) - restriction: || (&& (< monoandroid) (< net45) (>= netstandard1.1) (< netstandard1.3) (< win8) (< wpa81)) (&& (< monoandroid) (>= netstandard1.0) (< netstandard1.1) (< win8) (< wp8)) (&& (< monotouch) (< net45) (>= netstandard1.3) (< win8) (< wpa81) (< xamarinios) (< xamarinmac) (< xamarintvos) (< xamarinwatchos)) (< portable-net45+win8+wp8+wpa81)
      System.Runtime (>= 4.3) - restriction: || (&& (< monoandroid) (< net45) (>= netstandard1.1) (< netstandard1.3) (< win8) (< wpa81)) (&& (< monoandroid) (>= netstandard1.0) (< netstandard1.1) (< win8) (< wp8)) (&& (< monotouch) (< net45) (>= netstandard1.3) (< win8) (< wpa81) (< xamarinios) (< xamarinmac) (< xamarintvos) (< xamarinwatchos)) (< portable-net45+win8+wp8+wpa81)
      System.Runtime.Handles (>= 4.3) - restriction: || (&& (< monotouch) (< net45) (>= netstandard1.3) (< win8) (< wpa81) (< xamarinios) (< xamarinmac) (< xamarintvos) (< xamarinwatchos)) (< portable-net45+win8+wp8+wpa81)
    System.Net.Sockets (4.3) - restriction: || (&& (< monoandroid) (< net45) (>= netstandard1.3) (< netstandard1.4) (< wpa81)) (&& (< monoandroid) (< net45) (>= netstandard1.4) (< netstandard1.5) (< wpa81)) (&& (< monoandroid) (< net45) (>= netstandard1.5) (< netstandard1.6)) (&& (< monotouch) (< net45) (>= netstandard1.6) (< netstandard2.0) (< xamarinios) (< xamarinmac) (< xamarintvos) (< xamarinwatchos)) (&& (< net45) (>= net46) (< netstandard1.4)) (&& (>= uap10.0) (< uap10.1))
      Microsoft.NETCore.Platforms (>= 1.1) - restriction: && (< monotouch) (< net46) (>= netstandard1.3) (< xamarinios) (< xamarinmac) (< xamarintvos) (< xamarinwatchos)
      Microsoft.NETCore.Targets (>= 1.1) - restriction: && (< monotouch) (< net46) (>= netstandard1.3) (< xamarinios) (< xamarinmac) (< xamarintvos) (< xamarinwatchos)
      System.IO (>= 4.3) - restriction: && (< monotouch) (< net46) (>= netstandard1.3) (< xamarinios) (< xamarinmac) (< xamarintvos) (< xamarinwatchos)
      System.Net.Primitives (>= 4.3) - restriction: && (< monotouch) (< net46) (>= netstandard1.3) (< xamarinios) (< xamarinmac) (< xamarintvos) (< xamarinwatchos)
      System.Runtime (>= 4.3) - restriction: && (< monotouch) (< net46) (>= netstandard1.3) (< xamarinios) (< xamarinmac) (< xamarintvos) (< xamarinwatchos)
      System.Threading.Tasks (>= 4.3) - restriction: && (< monotouch) (< net46) (>= netstandard1.3) (< xamarinios) (< xamarinmac) (< xamarintvos) (< xamarinwatchos)
    System.ObjectModel (4.3) - restriction: || (&& (< monoandroid) (< net45) (>= netstandard1.2) (< netstandard1.3) (< wpa81)) (&& (< monoandroid) (< net45) (>= netstandard1.3) (< netstandard1.4) (< wpa81)) (&& (< monoandroid) (< net45) (< netstandard1.3) (>= netstandard1.6)) (&& (< monoandroid) (< net45) (>= netstandard1.4) (< netstandard1.5) (< wpa81)) (&& (< monoandroid) (< net45) (< netstandard1.4) (>= netstandard1.6)) (&& (< monoandroid) (< net45) (>= netstandard1.5) (< netstandard1.6)) (&& (< monoandroid) (< net45) (< netstandard1.5) (>= netstandard1.6)) (&& (< monotouch) (< net45) (>= netstandard1.6) (< netstandard2.0) (< xamarinios) (< xamarinmac) (< xamarintvos) (< xamarinwatchos)) (&& (< net45) (>= netstandard1.1) (< portable-net451+win81+wpa81)) (&& (< net45) (>= netstandard1.6) (< portable-net451+win81+wpa81)) (&& (>= netstandard1.1) (< portable-net45+win8+wpa81)) (&& (>= netstandard1.6) (< portable-net45+win8+wpa81)) (&& (>= netstandard1.6) (>= uap10.0)) (&& (>= uap10.0) (< uap10.1))
      System.Collections (>= 4.3) - restriction: || (&& (< monotouch) (< net45) (>= netstandard1.3) (< win8) (< wpa81) (< xamarinios) (< xamarinmac) (< xamarintvos) (< xamarinwatchos)) (< portable-net45+win8+wp8+wpa81)
      System.Diagnostics.Debug (>= 4.3) - restriction: || (&& (< monotouch) (< net45) (>= netstandard1.3) (< win8) (< wpa81) (< xamarinios) (< xamarinmac) (< xamarintvos) (< xamarinwatchos)) (< portable-net45+win8+wp8+wpa81)
      System.Resources.ResourceManager (>= 4.3) - restriction: || (&& (< monotouch) (< net45) (>= netstandard1.3) (< win8) (< wpa81) (< xamarinios) (< xamarinmac) (< xamarintvos) (< xamarinwatchos)) (< portable-net45+win8+wp8+wpa81)
      System.Runtime (>= 4.3) - restriction: || (&& (< monoandroid) (< net45) (>= netstandard1.0) (< netstandard1.3) (< win8) (< wp8) (< wpa81)) (&& (< monotouch) (< net45) (>= netstandard1.3) (< win8) (< wpa81) (< xamarinios) (< xamarinmac) (< xamarintvos) (< xamarinwatchos)) (< portable-net45+win8+wp8+wpa81)
      System.Threading (>= 4.3) - restriction: || (&& (< monotouch) (< net45) (>= netstandard1.3) (< win8) (< wpa81) (< xamarinios) (< xamarinmac) (< xamarintvos) (< xamarinwatchos)) (< portable-net45+win8+wp8+wpa81)
    System.Reflection (4.3) - restriction: || (&& (< monoandroid) (< net45) (>= netstandard1.2) (< netstandard1.3) (< wpa81)) (&& (< monoandroid) (< net45) (< netstandard1.2) (>= netstandard1.3) (< win8)) (&& (< monoandroid) (< net45) (< netstandard1.2) (>= netstandard1.4) (< win8)) (&& (< monoandroid) (< net45) (< netstandard1.2) (>= netstandard1.5)) (&& (< monoandroid) (< net45) (< netstandard1.2) (>= netstandard1.6)) (&& (< monoandroid) (< net45) (>= netstandard1.3) (< netstandard1.4) (< wpa81)) (&& (< monoandroid) (< net45) (< netstandard1.3) (>= netstandard1.4) (< win8) (< wpa81)) (&& (< monoandroid) (< net45) (< netstandard1.3) (>= netstandard1.5)) (&& (< monoandroid) (< net45) (< netstandard1.3) (>= netstandard1.6)) (&& (< monoandroid) (< net45) (>= netstandard1.4) (< netstandard1.5) (< wpa81)) (&& (< monoandroid) (< net45) (< netstandard1.4) (>= netstandard1.5)) (&& (< monoandroid) (< net45) (< netstandard1.4) (>= netstandard1.6)) (&& (< monoandroid) (< net45) (>= netstandard1.5) (< netstandard1.6)) (&& (< monoandroid) (< net45) (< netstandard1.5) (>= netstandard1.6)) (&& (< monoandroid) (< netstandard1.0) (>= netstandard1.1) (>= portable-net451+win81+wpa81) (< win8)) (&& (< monoandroid) (< netstandard1.1) (>= netstandard1.2) (< win8)) (&& (< monoandroid) (< netstandard1.1) (>= netstandard1.3) (< win8)) (&& (< monoandroid) (< netstandard1.1) (>= netstandard1.4) (< win8)) (&& (< monoandroid) (< netstandard1.1) (>= netstandard1.5)) (&& (< monoandroid) (< netstandard1.1) (>= netstandard1.6)) (&& (< monotouch) (< net45) (>= netstandard1.6) (< netstandard2.0) (< xamarinios) (< xamarinmac) (< xamarintvos) (< xamarinwatchos)) (&& (< net45) (>= net451) (< netstandard1.3)) (&& (< net45) (>= net46) (< netstandard1.4)) (&& (< net45) (>= netstandard1.1) (< portable-net451+win81+wpa81)) (&& (< net45) (>= netstandard1.2) (< portable-net451+win81+wpa81) (< win8)) (&& (< net45) (>= netstandard1.3) (< portable-net451+win81+wpa81) (< win8)) (&& (< net45) (>= netstandard1.5) (< portable-net451+win81+wpa81)) (&& (< net45) (>= netstandard1.6) (< portable-net451+win81+wpa81)) (&& (>= net451) (< netstandard1.1)) (&& (>= net46) (< netstandard1.1)) (&& (>= netcoreapp1.1) (< netstandard1.3)) (&& (>= netcoreapp1.1) (< netstandard1.4)) (&& (>= netcoreapp1.1) (< netstandard1.5)) (&& (>= netcoreapp1.1) (< netstandard1.6)) (&& (>= netcoreapp1.1) (< netstandard2.0)) (&& (>= netcoreapp1.1) (< portable-net451+win81+wpa81)) (&& (>= netcoreapp1.1) (>= uap10.0)) (&& (< netstandard1.0) (>= netstandard1.1) (< portable-net451+win81+wpa81) (< win8)) (&& (>= netstandard1.1) (< portable-net45+win8+wp8+wpa81)) (&& (>= netstandard1.1) (< portable-net45+win8+wpa81)) (&& (< netstandard1.1) (>= uap10.0) (< win8)) (&& (< netstandard1.1) (< win8) (>= wpa81)) (&& (>= netstandard1.2) (< portable-net45+win8+wp8+wpa81)) (&& (>= netstandard1.2) (< portable-net45+win8+wpa81)) (&& (< netstandard1.2) (>= uap10.0) (< win8)) (&& (>= netstandard1.3) (< portable-net45+win8+wp8+wpa81)) (&& (>= netstandard1.3) (< portable-net45+win8+wpa81)) (&& (>= netstandard1.4) (< portable-net45+win8+wp8+wpa81)) (&& (>= netstandard1.4) (< portable-net45+win8+wpa81)) (&& (>= netstandard1.5) (< portable-net45+win8+wp8+wpa81)) (&& (>= netstandard1.5) (< portable-net45+win8+wpa81)) (&& (>= netstandard1.5) (>= uap10.0)) (&& (>= netstandard1.6) (< portable-net45+win8+wp8+wpa81)) (&& (>= netstandard1.6) (< portable-net45+win8+wpa81)) (&& (>= netstandard1.6) (>= uap10.0)) (&& (< portable-net45+win8+wp8+wpa81) (>= uap10.0)) (&& (< portable-net45+win8+wpa81) (>= uap10.0)) (&& (>= uap10.0) (< uap10.1)) (&& (>= uap10.0) (< win8) (< wpa81))
      Microsoft.NETCore.Platforms (>= 1.1) - restriction: || (&& (< monoandroid) (< net45) (>= netstandard1.0) (< netstandard1.3) (< win8) (< wp8) (< wpa81)) (&& (< monoandroid) (< net45) (>= netstandard1.3) (< netstandard1.5) (< win8) (< wpa81)) (&& (< monotouch) (< net45) (>= netstandard1.5) (< xamarinios) (< xamarinmac) (< xamarintvos) (< xamarinwatchos)) (< portable-net45+win8+wp8+wpa81)
      Microsoft.NETCore.Targets (>= 1.1) - restriction: || (&& (< monoandroid) (< net45) (>= netstandard1.0) (< netstandard1.3) (< win8) (< wp8) (< wpa81)) (&& (< monoandroid) (< net45) (>= netstandard1.3) (< netstandard1.5) (< win8) (< wpa81)) (&& (< monotouch) (< net45) (>= netstandard1.5) (< xamarinios) (< xamarinmac) (< xamarintvos) (< xamarinwatchos)) (< portable-net45+win8+wp8+wpa81)
      System.IO (>= 4.3) - restriction: || (&& (< monoandroid) (< net45) (>= netstandard1.0) (< netstandard1.3) (< win8) (< wp8) (< wpa81)) (&& (< monoandroid) (< net45) (>= netstandard1.3) (< netstandard1.5) (< win8) (< wpa81)) (&& (< monotouch) (< net45) (>= netstandard1.5) (< xamarinios) (< xamarinmac) (< xamarintvos) (< xamarinwatchos)) (< portable-net45+win8+wp8+wpa81)
      System.Reflection.Primitives (>= 4.3) - restriction: || (&& (< monoandroid) (< net45) (>= netstandard1.0) (< netstandard1.3) (< win8) (< wp8) (< wpa81)) (&& (< monoandroid) (< net45) (>= netstandard1.3) (< netstandard1.5) (< win8) (< wpa81)) (&& (< monotouch) (< net45) (>= netstandard1.5) (< xamarinios) (< xamarinmac) (< xamarintvos) (< xamarinwatchos)) (< portable-net45+win8+wp8+wpa81)
      System.Runtime (>= 4.3) - restriction: || (&& (< monoandroid) (< net45) (>= netstandard1.0) (< netstandard1.3) (< win8) (< wp8) (< wpa81)) (&& (< monoandroid) (< net45) (>= netstandard1.3) (< netstandard1.5) (< win8) (< wpa81)) (&& (< monotouch) (< net45) (>= netstandard1.5) (< xamarinios) (< xamarinmac) (< xamarintvos) (< xamarinwatchos)) (< portable-net45+win8+wp8+wpa81)
    System.Reflection.Emit (4.3) - restriction: || (&& (< monoandroid) (< net45) (< netstandard1.3) (>= netstandard1.6)) (&& (< monoandroid) (< net45) (< netstandard1.4) (>= netstandard1.6)) (&& (< monoandroid) (< net45) (< netstandard1.5) (>= netstandard1.6)) (&& (< monotouch) (< net45) (>= netstandard1.6) (< netstandard2.0) (< xamarinios) (< xamarinmac) (< xamarintvos) (< xamarinwatchos)) (&& (< net45) (>= netstandard1.6) (< portable-net451+win81+wpa81)) (&& (>= netstandard1.6) (< portable-net45+win8+wpa81)) (&& (>= netstandard1.6) (>= uap10.0))
      System.IO (>= 4.3) - restriction: && (< monotouch) (< net45) (>= netstandard1.1) (< xamarinios) (< xamarinmac) (< xamarintvos) (< xamarinwatchos)
      System.Reflection (>= 4.3) - restriction: && (< monotouch) (< net45) (>= netstandard1.1) (< xamarinios) (< xamarinmac) (< xamarintvos) (< xamarinwatchos)
      System.Reflection.Emit.ILGeneration (>= 4.3) - restriction: && (< monotouch) (< net45) (>= netstandard1.1) (< xamarinios) (< xamarinmac) (< xamarintvos) (< xamarinwatchos)
      System.Reflection.Primitives (>= 4.3) - restriction: && (< monotouch) (< net45) (>= netstandard1.1) (< xamarinios) (< xamarinmac) (< xamarintvos) (< xamarinwatchos)
      System.Runtime (>= 4.3) - restriction: && (< monotouch) (< net45) (>= netstandard1.1) (< xamarinios) (< xamarinmac) (< xamarintvos) (< xamarinwatchos)
    System.Reflection.Emit.ILGeneration (4.3) - restriction: || (&& (< monoandroid) (< net45) (< netstandard1.3) (>= netstandard1.6)) (&& (< monoandroid) (< net45) (< netstandard1.4) (>= netstandard1.6)) (&& (< monoandroid) (< net45) (< netstandard1.5) (>= netstandard1.6)) (&& (< monotouch) (< net45) (>= netstandard1.6) (< netstandard2.0) (< xamarinios) (< xamarinmac) (< xamarintvos) (< xamarinwatchos)) (&& (< net45) (>= netstandard1.6) (< portable-net451+win81+wpa81)) (&& (>= netstandard1.1) (< portable-net45+win8+wp8+wpa81)) (&& (>= netstandard1.2) (< portable-net45+win8+wp8+wpa81)) (&& (>= netstandard1.3) (< portable-net45+win8+wp8+wpa81)) (&& (>= netstandard1.4) (< portable-net45+win8+wp8+wpa81)) (&& (>= netstandard1.5) (< portable-net45+win8+wp8+wpa81)) (&& (>= netstandard1.6) (< portable-net45+win8+wp8+wpa81)) (&& (>= netstandard1.6) (< portable-net45+win8+wpa81)) (&& (>= netstandard1.6) (>= uap10.0)) (&& (< portable-net45+win8+wp8+wpa81) (>= uap10.0))
      System.Reflection (>= 4.3) - restriction: && (< monotouch) (< net45) (>= netstandard1.0) (< wp8) (< xamarinios) (< xamarinmac) (< xamarintvos) (< xamarinwatchos)
      System.Reflection.Primitives (>= 4.3) - restriction: && (< monotouch) (< net45) (>= netstandard1.0) (< wp8) (< xamarinios) (< xamarinmac) (< xamarintvos) (< xamarinwatchos)
      System.Runtime (>= 4.3) - restriction: && (< monotouch) (< net45) (>= netstandard1.0) (< wp8) (< xamarinios) (< xamarinmac) (< xamarintvos) (< xamarinwatchos)
    System.Reflection.Emit.Lightweight (4.3) - restriction: || (&& (< monoandroid) (< net45) (< netstandard1.3) (>= netstandard1.6)) (&& (< monoandroid) (< net45) (< netstandard1.4) (>= netstandard1.6)) (&& (< monoandroid) (< net45) (< netstandard1.5) (>= netstandard1.6)) (&& (< monotouch) (< net45) (>= netstandard1.6) (< netstandard2.0) (< xamarinios) (< xamarinmac) (< xamarintvos) (< xamarinwatchos)) (&& (< net45) (>= netstandard1.6) (< portable-net451+win81+wpa81)) (&& (>= netstandard1.1) (< portable-net45+win8+wp8+wpa81)) (&& (>= netstandard1.2) (< portable-net45+win8+wp8+wpa81)) (&& (>= netstandard1.3) (< portable-net45+win8+wp8+wpa81)) (&& (>= netstandard1.4) (< portable-net45+win8+wp8+wpa81)) (&& (>= netstandard1.5) (< portable-net45+win8+wp8+wpa81)) (&& (>= netstandard1.6) (< portable-net45+win8+wp8+wpa81)) (&& (>= netstandard1.6) (< portable-net45+win8+wpa81)) (&& (>= netstandard1.6) (>= uap10.0)) (&& (< portable-net45+win8+wp8+wpa81) (>= uap10.0))
      System.Reflection (>= 4.3) - restriction: && (< monotouch) (< net45) (>= netstandard1.0) (< wp8) (< xamarinios) (< xamarinmac) (< xamarintvos) (< xamarinwatchos)
      System.Reflection.Emit.ILGeneration (>= 4.3) - restriction: && (< monotouch) (< net45) (>= netstandard1.0) (< wp8) (< xamarinios) (< xamarinmac) (< xamarintvos) (< xamarinwatchos)
      System.Reflection.Primitives (>= 4.3) - restriction: && (< monotouch) (< net45) (>= netstandard1.0) (< wp8) (< xamarinios) (< xamarinmac) (< xamarintvos) (< xamarinwatchos)
      System.Runtime (>= 4.3) - restriction: && (< monotouch) (< net45) (>= netstandard1.0) (< wp8) (< xamarinios) (< xamarinmac) (< xamarintvos) (< xamarinwatchos)
    System.Reflection.Extensions (4.3) - restriction: || (&& (< monoandroid) (< net45) (>= netstandard1.2) (< netstandard1.3) (< wpa81)) (&& (< monoandroid) (< net45) (>= netstandard1.3) (< netstandard1.4) (< wpa81)) (&& (< monoandroid) (< net45) (< netstandard1.3) (>= netstandard1.6)) (&& (< monoandroid) (< net45) (>= netstandard1.4) (< netstandard1.5) (< wpa81)) (&& (< monoandroid) (< net45) (< netstandard1.4) (>= netstandard1.6)) (&& (< monoandroid) (< net45) (>= netstandard1.5) (< netstandard1.6)) (&& (< monoandroid) (< net45) (< netstandard1.5) (>= netstandard1.6)) (&& (< monoandroid) (< netstandard1.0) (>= netstandard1.1) (>= portable-net451+win81+wpa81) (< win8)) (&& (< monoandroid) (< netstandard1.1) (>= netstandard1.2) (< win8)) (&& (< monoandroid) (< netstandard1.1) (>= netstandard1.3) (< win8)) (&& (< monoandroid) (< netstandard1.1) (>= netstandard1.4) (< win8)) (&& (< monoandroid) (< netstandard1.1) (>= netstandard1.5)) (&& (< monoandroid) (< netstandard1.1) (>= netstandard1.6)) (&& (< monotouch) (< net45) (>= netstandard1.6) (< netstandard2.0) (< xamarinios) (< xamarinmac) (< xamarintvos) (< xamarinwatchos)) (&& (< net45) (>= net451) (< netstandard1.3)) (&& (< net45) (>= net46) (< netstandard1.4)) (&& (< net45) (>= netstandard1.1) (< portable-net451+win81+wpa81)) (&& (< net45) (>= netstandard1.6) (< portable-net451+win81+wpa81)) (&& (>= net451) (< netstandard1.1)) (&& (>= net46) (< netstandard1.1)) (&& (< netstandard1.0) (>= netstandard1.1) (< portable-net451+win81+wpa81) (< win8)) (&& (>= netstandard1.1) (< portable-net45+win8+wp8+wpa81)) (&& (>= netstandard1.1) (< portable-net45+win8+wpa81)) (&& (< netstandard1.1) (>= uap10.0) (< win8)) (&& (< netstandard1.1) (< win8) (>= wpa81)) (&& (>= netstandard1.2) (< portable-net45+win8+wp8+wpa81)) (&& (>= netstandard1.3) (< portable-net45+win8+wp8+wpa81)) (&& (>= netstandard1.4) (< portable-net45+win8+wp8+wpa81)) (&& (>= netstandard1.5) (< portable-net45+win8+wp8+wpa81)) (&& (>= netstandard1.6) (< portable-net45+win8+wp8+wpa81)) (&& (>= netstandard1.6) (< portable-net45+win8+wpa81)) (&& (>= netstandard1.6) (>= uap10.0)) (&& (< portable-net45+win8+wp8+wpa81) (>= uap10.0)) (&& (>= uap10.0) (< uap10.1)) (&& (>= uap10.0) (< win8) (< wpa81))
      Microsoft.NETCore.Platforms (>= 1.1) - restriction: || (&& (< monotouch) (< net45) (>= netstandard1.0) (< win8) (< wp8) (< wpa81) (< xamarinios) (< xamarinmac) (< xamarintvos) (< xamarinwatchos)) (< portable-net45+win8+wp8+wpa81)
      Microsoft.NETCore.Targets (>= 1.1) - restriction: || (&& (< monotouch) (< net45) (>= netstandard1.0) (< win8) (< wp8) (< wpa81) (< xamarinios) (< xamarinmac) (< xamarintvos) (< xamarinwatchos)) (< portable-net45+win8+wp8+wpa81)
      System.Reflection (>= 4.3) - restriction: || (&& (< monotouch) (< net45) (>= netstandard1.0) (< win8) (< wp8) (< wpa81) (< xamarinios) (< xamarinmac) (< xamarintvos) (< xamarinwatchos)) (< portable-net45+win8+wp8+wpa81)
      System.Runtime (>= 4.3) - restriction: || (&& (< monotouch) (< net45) (>= netstandard1.0) (< win8) (< wp8) (< wpa81) (< xamarinios) (< xamarinmac) (< xamarintvos) (< xamarinwatchos)) (< portable-net45+win8+wp8+wpa81)
    System.Reflection.Primitives (4.3) - restriction: || (&& (< monoandroid) (< net45) (>= netstandard1.2) (< netstandard1.3) (< wpa81)) (&& (< monoandroid) (< net45) (< netstandard1.2) (>= netstandard1.3) (< win8)) (&& (< monoandroid) (< net45) (< netstandard1.2) (>= netstandard1.4) (< win8)) (&& (< monoandroid) (< net45) (< netstandard1.2) (>= netstandard1.5)) (&& (< monoandroid) (< net45) (< netstandard1.2) (>= netstandard1.6)) (&& (< monoandroid) (< net45) (>= netstandard1.3) (< netstandard1.4) (< wpa81)) (&& (< monoandroid) (< net45) (< netstandard1.3) (>= netstandard1.4) (< win8) (< wpa81)) (&& (< monoandroid) (< net45) (< netstandard1.3) (>= netstandard1.5)) (&& (< monoandroid) (< net45) (< netstandard1.3) (>= netstandard1.6)) (&& (< monoandroid) (< net45) (>= netstandard1.4) (< netstandard1.5) (< wpa81)) (&& (< monoandroid) (< net45) (< netstandard1.4) (>= netstandard1.5)) (&& (< monoandroid) (< net45) (< netstandard1.4) (>= netstandard1.6)) (&& (< monoandroid) (< net45) (>= netstandard1.5) (< netstandard1.6)) (&& (< monoandroid) (< net45) (< netstandard1.5) (>= netstandard1.6)) (&& (< monotouch) (< net45) (>= netstandard1.6) (< netstandard2.0) (< xamarinios) (< xamarinmac) (< xamarintvos) (< xamarinwatchos)) (&& (< net45) (>= netstandard1.1) (< portable-net451+win81+wpa81)) (&& (< net45) (>= netstandard1.2) (< portable-net451+win81+wpa81) (< win8)) (&& (< net45) (>= netstandard1.3) (< portable-net451+win81+wpa81) (< win8)) (&& (< net45) (>= netstandard1.5) (< portable-net451+win81+wpa81)) (&& (< net45) (>= netstandard1.6) (< portable-net451+win81+wpa81)) (&& (>= netcoreapp1.1) (< netstandard1.3)) (&& (>= netcoreapp1.1) (< netstandard1.4)) (&& (>= netcoreapp1.1) (< netstandard1.5)) (&& (>= netcoreapp1.1) (< netstandard1.6)) (&& (>= netcoreapp1.1) (< netstandard2.0)) (&& (>= netcoreapp1.1) (< portable-net451+win81+wpa81)) (&& (>= netcoreapp1.1) (>= uap10.0)) (&& (>= netstandard1.1) (< portable-net45+win8+wp8+wpa81)) (&& (>= netstandard1.1) (< portable-net45+win8+wpa81)) (&& (>= netstandard1.2) (< portable-net45+win8+wp8+wpa81)) (&& (>= netstandard1.2) (< portable-net45+win8+wpa81)) (&& (< netstandard1.2) (>= uap10.0) (< win8)) (&& (>= netstandard1.3) (< portable-net45+win8+wp8+wpa81)) (&& (>= netstandard1.3) (< portable-net45+win8+wpa81)) (&& (>= netstandard1.4) (< portable-net45+win8+wp8+wpa81)) (&& (>= netstandard1.4) (< portable-net45+win8+wpa81)) (&& (>= netstandard1.5) (< portable-net45+win8+wp8+wpa81)) (&& (>= netstandard1.5) (< portable-net45+win8+wpa81)) (&& (>= netstandard1.5) (>= uap10.0)) (&& (>= netstandard1.6) (< portable-net45+win8+wp8+wpa81)) (&& (>= netstandard1.6) (< portable-net45+win8+wpa81)) (&& (>= netstandard1.6) (>= uap10.0)) (&& (< portable-net45+win8+wp8+wpa81) (>= uap10.0)) (&& (< portable-net45+win8+wpa81) (>= uap10.0)) (&& (>= uap10.0) (< uap10.1)) (&& (>= uap10.0) (< win8) (< wpa81))
      Microsoft.NETCore.Platforms (>= 1.1) - restriction: || (&& (< monotouch) (< net45) (>= netstandard1.0) (< win8) (< wp8) (< wpa81) (< xamarinios) (< xamarinmac) (< xamarintvos) (< xamarinwatchos)) (< portable-net45+win8+wp8+wpa81)
      Microsoft.NETCore.Targets (>= 1.1) - restriction: || (&& (< monotouch) (< net45) (>= netstandard1.0) (< win8) (< wp8) (< wpa81) (< xamarinios) (< xamarinmac) (< xamarintvos) (< xamarinwatchos)) (< portable-net45+win8+wp8+wpa81)
      System.Runtime (>= 4.3) - restriction: || (&& (< monotouch) (< net45) (>= netstandard1.0) (< win8) (< wp8) (< wpa81) (< xamarinios) (< xamarinmac) (< xamarintvos) (< xamarinwatchos)) (< portable-net45+win8+wp8+wpa81)
    System.Reflection.TypeExtensions (4.4) - restriction: || (&& (< monoandroid) (< net45) (< netstandard1.3) (>= netstandard1.6)) (&& (< monoandroid) (< net45) (< netstandard1.4) (>= netstandard1.6)) (&& (< monoandroid) (< net45) (< netstandard1.5) (>= netstandard1.6)) (&& (< monotouch) (< net45) (>= netstandard1.6) (< netstandard2.0) (< xamarinios) (< xamarinmac) (< xamarintvos) (< xamarinwatchos)) (&& (< net45) (>= netstandard1.6) (< portable-net451+win81+wpa81)) (&& (>= netstandard1.1) (< portable-net45+win8+wp8+wpa81)) (&& (>= netstandard1.2) (< portable-net45+win8+wp8+wpa81)) (&& (>= netstandard1.3) (< portable-net45+win8+wp8+wpa81)) (&& (>= netstandard1.4) (< portable-net45+win8+wp8+wpa81)) (&& (>= netstandard1.5) (< portable-net45+win8+wp8+wpa81)) (&& (>= netstandard1.6) (< portable-net45+win8+wp8+wpa81)) (&& (>= netstandard1.6) (< portable-net45+win8+wpa81)) (&& (>= netstandard1.6) (>= uap10.0)) (&& (< portable-net45+win8+wp8+wpa81) (>= uap10.0))
      System.Reflection (>= 4.3) - restriction: || (&& (< monoandroid) (< net46) (>= netstandard1.3) (< netstandard1.5)) (&& (< monoandroid) (< netstandard1.3)) (&& (< monotouch) (< net46) (>= netstandard1.5) (< netstandard2.0) (< xamarinios) (< xamarinmac) (< xamarintvos) (< xamarinwatchos))
      System.Resources.ResourceManager (>= 4.3) - restriction: || (&& (< monoandroid) (< net46) (>= netstandard1.3) (< netstandard1.5)) (&& (< monoandroid) (< netstandard1.3)) (&& (< monotouch) (< net46) (>= netstandard1.5) (< netstandard2.0) (< xamarinios) (< xamarinmac) (< xamarintvos) (< xamarinwatchos))
      System.Runtime (>= 4.3) - restriction: || (&& (< monoandroid) (< net46) (>= netstandard1.3) (< netstandard1.5)) (&& (< monoandroid) (< netstandard1.3)) (&& (< monotouch) (< net46) (>= netstandard1.5) (< netstandard2.0) (< xamarinios) (< xamarinmac) (< xamarintvos) (< xamarinwatchos))
    System.Resources.ResourceManager (4.3) - restriction: || (&& (< monoandroid) (< net45) (>= netstandard1.2) (< netstandard1.3) (< wpa81)) (&& (< monoandroid) (< net45) (>= netstandard1.3) (< netstandard1.4) (< wpa81)) (&& (< monoandroid) (< net45) (< netstandard1.3) (>= netstandard1.4) (< wpa81)) (&& (< monoandroid) (< net45) (< netstandard1.3) (>= netstandard1.5)) (&& (< monoandroid) (< net45) (< netstandard1.3) (>= netstandard1.6)) (&& (< monoandroid) (< net45) (>= netstandard1.4) (< netstandard1.5) (< wpa81)) (&& (< monoandroid) (< net45) (< netstandard1.4) (>= netstandard1.6)) (&& (< monoandroid) (< net45) (>= netstandard1.5) (< netstandard1.6)) (&& (< monoandroid) (< net45) (< netstandard1.5) (>= netstandard1.6)) (&& (< monoandroid) (< netstandard1.0) (>= netstandard1.1) (>= portable-net451+win81+wpa81) (< win8)) (&& (< monoandroid) (< netstandard1.1) (>= netstandard1.2) (< win8)) (&& (< monoandroid) (< netstandard1.1) (>= netstandard1.3) (< win8)) (&& (< monoandroid) (< netstandard1.1) (>= netstandard1.4) (< win8)) (&& (< monoandroid) (< netstandard1.1) (>= netstandard1.5)) (&& (< monoandroid) (< netstandard1.1) (>= netstandard1.6)) (&& (< monotouch) (< net45) (>= netstandard1.6) (< netstandard2.0) (< xamarinios) (< xamarinmac) (< xamarintvos) (< xamarinwatchos)) (&& (< net45) (>= net451) (< netstandard1.3)) (&& (< net45) (>= net46) (< netstandard1.3)) (&& (< net45) (>= net46) (< netstandard1.4)) (&& (< net45) (>= netstandard1.1) (< portable-net451+win81+wpa81)) (&& (< net45) (>= netstandard1.3) (< portable-net451+win81+wpa81) (< win8)) (&& (< net45) (>= netstandard1.6) (< portable-net451+win81+wpa81)) (&& (>= net451) (< netstandard1.1)) (&& (>= net46) (< netstandard1.1)) (&& (>= net46) (< portable-net45+win8+wp8+wpa81)) (&& (>= net46) (< portable-net45+win8+wpa81)) (&& (< netstandard1.0) (>= netstandard1.1) (< portable-net451+win81+wpa81) (< win8)) (&& (>= netstandard1.1) (< portable-net45+win8+wp8+wpa81)) (&& (>= netstandard1.1) (< portable-net45+win8+wpa81)) (&& (< netstandard1.1) (>= uap10.0) (< win8)) (&& (< netstandard1.1) (< win8) (>= wpa81)) (&& (>= netstandard1.2) (< portable-net45+win8+wp8+wpa81)) (&& (>= netstandard1.2) (< portable-net45+win8+wpa81)) (&& (>= netstandard1.3) (< portable-net45+win8+wp8+wpa81)) (&& (>= netstandard1.3) (< portable-net45+win8+wpa81)) (&& (< netstandard1.3) (>= uap10.0)) (&& (>= netstandard1.4) (< portable-net45+win8+wp8+wpa81)) (&& (>= netstandard1.4) (< portable-net45+win8+wpa81)) (&& (>= netstandard1.5) (< portable-net45+win8+wp8+wpa81)) (&& (>= netstandard1.5) (< portable-net45+win8+wpa81)) (&& (>= netstandard1.6) (< portable-net45+win8+wp8+wpa81)) (&& (>= netstandard1.6) (< portable-net45+win8+wpa81)) (&& (>= netstandard1.6) (>= uap10.0)) (&& (< portable-net45+win8+wp8+wpa81) (>= uap10.0)) (&& (< portable-net45+win8+wpa81) (>= uap10.0)) (&& (>= uap10.0) (< uap10.1)) (&& (>= uap10.0) (< win8) (< wpa81))
      Microsoft.NETCore.Platforms (>= 1.1) - restriction: || (&& (< monotouch) (< net45) (>= netstandard1.0) (< win8) (< wp8) (< wpa81) (< xamarinios) (< xamarinmac) (< xamarintvos) (< xamarinwatchos)) (< portable-net45+win8+wp8+wpa81)
      Microsoft.NETCore.Targets (>= 1.1) - restriction: || (&& (< monotouch) (< net45) (>= netstandard1.0) (< win8) (< wp8) (< wpa81) (< xamarinios) (< xamarinmac) (< xamarintvos) (< xamarinwatchos)) (< portable-net45+win8+wp8+wpa81)
      System.Globalization (>= 4.3) - restriction: || (&& (< monotouch) (< net45) (>= netstandard1.0) (< win8) (< wp8) (< wpa81) (< xamarinios) (< xamarinmac) (< xamarintvos) (< xamarinwatchos)) (< portable-net45+win8+wp8+wpa81)
      System.Reflection (>= 4.3) - restriction: || (&& (< monotouch) (< net45) (>= netstandard1.0) (< win8) (< wp8) (< wpa81) (< xamarinios) (< xamarinmac) (< xamarintvos) (< xamarinwatchos)) (< portable-net45+win8+wp8+wpa81)
      System.Runtime (>= 4.3) - restriction: || (&& (< monotouch) (< net45) (>= netstandard1.0) (< win8) (< wp8) (< wpa81) (< xamarinios) (< xamarinmac) (< xamarintvos) (< xamarinwatchos)) (< portable-net45+win8+wp8+wpa81)
    System.Runtime (4.3) - restriction: || (&& (< monoandroid) (< net45) (>= netstandard1.2) (< netstandard1.3) (< wpa81)) (&& (< monoandroid) (< net45) (< netstandard1.2) (>= netstandard1.3) (< win8)) (&& (< monoandroid) (< net45) (< netstandard1.2) (>= netstandard1.4) (< win8)) (&& (< monoandroid) (< net45) (< netstandard1.2) (>= netstandard1.5)) (&& (< monoandroid) (< net45) (< netstandard1.2) (>= netstandard1.6)) (&& (< monoandroid) (< net45) (>= netstandard1.3) (< netstandard1.4) (< wpa81)) (&& (< monoandroid) (< net45) (< netstandard1.3) (>= netstandard1.4) (< wpa81)) (&& (< monoandroid) (< net45) (< netstandard1.3) (>= netstandard1.5)) (&& (< monoandroid) (< net45) (>= netstandard1.4) (< netstandard1.5) (< wpa81)) (&& (< monoandroid) (< net45) (< netstandard1.4) (>= netstandard1.5)) (&& (< monoandroid) (< net45) (< netstandard1.4) (>= netstandard1.6)) (&& (< monoandroid) (< net45) (>= netstandard1.5) (< netstandard1.6)) (&& (< monoandroid) (< net45) (< netstandard1.5) (>= netstandard1.6)) (&& (< monoandroid) (< netstandard1.0) (>= netstandard1.1) (>= portable-net451+win81+wpa81) (< win8)) (&& (< monoandroid) (< netstandard1.1) (>= netstandard1.2) (< win8)) (&& (< monoandroid) (< netstandard1.1) (>= netstandard1.3) (< win8)) (&& (< monoandroid) (< netstandard1.1) (>= netstandard1.4) (< win8)) (&& (< monoandroid) (< netstandard1.1) (>= netstandard1.5)) (&& (< monoandroid) (< netstandard1.1) (>= netstandard1.6)) (&& (< monotouch) (< net45) (>= netstandard1.6) (< netstandard2.0) (< xamarinios) (< xamarinmac) (< xamarintvos) (< xamarinwatchos)) (&& (< net45) (>= net451) (< netstandard1.3)) (&& (< net45) (>= net46) (< netstandard1.3)) (&& (< net45) (>= net46) (< netstandard1.4)) (&& (< net45) (>= net462) (< netstandard1.3)) (&& (< net45) (>= net462) (< netstandard1.4)) (&& (< net45) (>= net462) (< netstandard1.5)) (&& (< net45) (>= net462) (>= netstandard1.6) (< netstandard2.0)) (&& (< net45) (>= net462) (< netstandard1.6)) (&& (< net45) (>= net462) (< portable-net451+win81+wpa81)) (&& (< net45) (>= net463) (< netstandard1.4)) (&& (< net45) (>= net463) (< netstandard1.5)) (&& (< net45) (>= net463) (>= netstandard1.6) (< netstandard2.0)) (&& (< net45) (>= net463) (< netstandard1.6)) (&& (< net45) (>= netstandard1.1) (< portable-net451+win81+wpa81)) (&& (< net45) (>= netstandard1.2) (< portable-net451+win81+wpa81)) (&& (< net45) (>= netstandard1.3) (< portable-net451+win81+wpa81)) (&& (< net45) (< netstandard1.3) (>= netstandard1.6)) (&& (< net45) (>= netstandard1.4) (< portable-net451+win81+wpa81)) (&& (< net45) (>= netstandard1.5) (< portable-net451+win81+wpa81)) (&& (< net45) (>= netstandard1.6) (< portable-net451+win81+wpa81)) (&& (>= net451) (< netstandard1.1)) (&& (>= net46) (< netstandard1.1)) (&& (>= net46) (< portable-net45+win8+wp8+wpa81)) (&& (>= net46) (< portable-net45+win8+wpa81)) (&& (>= net462) (>= uap10.0)) (&& (>= net463) (>= uap10.0)) (&& (>= netcoreapp1.1) (< netstandard1.3)) (&& (>= netcoreapp1.1) (< netstandard1.4)) (&& (>= netcoreapp1.1) (< netstandard1.5)) (&& (>= netcoreapp1.1) (< netstandard1.6)) (&& (>= netcoreapp1.1) (< netstandard2.0)) (&& (>= netcoreapp1.1) (< portable-net45+win8+wpa81)) (&& (>= netcoreapp1.1) (< portable-net451+win81+wpa81)) (&& (>= netcoreapp1.1) (>= uap10.0)) (&& (< netstandard1.0) (>= netstandard1.1) (< portable-net451+win81+wpa81) (< win8)) (&& (>= netstandard1.1) (< portable-net45+win8+wp8+wpa81)) (&& (>= netstandard1.1) (< portable-net45+win8+wpa81)) (&& (< netstandard1.1) (>= uap10.0) (< win8)) (&& (< netstandard1.1) (< win8) (>= wpa81)) (&& (>= netstandard1.2) (< portable-net45+win8+wp8+wpa81)) (&& (>= netstandard1.2) (< portable-net45+win8+wpa81)) (&& (< netstandard1.2) (>= uap10.0) (< win8)) (&& (>= netstandard1.3) (< portable-net45+win8+wp8+wpa81)) (&& (>= netstandard1.3) (< portable-net45+win8+wpa81)) (&& (< netstandard1.3) (>= uap10.0)) (&& (>= netstandard1.4) (< portable-net45+win8+wp8+wpa81)) (&& (>= netstandard1.4) (< portable-net45+win8+wpa81)) (&& (< netstandard1.4) (>= uap10.0)) (&& (>= netstandard1.5) (< portable-net45+win8+wp8+wpa81)) (&& (>= netstandard1.5) (< portable-net45+win8+wpa81)) (&& (>= netstandard1.5) (>= uap10.0)) (&& (>= netstandard1.6) (< portable-net45+win8+wp8+wpa81)) (&& (>= netstandard1.6) (< portable-net45+win8+wpa81)) (&& (>= netstandard1.6) (>= uap10.0)) (&& (< portable-net45+win8+wp8+wpa81) (>= uap10.0)) (&& (< portable-net45+win8+wpa81) (>= uap10.0)) (&& (< portable-net451+win81+wpa81) (>= uap10.0)) (&& (>= uap10.0) (< uap10.1)) (&& (>= uap10.0) (< win8) (< wpa81)) (&& (>= uap10.0) (< win81) (< wpa81))
      Microsoft.NETCore.Platforms (>= 1.1) - restriction: || (&& (< monoandroid) (< net45) (>= netstandard1.0) (< netstandard1.2) (< win8) (< wp8)) (&& (< monoandroid) (< net45) (>= netstandard1.2) (< netstandard1.3) (< win8) (< wpa81)) (&& (< monoandroid) (< net45) (>= netstandard1.3) (< netstandard1.5) (< win8) (< wpa81)) (&& (< monotouch) (< net45) (>= netstandard1.5) (< xamarinios) (< xamarinmac) (< xamarintvos) (< xamarinwatchos)) (< portable-net45+win8+wp8+wpa81)
      Microsoft.NETCore.Targets (>= 1.1) - restriction: || (&& (< monoandroid) (< net45) (>= netstandard1.0) (< netstandard1.2) (< win8) (< wp8)) (&& (< monoandroid) (< net45) (>= netstandard1.2) (< netstandard1.3) (< win8) (< wpa81)) (&& (< monoandroid) (< net45) (>= netstandard1.3) (< netstandard1.5) (< win8) (< wpa81)) (&& (< monotouch) (< net45) (>= netstandard1.5) (< xamarinios) (< xamarinmac) (< xamarintvos) (< xamarinwatchos)) (< portable-net45+win8+wp8+wpa81)
    System.Runtime.Extensions (4.3) - restriction: || (&& (< monoandroid) (< net45) (>= netstandard1.2) (< netstandard1.3) (< wpa81)) (&& (< monoandroid) (< net45) (>= netstandard1.3) (< netstandard1.4) (< wpa81)) (&& (< monoandroid) (< net45) (< netstandard1.3) (>= netstandard1.4) (< wpa81)) (&& (< monoandroid) (< net45) (< netstandard1.3) (>= netstandard1.5)) (&& (< monoandroid) (< net45) (< netstandard1.3) (>= netstandard1.6)) (&& (< monoandroid) (< net45) (>= netstandard1.4) (< netstandard1.5) (< wpa81)) (&& (< monoandroid) (< net45) (< netstandard1.4) (>= netstandard1.6)) (&& (< monoandroid) (< net45) (>= netstandard1.5) (< netstandard1.6)) (&& (< monoandroid) (< net45) (< netstandard1.5) (>= netstandard1.6)) (&& (< monotouch) (< net45) (>= netstandard1.6) (< netstandard2.0) (< xamarinios) (< xamarinmac) (< xamarintvos) (< xamarinwatchos)) (&& (< net45) (>= net46) (< netstandard1.3)) (&& (< net45) (>= net46) (< netstandard1.4)) (&& (< net45) (>= netstandard1.1) (< portable-net451+win81+wpa81)) (&& (< net45) (>= netstandard1.3) (< portable-net451+win81+wpa81) (< win8)) (&& (< net45) (>= netstandard1.6) (< portable-net451+win81+wpa81)) (&& (>= net46) (< portable-net45+win8+wp8+wpa81)) (&& (>= net46) (< portable-net45+win8+wpa81)) (&& (>= netstandard1.1) (< portable-net45+win8+wp8+wpa81)) (&& (>= netstandard1.1) (< portable-net45+win8+wpa81)) (&& (>= netstandard1.2) (< portable-net45+win8+wp8+wpa81)) (&& (>= netstandard1.2) (< portable-net45+win8+wpa81)) (&& (>= netstandard1.3) (< portable-net45+win8+wp8+wpa81)) (&& (>= netstandard1.3) (< portable-net45+win8+wpa81)) (&& (< netstandard1.3) (>= uap10.0)) (&& (>= netstandard1.4) (< portable-net45+win8+wp8+wpa81)) (&& (>= netstandard1.4) (< portable-net45+win8+wpa81)) (&& (>= netstandard1.5) (< portable-net45+win8+wp8+wpa81)) (&& (>= netstandard1.5) (< portable-net45+win8+wpa81)) (&& (>= netstandard1.6) (< portable-net45+win8+wp8+wpa81)) (&& (>= netstandard1.6) (< portable-net45+win8+wpa81)) (&& (>= netstandard1.6) (>= uap10.0)) (&& (< portable-net45+win8+wp8+wpa81) (>= uap10.0)) (&& (< portable-net45+win8+wpa81) (>= uap10.0)) (&& (>= uap10.0) (< uap10.1)) (&& (>= uap10.0) (< win8) (< wpa81))
      Microsoft.NETCore.Platforms (>= 1.1) - restriction: || (&& (< monoandroid) (< net45) (>= netstandard1.0) (< netstandard1.3) (< win8) (< wp8) (< wpa81)) (&& (< monoandroid) (< net45) (>= netstandard1.3) (< netstandard1.5) (< win8) (< wpa81)) (&& (< monotouch) (< net45) (>= netstandard1.5) (< xamarinios) (< xamarinmac) (< xamarintvos) (< xamarinwatchos)) (< portable-net45+win8+wp8+wpa81)
      Microsoft.NETCore.Targets (>= 1.1) - restriction: || (&& (< monoandroid) (< net45) (>= netstandard1.0) (< netstandard1.3) (< win8) (< wp8) (< wpa81)) (&& (< monoandroid) (< net45) (>= netstandard1.3) (< netstandard1.5) (< win8) (< wpa81)) (&& (< monotouch) (< net45) (>= netstandard1.5) (< xamarinios) (< xamarinmac) (< xamarintvos) (< xamarinwatchos)) (< portable-net45+win8+wp8+wpa81)
      System.Runtime (>= 4.3) - restriction: || (&& (< monoandroid) (< net45) (>= netstandard1.0) (< netstandard1.3) (< win8) (< wp8) (< wpa81)) (&& (< monoandroid) (< net45) (>= netstandard1.3) (< netstandard1.5) (< win8) (< wpa81)) (&& (< monotouch) (< net45) (>= netstandard1.5) (< xamarinios) (< xamarinmac) (< xamarintvos) (< xamarinwatchos)) (< portable-net45+win8+wp8+wpa81)
    System.Runtime.Handles (4.3) - restriction: || (&& (< monoandroid) (< net45) (>= netstandard1.3) (< netstandard1.4) (< wpa81)) (&& (< monoandroid) (< net45) (< netstandard1.3) (>= netstandard1.4) (< wpa81)) (&& (< monoandroid) (< net45) (< netstandard1.3) (>= netstandard1.5)) (&& (< monoandroid) (< net45) (< netstandard1.3) (>= netstandard1.6)) (&& (< monoandroid) (< net45) (>= netstandard1.4) (< netstandard1.5) (< wpa81)) (&& (< monoandroid) (< net45) (< netstandard1.4) (>= netstandard1.5)) (&& (< monoandroid) (< net45) (< netstandard1.4) (>= netstandard1.6)) (&& (< monoandroid) (< net45) (>= netstandard1.5) (< netstandard1.6)) (&& (< monoandroid) (< net45) (< netstandard1.5) (>= netstandard1.6)) (&& (< monotouch) (< net45) (>= netstandard1.6) (< netstandard2.0) (< xamarinios) (< xamarinmac) (< xamarintvos) (< xamarinwatchos)) (&& (< net45) (>= net46) (< netstandard1.3)) (&& (< net45) (>= net46) (< netstandard1.4)) (&& (< net45) (>= netstandard1.3) (< portable-net451+win81+wpa81) (< win8)) (&& (< net45) (>= netstandard1.5) (< portable-net451+win81+wpa81)) (&& (< net45) (>= netstandard1.6) (< portable-net451+win81+wpa81)) (&& (>= net46) (< portable-net45+win8+wpa81)) (&& (>= netcoreapp1.1) (< netstandard1.3)) (&& (>= netcoreapp1.1) (< netstandard1.4)) (&& (>= netcoreapp1.1) (< netstandard1.5)) (&& (>= netcoreapp1.1) (< netstandard1.6)) (&& (>= netcoreapp1.1) (< netstandard2.0)) (&& (>= netcoreapp1.1) (< portable-net451+win81+wpa81)) (&& (>= netcoreapp1.1) (>= uap10.0)) (&& (>= netstandard1.1) (< portable-net45+win8+wp8+wpa81)) (&& (>= netstandard1.1) (< portable-net45+win8+wpa81)) (&& (>= netstandard1.2) (< portable-net45+win8+wp8+wpa81)) (&& (>= netstandard1.2) (< portable-net45+win8+wpa81)) (&& (>= netstandard1.3) (< portable-net45+win8+wp8+wpa81)) (&& (>= netstandard1.3) (< portable-net45+win8+wpa81)) (&& (< netstandard1.3) (>= uap10.0)) (&& (>= netstandard1.4) (< portable-net45+win8+wp8+wpa81)) (&& (>= netstandard1.4) (< portable-net45+win8+wpa81)) (&& (>= netstandard1.5) (< portable-net45+win8+wp8+wpa81)) (&& (>= netstandard1.5) (< portable-net45+win8+wpa81)) (&& (>= netstandard1.5) (>= uap10.0)) (&& (>= netstandard1.6) (< portable-net45+win8+wp8+wpa81)) (&& (>= netstandard1.6) (< portable-net45+win8+wpa81)) (&& (>= netstandard1.6) (>= uap10.0)) (&& (< portable-net45+win8+wp8+wpa81) (>= uap10.0)) (&& (< portable-net45+win8+wpa81) (>= uap10.0)) (&& (>= uap10.0) (< uap10.1)) (&& (>= uap10.0) (< win8) (< wpa81))
      Microsoft.NETCore.Platforms (>= 1.1) - restriction: && (< monotouch) (< net46) (>= netstandard1.3) (< xamarinios) (< xamarinmac) (< xamarintvos) (< xamarinwatchos)
      Microsoft.NETCore.Targets (>= 1.1) - restriction: && (< monotouch) (< net46) (>= netstandard1.3) (< xamarinios) (< xamarinmac) (< xamarintvos) (< xamarinwatchos)
      System.Runtime (>= 4.3) - restriction: && (< monotouch) (< net46) (>= netstandard1.3) (< xamarinios) (< xamarinmac) (< xamarintvos) (< xamarinwatchos)
    System.Runtime.InteropServices (4.3) - restriction: || (&& (< monoandroid) (< net45) (>= netstandard1.2) (< netstandard1.3) (< wpa81)) (&& (< monoandroid) (< net45) (>= netstandard1.3) (< netstandard1.4) (< wpa81)) (&& (< monoandroid) (< net45) (< netstandard1.3) (>= netstandard1.4) (< wpa81)) (&& (< monoandroid) (< net45) (< netstandard1.3) (>= netstandard1.5)) (&& (< monoandroid) (< net45) (< netstandard1.3) (>= netstandard1.6)) (&& (< monoandroid) (< net45) (>= netstandard1.4) (< netstandard1.5) (< wpa81)) (&& (< monoandroid) (< net45) (< netstandard1.4) (>= netstandard1.6)) (&& (< monoandroid) (< net45) (>= netstandard1.5) (< netstandard1.6)) (&& (< monoandroid) (< net45) (< netstandard1.5) (>= netstandard1.6)) (&& (< monoandroid) (< netstandard1.0) (>= netstandard1.1) (>= portable-net451+win81+wpa81) (< win8)) (&& (< monotouch) (< net45) (>= netstandard1.6) (< netstandard2.0) (< xamarinios) (< xamarinmac) (< xamarintvos) (< xamarinwatchos)) (&& (< net45) (>= net451) (< netstandard1.3)) (&& (< net45) (>= net46) (< netstandard1.3)) (&& (< net45) (>= net46) (< netstandard1.4)) (&& (< net45) (>= netstandard1.1) (< portable-net451+win81+wpa81)) (&& (< net45) (>= netstandard1.3) (< portable-net451+win81+wpa81) (< win8)) (&& (< net45) (>= netstandard1.6) (< portable-net451+win81+wpa81)) (&& (>= net46) (< portable-net45+win8+wp8+wpa81)) (&& (>= net46) (< portable-net45+win8+wpa81)) (&& (< netstandard1.0) (>= netstandard1.1) (< portable-net451+win81+wpa81) (< win8)) (&& (>= netstandard1.1) (< portable-net45+win8+wp8+wpa81)) (&& (>= netstandard1.1) (< portable-net45+win8+wpa81)) (&& (>= netstandard1.2) (< portable-net45+win8+wp8+wpa81)) (&& (>= netstandard1.2) (< portable-net45+win8+wpa81)) (&& (>= netstandard1.3) (< portable-net45+win8+wp8+wpa81)) (&& (>= netstandard1.3) (< portable-net45+win8+wpa81)) (&& (< netstandard1.3) (>= uap10.0)) (&& (>= netstandard1.4) (< portable-net45+win8+wp8+wpa81)) (&& (>= netstandard1.4) (< portable-net45+win8+wpa81)) (&& (>= netstandard1.5) (< portable-net45+win8+wp8+wpa81)) (&& (>= netstandard1.5) (< portable-net45+win8+wpa81)) (&& (>= netstandard1.6) (< portable-net45+win8+wp8+wpa81)) (&& (>= netstandard1.6) (< portable-net45+win8+wpa81)) (&& (>= netstandard1.6) (>= uap10.0)) (&& (< portable-net45+win8+wp8+wpa81) (>= uap10.0)) (&& (< portable-net45+win8+wpa81) (>= uap10.0)) (&& (>= uap10.0) (< uap10.1)) (&& (>= uap10.0) (< win8) (< wpa81))
      Microsoft.NETCore.Platforms (>= 1.1) - restriction: || (&& (< monoandroid) (< net45) (>= netstandard1.1) (< netstandard1.2) (< win8)) (&& (< monoandroid) (< net45) (>= netstandard1.2) (< netstandard1.3) (< win8) (< wpa81)) (&& (< monoandroid) (< net45) (>= netstandard1.3) (< netstandard1.5) (< win8) (< wpa81)) (&& (< monotouch) (< net45) (>= netstandard1.5) (< xamarinios) (< xamarinmac) (< xamarintvos) (< xamarinwatchos)) (>= netcoreapp1.1) (< portable-net45+win8+wpa81)
      Microsoft.NETCore.Targets (>= 1.1) - restriction: || (&& (< monoandroid) (< net45) (>= netstandard1.1) (< netstandard1.2) (< win8)) (&& (< monoandroid) (< net45) (>= netstandard1.2) (< netstandard1.3) (< win8) (< wpa81)) (&& (< monoandroid) (< net45) (>= netstandard1.3) (< netstandard1.5) (< win8) (< wpa81)) (&& (< monotouch) (< net45) (>= netstandard1.5) (< xamarinios) (< xamarinmac) (< xamarintvos) (< xamarinwatchos)) (>= netcoreapp1.1) (< portable-net45+win8+wpa81)
      System.Reflection (>= 4.3) - restriction: || (&& (< monoandroid) (< net45) (>= netstandard1.1) (< netstandard1.2) (< win8)) (&& (< monoandroid) (< net45) (>= netstandard1.2) (< netstandard1.3) (< win8) (< wpa81)) (&& (< monoandroid) (< net45) (>= netstandard1.3) (< netstandard1.5) (< win8) (< wpa81)) (&& (< monotouch) (< net45) (>= netstandard1.5) (< xamarinios) (< xamarinmac) (< xamarintvos) (< xamarinwatchos)) (>= netcoreapp1.1) (< portable-net45+win8+wpa81)
      System.Reflection.Primitives (>= 4.3) - restriction: || (&& (< monoandroid) (< net45) (>= netstandard1.1) (< netstandard1.2) (< win8)) (&& (< monoandroid) (< net45) (>= netstandard1.2) (< netstandard1.3) (< win8) (< wpa81)) (&& (< monoandroid) (< net45) (>= netstandard1.3) (< netstandard1.5) (< win8) (< wpa81)) (&& (< monotouch) (< net45) (>= netstandard1.5) (< xamarinios) (< xamarinmac) (< xamarintvos) (< xamarinwatchos)) (>= netcoreapp1.1) (< portable-net45+win8+wpa81)
      System.Runtime (>= 4.3) - restriction: || (&& (< monoandroid) (< net45) (>= netstandard1.1) (< netstandard1.2) (< win8)) (&& (< monoandroid) (< net45) (>= netstandard1.2) (< netstandard1.3) (< win8) (< wpa81)) (&& (< monoandroid) (< net45) (>= netstandard1.3) (< netstandard1.5) (< win8) (< wpa81)) (&& (< monotouch) (< net45) (>= netstandard1.5) (< xamarinios) (< xamarinmac) (< xamarintvos) (< xamarinwatchos)) (>= net462) (>= netcoreapp1.1) (< portable-net45+win8+wpa81)
      System.Runtime.Handles (>= 4.3) - restriction: || (&& (< monoandroid) (< net45) (>= netstandard1.3) (< netstandard1.5) (< win8) (< wpa81)) (&& (< monotouch) (< net45) (>= netstandard1.5) (< xamarinios) (< xamarinmac) (< xamarintvos) (< xamarinwatchos)) (>= netcoreapp1.1) (< portable-net45+win8+wpa81)
    System.Runtime.InteropServices.RuntimeInformation (4.3) - restriction: || (&& (< monoandroid) (< net45) (>= netstandard1.2) (< netstandard1.3) (< wpa81)) (&& (< monoandroid) (< net45) (>= netstandard1.3) (< netstandard1.4) (< wpa81)) (&& (< monoandroid) (< net45) (>= netstandard1.4) (< netstandard1.5) (< wpa81)) (&& (< monoandroid) (< net45) (>= netstandard1.5) (< netstandard1.6)) (&& (< monoandroid) (< netstandard1.0) (>= netstandard1.1) (>= portable-net451+win81+wpa81)) (&& (< monotouch) (< net45) (>= netstandard1.6) (< netstandard2.0) (< xamarinios) (< xamarinmac) (< xamarintvos) (< xamarinwatchos)) (&& (< net45) (>= net451) (< netstandard1.3)) (&& (< net45) (>= net46) (< netstandard1.4)) (&& (< net45) (>= netstandard1.1) (< portable-net451+win81+wpa81)) (&& (< netstandard1.0) (>= netstandard1.1) (< portable-net451+win81+wpa81)) (&& (< netstandard1.3) (>= wpa81)) (&& (>= uap10.0) (< uap10.1))
      runtime.native.System (>= 4.3) - restriction: && (< monotouch) (< net45) (>= netstandard1.1) (< win8) (< wpa81) (< xamarinios) (< xamarinmac) (< xamarintvos) (< xamarinwatchos)
      System.Reflection (>= 4.3) - restriction: || (&& (< monoandroid) (< netstandard1.1) (< win8)) (&& (< monotouch) (< net45) (>= netstandard1.1) (< win8) (< wpa81) (< xamarinios) (< xamarinmac) (< xamarintvos) (< xamarinwatchos))
      System.Reflection.Extensions (>= 4.3) - restriction: || (&& (< monoandroid) (< netstandard1.1) (< win8)) (&& (< monotouch) (< net45) (>= netstandard1.1) (< win8) (< wpa81) (< xamarinios) (< xamarinmac) (< xamarintvos) (< xamarinwatchos))
      System.Resources.ResourceManager (>= 4.3) - restriction: || (&& (< monoandroid) (< netstandard1.1) (< win8)) (&& (< monotouch) (< net45) (>= netstandard1.1) (< win8) (< wpa81) (< xamarinios) (< xamarinmac) (< xamarintvos) (< xamarinwatchos))
      System.Runtime (>= 4.3) - restriction: || (&& (< monoandroid) (< netstandard1.1) (< win8)) (&& (< monotouch) (< net45) (>= netstandard1.1) (< win8) (< wpa81) (< xamarinios) (< xamarinmac) (< xamarintvos) (< xamarinwatchos))
      System.Runtime.InteropServices (>= 4.3) - restriction: && (< monotouch) (< net45) (>= netstandard1.1) (< win8) (< wpa81) (< xamarinios) (< xamarinmac) (< xamarintvos) (< xamarinwatchos)
      System.Threading (>= 4.3) - restriction: || (&& (< monoandroid) (< netstandard1.1) (< win8)) (&& (< monotouch) (< net45) (>= netstandard1.1) (< win8) (< wpa81) (< xamarinios) (< xamarinmac) (< xamarintvos) (< xamarinwatchos))
    System.Runtime.Numerics (4.3) - restriction: || (&& (< monoandroid) (< net45) (>= netstandard1.2) (< netstandard1.3) (< wpa81)) (&& (< monoandroid) (< net45) (>= netstandard1.3) (< netstandard1.4) (< wpa81)) (&& (< monoandroid) (< net45) (< netstandard1.3) (>= netstandard1.4) (< wpa81)) (&& (< monoandroid) (< net45) (< netstandard1.3) (>= netstandard1.5)) (&& (< monoandroid) (< net45) (< netstandard1.3) (>= netstandard1.6)) (&& (< monoandroid) (< net45) (>= netstandard1.4) (< netstandard1.5) (< wpa81)) (&& (< monoandroid) (< net45) (< netstandard1.4) (>= netstandard1.6)) (&& (< monoandroid) (< net45) (>= netstandard1.5) (< netstandard1.6)) (&& (< monoandroid) (< net45) (< netstandard1.5) (>= netstandard1.6)) (&& (< monotouch) (< net45) (>= netstandard1.6) (< netstandard2.0) (< xamarinios) (< xamarinmac) (< xamarintvos) (< xamarinwatchos)) (&& (< net45) (>= net46) (< netstandard1.3)) (&& (< net45) (>= net46) (< netstandard1.4) (>= netstandard1.6)) (&& (< net45) (>= netstandard1.1) (< portable-net451+win81+wpa81)) (&& (< net45) (>= netstandard1.6) (< portable-net451+win81+wpa81)) (&& (< netstandard1.3) (>= uap10.0)) (&& (>= netstandard1.6) (>= uap10.0)) (&& (>= uap10.0) (< uap10.1))
      System.Globalization (>= 4.3) - restriction: || (&& (< monotouch) (< net45) (>= netstandard1.3) (< win8) (< wpa81) (< xamarinios) (< xamarinmac) (< xamarintvos) (< xamarinwatchos)) (< portable-net45+win8+wpa81)
      System.Resources.ResourceManager (>= 4.3) - restriction: || (&& (< monotouch) (< net45) (>= netstandard1.3) (< win8) (< wpa81) (< xamarinios) (< xamarinmac) (< xamarintvos) (< xamarinwatchos)) (< portable-net45+win8+wpa81)
      System.Runtime (>= 4.3) - restriction: || (&& (< monoandroid) (< net45) (>= netstandard1.1) (< netstandard1.3) (< win8) (< wpa81)) (&& (< monotouch) (< net45) (>= netstandard1.3) (< win8) (< wpa81) (< xamarinios) (< xamarinmac) (< xamarintvos) (< xamarinwatchos)) (< portable-net45+win8+wpa81)
      System.Runtime.Extensions (>= 4.3) - restriction: || (&& (< monotouch) (< net45) (>= netstandard1.3) (< win8) (< wpa81) (< xamarinios) (< xamarinmac) (< xamarintvos) (< xamarinwatchos)) (< portable-net45+win8+wpa81)
    System.Security.Cryptography.Algorithms (4.3) - restriction: || (&& (< monoandroid) (< net45) (>= netstandard1.3) (< netstandard1.4) (< wpa81)) (&& (< monoandroid) (< net45) (< netstandard1.3) (>= netstandard1.6)) (&& (< monoandroid) (< net45) (>= netstandard1.4) (< netstandard1.5) (< wpa81)) (&& (< monoandroid) (< net45) (< netstandard1.4) (>= netstandard1.6)) (&& (< monoandroid) (< net45) (>= netstandard1.5) (< netstandard1.6)) (&& (< monoandroid) (< net45) (< netstandard1.5) (>= netstandard1.6)) (&& (< monotouch) (< net45) (>= netstandard1.6) (< netstandard2.0) (< xamarinios) (< xamarinmac) (< xamarintvos) (< xamarinwatchos)) (&& (< net45) (>= net46) (< netstandard1.4)) (&& (< net45) (>= netstandard1.6) (< portable-net451+win81+wpa81)) (&& (>= netstandard1.6) (>= uap10.0)) (&& (>= uap10.0) (< uap10.1))
      Microsoft.NETCore.Platforms (>= 1.1) - restriction: || (&& (< monoandroid) (< netstandard1.3)) (&& (< monotouch) (< net46) (>= netstandard1.6) (< xamarinios) (< xamarinmac) (< xamarintvos) (< xamarinwatchos))
      runtime.native.System.Security.Cryptography.Apple (>= 4.3) - restriction: && (< monotouch) (< net46) (>= netstandard1.6) (< xamarinios) (< xamarinmac) (< xamarintvos) (< xamarinwatchos)
      runtime.native.System.Security.Cryptography.OpenSsl (>= 4.3) - restriction: && (< monotouch) (< net46) (>= netstandard1.6) (< xamarinios) (< xamarinmac) (< xamarintvos) (< xamarinwatchos)
      System.Collections (>= 4.3) - restriction: && (< monotouch) (< net46) (>= netstandard1.6) (< xamarinios) (< xamarinmac) (< xamarintvos) (< xamarinwatchos)
      System.IO (>= 4.3) - restriction: || (&& (< monoandroid) (< net46) (>= netstandard1.3) (< netstandard1.4)) (&& (< monoandroid) (< net46) (>= netstandard1.4) (< netstandard1.6)) (&& (< monoandroid) (< netstandard1.3)) (&& (< monotouch) (< net46) (>= netstandard1.6) (< xamarinios) (< xamarinmac) (< xamarintvos) (< xamarinwatchos)) (>= net463)
      System.Resources.ResourceManager (>= 4.3) - restriction: || (&& (< monoandroid) (< netstandard1.3)) (&& (< monotouch) (< net46) (>= netstandard1.6) (< xamarinios) (< xamarinmac) (< xamarintvos) (< xamarinwatchos))
      System.Runtime (>= 4.3) - restriction: || (&& (< monoandroid) (< net46) (>= netstandard1.3) (< netstandard1.4)) (&& (< monoandroid) (< net46) (>= netstandard1.4) (< netstandard1.6)) (&& (< monoandroid) (< netstandard1.3)) (&& (< monotouch) (< net46) (>= netstandard1.6) (< xamarinios) (< xamarinmac) (< xamarintvos) (< xamarinwatchos)) (>= net463)
      System.Runtime.Extensions (>= 4.3) - restriction: || (&& (< monoandroid) (< netstandard1.3)) (&& (< monotouch) (< net46) (>= netstandard1.6) (< xamarinios) (< xamarinmac) (< xamarintvos) (< xamarinwatchos))
      System.Runtime.Handles (>= 4.3) - restriction: || (&& (< monoandroid) (< netstandard1.3)) (&& (< monotouch) (< net46) (>= netstandard1.6) (< xamarinios) (< xamarinmac) (< xamarintvos) (< xamarinwatchos))
      System.Runtime.InteropServices (>= 4.3) - restriction: || (&& (< monoandroid) (< netstandard1.3)) (&& (< monotouch) (< net46) (>= netstandard1.6) (< xamarinios) (< xamarinmac) (< xamarintvos) (< xamarinwatchos))
      System.Runtime.Numerics (>= 4.3) - restriction: && (< monotouch) (< net46) (>= netstandard1.6) (< xamarinios) (< xamarinmac) (< xamarintvos) (< xamarinwatchos)
      System.Security.Cryptography.Encoding (>= 4.3) - restriction: || (&& (< monoandroid) (< netstandard1.3)) (&& (< monotouch) (< net46) (>= netstandard1.6) (< xamarinios) (< xamarinmac) (< xamarintvos) (< xamarinwatchos)) (>= net463)
      System.Security.Cryptography.Primitives (>= 4.3) - restriction: || (&& (< monoandroid) (< net46) (>= netstandard1.3) (< netstandard1.4)) (&& (< monoandroid) (< net46) (>= netstandard1.4) (< netstandard1.6)) (&& (< monoandroid) (< netstandard1.3)) (&& (< monotouch) (< net46) (>= netstandard1.6) (< xamarinios) (< xamarinmac) (< xamarintvos) (< xamarinwatchos)) (&& (>= net46) (< netstandard1.4)) (&& (>= net461) (< netstandard1.6)) (>= net463)
      System.Text.Encoding (>= 4.3) - restriction: || (&& (< monoandroid) (< netstandard1.3)) (&& (< monotouch) (< net46) (>= netstandard1.6) (< xamarinios) (< xamarinmac) (< xamarintvos) (< xamarinwatchos))
    System.Security.Cryptography.Cng (4.4) - restriction: || (&& (< monoandroid) (< net45) (< netstandard1.3) (>= netstandard1.4) (< wpa81)) (&& (< monoandroid) (< net45) (< netstandard1.3) (>= netstandard1.5)) (&& (< monoandroid) (< net45) (< netstandard1.3) (>= netstandard1.6)) (&& (< monoandroid) (< net45) (< netstandard1.4) (>= netstandard1.6)) (&& (< monoandroid) (< net45) (< netstandard1.5) (>= netstandard1.6)) (&& (< monotouch) (< net45) (>= netstandard1.6) (< netstandard2.0) (< xamarinios) (< xamarinmac) (< xamarintvos) (< xamarinwatchos)) (&& (< net45) (>= net46) (< netstandard1.3)) (&& (< net45) (>= net46) (< netstandard1.4) (>= netstandard1.6)) (&& (< netstandard1.3) (>= uap10.0)) (&& (>= netstandard1.6) (>= uap10.0))
      System.IO (>= 4.3) - restriction: || (&& (< monoandroid) (< net46) (>= netstandard1.3) (< netstandard1.4)) (&& (< monoandroid) (< net46) (>= netstandard1.4) (< netstandard1.6)) (&& (< monotouch) (< net46) (>= netstandard1.6) (< netstandard2.0) (< xamarinios) (< xamarinmac) (< xamarintvos) (< xamarinwatchos))
      System.Resources.ResourceManager (>= 4.3) - restriction: || (&& (< monoandroid) (< net46) (>= netstandard1.3) (< netstandard1.4)) (&& (< monoandroid) (< net46) (>= netstandard1.4) (< netstandard1.6)) (&& (< monotouch) (< net46) (>= netstandard1.6) (< netstandard2.0) (< xamarinios) (< xamarinmac) (< xamarintvos) (< xamarinwatchos))
      System.Runtime (>= 4.3) - restriction: || (&& (< monoandroid) (< net46) (>= netstandard1.3) (< netstandard1.4)) (&& (< monoandroid) (< net46) (>= netstandard1.4) (< netstandard1.6)) (&& (< monotouch) (< net46) (>= netstandard1.6) (< netstandard2.0) (< xamarinios) (< xamarinmac) (< xamarintvos) (< xamarinwatchos))
      System.Runtime.Extensions (>= 4.3) - restriction: || (&& (< monoandroid) (< net46) (>= netstandard1.4) (< netstandard1.6)) (&& (< monotouch) (< net46) (>= netstandard1.6) (< netstandard2.0) (< xamarinios) (< xamarinmac) (< xamarintvos) (< xamarinwatchos))
      System.Runtime.Handles (>= 4.3) - restriction: || (&& (< monoandroid) (< net46) (>= netstandard1.3) (< netstandard1.4)) (&& (< monoandroid) (< net46) (>= netstandard1.4) (< netstandard1.6)) (&& (< monotouch) (< net46) (>= netstandard1.6) (< netstandard2.0) (< xamarinios) (< xamarinmac) (< xamarintvos) (< xamarinwatchos))
      System.Runtime.InteropServices (>= 4.3) - restriction: || (&& (< monoandroid) (< net46) (>= netstandard1.3) (< netstandard1.4)) (&& (< monoandroid) (< net46) (>= netstandard1.4) (< netstandard1.6)) (&& (< monotouch) (< net46) (>= netstandard1.6) (< netstandard2.0) (< xamarinios) (< xamarinmac) (< xamarintvos) (< xamarinwatchos))
      System.Security.Cryptography.Algorithms (>= 4.3) - restriction: || (&& (< monoandroid) (< net46) (>= netstandard1.3) (< netstandard1.4)) (&& (< monoandroid) (< net46) (>= netstandard1.4) (< netstandard1.6)) (&& (< monotouch) (< net46) (>= netstandard1.6) (< netstandard2.0) (< xamarinios) (< xamarinmac) (< xamarintvos) (< xamarinwatchos)) (&& (>= net46) (< netstandard1.4))
      System.Security.Cryptography.Encoding (>= 4.3) - restriction: || (&& (< monoandroid) (< net46) (>= netstandard1.4) (< netstandard1.6)) (&& (< monotouch) (< net46) (>= netstandard1.6) (< netstandard2.0) (< xamarinios) (< xamarinmac) (< xamarintvos) (< xamarinwatchos))
      System.Security.Cryptography.Primitives (>= 4.3) - restriction: || (&& (< monoandroid) (< net46) (>= netstandard1.3) (< netstandard1.4)) (&& (< monoandroid) (< net46) (>= netstandard1.4) (< netstandard1.6)) (&& (< monotouch) (< net46) (>= netstandard1.6) (< netstandard2.0) (< xamarinios) (< xamarinmac) (< xamarintvos) (< xamarinwatchos)) (&& (>= net46) (< netstandard1.4))
      System.Text.Encoding (>= 4.3) - restriction: || (&& (< monoandroid) (< net46) (>= netstandard1.4) (< netstandard1.6)) (&& (< monotouch) (< net46) (>= netstandard1.6) (< netstandard2.0) (< xamarinios) (< xamarinmac) (< xamarintvos) (< xamarinwatchos))
    System.Security.Cryptography.Csp (4.3) - restriction: || (&& (< monoandroid) (< net45) (< netstandard1.4) (>= netstandard1.6)) (&& (< monoandroid) (< net45) (< netstandard1.5) (>= netstandard1.6)) (&& (< monotouch) (< net45) (>= netstandard1.6) (< netstandard2.0) (< xamarinios) (< xamarinmac) (< xamarintvos) (< xamarinwatchos)) (&& (< net45) (>= net46) (< netstandard1.4) (>= netstandard1.6)) (&& (>= netstandard1.6) (>= uap10.0))
      Microsoft.NETCore.Platforms (>= 1.1) - restriction: && (< monotouch) (< net46) (>= netstandard1.3) (< xamarinios) (< xamarinmac) (< xamarintvos) (< xamarinwatchos)
      System.IO (>= 4.3) - restriction: && (< monotouch) (< net46) (>= netstandard1.3) (< xamarinios) (< xamarinmac) (< xamarintvos) (< xamarinwatchos)
      System.Reflection (>= 4.3) - restriction: && (< monotouch) (< net46) (>= netstandard1.3) (< xamarinios) (< xamarinmac) (< xamarintvos) (< xamarinwatchos)
      System.Resources.ResourceManager (>= 4.3) - restriction: && (< monotouch) (< net46) (>= netstandard1.3) (< xamarinios) (< xamarinmac) (< xamarintvos) (< xamarinwatchos)
      System.Runtime (>= 4.3) - restriction: && (< monotouch) (< net46) (>= netstandard1.3) (< xamarinios) (< xamarinmac) (< xamarintvos) (< xamarinwatchos)
      System.Runtime.Extensions (>= 4.3) - restriction: && (< monotouch) (< net46) (>= netstandard1.3) (< xamarinios) (< xamarinmac) (< xamarintvos) (< xamarinwatchos)
      System.Runtime.Handles (>= 4.3) - restriction: && (< monotouch) (< net46) (>= netstandard1.3) (< xamarinios) (< xamarinmac) (< xamarintvos) (< xamarinwatchos)
      System.Runtime.InteropServices (>= 4.3) - restriction: && (< monotouch) (< net46) (>= netstandard1.3) (< xamarinios) (< xamarinmac) (< xamarintvos) (< xamarinwatchos)
      System.Security.Cryptography.Algorithms (>= 4.3) - restriction: || (&& (< monotouch) (>= netstandard1.3) (< xamarinios) (< xamarinmac) (< xamarintvos) (< xamarinwatchos)) (>= net46)
      System.Security.Cryptography.Encoding (>= 4.3) - restriction: && (< monotouch) (< net46) (>= netstandard1.3) (< xamarinios) (< xamarinmac) (< xamarintvos) (< xamarinwatchos)
      System.Security.Cryptography.Primitives (>= 4.3) - restriction: || (&& (< monotouch) (>= netstandard1.3) (< xamarinios) (< xamarinmac) (< xamarintvos) (< xamarinwatchos)) (>= net46)
      System.Text.Encoding (>= 4.3) - restriction: && (< monotouch) (< net46) (>= netstandard1.3) (< xamarinios) (< xamarinmac) (< xamarintvos) (< xamarinwatchos)
      System.Threading (>= 4.3) - restriction: && (< monotouch) (< net46) (>= netstandard1.3) (< xamarinios) (< xamarinmac) (< xamarintvos) (< xamarinwatchos)
    System.Security.Cryptography.Encoding (4.3) - restriction: || (&& (< monoandroid) (< net45) (>= netstandard1.3) (< netstandard1.4) (< wpa81)) (&& (< monoandroid) (< net45) (< netstandard1.3) (>= netstandard1.4) (< wpa81)) (&& (< monoandroid) (< net45) (< netstandard1.3) (>= netstandard1.5)) (&& (< monoandroid) (< net45) (< netstandard1.3) (>= netstandard1.6)) (&& (< monoandroid) (< net45) (>= netstandard1.4) (< netstandard1.5) (< wpa81)) (&& (< monoandroid) (< net45) (< netstandard1.4) (>= netstandard1.6)) (&& (< monoandroid) (< net45) (>= netstandard1.5) (< netstandard1.6)) (&& (< monoandroid) (< net45) (< netstandard1.5) (>= netstandard1.6)) (&& (< monotouch) (< net45) (>= netstandard1.6) (< netstandard2.0) (< xamarinios) (< xamarinmac) (< xamarintvos) (< xamarinwatchos)) (&& (< net45) (>= net46) (< netstandard1.3)) (&& (< net45) (>= net46) (< netstandard1.4)) (&& (< net45) (>= net463) (< netstandard1.4)) (&& (< net45) (>= net463) (< netstandard1.5)) (&& (< net45) (>= net463) (>= netstandard1.6) (< netstandard2.0)) (&& (< net45) (>= net463) (< netstandard1.6)) (&& (< net45) (>= netstandard1.3) (< portable-net451+win81+wpa81) (< win8)) (&& (< net45) (>= netstandard1.6) (< portable-net451+win81+wpa81)) (&& (>= net463) (>= uap10.0)) (&& (< netstandard1.3) (>= uap10.0)) (&& (>= netstandard1.6) (>= uap10.0)) (&& (>= uap10.0) (< uap10.1)) (&& (>= uap10.0) (< win8) (< wpa81))
      Microsoft.NETCore.Platforms (>= 1.1) - restriction: && (< monotouch) (< net46) (>= netstandard1.3) (< xamarinios) (< xamarinmac) (< xamarintvos) (< xamarinwatchos)
      runtime.native.System.Security.Cryptography.OpenSsl (>= 4.3) - restriction: && (< monotouch) (< net46) (>= netstandard1.3) (< xamarinios) (< xamarinmac) (< xamarintvos) (< xamarinwatchos)
      System.Collections (>= 4.3) - restriction: && (< monotouch) (< net46) (>= netstandard1.3) (< xamarinios) (< xamarinmac) (< xamarintvos) (< xamarinwatchos)
      System.Collections.Concurrent (>= 4.3) - restriction: && (< monotouch) (< net46) (>= netstandard1.3) (< xamarinios) (< xamarinmac) (< xamarintvos) (< xamarinwatchos)
      System.Linq (>= 4.3) - restriction: && (< monotouch) (< net46) (>= netstandard1.3) (< xamarinios) (< xamarinmac) (< xamarintvos) (< xamarinwatchos)
      System.Resources.ResourceManager (>= 4.3) - restriction: && (< monotouch) (< net46) (>= netstandard1.3) (< xamarinios) (< xamarinmac) (< xamarintvos) (< xamarinwatchos)
      System.Runtime (>= 4.3) - restriction: && (< monotouch) (< net46) (>= netstandard1.3) (< xamarinios) (< xamarinmac) (< xamarintvos) (< xamarinwatchos)
      System.Runtime.Extensions (>= 4.3) - restriction: && (< monotouch) (< net46) (>= netstandard1.3) (< xamarinios) (< xamarinmac) (< xamarintvos) (< xamarinwatchos)
      System.Runtime.Handles (>= 4.3) - restriction: && (< monotouch) (< net46) (>= netstandard1.3) (< xamarinios) (< xamarinmac) (< xamarintvos) (< xamarinwatchos)
      System.Runtime.InteropServices (>= 4.3) - restriction: && (< monotouch) (< net46) (>= netstandard1.3) (< xamarinios) (< xamarinmac) (< xamarintvos) (< xamarinwatchos)
      System.Security.Cryptography.Primitives (>= 4.3) - restriction: && (< monotouch) (< net46) (>= netstandard1.3) (< xamarinios) (< xamarinmac) (< xamarintvos) (< xamarinwatchos)
      System.Text.Encoding (>= 4.3) - restriction: && (< monotouch) (< net46) (>= netstandard1.3) (< xamarinios) (< xamarinmac) (< xamarintvos) (< xamarinwatchos)
    System.Security.Cryptography.OpenSsl (4.4) - restriction: || (&& (< monoandroid) (< net45) (< netstandard1.3) (>= netstandard1.6)) (&& (< monoandroid) (< net45) (< netstandard1.4) (>= netstandard1.6)) (&& (< monoandroid) (< net45) (< netstandard1.5) (>= netstandard1.6)) (&& (< monotouch) (< net45) (>= netstandard1.6) (< netstandard2.0) (< xamarinios) (< xamarinmac) (< xamarintvos) (< xamarinwatchos)) (&& (< net45) (>= net46) (< netstandard1.4) (>= netstandard1.6)) (&& (< net45) (>= netstandard1.6) (< portable-net451+win81+wpa81)) (&& (>= netstandard1.6) (>= uap10.0))
      System.Collections (>= 4.3) - restriction: && (< monotouch) (< net461) (>= netstandard1.6) (< netstandard2.0) (< xamarinios) (< xamarinmac) (< xamarintvos) (< xamarinwatchos)
      System.IO (>= 4.3) - restriction: && (< monotouch) (< net461) (>= netstandard1.6) (< netstandard2.0) (< xamarinios) (< xamarinmac) (< xamarintvos) (< xamarinwatchos)
      System.Resources.ResourceManager (>= 4.3) - restriction: && (< monotouch) (< net461) (>= netstandard1.6) (< netstandard2.0) (< xamarinios) (< xamarinmac) (< xamarintvos) (< xamarinwatchos)
      System.Runtime (>= 4.3) - restriction: && (< monotouch) (< net461) (>= netstandard1.6) (< netstandard2.0) (< xamarinios) (< xamarinmac) (< xamarintvos) (< xamarinwatchos)
      System.Runtime.Extensions (>= 4.3) - restriction: && (< monotouch) (< net461) (>= netstandard1.6) (< netstandard2.0) (< xamarinios) (< xamarinmac) (< xamarintvos) (< xamarinwatchos)
      System.Runtime.Handles (>= 4.3) - restriction: && (< monotouch) (< net461) (>= netstandard1.6) (< netstandard2.0) (< xamarinios) (< xamarinmac) (< xamarintvos) (< xamarinwatchos)
      System.Runtime.InteropServices (>= 4.3) - restriction: && (< monotouch) (< net461) (>= netstandard1.6) (< netstandard2.0) (< xamarinios) (< xamarinmac) (< xamarintvos) (< xamarinwatchos)
      System.Runtime.Numerics (>= 4.3) - restriction: && (< monotouch) (< net461) (>= netstandard1.6) (< netstandard2.0) (< xamarinios) (< xamarinmac) (< xamarintvos) (< xamarinwatchos)
      System.Security.Cryptography.Algorithms (>= 4.3) - restriction: && (< monotouch) (< net461) (>= netstandard1.6) (< netstandard2.0) (< xamarinios) (< xamarinmac) (< xamarintvos) (< xamarinwatchos)
      System.Security.Cryptography.Encoding (>= 4.3) - restriction: && (< monotouch) (< net461) (>= netstandard1.6) (< netstandard2.0) (< xamarinios) (< xamarinmac) (< xamarintvos) (< xamarinwatchos)
      System.Security.Cryptography.Primitives (>= 4.3) - restriction: && (< monotouch) (< net461) (>= netstandard1.6) (< netstandard2.0) (< xamarinios) (< xamarinmac) (< xamarintvos) (< xamarinwatchos)
      System.Text.Encoding (>= 4.3) - restriction: && (< monotouch) (< net461) (>= netstandard1.6) (< netstandard2.0) (< xamarinios) (< xamarinmac) (< xamarintvos) (< xamarinwatchos)
    System.Security.Cryptography.Primitives (4.3) - restriction: || (&& (< monoandroid) (< net45) (>= netstandard1.3) (< netstandard1.4) (< wpa81)) (&& (< monoandroid) (< net45) (< netstandard1.3) (>= netstandard1.4) (< wpa81)) (&& (< monoandroid) (< net45) (< netstandard1.3) (>= netstandard1.5)) (&& (< monoandroid) (< net45) (< netstandard1.3) (>= netstandard1.6)) (&& (< monoandroid) (< net45) (>= netstandard1.4) (< netstandard1.5) (< wpa81)) (&& (< monoandroid) (< net45) (< netstandard1.4) (>= netstandard1.5)) (&& (< monoandroid) (< net45) (< netstandard1.4) (>= netstandard1.6)) (&& (< monoandroid) (< net45) (>= netstandard1.5) (< netstandard1.6)) (&& (< monoandroid) (< net45) (< netstandard1.5) (>= netstandard1.6)) (&& (< monotouch) (< net45) (>= netstandard1.6) (< netstandard2.0) (< xamarinios) (< xamarinmac) (< xamarintvos) (< xamarinwatchos)) (&& (< net45) (>= net46) (< netstandard1.3)) (&& (< net45) (>= net46) (< netstandard1.4)) (&& (< net45) (>= net461) (< netstandard1.4)) (&& (< net45) (>= net461) (>= netstandard1.5) (< netstandard1.6)) (&& (< net45) (>= net461) (< netstandard1.5)) (&& (< net45) (>= net463) (< netstandard1.4)) (&& (< net45) (>= net463) (< netstandard1.5)) (&& (< net45) (>= net463) (>= netstandard1.6) (< netstandard2.0)) (&& (< net45) (>= net463) (< netstandard1.6)) (&& (< net45) (>= netstandard1.6) (< portable-net451+win81+wpa81)) (&& (>= net461) (>= uap10.0)) (&& (>= net463) (>= uap10.0)) (&& (< netstandard1.3) (>= uap10.0)) (&& (< netstandard1.4) (>= uap10.0)) (&& (>= netstandard1.6) (>= uap10.0)) (&& (>= uap10.0) (< uap10.1))
      System.Diagnostics.Debug (>= 4.3) - restriction: && (< monotouch) (< net46) (>= netstandard1.3) (< xamarinios) (< xamarinmac) (< xamarintvos) (< xamarinwatchos)
      System.Globalization (>= 4.3) - restriction: && (< monotouch) (< net46) (>= netstandard1.3) (< xamarinios) (< xamarinmac) (< xamarintvos) (< xamarinwatchos)
      System.IO (>= 4.3) - restriction: && (< monotouch) (< net46) (>= netstandard1.3) (< xamarinios) (< xamarinmac) (< xamarintvos) (< xamarinwatchos)
      System.Resources.ResourceManager (>= 4.3) - restriction: && (< monotouch) (< net46) (>= netstandard1.3) (< xamarinios) (< xamarinmac) (< xamarintvos) (< xamarinwatchos)
      System.Runtime (>= 4.3) - restriction: && (< monotouch) (< net46) (>= netstandard1.3) (< xamarinios) (< xamarinmac) (< xamarintvos) (< xamarinwatchos)
      System.Threading (>= 4.3) - restriction: && (< monotouch) (< net46) (>= netstandard1.3) (< xamarinios) (< xamarinmac) (< xamarintvos) (< xamarinwatchos)
      System.Threading.Tasks (>= 4.3) - restriction: && (< monotouch) (< net46) (>= netstandard1.3) (< xamarinios) (< xamarinmac) (< xamarintvos) (< xamarinwatchos)
    System.Security.Cryptography.X509Certificates (4.3.1) - restriction: || (&& (< monoandroid) (< net45) (>= netstandard1.3) (< netstandard1.4) (< wpa81)) (&& (< monoandroid) (< net45) (< netstandard1.3) (>= netstandard1.6)) (&& (< monoandroid) (< net45) (>= netstandard1.4) (< netstandard1.5) (< wpa81)) (&& (< monoandroid) (< net45) (< netstandard1.4) (>= netstandard1.6)) (&& (< monoandroid) (< net45) (>= netstandard1.5) (< netstandard1.6)) (&& (< monoandroid) (< net45) (< netstandard1.5) (>= netstandard1.6)) (&& (< monotouch) (< net45) (>= netstandard1.6) (< netstandard2.0) (< xamarinios) (< xamarinmac) (< xamarintvos) (< xamarinwatchos)) (&& (< net45) (>= net46) (< netstandard1.3)) (&& (< net45) (>= net46) (>= netstandard1.4) (< netstandard1.5)) (&& (< net45) (>= net46) (< netstandard1.4)) (&& (< net45) (>= net46) (>= netstandard1.5) (< netstandard1.6)) (&& (< net45) (>= net46) (>= netstandard1.6) (< netstandard2.0)) (&& (< net45) (>= net46) (< portable-net451+win81+wpa81)) (&& (< net45) (>= netstandard1.3) (< portable-net451+win81+wpa81) (< win8)) (&& (< net45) (>= netstandard1.6) (< portable-net451+win81+wpa81)) (&& (>= net46) (< portable-net45+win8+wpa81)) (&& (>= net46) (>= uap10.0)) (&& (>= netstandard1.1) (< portable-net45+win8+wpa81)) (&& (>= netstandard1.2) (< portable-net45+win8+wpa81)) (&& (>= netstandard1.3) (< portable-net45+win8+wpa81)) (&& (>= netstandard1.4) (< portable-net45+win8+wpa81)) (&& (>= netstandard1.5) (< portable-net45+win8+wpa81)) (&& (>= netstandard1.6) (< portable-net45+win8+wpa81)) (&& (>= netstandard1.6) (>= uap10.0)) (&& (< portable-net45+win8+wpa81) (>= uap10.0)) (&& (>= uap10.0) (< uap10.1)) (&& (>= uap10.0) (< win8) (< wpa81))
      Microsoft.NETCore.Platforms (>= 1.1) - restriction: || (&& (< monoandroid) (< netstandard1.3)) (&& (< monotouch) (< net46) (>= netstandard1.6) (< xamarinios) (< xamarinmac) (< xamarintvos) (< xamarinwatchos))
      runtime.native.System (>= 4.3) - restriction: && (< monotouch) (< net46) (>= netstandard1.6) (< xamarinios) (< xamarinmac) (< xamarintvos) (< xamarinwatchos)
      runtime.native.System.Net.Http (>= 4.3) - restriction: && (< monotouch) (< net46) (>= netstandard1.6) (< xamarinios) (< xamarinmac) (< xamarintvos) (< xamarinwatchos)
      runtime.native.System.Security.Cryptography.OpenSsl (>= 4.3.2) - restriction: && (< monotouch) (< net46) (>= netstandard1.6) (< xamarinios) (< xamarinmac) (< xamarintvos) (< xamarinwatchos)
      System.Collections (>= 4.3) - restriction: || (&& (< monoandroid) (< netstandard1.3)) (&& (< monotouch) (< net46) (>= netstandard1.6) (< xamarinios) (< xamarinmac) (< xamarintvos) (< xamarinwatchos))
      System.Diagnostics.Debug (>= 4.3) - restriction: && (< monotouch) (< net46) (>= netstandard1.6) (< xamarinios) (< xamarinmac) (< xamarintvos) (< xamarinwatchos)
      System.Globalization (>= 4.3) - restriction: || (&& (< monoandroid) (< netstandard1.3)) (&& (< monotouch) (< net46) (>= netstandard1.6) (< xamarinios) (< xamarinmac) (< xamarintvos) (< xamarinwatchos))
      System.Globalization.Calendars (>= 4.3) - restriction: || (&& (< monoandroid) (< netstandard1.3)) (&& (< monotouch) (< net46) (>= netstandard1.6) (< xamarinios) (< xamarinmac) (< xamarintvos) (< xamarinwatchos))
      System.IO (>= 4.3) - restriction: || (&& (< monoandroid) (< netstandard1.3)) (&& (< monotouch) (< net46) (>= netstandard1.6) (< xamarinios) (< xamarinmac) (< xamarintvos) (< xamarinwatchos))
      System.IO.FileSystem (>= 4.3) - restriction: || (&& (< monoandroid) (< netstandard1.3)) (&& (< monotouch) (< net46) (>= netstandard1.6) (< xamarinios) (< xamarinmac) (< xamarintvos) (< xamarinwatchos))
      System.IO.FileSystem.Primitives (>= 4.3) - restriction: && (< monotouch) (< net46) (>= netstandard1.6) (< xamarinios) (< xamarinmac) (< xamarintvos) (< xamarinwatchos)
      System.Resources.ResourceManager (>= 4.3) - restriction: || (&& (< monoandroid) (< netstandard1.3)) (&& (< monotouch) (< net46) (>= netstandard1.6) (< xamarinios) (< xamarinmac) (< xamarintvos) (< xamarinwatchos))
      System.Runtime (>= 4.3) - restriction: || (&& (< monoandroid) (< net46) (>= netstandard1.3) (< netstandard1.4)) (&& (< monoandroid) (< net46) (>= netstandard1.4) (< netstandard1.6)) (&& (< monoandroid) (< netstandard1.3)) (&& (< monotouch) (< net46) (>= netstandard1.6) (< xamarinios) (< xamarinmac) (< xamarintvos) (< xamarinwatchos))
      System.Runtime.Extensions (>= 4.3) - restriction: || (&& (< monoandroid) (< netstandard1.3)) (&& (< monotouch) (< net46) (>= netstandard1.6) (< xamarinios) (< xamarinmac) (< xamarintvos) (< xamarinwatchos))
      System.Runtime.Handles (>= 4.3) - restriction: || (&& (< monoandroid) (< net46) (>= netstandard1.3) (< netstandard1.4)) (&& (< monoandroid) (< net46) (>= netstandard1.4) (< netstandard1.6)) (&& (< monoandroid) (< netstandard1.3)) (&& (< monotouch) (< net46) (>= netstandard1.6) (< xamarinios) (< xamarinmac) (< xamarintvos) (< xamarinwatchos))
      System.Runtime.InteropServices (>= 4.3) - restriction: || (&& (< monoandroid) (< netstandard1.3)) (&& (< monotouch) (< net46) (>= netstandard1.6) (< xamarinios) (< xamarinmac) (< xamarintvos) (< xamarinwatchos))
      System.Runtime.Numerics (>= 4.3) - restriction: || (&& (< monoandroid) (< netstandard1.3)) (&& (< monotouch) (< net46) (>= netstandard1.6) (< xamarinios) (< xamarinmac) (< xamarintvos) (< xamarinwatchos))
      System.Security.Cryptography.Algorithms (>= 4.3) - restriction: || (&& (< monoandroid) (< net46) (>= netstandard1.3) (< netstandard1.4)) (&& (< monoandroid) (< net46) (>= netstandard1.4) (< netstandard1.6)) (&& (< monoandroid) (< netstandard1.3)) (&& (< monotouch) (< net46) (>= netstandard1.6) (< xamarinios) (< xamarinmac) (< xamarintvos) (< xamarinwatchos)) (&& (>= net46) (< netstandard1.4)) (>= net461)
      System.Security.Cryptography.Cng (>= 4.3) - restriction: || (&& (< monoandroid) (< netstandard1.3)) (&& (< monotouch) (< net46) (>= netstandard1.6) (< xamarinios) (< xamarinmac) (< xamarintvos) (< xamarinwatchos))
      System.Security.Cryptography.Csp (>= 4.3) - restriction: && (< monotouch) (< net46) (>= netstandard1.6) (< xamarinios) (< xamarinmac) (< xamarintvos) (< xamarinwatchos)
      System.Security.Cryptography.Encoding (>= 4.3) - restriction: || (&& (< monoandroid) (< net46) (>= netstandard1.3) (< netstandard1.4)) (&& (< monoandroid) (< net46) (>= netstandard1.4) (< netstandard1.6)) (&& (< monoandroid) (< netstandard1.3)) (&& (< monotouch) (< net46) (>= netstandard1.6) (< xamarinios) (< xamarinmac) (< xamarintvos) (< xamarinwatchos)) (&& (>= net46) (< netstandard1.4)) (>= net461)
      System.Security.Cryptography.OpenSsl (>= 4.3) - restriction: && (< monotouch) (< net46) (>= netstandard1.6) (< xamarinios) (< xamarinmac) (< xamarintvos) (< xamarinwatchos)
      System.Security.Cryptography.Primitives (>= 4.3) - restriction: || (&& (< monoandroid) (< netstandard1.3)) (&& (< monotouch) (< net46) (>= netstandard1.6) (< xamarinios) (< xamarinmac) (< xamarintvos) (< xamarinwatchos))
      System.Text.Encoding (>= 4.3) - restriction: || (&& (< monoandroid) (< netstandard1.3)) (&& (< monotouch) (< net46) (>= netstandard1.6) (< xamarinios) (< xamarinmac) (< xamarintvos) (< xamarinwatchos))
      System.Threading (>= 4.3) - restriction: || (&& (< monoandroid) (< netstandard1.3)) (&& (< monotouch) (< net46) (>= netstandard1.6) (< xamarinios) (< xamarinmac) (< xamarintvos) (< xamarinwatchos))
    System.Text.Encoding (4.3) - restriction: || (&& (< monoandroid) (< net45) (>= netstandard1.2) (< netstandard1.3) (< wpa81)) (&& (< monoandroid) (< net45) (>= netstandard1.3) (< netstandard1.4) (< wpa81)) (&& (< monoandroid) (< net45) (< netstandard1.3) (>= netstandard1.4) (< wpa81)) (&& (< monoandroid) (< net45) (< netstandard1.3) (>= netstandard1.5)) (&& (< monoandroid) (< net45) (< netstandard1.3) (>= netstandard1.6)) (&& (< monoandroid) (< net45) (>= netstandard1.4) (< netstandard1.5) (< wpa81)) (&& (< monoandroid) (< net45) (< netstandard1.4) (>= netstandard1.5)) (&& (< monoandroid) (< net45) (< netstandard1.4) (>= netstandard1.6)) (&& (< monoandroid) (< net45) (>= netstandard1.5) (< netstandard1.6)) (&& (< monoandroid) (< net45) (< netstandard1.5) (>= netstandard1.6)) (&& (< monotouch) (< net45) (>= netstandard1.6) (< netstandard2.0) (< xamarinios) (< xamarinmac) (< xamarintvos) (< xamarinwatchos)) (&& (< net45) (>= net46) (< netstandard1.3)) (&& (< net45) (>= net46) (< netstandard1.4)) (&& (< net45) (>= netstandard1.1) (< portable-net451+win81+wpa81)) (&& (< net45) (>= netstandard1.3) (< portable-net451+win81+wpa81) (< win8)) (&& (< net45) (>= netstandard1.5) (< portable-net451+win81+wpa81)) (&& (< net45) (>= netstandard1.6) (< portable-net451+win81+wpa81)) (&& (>= net46) (< portable-net45+win8+wp8+wpa81)) (&& (>= net46) (< portable-net45+win8+wpa81)) (&& (>= netstandard1.1) (< portable-net45+win8+wp8+wpa81)) (&& (>= netstandard1.1) (< portable-net45+win8+wpa81)) (&& (>= netstandard1.2) (< portable-net45+win8+wp8+wpa81)) (&& (>= netstandard1.2) (< portable-net45+win8+wpa81)) (&& (>= netstandard1.3) (< portable-net45+win8+wp8+wpa81)) (&& (>= netstandard1.3) (< portable-net45+win8+wpa81)) (&& (< netstandard1.3) (>= uap10.0)) (&& (>= netstandard1.4) (< portable-net45+win8+wp8+wpa81)) (&& (>= netstandard1.4) (< portable-net45+win8+wpa81)) (&& (>= netstandard1.5) (< portable-net45+win8+wp8+wpa81)) (&& (>= netstandard1.5) (< portable-net45+win8+wpa81)) (&& (>= netstandard1.5) (>= uap10.0)) (&& (>= netstandard1.6) (< portable-net45+win8+wp8+wpa81)) (&& (>= netstandard1.6) (< portable-net45+win8+wpa81)) (&& (>= netstandard1.6) (>= uap10.0)) (&& (< portable-net45+win8+wp8+wpa81) (>= uap10.0)) (&& (< portable-net45+win8+wpa81) (>= uap10.0)) (&& (>= uap10.0) (< uap10.1)) (&& (>= uap10.0) (< win8) (< wpa81))
      Microsoft.NETCore.Platforms (>= 1.1) - restriction: || (&& (< monoandroid) (< net45) (>= netstandard1.0) (< netstandard1.3) (< win8) (< wp8) (< wpa81)) (&& (< monotouch) (< net45) (>= netstandard1.3) (< win8) (< wpa81) (< xamarinios) (< xamarinmac) (< xamarintvos) (< xamarinwatchos)) (< portable-net45+win8+wp8+wpa81)
      Microsoft.NETCore.Targets (>= 1.1) - restriction: || (&& (< monoandroid) (< net45) (>= netstandard1.0) (< netstandard1.3) (< win8) (< wp8) (< wpa81)) (&& (< monotouch) (< net45) (>= netstandard1.3) (< win8) (< wpa81) (< xamarinios) (< xamarinmac) (< xamarintvos) (< xamarinwatchos)) (< portable-net45+win8+wp8+wpa81)
      System.Runtime (>= 4.3) - restriction: || (&& (< monoandroid) (< net45) (>= netstandard1.0) (< netstandard1.3) (< win8) (< wp8) (< wpa81)) (&& (< monotouch) (< net45) (>= netstandard1.3) (< win8) (< wpa81) (< xamarinios) (< xamarinmac) (< xamarintvos) (< xamarinwatchos)) (< portable-net45+win8+wp8+wpa81)
    System.Text.Encoding.Extensions (4.3) - restriction: || (&& (< monoandroid) (< net45) (>= netstandard1.2) (< netstandard1.3) (< wpa81)) (&& (< monoandroid) (< net45) (>= netstandard1.3) (< netstandard1.4) (< wpa81)) (&& (< monoandroid) (< net45) (>= netstandard1.4) (< netstandard1.5) (< wpa81)) (&& (< monoandroid) (< net45) (>= netstandard1.5) (< netstandard1.6)) (&& (< monotouch) (< net45) (>= netstandard1.6) (< netstandard2.0) (< xamarinios) (< xamarinmac) (< xamarintvos) (< xamarinwatchos)) (&& (< net45) (>= net46) (< netstandard1.4)) (&& (< net45) (>= netstandard1.1) (< portable-net451+win81+wpa81)) (&& (< net45) (>= netstandard1.3) (< portable-net451+win81+wpa81) (< win8)) (&& (>= net46) (< portable-net45+win8+wp8+wpa81)) (&& (>= netstandard1.1) (< portable-net45+win8+wp8+wpa81)) (&& (>= netstandard1.1) (< portable-net45+win8+wpa81)) (&& (>= netstandard1.2) (< portable-net45+win8+wp8+wpa81)) (&& (>= netstandard1.3) (< portable-net45+win8+wp8+wpa81)) (&& (>= netstandard1.3) (< portable-net45+win8+wpa81)) (&& (>= netstandard1.4) (< portable-net45+win8+wp8+wpa81)) (&& (>= netstandard1.5) (< portable-net45+win8+wp8+wpa81)) (&& (>= netstandard1.6) (< portable-net45+win8+wp8+wpa81)) (&& (< portable-net45+win8+wp8+wpa81) (>= uap10.0)) (&& (>= uap10.0) (< uap10.1)) (&& (>= uap10.0) (< win8) (< wpa81))
      Microsoft.NETCore.Platforms (>= 1.1) - restriction: || (&& (< monoandroid) (< net45) (>= netstandard1.0) (< netstandard1.3) (< win8) (< wp8) (< wpa81)) (&& (< monotouch) (< net45) (>= netstandard1.3) (< win8) (< wpa81) (< xamarinios) (< xamarinmac) (< xamarintvos) (< xamarinwatchos)) (< portable-net45+win8+wp8+wpa81)
      Microsoft.NETCore.Targets (>= 1.1) - restriction: || (&& (< monoandroid) (< net45) (>= netstandard1.0) (< netstandard1.3) (< win8) (< wp8) (< wpa81)) (&& (< monotouch) (< net45) (>= netstandard1.3) (< win8) (< wpa81) (< xamarinios) (< xamarinmac) (< xamarintvos) (< xamarinwatchos)) (< portable-net45+win8+wp8+wpa81)
      System.Runtime (>= 4.3) - restriction: || (&& (< monoandroid) (< net45) (>= netstandard1.0) (< netstandard1.3) (< win8) (< wp8) (< wpa81)) (&& (< monotouch) (< net45) (>= netstandard1.3) (< win8) (< wpa81) (< xamarinios) (< xamarinmac) (< xamarintvos) (< xamarinwatchos)) (< portable-net45+win8+wp8+wpa81)
      System.Text.Encoding (>= 4.3) - restriction: || (&& (< monoandroid) (< net45) (>= netstandard1.0) (< netstandard1.3) (< win8) (< wp8) (< wpa81)) (&& (< monotouch) (< net45) (>= netstandard1.3) (< win8) (< wpa81) (< xamarinios) (< xamarinmac) (< xamarintvos) (< xamarinwatchos)) (< portable-net45+win8+wp8+wpa81)
    System.Text.RegularExpressions (4.3) - restriction: || (&& (< monoandroid) (< net45) (>= netstandard1.2) (< netstandard1.3) (< wpa81)) (&& (< monoandroid) (< net45) (>= netstandard1.3) (< netstandard1.4) (< wpa81)) (&& (< monoandroid) (< net45) (>= netstandard1.4) (< netstandard1.5) (< wpa81)) (&& (< monoandroid) (< net45) (>= netstandard1.5) (< netstandard1.6)) (&& (< monotouch) (< net45) (>= netstandard1.6) (< netstandard2.0) (< xamarinios) (< xamarinmac) (< xamarintvos) (< xamarinwatchos)) (&& (< net45) (>= net46) (< netstandard1.4)) (&& (< net45) (>= netstandard1.1) (< portable-net451+win81+wpa81)) (&& (< net45) (>= netstandard1.3) (< portable-net451+win81+wpa81) (< win8)) (&& (>= net46) (< portable-net45+win8+wp8+wpa81)) (&& (>= netstandard1.1) (< portable-net45+win8+wp8+wpa81)) (&& (>= netstandard1.1) (< portable-net45+win8+wpa81)) (&& (>= netstandard1.2) (< portable-net45+win8+wp8+wpa81)) (&& (>= netstandard1.3) (< portable-net45+win8+wp8+wpa81)) (&& (>= netstandard1.3) (< portable-net45+win8+wpa81)) (&& (>= netstandard1.4) (< portable-net45+win8+wp8+wpa81)) (&& (>= netstandard1.5) (< portable-net45+win8+wp8+wpa81)) (&& (>= netstandard1.6) (< portable-net45+win8+wp8+wpa81)) (&& (< portable-net45+win8+wp8+wpa81) (>= uap10.0)) (&& (>= uap10.0) (< uap10.1)) (&& (>= uap10.0) (< win8) (< wpa81))
      System.Collections (>= 4.3) - restriction: || (&& (< monotouch) (< net45) (< netcoreapp1.1) (>= netstandard1.6) (< xamarinios) (< xamarinmac) (< xamarintvos) (< xamarinwatchos)) (< portable-net45+win8+wp8+wpa81)
      System.Globalization (>= 4.3) - restriction: || (&& (< monotouch) (< net45) (< netcoreapp1.1) (>= netstandard1.6) (< xamarinios) (< xamarinmac) (< xamarintvos) (< xamarinwatchos)) (< portable-net45+win8+wp8+wpa81)
      System.Resources.ResourceManager (>= 4.3) - restriction: || (&& (< monotouch) (< net45) (< netcoreapp1.1) (>= netstandard1.6) (< xamarinios) (< xamarinmac) (< xamarintvos) (< xamarinwatchos)) (< portable-net45+win8+wp8+wpa81)
      System.Runtime (>= 4.3) - restriction: || (&& (< monoandroid) (< net45) (>= netstandard1.0) (< netstandard1.3) (< win8) (< wp8) (< wpa81)) (&& (< monoandroid) (< net45) (>= netstandard1.3) (< netstandard1.6) (< win8) (< wpa81)) (&& (< monotouch) (< net45) (>= netstandard1.6) (< xamarinios) (< xamarinmac) (< xamarintvos) (< xamarinwatchos)) (>= netcoreapp1.1) (< portable-net45+win8+wp8+wpa81)
      System.Runtime.Extensions (>= 4.3) - restriction: || (&& (< monotouch) (< net45) (< netcoreapp1.1) (>= netstandard1.6) (< xamarinios) (< xamarinmac) (< xamarintvos) (< xamarinwatchos)) (< portable-net45+win8+wp8+wpa81)
      System.Threading (>= 4.3) - restriction: || (&& (< monotouch) (< net45) (< netcoreapp1.1) (>= netstandard1.6) (< xamarinios) (< xamarinmac) (< xamarintvos) (< xamarinwatchos)) (< portable-net45+win8+wp8+wpa81)
    System.Threading (4.3) - restriction: || (&& (< monoandroid) (< net45) (>= netstandard1.2) (< netstandard1.3) (< wpa81)) (&& (< monoandroid) (< net45) (>= netstandard1.3) (< netstandard1.4) (< wpa81)) (&& (< monoandroid) (< net45) (< netstandard1.3) (>= netstandard1.4) (< wpa81)) (&& (< monoandroid) (< net45) (< netstandard1.3) (>= netstandard1.5)) (&& (< monoandroid) (< net45) (< netstandard1.3) (>= netstandard1.6)) (&& (< monoandroid) (< net45) (>= netstandard1.4) (< netstandard1.5) (< wpa81)) (&& (< monoandroid) (< net45) (< netstandard1.4) (>= netstandard1.6)) (&& (< monoandroid) (< net45) (>= netstandard1.5) (< netstandard1.6)) (&& (< monoandroid) (< net45) (< netstandard1.5) (>= netstandard1.6)) (&& (< monoandroid) (< netstandard1.0) (>= netstandard1.1) (>= portable-net451+win81+wpa81) (< win8)) (&& (< monoandroid) (< netstandard1.1) (>= netstandard1.2) (< win8)) (&& (< monoandroid) (< netstandard1.1) (>= netstandard1.3) (< win8)) (&& (< monoandroid) (< netstandard1.1) (>= netstandard1.4) (< win8)) (&& (< monoandroid) (< netstandard1.1) (>= netstandard1.5)) (&& (< monoandroid) (< netstandard1.1) (>= netstandard1.6)) (&& (< monotouch) (< net45) (>= netstandard1.6) (< netstandard2.0) (< xamarinios) (< xamarinmac) (< xamarintvos) (< xamarinwatchos)) (&& (< net45) (>= net451) (< netstandard1.3)) (&& (< net45) (>= net46) (< netstandard1.3)) (&& (< net45) (>= net46) (< netstandard1.4)) (&& (< net45) (>= netstandard1.1) (< portable-net451+win81+wpa81)) (&& (< net45) (>= netstandard1.3) (< portable-net451+win81+wpa81) (< win8)) (&& (< net45) (>= netstandard1.6) (< portable-net451+win81+wpa81)) (&& (>= net451) (< netstandard1.1)) (&& (>= net46) (< netstandard1.1)) (&& (>= net46) (< portable-net45+win8+wpa81)) (&& (< netstandard1.0) (>= netstandard1.1) (< portable-net451+win81+wpa81) (< win8)) (&& (>= netstandard1.1) (< portable-net45+win8+wp8+wpa81)) (&& (>= netstandard1.1) (< portable-net45+win8+wpa81)) (&& (< netstandard1.1) (>= uap10.0) (< win8)) (&& (< netstandard1.1) (< win8) (>= wpa81)) (&& (>= netstandard1.2) (< portable-net45+win8+wp8+wpa81)) (&& (>= netstandard1.2) (< portable-net45+win8+wpa81)) (&& (>= netstandard1.3) (< portable-net45+win8+wp8+wpa81)) (&& (>= netstandard1.3) (< portable-net45+win8+wpa81)) (&& (< netstandard1.3) (>= uap10.0)) (&& (>= netstandard1.4) (< portable-net45+win8+wp8+wpa81)) (&& (>= netstandard1.4) (< portable-net45+win8+wpa81)) (&& (>= netstandard1.5) (< portable-net45+win8+wp8+wpa81)) (&& (>= netstandard1.5) (< portable-net45+win8+wpa81)) (&& (>= netstandard1.6) (< portable-net45+win8+wp8+wpa81)) (&& (>= netstandard1.6) (< portable-net45+win8+wpa81)) (&& (>= netstandard1.6) (>= uap10.0)) (&& (< portable-net45+win8+wp8+wpa81) (>= uap10.0)) (&& (< portable-net45+win8+wpa81) (>= uap10.0)) (&& (>= uap10.0) (< uap10.1)) (&& (>= uap10.0) (< win8) (< wpa81))
      System.Runtime (>= 4.3) - restriction: || (&& (< monoandroid) (< net45) (>= netstandard1.0) (< netstandard1.3) (< win8) (< wp8) (< wpa81)) (&& (< monotouch) (< net45) (>= netstandard1.3) (< win8) (< wpa81) (< xamarinios) (< xamarinmac) (< xamarintvos) (< xamarinwatchos)) (< portable-net45+win8+wp8+wpa81)
      System.Threading.Tasks (>= 4.3) - restriction: || (&& (< monoandroid) (< net45) (>= netstandard1.0) (< netstandard1.3) (< win8) (< wp8) (< wpa81)) (&& (< monotouch) (< net45) (>= netstandard1.3) (< win8) (< wpa81) (< xamarinios) (< xamarinmac) (< xamarintvos) (< xamarinwatchos)) (< portable-net45+win8+wp8+wpa81)
    System.Threading.Tasks (4.3) - restriction: || (&& (< monoandroid) (< net45) (>= netstandard1.2) (< netstandard1.3) (< wpa81)) (&& (< monoandroid) (< net45) (>= netstandard1.3) (< netstandard1.4) (< wpa81)) (&& (< monoandroid) (< net45) (< netstandard1.3) (>= netstandard1.4) (< win8) (< wpa81)) (&& (< monoandroid) (< net45) (< netstandard1.3) (>= netstandard1.5)) (&& (< monoandroid) (< net45) (< netstandard1.3) (>= netstandard1.6)) (&& (< monoandroid) (< net45) (>= netstandard1.4) (< netstandard1.5) (< wpa81)) (&& (< monoandroid) (< net45) (< netstandard1.4) (>= netstandard1.5)) (&& (< monoandroid) (< net45) (< netstandard1.4) (>= netstandard1.6)) (&& (< monoandroid) (< net45) (>= netstandard1.5) (< netstandard1.6)) (&& (< monoandroid) (< net45) (< netstandard1.5) (>= netstandard1.6)) (&& (< monotouch) (< net45) (>= netstandard1.6) (< netstandard2.0) (< xamarinios) (< xamarinmac) (< xamarintvos) (< xamarinwatchos)) (&& (< net45) (>= net46) (< netstandard1.3)) (&& (< net45) (>= net46) (< netstandard1.4)) (&& (< net45) (>= netstandard1.1) (< portable-net451+win81+wpa81)) (&& (< net45) (>= netstandard1.3) (< portable-net451+win81+wpa81) (< win8)) (&& (< net45) (>= netstandard1.5) (< portable-net451+win81+wpa81)) (&& (< net45) (>= netstandard1.6) (< portable-net451+win81+wpa81)) (&& (>= net46) (< portable-net45+win8+wp8+wpa81)) (&& (>= net46) (< portable-net45+win8+wpa81)) (&& (>= netstandard1.1) (< portable-net45+win8+wp8+wpa81)) (&& (>= netstandard1.1) (< portable-net45+win8+wpa81)) (&& (>= netstandard1.2) (< portable-net45+win8+wp8+wpa81)) (&& (>= netstandard1.2) (< portable-net45+win8+wpa81)) (&& (>= netstandard1.3) (< portable-net45+win8+wp8+wpa81)) (&& (>= netstandard1.3) (< portable-net45+win8+wpa81)) (&& (>= netstandard1.4) (< portable-net45+win8+wp8+wpa81)) (&& (>= netstandard1.4) (< portable-net45+win8+wpa81)) (&& (>= netstandard1.5) (< portable-net45+win8+wp8+wpa81)) (&& (>= netstandard1.5) (< portable-net45+win8+wpa81)) (&& (>= netstandard1.5) (>= uap10.0)) (&& (>= netstandard1.6) (< portable-net45+win8+wp8+wpa81)) (&& (>= netstandard1.6) (< portable-net45+win8+wpa81)) (&& (>= netstandard1.6) (>= uap10.0)) (&& (< portable-net45+win8+wp8+wpa81) (>= uap10.0)) (&& (< portable-net45+win8+wpa81) (>= uap10.0)) (&& (>= uap10.0) (< uap10.1)) (&& (>= uap10.0) (< win8) (< wpa81))
      Microsoft.NETCore.Platforms (>= 1.1) - restriction: || (&& (< monoandroid) (< net45) (>= netstandard1.0) (< netstandard1.3) (< win8) (< wp8) (< wpa81)) (&& (< monotouch) (< net45) (>= netstandard1.3) (< win8) (< wpa81) (< xamarinios) (< xamarinmac) (< xamarintvos) (< xamarinwatchos)) (< portable-net45+win8+wp8+wpa81)
      Microsoft.NETCore.Targets (>= 1.1) - restriction: || (&& (< monoandroid) (< net45) (>= netstandard1.0) (< netstandard1.3) (< win8) (< wp8) (< wpa81)) (&& (< monotouch) (< net45) (>= netstandard1.3) (< win8) (< wpa81) (< xamarinios) (< xamarinmac) (< xamarintvos) (< xamarinwatchos)) (< portable-net45+win8+wp8+wpa81)
      System.Runtime (>= 4.3) - restriction: || (&& (< monoandroid) (< net45) (>= netstandard1.0) (< netstandard1.3) (< win8) (< wp8) (< wpa81)) (&& (< monotouch) (< net45) (>= netstandard1.3) (< win8) (< wpa81) (< xamarinios) (< xamarinmac) (< xamarintvos) (< xamarinwatchos)) (< portable-net45+win8+wp8+wpa81)
    System.Threading.Tasks.Extensions (4.4) - restriction: || (&& (< monoandroid) (< net45) (>= netstandard1.3) (< netstandard1.4) (< win8) (< wpa81)) (&& (< monoandroid) (< net45) (>= netstandard1.4) (< netstandard1.5) (< win8) (< wpa81)) (&& (< monoandroid) (< net45) (>= netstandard1.5) (< netstandard1.6)) (&& (< monotouch) (< net45) (>= netstandard1.6) (< netstandard2.0) (< xamarinios) (< xamarinmac) (< xamarintvos) (< xamarinwatchos)) (&& (< net45) (>= net46) (< netstandard1.4)) (&& (< net45) (>= netstandard1.3) (< portable-net451+win81+wpa81) (< win8)) (&& (>= net46) (< portable-net45+win8+wp8+wpa81)) (&& (>= netstandard1.1) (< portable-net45+win8+wp8+wpa81)) (&& (>= netstandard1.2) (< portable-net45+win8+wp8+wpa81)) (&& (>= netstandard1.3) (< portable-net45+win8+wp8+wpa81)) (&& (>= netstandard1.3) (< portable-net45+win8+wpa81)) (&& (>= netstandard1.4) (< portable-net45+win8+wp8+wpa81)) (&& (>= netstandard1.5) (< portable-net45+win8+wp8+wpa81)) (&& (>= netstandard1.6) (< portable-net45+win8+wp8+wpa81)) (&& (< portable-net45+win8+wp8+wpa81) (>= uap10.0)) (&& (>= uap10.0) (< win8) (< wpa81))
      System.Collections (>= 4.3) - restriction: && (>= netstandard1.0) (< netstandard2.0) (< xamarinmac)
      System.Runtime (>= 4.3) - restriction: && (>= netstandard1.0) (< netstandard2.0) (< xamarinmac)
      System.Threading.Tasks (>= 4.3) - restriction: && (>= netstandard1.0) (< netstandard2.0) (< xamarinmac)
    System.Threading.Timer (4.3) - restriction: || (&& (< monoandroid) (< net45) (>= netstandard1.2) (< netstandard1.3) (< wpa81)) (&& (< monoandroid) (< net45) (>= netstandard1.3) (< netstandard1.4) (< wpa81)) (&& (< monoandroid) (< net45) (>= netstandard1.4) (< netstandard1.5) (< wpa81)) (&& (< monoandroid) (< net45) (>= netstandard1.5) (< netstandard1.6)) (&& (< monotouch) (< net45) (>= netstandard1.6) (< netstandard2.0) (< xamarinios) (< xamarinmac) (< xamarintvos) (< xamarinwatchos)) (&& (>= uap10.0) (< uap10.1))
      Microsoft.NETCore.Platforms (>= 1.1) - restriction: || (&& (< monotouch) (< net451) (>= netstandard1.2) (< win81) (< wpa81) (< xamarinios) (< xamarinmac) (< xamarintvos) (< xamarinwatchos)) (< portable-net451+win81+wpa81)
      Microsoft.NETCore.Targets (>= 1.1) - restriction: || (&& (< monotouch) (< net451) (>= netstandard1.2) (< win81) (< wpa81) (< xamarinios) (< xamarinmac) (< xamarintvos) (< xamarinwatchos)) (< portable-net451+win81+wpa81)
      System.Runtime (>= 4.3) - restriction: || (&& (< monotouch) (< net451) (>= netstandard1.2) (< win81) (< wpa81) (< xamarinios) (< xamarinmac) (< xamarintvos) (< xamarinwatchos)) (< portable-net451+win81+wpa81)
    System.Xml.ReaderWriter (4.3) - restriction: || (&& (< monoandroid) (< net45) (>= netstandard1.2) (< netstandard1.3) (< wpa81)) (&& (< monoandroid) (< net45) (>= netstandard1.3) (< netstandard1.4) (< wpa81)) (&& (< monoandroid) (< net45) (< netstandard1.3) (>= netstandard1.4) (< win8) (< wpa81)) (&& (< monoandroid) (< net45) (< netstandard1.3) (>= netstandard1.5)) (&& (< monoandroid) (< net45) (< netstandard1.3) (>= netstandard1.6)) (&& (< monoandroid) (< net45) (>= netstandard1.4) (< netstandard1.5) (< wpa81)) (&& (< monoandroid) (< net45) (>= netstandard1.5) (< netstandard1.6)) (&& (< monotouch) (< net45) (>= netstandard1.6) (< netstandard2.0) (< xamarinios) (< xamarinmac) (< xamarintvos) (< xamarinwatchos)) (&& (< net45) (>= net46) (< netstandard1.4)) (&& (< net45) (>= netstandard1.1) (< portable-net451+win81+wpa81)) (&& (< net45) (>= netstandard1.3) (< portable-net451+win81+wpa81) (< win8)) (&& (>= netstandard1.1) (< portable-net45+win8+wp8+wpa81)) (&& (>= netstandard1.1) (< portable-net45+win8+wpa81)) (&& (>= netstandard1.2) (< portable-net45+win8+wp8+wpa81)) (&& (>= netstandard1.3) (< portable-net45+win8+wp8+wpa81)) (&& (>= netstandard1.3) (< portable-net45+win8+wpa81)) (&& (>= netstandard1.4) (< portable-net45+win8+wp8+wpa81)) (&& (>= netstandard1.5) (< portable-net45+win8+wp8+wpa81)) (&& (>= netstandard1.6) (< portable-net45+win8+wp8+wpa81)) (&& (< portable-net45+win8+wp8+wpa81) (>= uap10.0)) (&& (>= uap10.0) (< uap10.1)) (&& (>= uap10.0) (< win8) (< wpa81))
      System.Collections (>= 4.3) - restriction: || (&& (< monotouch) (< net45) (>= netstandard1.3) (< win8) (< wpa81) (< xamarinios) (< xamarinmac) (< xamarintvos) (< xamarinwatchos)) (< portable-net45+win8+wp8+wpa81)
      System.Diagnostics.Debug (>= 4.3) - restriction: || (&& (< monotouch) (< net45) (>= netstandard1.3) (< win8) (< wpa81) (< xamarinios) (< xamarinmac) (< xamarintvos) (< xamarinwatchos)) (< portable-net45+win8+wp8+wpa81)
      System.Globalization (>= 4.3) - restriction: || (&& (< monotouch) (< net45) (>= netstandard1.3) (< win8) (< wpa81) (< xamarinios) (< xamarinmac) (< xamarintvos) (< xamarinwatchos)) (< portable-net45+win8+wp8+wpa81)
      System.IO (>= 4.3) - restriction: || (&& (< monoandroid) (< net45) (>= netstandard1.0) (< netstandard1.3) (< win8) (< wp8) (< wpa81)) (&& (< monotouch) (< net45) (>= netstandard1.3) (< win8) (< wpa81) (< xamarinios) (< xamarinmac) (< xamarintvos) (< xamarinwatchos)) (< portable-net45+win8+wp8+wpa81)
      System.IO.FileSystem (>= 4.3) - restriction: || (&& (< monotouch) (< net45) (>= netstandard1.3) (< win8) (< wpa81) (< xamarinios) (< xamarinmac) (< xamarintvos) (< xamarinwatchos)) (< portable-net45+win8+wp8+wpa81)
      System.IO.FileSystem.Primitives (>= 4.3) - restriction: || (&& (< monotouch) (< net45) (>= netstandard1.3) (< win8) (< wpa81) (< xamarinios) (< xamarinmac) (< xamarintvos) (< xamarinwatchos)) (< portable-net45+win8+wp8+wpa81)
      System.Resources.ResourceManager (>= 4.3) - restriction: || (&& (< monotouch) (< net45) (>= netstandard1.3) (< win8) (< wpa81) (< xamarinios) (< xamarinmac) (< xamarintvos) (< xamarinwatchos)) (< portable-net45+win8+wp8+wpa81)
      System.Runtime (>= 4.3) - restriction: || (&& (< monoandroid) (< net45) (>= netstandard1.0) (< netstandard1.3) (< win8) (< wp8) (< wpa81)) (&& (< monotouch) (< net45) (>= netstandard1.3) (< win8) (< wpa81) (< xamarinios) (< xamarinmac) (< xamarintvos) (< xamarinwatchos)) (< portable-net45+win8+wp8+wpa81)
      System.Runtime.Extensions (>= 4.3) - restriction: || (&& (< monotouch) (< net45) (>= netstandard1.3) (< win8) (< wpa81) (< xamarinios) (< xamarinmac) (< xamarintvos) (< xamarinwatchos)) (< portable-net45+win8+wp8+wpa81)
      System.Runtime.InteropServices (>= 4.3) - restriction: || (&& (< monotouch) (< net45) (>= netstandard1.3) (< win8) (< wpa81) (< xamarinios) (< xamarinmac) (< xamarintvos) (< xamarinwatchos)) (< portable-net45+win8+wp8+wpa81)
      System.Text.Encoding (>= 4.3) - restriction: || (&& (< monoandroid) (< net45) (>= netstandard1.0) (< netstandard1.3) (< win8) (< wp8) (< wpa81)) (&& (< monotouch) (< net45) (>= netstandard1.3) (< win8) (< wpa81) (< xamarinios) (< xamarinmac) (< xamarintvos) (< xamarinwatchos)) (< portable-net45+win8+wp8+wpa81)
      System.Text.Encoding.Extensions (>= 4.3) - restriction: || (&& (< monotouch) (< net45) (>= netstandard1.3) (< win8) (< wpa81) (< xamarinios) (< xamarinmac) (< xamarintvos) (< xamarinwatchos)) (< portable-net45+win8+wp8+wpa81)
      System.Text.RegularExpressions (>= 4.3) - restriction: || (&& (< monotouch) (< net45) (>= netstandard1.3) (< win8) (< wpa81) (< xamarinios) (< xamarinmac) (< xamarintvos) (< xamarinwatchos)) (< portable-net45+win8+wp8+wpa81)
      System.Threading.Tasks (>= 4.3) - restriction: || (&& (< monoandroid) (< net45) (>= netstandard1.0) (< netstandard1.3) (< win8) (< wp8) (< wpa81)) (&& (< monotouch) (< net45) (>= netstandard1.3) (< win8) (< wpa81) (< xamarinios) (< xamarinmac) (< xamarintvos) (< xamarinwatchos)) (< portable-net45+win8+wp8+wpa81)
      System.Threading.Tasks.Extensions (>= 4.3) - restriction: || (&& (< monotouch) (< net45) (>= netstandard1.3) (< win8) (< wpa81) (< xamarinios) (< xamarinmac) (< xamarintvos) (< xamarinwatchos)) (< portable-net45+win8+wp8+wpa81)
    System.Xml.XDocument (4.3) - restriction: || (&& (< monoandroid) (< net45) (>= netstandard1.2) (< netstandard1.3) (< wpa81)) (&& (< monoandroid) (< net45) (>= netstandard1.3) (< netstandard1.4) (< wpa81)) (&& (< monoandroid) (< net45) (>= netstandard1.4) (< netstandard1.5) (< wpa81)) (&& (< monoandroid) (< net45) (>= netstandard1.5) (< netstandard1.6)) (&& (< monotouch) (< net45) (>= netstandard1.6) (< netstandard2.0) (< xamarinios) (< xamarinmac) (< xamarintvos) (< xamarinwatchos)) (&& (< net45) (>= netstandard1.1) (< portable-net451+win81+wpa81)) (&& (>= netstandard1.1) (< portable-net45+win8+wpa81)) (&& (>= uap10.0) (< uap10.1))
      System.Collections (>= 4.3) - restriction: || (&& (< monotouch) (< net45) (>= netstandard1.3) (< win8) (< wpa81) (< xamarinios) (< xamarinmac) (< xamarintvos) (< xamarinwatchos)) (< portable-net45+win8+wp8+wpa81)
      System.Diagnostics.Debug (>= 4.3) - restriction: || (&& (< monotouch) (< net45) (>= netstandard1.3) (< win8) (< wpa81) (< xamarinios) (< xamarinmac) (< xamarintvos) (< xamarinwatchos)) (< portable-net45+win8+wp8+wpa81)
      System.Diagnostics.Tools (>= 4.3) - restriction: || (&& (< monotouch) (< net45) (>= netstandard1.3) (< win8) (< wpa81) (< xamarinios) (< xamarinmac) (< xamarintvos) (< xamarinwatchos)) (< portable-net45+win8+wp8+wpa81)
      System.Globalization (>= 4.3) - restriction: || (&& (< monotouch) (< net45) (>= netstandard1.3) (< win8) (< wpa81) (< xamarinios) (< xamarinmac) (< xamarintvos) (< xamarinwatchos)) (< portable-net45+win8+wp8+wpa81)
      System.IO (>= 4.3) - restriction: || (&& (< monoandroid) (< net45) (>= netstandard1.0) (< netstandard1.3) (< win8) (< wp8) (< wpa81)) (&& (< monotouch) (< net45) (>= netstandard1.3) (< win8) (< wpa81) (< xamarinios) (< xamarinmac) (< xamarintvos) (< xamarinwatchos)) (< portable-net45+win8+wp8+wpa81)
      System.Reflection (>= 4.3) - restriction: || (&& (< monotouch) (< net45) (>= netstandard1.3) (< win8) (< wpa81) (< xamarinios) (< xamarinmac) (< xamarintvos) (< xamarinwatchos)) (< portable-net45+win8+wp8+wpa81)
      System.Resources.ResourceManager (>= 4.3) - restriction: || (&& (< monotouch) (< net45) (>= netstandard1.3) (< win8) (< wpa81) (< xamarinios) (< xamarinmac) (< xamarintvos) (< xamarinwatchos)) (< portable-net45+win8+wp8+wpa81)
      System.Runtime (>= 4.3) - restriction: || (&& (< monoandroid) (< net45) (>= netstandard1.0) (< netstandard1.3) (< win8) (< wp8) (< wpa81)) (&& (< monotouch) (< net45) (>= netstandard1.3) (< win8) (< wpa81) (< xamarinios) (< xamarinmac) (< xamarintvos) (< xamarinwatchos)) (< portable-net45+win8+wp8+wpa81)
      System.Runtime.Extensions (>= 4.3) - restriction: || (&& (< monotouch) (< net45) (>= netstandard1.3) (< win8) (< wpa81) (< xamarinios) (< xamarinmac) (< xamarintvos) (< xamarinwatchos)) (< portable-net45+win8+wp8+wpa81)
      System.Text.Encoding (>= 4.3) - restriction: || (&& (< monotouch) (< net45) (>= netstandard1.3) (< win8) (< wpa81) (< xamarinios) (< xamarinmac) (< xamarintvos) (< xamarinwatchos)) (< portable-net45+win8+wp8+wpa81)
      System.Threading (>= 4.3) - restriction: || (&& (< monotouch) (< net45) (>= netstandard1.3) (< win8) (< wpa81) (< xamarinios) (< xamarinmac) (< xamarintvos) (< xamarinwatchos)) (< portable-net45+win8+wp8+wpa81)
      System.Xml.ReaderWriter (>= 4.3) - restriction: || (&& (< monoandroid) (< net45) (>= netstandard1.0) (< netstandard1.3) (< win8) (< wp8) (< wpa81)) (&& (< monotouch) (< net45) (>= netstandard1.3) (< win8) (< wpa81) (< xamarinios) (< xamarinmac) (< xamarintvos) (< xamarinwatchos)) (< portable-net45+win8+wp8+wpa81)
GITHUB
  remote: fsharp/FAKE
    modules/Octokit/Octokit.fsx (ddf45441759a2a7bc528b3b4c6f9a1edc7bd9f55)
      Octokit (>= 0.20)