NUGET
  remote: https://www.nuget.org/api/v2
    FAKE (4.30.1)
    Microsoft.Bcl (1.1.10) - framework: net10, net11, net20, net30, net35, net40, net40-full
      Microsoft.Bcl.Build (>= 1.0.14)
    Microsoft.Bcl.Build (1.0.21) - import_targets: false, framework: net10, net11, net20, net30, net35, net40, net40-full
    Microsoft.Net.Http (2.2.29) - framework: net10, net11, net20, net30, net35, net40, net40-full
      Microsoft.Bcl (>= 1.1.10)
      Microsoft.Bcl.Build (>= 1.0.14)
    Node.js (5.3)
    Npm.js (2.13.1)
      Node.js (>= 0.12.7)
    Octokit (0.20)
      Microsoft.Net.Http  - framework: net10, net11, net20, net30, net35, net40, net40-full
GIT
  remote: https://github.com/ionide/ionide-vscode-helpers.git
     (b81a80ede2179222a5639cf866423d9bc6c2f0b4)
      build: build.cmd
      os: windows
     (b81a80ede2179222a5639cf866423d9bc6c2f0b4)
      build: build.sh
      os: mono
  remote: https://github.com/ionide/FsAutoComplete.git
     (810be5ada43482572575c16ba78f53e687ce8339)
      build: build.cmd LocalRelease
      os: windows
     (810be5ada43482572575c16ba78f53e687ce8339)
      build: build.sh LocalRelease
      os: mono
  remote: https://github.com/fsprojects/Forge.git
     (22d2225486c5a50924442379e8a8b55145e2624d)
      build: build.cmd
      os: windows
     (22d2225486c5a50924442379e8a8b55145e2624d)
      build: build.sh
      os: mono
  remote: https://github.com/ionide/ionide-fsgrammar.git
     (c8fea8dc0a224a2ceb2371bc5e941157aca3de9e)
GITHUB
  remote: fsharp/FAKE
    modules/Octokit/Octokit.fsx (60671fd319f4fa769a80036b25e9c60ac50c3a37)
      Octokit (>= 0.20)
  remote: Ionide/ionide-vscode-helpers
    Fable.Import.Axios.fs (777815f9c3f9b3925e42c6394c7f1f5fac124d6a)
    Fable.Import.VSCode.fs (777815f9c3f9b3925e42c6394c7f1f5fac124d6a)
    Helpers.fs (777815f9c3f9b3925e42c6394c7f1f5fac124d6a)